{
  "bids_meta": {
    "AcquisitionDateTime": "20180920101337.770000",
    "ConversionSoftware": "dicm2nii.m 20180808",
    "DeviceSerialNumber": "167032",
    "EchoTime": 0.00334,
    "FlipAngle": 7,
    "ImageType": [
      "ORIGINAL",
      "PRIMARY",
      "M",
      "ND"
    ],
    "InstitutionAddress": "Queen Square 12,London,Southeast,GB,WC1N 3BG",
    "InstitutionName": "FIL",
    "InversionTime": 1.1,
    "MRAcquisitionType": "3D",
    "Manufacturer": "SIEMENS",
    "Modality": "MR",
    "PatientName": "MP02367",
    "PatientPosition": "HFS",
    "PhaseEncodingDirection": "j-",
    "RepetitionTime": 2.53,
    "ScanOptions": "IR",
    "ScanningSequence": "GR\\IR",
    "SequenceName": "*tfl3d1_16ns",
    "SequenceVariant": "SK\\SP\\MP",
    "SeriesDescription": "MPRAGE_64ch_Head",
    "SeriesNumber": 2,
    "SliceThickness": 1,
    "SoftwareVersion": "syngo MR E11",
    "dataset": "ds003669",
    "modality": "T1w",
    "subject_id": "MP02367"
  },
  "cjv": 0.5048416877219963,
  "cnr": 1.502018163433534,
  "efc": 0.6705805654928179,
  "fber": 17.86299037222643,
  "fwhm_avg": 3.8327733333333334,
  "fwhm_x": 3.99633,
  "fwhm_y": 3.91658,
  "fwhm_z": 3.58541,
  "icvs_csf": 0.18786607869072805,
  "icvs_gm": 0.42655951587303975,
  "icvs_wm": 0.38557440543623217,
  "inu_med": 1.2110233306884766,
  "inu_range": 0.32704775333404545,
  "provenance": {
    "md5sum": "3a81602f059558c6242f159647fc37a7",
    "settings": {
      "testing": false
    },
    "software": "mriqc",
    "version": "21.0.0rc2",
    "warnings": {
      "large_rot_frame": true,
      "small_air_mask": false
    },
    "webapi_port": null,
    "webapi_url": "https://mriqc.nimh.nih.gov/api/v1"
  },
  "qi_1": 0.0,
  "qi_2": 0.002979835219777962,
  "rpve_csf": 28.759448782313214,
  "rpve_gm": 12.538396222759754,
  "rpve_wm": 15.873131586930084,
  "size_x": 176,
  "size_y": 256,
  "size_z": 256,
  "snr_csf": 2.675056019627012,
  "snr_gm": 7.022934906720988,
  "snr_total": 4.384669133262276,
  "snr_wm": 3.456016473438828,
  "snrd_csf": 18.10150549175454,
  "snrd_gm": 28.722380157001822,
  "snrd_total": 33.03487710789987,
  "snrd_wm": 52.28074567494324,
  "spacing_x": 1.0,
  "spacing_y": 1.0,
  "spacing_z": 1.0,
  "summary_bg_k": 0.2404391398742347,
  "summary_bg_mad": 12.531748700069969,
  "summary_bg_mean": 155.74021766453149,
  "summary_bg_median": 155.39662430807948,
  "summary_bg_n": 2170688.0,
  "summary_bg_p05": 135.54066684097052,
  "summary_bg_p95": 177.05312199890614,
  "summary_bg_stdv": 12.675326746857964,
  "summary_csf_k": 1.877211301975616,
  "summary_csf_mad": 125.91070587407577,
  "summary_csf_mean": 357.045452848255,
  "summary_csf_median": 346.25388802215457,
  "summary_csf_n": 4202.0,
  "summary_csf_p05": 176.05782337523996,
  "summary_csf_p95": 579.2988094780593,
  "summary_csf_stdv": 129.42259225564382,
  "summary_gm_k": 1.5293730912695649,
  "summary_gm_mad": 65.47653314888629,
  "summary_gm_mean": 559.4983341580356,
  "summary_gm_median": 549.4148432649672,
  "summary_gm_n": 17551.0,
  "summary_gm_p05": 449.5098683517426,
  "summary_gm_p95": 712.213688492775,
  "summary_gm_stdv": 78.22928709812544,
  "summary_wm_k": 4.323482267562909,
  "summary_wm_mad": 162.02290479084544,
  "summary_wm_mean": 1088.1957738530953,
  "summary_wm_median": 1000.0500492565334,
  "summary_wm_n": 124062.0,
  "summary_wm_p05": 814.4943762011826,
  "summary_wm_p95": 1762.8789240382612,
  "summary_wm_stdv": 289.36378819071007,
  "tpm_overlap_csf": 0.13531279563903809,
  "tpm_overlap_gm": 0.400793194770813,
  "tpm_overlap_wm": 0.42489397525787354,
  "wm2max": 0.33998741731988913
}