{
  "bids_meta": {
    "AcquisitionDateTime": "20180828140727.650000",
    "ConversionSoftware": "dicm2nii.m 20180808",
    "DeviceSerialNumber": "167032",
    "EchoTime": 0.00334,
    "FlipAngle": 7,
    "ImageType": [
      "ORIGINAL",
      "PRIMARY",
      "M",
      "ND"
    ],
    "InstitutionAddress": "Queen Square 12,London,Southeast,GB,WC1N 3BG",
    "InstitutionName": "Functional Imaging Laboratory",
    "InversionTime": 1.1,
    "MRAcquisitionType": "3D",
    "Manufacturer": "SIEMENS",
    "Modality": "MR",
    "PatientName": "MP02332",
    "PatientPosition": "HFS",
    "PhaseEncodingDirection": "j-",
    "RepetitionTime": 2.53,
    "ScanOptions": "IR",
    "ScanningSequence": "GR\\IR",
    "SequenceName": "*tfl3d1_16ns",
    "SequenceVariant": "SK\\SP\\MP",
    "SeriesDescription": "MPRAGE_64ch_Head",
    "SeriesNumber": 2,
    "SliceThickness": 1,
    "SoftwareVersion": "syngo MR E11",
    "dataset": "ds003669",
    "modality": "T1w",
    "subject_id": "MP02332"
  },
  "cjv": 0.5464162754234168,
  "cnr": 1.4930007677663883,
  "efc": 0.6549078716157704,
  "fber": 21.791990717701566,
  "fwhm_avg": 4.2317599999999995,
  "fwhm_x": 4.36925,
  "fwhm_y": 4.33048,
  "fwhm_z": 3.99555,
  "icvs_csf": 0.1870654101616701,
  "icvs_gm": 0.4052486520913429,
  "icvs_wm": 0.40768593774698697,
  "inu_med": 1.0921469926834106,
  "inu_range": 0.3082538723945617,
  "provenance": {
    "md5sum": "2a903d8cfd4f536daadb16c62882e72a",
    "settings": {
      "testing": false
    },
    "software": "mriqc",
    "version": "21.0.0rc2",
    "warnings": {
      "large_rot_frame": true,
      "small_air_mask": false
    },
    "webapi_port": null,
    "webapi_url": "https://mriqc.nimh.nih.gov/api/v1"
  },
  "qi_1": 0.0,
  "qi_2": 0.002934061661721876,
  "rpve_csf": 30.221119726466142,
  "rpve_gm": 13.46129623057393,
  "rpve_wm": 16.072686452666325,
  "size_x": 176,
  "size_y": 256,
  "size_z": 256,
  "snr_csf": 2.752960135908006,
  "snr_gm": 7.294097219029803,
  "snr_total": 4.593571163067385,
  "snr_wm": 3.733656134264348,
  "snrd_csf": 18.835918627520382,
  "snrd_gm": 32.777852461838926,
  "snrd_total": 35.965974547229955,
  "snrd_wm": 56.284152552330546,
  "spacing_x": 1.0,
  "spacing_y": 1.0,
  "spacing_z": 1.0,
  "summary_bg_k": 0.9172144783215925,
  "summary_bg_mad": 11.641453603209612,
  "summary_bg_mean": 144.6238049573257,
  "summary_bg_median": 144.2694304510951,
  "summary_bg_n": 2520372.0,
  "summary_bg_p05": 125.91646683961153,
  "summary_bg_p95": 164.4198492616415,
  "summary_bg_stdv": 11.825836835512225,
  "summary_csf_k": 0.800721627559954,
  "summary_csf_mad": 130.93128841682136,
  "summary_csf_mean": 332.85375014039107,
  "summary_csf_median": 334.70507864654064,
  "summary_csf_n": 5355.0,
  "summary_csf_p05": 156.8989182971418,
  "summary_csf_p95": 520.4578830339015,
  "summary_csf_stdv": 121.56871477388667,
  "summary_gm_k": 2.98254507712363,
  "summary_gm_mad": 66.72797050273462,
  "summary_gm_mean": 593.4394242994705,
  "summary_gm_median": 582.4464366752654,
  "summary_gm_n": 20370.0,
  "summary_gm_p05": 486.44813860952854,
  "summary_gm_p95": 745.7334161469712,
  "summary_gm_stdv": 79.84979118564486,
  "summary_wm_k": 2.9010287124354193,
  "summary_wm_mad": 161.50763643489,
  "summary_wm_mean": 1090.268747290315,
  "summary_wm_median": 1000.141913920641,
  "summary_wm_n": 144402.0,
  "summary_wm_p05": 818.7881446257234,
  "summary_wm_p95": 1662.6909955130882,
  "summary_wm_stdv": 267.8710665636594,
  "tpm_overlap_csf": 0.1504926234483719,
  "tpm_overlap_gm": 0.39645132422447205,
  "tpm_overlap_wm": 0.4341931641101837,
  "wm2max": 0.3503572275863318
}