{
  "aor": 0.0005239010989010989,
  "aqi": 0.0023214382417582414,
  "bids_meta": {
    "AcquisitionDateTime": "20180924121455.115000",
    "ConversionSoftware": "dicm2nii.m 20180808",
    "DeviceSerialNumber": "167032",
    "EchoTime": 0.03,
    "EchoTime1": 0.03,
    "EchoTime2": 0.03,
    "EffectiveEchoSpacing": 0.00048611111,
    "FlipAngle": 90,
    "ImageType": [
      "ORIGINAL",
      "PRIMARY",
      "M",
      "ND",
      "MOSAIC"
    ],
    "InstitutionAddress": "Queen Square 12,London,Southeast,GB,WC1N 3BG",
    "InstitutionName": "FIL",
    "MRAcquisitionType": "2D",
    "Manufacturer": "SIEMENS",
    "Modality": "MR",
    "PatientName": "MP02376",
    "PatientPosition": "HFS",
    "PhaseEncodingDirection": "j-",
    "RepetitionTime": 3.36,
    "ScanOptions": "FS",
    "ScanningSequence": "RM",
    "SequenceName": "ep2d_2i2d1",
    "SequenceVariant": "SP\\OSP",
    "SeriesDescription": "nc_epi2d_v2i_3mm_OFC_64ch",
    "SeriesNumber": 8,
    "SliceThickness": 2.5,
    "SliceTiming": [
      0,
      0,
      0,
      0,
      0,
      0,
      0,
      0,
      0,
      0,
      0,
      0,
      0,
      0,
      0,
      0,
      0,
      0,
      0,
      0,
      0,
      0,
      0,
      0,
      0,
      0,
      0,
      0,
      0,
      0,
      0,
      0,
      0,
      0,
      0,
      0,
      0,
      0,
      0,
      0,
      0,
      0,
      0,
      0,
      0,
      0,
      0,
      0
    ],
    "SoftwareVersion": "syngo MR E11",
    "TaskName": "visual detection and discrimination",
    "TotalReadoutTime": 0.030625,
    "dataset": "ds003669",
    "deltaTE": 0,
    "modality": "bold",
    "run_id": 3,
    "subject_id": "MP02376",
    "task_id": "detectdiscrim"
  },
  "dummy_trs": 2,
  "dvars_nstd": 27.14884949784531,
  "dvars_std": 1.2947895698895027,
  "dvars_vstd": 0.9875271083977907,
  "efc": 0.5656771300715755,
  "fber": 205.47389221191406,
  "fd_mean": 0.088559344546495,
  "fd_num": 5,
  "fd_perc": 2.7472527472527473,
  "fwhm_avg": 2.755671111111111,
  "fwhm_x": 2.6537266666666666,
  "fwhm_y": 2.81771,
  "fwhm_z": 2.795576666666667,
  "gcor": 0.0236326,
  "gsr_x": -0.0014704023487865925,
  "gsr_y": 0.05215932056307793,
  "provenance": {
    "md5sum": "e858597ef0dd88c26a6ced58f9567bc4",
    "settings": {
      "fd_thres": 0.2,
      "testing": false
    },
    "software": "mriqc",
    "version": "21.0.0rc2",
    "webapi_port": null,
    "webapi_url": "https://mriqc.nimh.nih.gov/api/v1"
  },
  "size_t": 182,
  "size_x": 64,
  "size_y": 64,
  "size_z": 48,
  "snr": 2.185310518270213,
  "spacing_tr": 0.07000000029802322,
  "spacing_x": 3.0,
  "spacing_y": 3.0,
  "spacing_z": 3.0,
  "summary_bg_k": 16.046586879148283,
  "summary_bg_mad": 8.757128364125316,
  "summary_bg_mean": 92.0616683959961,
  "summary_bg_median": 54.868133544921875,
  "summary_bg_n": 115242.0,
  "summary_bg_p05": 48.4945068359375,
  "summary_bg_p95": 291.5269165039062,
  "summary_bg_stdv": 95.50160217285156,
  "summary_fg_k": 2.8068342536664694,
  "summary_fg_mad": 319.7411218069727,
  "summary_fg_mean": 885.6062622070312,
  "summary_fg_median": 807.1648559570312,
  "summary_fg_n": 38318.0,
  "summary_fg_p05": 444.56732177734375,
  "summary_fg_p95": 1596.5019226074219,
  "summary_fg_stdv": 369.3545227050781,
  "tsnr": 79.85666580218822
}