{
  "aor": 0.001520934065934066,
  "aqi": 0.0033375678571428563,
  "bids_meta": {
    "AcquisitionDateTime": "20180924115218.085000",
    "ConversionSoftware": "dicm2nii.m 20180808",
    "DeviceSerialNumber": "167032",
    "EchoTime": 0.03,
    "EchoTime1": 0.03,
    "EchoTime2": 0.03,
    "EffectiveEchoSpacing": 0.00048611111,
    "FlipAngle": 90,
    "ImageType": [
      "ORIGINAL",
      "PRIMARY",
      "M",
      "ND",
      "MOSAIC"
    ],
    "InstitutionAddress": "Queen Square 12,London,Southeast,GB,WC1N 3BG",
    "InstitutionName": "FIL",
    "MRAcquisitionType": "2D",
    "Manufacturer": "SIEMENS",
    "Modality": "MR",
    "PatientName": "MP02376",
    "PatientPosition": "HFS",
    "PhaseEncodingDirection": "j-",
    "RepetitionTime": 3.36,
    "ScanOptions": "FS",
    "ScanningSequence": "RM",
    "SequenceName": "ep2d_2i2d1",
    "SequenceVariant": "SP\\OSP",
    "SeriesDescription": "nc_epi2d_v2i_3mm_OFC_64ch",
    "SeriesNumber": 6,
    "SliceThickness": 2.5,
    "SliceTiming": [
      0,
      0,
      0,
      0,
      0,
      0,
      0,
      0,
      0,
      0,
      0,
      0,
      0,
      0,
      0,
      0,
      0,
      0,
      0,
      0,
      0,
      0,
      0,
      0,
      0,
      0,
      0,
      0,
      0,
      0,
      0,
      0,
      0,
      0,
      0,
      0,
      0,
      0,
      0,
      0,
      0,
      0,
      0,
      0,
      0,
      0,
      0,
      0
    ],
    "SoftwareVersion": "syngo MR E11",
    "TaskName": "visual detection and discrimination",
    "TotalReadoutTime": 0.030625,
    "dataset": "ds003669",
    "deltaTE": 0,
    "modality": "bold",
    "run_id": 1,
    "subject_id": "MP02376",
    "task_id": "detectdiscrim"
  },
  "dummy_trs": 2,
  "dvars_nstd": 28.401312548674042,
  "dvars_std": 1.2710718866298347,
  "dvars_vstd": 0.9805378488397786,
  "efc": 0.563753872685462,
  "fber": 207.42343139648438,
  "fd_mean": 0.10624381702896851,
  "fd_num": 12,
  "fd_perc": 6.593406593406593,
  "fwhm_avg": 2.7460133333333334,
  "fwhm_x": 2.63912,
  "fwhm_y": 2.8072366666666664,
  "fwhm_z": 2.7916833333333333,
  "gcor": 0.0264635,
  "gsr_x": -0.0018615493318066,
  "gsr_y": 0.05022082477807999,
  "provenance": {
    "md5sum": "2b08e3beff7791a2cc5f00bc35321355",
    "settings": {
      "fd_thres": 0.2,
      "testing": false
    },
    "software": "mriqc",
    "version": "21.0.0rc2",
    "webapi_port": null,
    "webapi_url": "https://mriqc.nimh.nih.gov/api/v1"
  },
  "size_t": 182,
  "size_x": 64,
  "size_y": 64,
  "size_z": 48,
  "snr": 2.205899573921742,
  "spacing_tr": 0.07000000029802322,
  "spacing_x": 3.0,
  "spacing_y": 3.0,
  "spacing_z": 3.0,
  "summary_bg_k": 17.593943399931625,
  "summary_bg_mad": 8.7734223742553,
  "summary_bg_mean": 88.91276550292969,
  "summary_bg_median": 54.35165023803711,
  "summary_bg_n": 114893.0,
  "summary_bg_p05": 47.346153259277344,
  "summary_bg_p95": 275.49340820312494,
  "summary_bg_stdv": 90.17778778076172,
  "summary_fg_k": 2.8552885409256286,
  "summary_fg_mad": 318.26259167708,
  "summary_fg_mean": 888.1473388671875,
  "summary_fg_median": 810.1209106445312,
  "summary_fg_n": 37901.0,
  "summary_fg_p05": 449.9066162109375,
  "summary_fg_p95": 1589.269287109375,
  "summary_fg_stdv": 367.2471008300781,
  "tsnr": 64.16054159449413
}