{
  "aor": 0.0006367582417582418,
  "aqi": 0.0028160114285714286,
  "bids_meta": {
    "AcquisitionDateTime": "20180924120349.890000",
    "ConversionSoftware": "dicm2nii.m 20180808",
    "DeviceSerialNumber": "167032",
    "EchoTime": 0.03,
    "EchoTime1": 0.03,
    "EchoTime2": 0.03,
    "EffectiveEchoSpacing": 0.00048611111,
    "FlipAngle": 90,
    "ImageType": [
      "ORIGINAL",
      "PRIMARY",
      "M",
      "ND",
      "MOSAIC"
    ],
    "InstitutionAddress": "Queen Square 12,London,Southeast,GB,WC1N 3BG",
    "InstitutionName": "FIL",
    "MRAcquisitionType": "2D",
    "Manufacturer": "SIEMENS",
    "Modality": "MR",
    "PatientName": "MP02376",
    "PatientPosition": "HFS",
    "PhaseEncodingDirection": "j-",
    "RepetitionTime": 3.36,
    "ScanOptions": "FS",
    "ScanningSequence": "RM",
    "SequenceName": "ep2d_2i2d1",
    "SequenceVariant": "SP\\OSP",
    "SeriesDescription": "nc_epi2d_v2i_3mm_OFC_64ch",
    "SeriesNumber": 7,
    "SliceThickness": 2.5,
    "SliceTiming": [
      0,
      0.07,
      0.14,
      0.21,
      0.28,
      0.35,
      0.42,
      0.49,
      0.56,
      0.63,
      0.7,
      0.77,
      0.84,
      0.91,
      0.98,
      1.05,
      1.12,
      1.19,
      1.26,
      1.33,
      1.4,
      1.47,
      1.54,
      1.61,
      1.68,
      1.75,
      1.82,
      1.89,
      1.96,
      2.03,
      2.1,
      2.17,
      2.24,
      2.31,
      2.38,
      2.45,
      2.52,
      2.59,
      2.66,
      2.73,
      2.8,
      2.87,
      2.94,
      3.01,
      3.08,
      3.15,
      3.22,
      3.29
    ],
    "SoftwareVersion": "syngo MR E11",
    "TaskName": "visual detection and discrimination",
    "TotalReadoutTime": 0.030625,
    "dataset": "ds003669",
    "deltaTE": 0,
    "modality": "bold",
    "run_id": 2,
    "subject_id": "MP02376",
    "task_id": "detectdiscrim"
  },
  "dummy_trs": 2,
  "dvars_nstd": 27.68382603558011,
  "dvars_std": 1.2844140772375687,
  "dvars_vstd": 0.9823211020994472,
  "efc": 0.5649189575807702,
  "fber": 206.21051025390625,
  "fd_mean": 0.10164635613515273,
  "fd_num": 14,
  "fd_perc": 7.6923076923076925,
  "fwhm_avg": 2.7481000000000004,
  "fwhm_x": 2.64745,
  "fwhm_y": 2.807176666666667,
  "fwhm_z": 2.7896733333333334,
  "gcor": 0.029048,
  "gsr_x": -0.0014876823406666517,
  "gsr_y": 0.052683040499687195,
  "provenance": {
    "md5sum": "205c8cdc1a6de264d4637dcccf39a29a",
    "settings": {
      "fd_thres": 0.2,
      "testing": false
    },
    "software": "mriqc",
    "version": "21.0.0rc2",
    "webapi_port": null,
    "webapi_url": "https://mriqc.nimh.nih.gov/api/v1"
  },
  "size_t": 182,
  "size_x": 64,
  "size_y": 64,
  "size_z": 48,
  "snr": 2.1999481814762336,
  "spacing_tr": 0.07000000029802322,
  "spacing_x": 3.0,
  "spacing_y": 3.0,
  "spacing_z": 3.0,
  "summary_bg_k": 16.524521757569083,
  "summary_bg_mad": 8.854881113547965,
  "summary_bg_mean": 91.12376403808594,
  "summary_bg_median": 54.69780349731445,
  "summary_bg_n": 115211.0,
  "summary_bg_p05": 48.0384635925293,
  "summary_bg_p95": 286.8214416503906,
  "summary_bg_stdv": 93.97216796875,
  "summary_fg_k": 2.8665843096610573,
  "summary_fg_mad": 318.6291701430936,
  "summary_fg_mean": 889.1707763671875,
  "summary_fg_median": 810.379150390625,
  "summary_fg_n": 37863.0,
  "summary_fg_p05": 450.24285888671875,
  "summary_fg_p95": 1590.4840698242188,
  "summary_fg_stdv": 368.35797119140625,
  "tsnr": 71.26850548479706
}