{
  "aor": 0.000953186813186813,
  "aqi": 0.0027805675824175823,
  "bids_meta": {
    "AcquisitionDateTime": "20180920122614.002500",
    "ConversionSoftware": "dicm2nii.m 20180808",
    "DeviceSerialNumber": "167032",
    "EchoTime": 0.03,
    "EchoTime1": 0.03,
    "EchoTime2": 0.03,
    "EffectiveEchoSpacing": 0.00048611111,
    "FlipAngle": 90,
    "ImageType": [
      "ORIGINAL",
      "PRIMARY",
      "M",
      "ND",
      "MOSAIC"
    ],
    "InstitutionAddress": "Queen Square 12,London,Southeast,GB,WC1N 3BG",
    "InstitutionName": "FIL",
    "MRAcquisitionType": "2D",
    "Manufacturer": "SIEMENS",
    "Modality": "MR",
    "PatientName": "MP02368",
    "PatientPosition": "HFS",
    "PhaseEncodingDirection": "j-",
    "RepetitionTime": 3.36,
    "ScanOptions": "FS",
    "ScanningSequence": "RM",
    "SequenceName": "ep2d_2i2d1",
    "SequenceVariant": "SP\\OSP",
    "SeriesDescription": "nc_epi2d_v2i_3mm_OFC_64ch",
    "SeriesNumber": 8,
    "SliceThickness": 2.5,
    "SliceTiming": [
      0,
      0.07,
      0.14,
      0.21,
      0.28,
      0.35,
      0.42,
      0.49,
      0.56,
      0.63,
      0.7,
      0.77,
      0.84,
      0.91,
      0.98,
      1.05,
      1.12,
      1.19,
      1.26,
      1.33,
      1.4,
      1.47,
      1.54,
      1.61,
      1.68,
      1.75,
      1.82,
      1.89,
      1.96,
      2.03,
      2.1,
      2.17,
      2.24,
      2.31,
      2.38,
      2.45,
      2.52,
      2.59,
      2.66,
      2.73,
      2.8,
      2.87,
      2.94,
      3.01,
      3.08,
      3.15,
      3.22,
      3.29
    ],
    "SoftwareVersion": "syngo MR E11",
    "TaskName": "visual detection and discrimination",
    "TotalReadoutTime": 0.030625,
    "dataset": "ds003669",
    "deltaTE": 0,
    "modality": "bold",
    "run_id": 3,
    "subject_id": "MP02368",
    "task_id": "detectdiscrim"
  },
  "dummy_trs": 2,
  "dvars_nstd": 20.325154847016588,
  "dvars_std": 1.2471443401657463,
  "dvars_vstd": 0.9843796781767954,
  "efc": 0.5799716448285114,
  "fber": 192.0010528564453,
  "fd_mean": 0.05523971177538049,
  "fd_num": 4,
  "fd_perc": 2.197802197802198,
  "fwhm_avg": 2.8089177777777774,
  "fwhm_x": 2.5976666666666666,
  "fwhm_y": 2.86873,
  "fwhm_z": 2.9603566666666663,
  "gcor": 0.0202834,
  "gsr_x": 0.005598004907369614,
  "gsr_y": 0.03500022366642952,
  "provenance": {
    "md5sum": "8daff536a78ff518e978ca0bb0809ba1",
    "settings": {
      "fd_thres": 0.2,
      "testing": false
    },
    "software": "mriqc",
    "version": "21.0.0rc2",
    "webapi_port": null,
    "webapi_url": "https://mriqc.nimh.nih.gov/api/v1"
  },
  "size_t": 182,
  "size_x": 64,
  "size_y": 64,
  "size_z": 48,
  "snr": 2.314720363303691,
  "spacing_tr": 0.07000000029802322,
  "spacing_x": 3.0,
  "spacing_y": 3.0,
  "spacing_z": 3.0,
  "summary_bg_k": 35.165188241538964,
  "summary_bg_mad": 10.060513438236976,
  "summary_bg_mean": 93.58317565917969,
  "summary_bg_median": 55.230770111083984,
  "summary_bg_n": 114012.0,
  "summary_bg_p05": 47.67033004760742,
  "summary_bg_p95": 290.193145751953,
  "summary_bg_stdv": 106.76081848144531,
  "summary_fg_k": 1.2201774856818206,
  "summary_fg_mad": 305.5545080249905,
  "summary_fg_mean": 849.7398681640625,
  "summary_fg_median": 779.5054931640625,
  "summary_fg_n": 39863.0,
  "summary_fg_p05": 439.8604431152344,
  "summary_fg_p95": 1524.0978881835938,
  "summary_fg_stdv": 336.7558898925781,
  "tsnr": 83.731181088835
}