{
  "bids_meta": {
    "AcquisitionDateTime": "20181009102233.687500",
    "ConversionSoftware": "dicm2nii.m 20180808",
    "DeviceSerialNumber": "167032",
    "EchoTime": 0.00334,
    "FlipAngle": 7,
    "ImageType": [
      "ORIGINAL",
      "PRIMARY",
      "M",
      "ND"
    ],
    "InstitutionAddress": "Queen Square 12,London,Southeast,GB,WC1N 3BG",
    "InstitutionName": "FIL",
    "InversionTime": 1.1,
    "MRAcquisitionType": "3D",
    "Manufacturer": "SIEMENS",
    "Modality": "MR",
    "PatientName": "MP02398",
    "PatientPosition": "HFS",
    "PhaseEncodingDirection": "j-",
    "RepetitionTime": 2.53,
    "ScanOptions": "IR",
    "ScanningSequence": "GR\\IR",
    "SequenceName": "*tfl3d1_16ns",
    "SequenceVariant": "SK\\SP\\MP",
    "SeriesDescription": "MPRAGE_64ch_Head",
    "SeriesNumber": 2,
    "SliceThickness": 1,
    "SoftwareVersion": "syngo MR E11",
    "dataset": "ds003669",
    "modality": "T1w",
    "subject_id": "MP02398"
  },
  "cjv": 0.5763939690547817,
  "cnr": 1.2583026811481703,
  "efc": 0.6597470721792378,
  "fber": 21.262685657596997,
  "fwhm_avg": 4.441676666666667,
  "fwhm_x": 4.61153,
  "fwhm_y": 4.51024,
  "fwhm_z": 4.20326,
  "icvs_csf": 0.1806673649675778,
  "icvs_gm": 0.4212599230294392,
  "icvs_wm": 0.398072712002983,
  "inu_med": 1.1324938535690308,
  "inu_range": 0.46972284913063056,
  "provenance": {
    "md5sum": "a68e69e57a05e37a9531a6b849bfaef3",
    "settings": {
      "testing": false
    },
    "software": "mriqc",
    "version": "21.0.0rc2",
    "warnings": {
      "large_rot_frame": true,
      "small_air_mask": false
    },
    "webapi_port": null,
    "webapi_url": "https://mriqc.nimh.nih.gov/api/v1"
  },
  "qi_1": 0.00012529493543029678,
  "qi_2": 0.003074877733833671,
  "rpve_csf": 32.3521934443726,
  "rpve_gm": 13.813406963287647,
  "rpve_wm": 17.102617103598984,
  "size_x": 176,
  "size_y": 256,
  "size_z": 256,
  "snr_csf": 2.9307594604638334,
  "snr_gm": 8.501283604705918,
  "snr_total": 5.107921997785129,
  "snr_wm": 3.8917229281856374,
  "snrd_csf": 19.982920895555115,
  "snrd_gm": 35.45972858889114,
  "snrd_total": 36.34167568456356,
  "snrd_wm": 53.58237756924443,
  "spacing_x": 1.0,
  "spacing_y": 1.0,
  "spacing_z": 1.0,
  "summary_bg_k": 6.156210864162448,
  "summary_bg_mad": 12.227336232935418,
  "summary_bg_mean": 153.683924068721,
  "summary_bg_median": 153.28616189211607,
  "summary_bg_n": 3276517.0,
  "summary_bg_p05": 133.88993881642818,
  "summary_bg_p95": 174.41328151524067,
  "summary_bg_stdv": 12.78392346947493,
  "summary_csf_k": -0.29281118711953447,
  "summary_csf_mad": 152.16240645430742,
  "summary_csf_mean": 364.58011875070054,
  "summary_csf_median": 372.95729725062847,
  "summary_csf_n": 6265.0,
  "summary_csf_p05": 176.30708597302436,
  "summary_csf_p95": 554.2636197224258,
  "summary_csf_stdv": 127.24603842320487,
  "summary_gm_k": 0.45647564048577793,
  "summary_gm_mad": 71.25065064130268,
  "summary_gm_mean": 665.2661618075831,
  "summary_gm_median": 661.813385784626,
  "summary_gm_n": 19495.0,
  "summary_gm_p05": 542.7226124487818,
  "summary_gm_p95": 804.525806120783,
  "summary_gm_stdv": 77.84664556706788,
  "summary_wm_k": 5.11378768802053,
  "summary_wm_mad": 123.70743262827871,
  "summary_wm_mean": 1085.944156880617,
  "summary_wm_median": 1000.0509346425533,
  "summary_wm_n": 126371.0,
  "summary_wm_p05": 861.1210323497653,
  "summary_wm_p95": 1690.5768396258354,
  "summary_wm_stdv": 256.96767120455365,
  "tpm_overlap_csf": 0.1672167032957077,
  "tpm_overlap_gm": 0.42441466450691223,
  "tpm_overlap_wm": 0.45472630858421326,
  "wm2max": 0.3438232926103546
}