{
  "aor": 0.003956065573770491,
  "aqi": 0.005694714098360656,
  "bids_meta": {
    "AcquisitionDateTime": "20180830103102.352500",
    "ConversionSoftware": "dicm2nii.m 20180808",
    "DeviceSerialNumber": "167032",
    "EchoTime": 0.03,
    "EchoTime1": 0.03,
    "EchoTime2": 0.03,
    "EffectiveEchoSpacing": 0.00052083333,
    "FlipAngle": 90,
    "ImageType": [
      "ORIGINAL",
      "PRIMARY",
      "M",
      "ND",
      "MOSAIC"
    ],
    "InstitutionAddress": "Queen Square 12,London,Southeast,GB,WC1N 3BG",
    "InstitutionName": "Functional Imaging Laboratory",
    "MRAcquisitionType": "2D",
    "Manufacturer": "SIEMENS",
    "Modality": "MR",
    "PatientName": "MP02338",
    "PatientPosition": "HFS",
    "PhaseEncodingDirection": "j-",
    "RepetitionTime": 3.36,
    "ScanOptions": "FS",
    "ScanningSequence": "RM",
    "SequenceName": "ep2d_2i2d1",
    "SequenceVariant": "SP\\OSP",
    "SeriesDescription": "nc_epi2d_v2i_3mm_OFC_64ch",
    "SeriesNumber": 7,
    "SliceThickness": 2.5,
    "SliceTiming": [
      0,
      0,
      0,
      0,
      0,
      0,
      0,
      0,
      0,
      0,
      0,
      0,
      0,
      0,
      0,
      0,
      0,
      0,
      0,
      0,
      0,
      0,
      0,
      0,
      0,
      0,
      0,
      0,
      0,
      0,
      0,
      0,
      0,
      0,
      0,
      0,
      0,
      0,
      0,
      0,
      0,
      0,
      0,
      0,
      0,
      0,
      0,
      0
    ],
    "SoftwareVersion": "syngo MR E11",
    "TaskName": "visual detection and discrimination",
    "TotalReadoutTime": 0.0328125,
    "dataset": "ds003669",
    "deltaTE": 0,
    "modality": "bold",
    "run_id": 2,
    "subject_id": "MP02338",
    "task_id": "detectdiscrim"
  },
  "dummy_trs": 1,
  "dvars_nstd": 32.59589638554946,
  "dvars_std": 1.2631358787362639,
  "dvars_vstd": 1.0090706620879122,
  "efc": 0.6399456907777809,
  "fber": 120.72144317626953,
  "fd_mean": 0.12391429671894114,
  "fd_num": 23,
  "fd_perc": 12.568306010928962,
  "fwhm_avg": 2.352281111111111,
  "fwhm_x": 2.0487866666666665,
  "fwhm_y": 2.43746,
  "fwhm_z": 2.5705966666666664,
  "gcor": 0.0145959,
  "gsr_x": -0.012351472862064838,
  "gsr_y": 0.06506296992301941,
  "provenance": {
    "md5sum": "87b0b9cd8cd5d8dd79d823a6151f0ad7",
    "settings": {
      "fd_thres": 0.2,
      "testing": false
    },
    "software": "mriqc",
    "version": "21.0.0rc2",
    "webapi_port": null,
    "webapi_url": "https://mriqc.nimh.nih.gov/api/v1"
  },
  "size_t": 183,
  "size_x": 64,
  "size_y": 64,
  "size_z": 48,
  "snr": 2.63268779383177,
  "spacing_tr": 0.07000000029802322,
  "spacing_x": 3.0,
  "spacing_y": 3.0,
  "spacing_z": 3.0,
  "summary_bg_k": 39.792174139870795,
  "summary_bg_mad": 9.924522645604045,
  "summary_bg_mean": 104.3099594116211,
  "summary_bg_median": 55.7650260925293,
  "summary_bg_n": 103693.0,
  "summary_bg_p05": 47.93988800048828,
  "summary_bg_p95": 349.08961791992186,
  "summary_bg_stdv": 131.7314910888672,
  "summary_fg_k": 0.9313160041914692,
  "summary_fg_mad": 236.93682870033945,
  "summary_fg_mean": 680.0953979492188,
  "summary_fg_median": 646.9371337890625,
  "summary_fg_n": 41164.0,
  "summary_fg_p05": 351.8633728027344,
  "summary_fg_p95": 1132.5928405761717,
  "summary_fg_stdv": 245.72958374023438,
  "tsnr": 53.25162447988987
}