{
  "aor": 0.004416612021857923,
  "aqi": 0.007891962131147541,
  "bids_meta": {
    "AcquisitionDateTime": "20180815110418.060000",
    "ConversionSoftware": "dicm2nii.m 20180808",
    "DeviceSerialNumber": "167032",
    "EchoTime": 0.03,
    "EchoTime1": 0.03,
    "EchoTime2": 0.03,
    "EffectiveEchoSpacing": 0.00048611111,
    "FlipAngle": 90,
    "ImageType": [
      "ORIGINAL",
      "PRIMARY",
      "M",
      "ND",
      "MOSAIC"
    ],
    "InstitutionAddress": "Queen Square 12,London,Southeast,GB,WC1N 3BG",
    "InstitutionName": "FIL",
    "MRAcquisitionType": "2D",
    "Manufacturer": "SIEMENS",
    "Modality": "MR",
    "PatientName": "MP02313",
    "PatientPosition": "HFS",
    "PhaseEncodingDirection": "j-",
    "RepetitionTime": 3.36,
    "ScanOptions": "FS",
    "ScanningSequence": "RM",
    "SequenceName": "ep2d_2i2d1",
    "SequenceVariant": "SP\\OSP",
    "SeriesDescription": "nc_epi2d_v2i_3mm_OFC_64ch",
    "SeriesNumber": 8,
    "SliceThickness": 2.5,
    "SliceTiming": [
      0,
      0.07,
      0.14,
      0.21,
      0.28,
      0.35,
      0.42,
      0.49,
      0.56,
      0.63,
      0.7,
      0.77,
      0.84,
      0.91,
      0.98,
      1.05,
      1.12,
      1.19,
      1.26,
      1.33,
      1.4,
      1.47,
      1.54,
      1.61,
      1.68,
      1.75,
      1.82,
      1.89,
      1.96,
      2.03,
      2.1,
      2.17,
      2.24,
      2.31,
      2.38,
      2.45,
      2.52,
      2.59,
      2.66,
      2.73,
      2.8,
      2.87,
      2.94,
      3.01,
      3.08,
      3.15,
      3.22,
      3.29
    ],
    "SoftwareVersion": "syngo MR E11",
    "TaskName": "visual detection and discrimination",
    "TotalReadoutTime": 0.030625,
    "dataset": "ds003669",
    "deltaTE": 0,
    "modality": "bold",
    "run_id": 3,
    "subject_id": "MP02313",
    "task_id": "detectdiscrim"
  },
  "dummy_trs": 1,
  "dvars_nstd": 29.811161732472534,
  "dvars_std": 1.1992059090659342,
  "dvars_vstd": 0.9683181111538465,
  "efc": 0.5850610312589855,
  "fber": 170.0265350341797,
  "fd_mean": 0.13781753604742633,
  "fd_num": 32,
  "fd_perc": 17.48633879781421,
  "fwhm_avg": 2.55673,
  "fwhm_x": 2.367783333333333,
  "fwhm_y": 2.6222966666666667,
  "fwhm_z": 2.6801100000000004,
  "gcor": 0.0141791,
  "gsr_x": 0.01906394585967064,
  "gsr_y": 0.028926676139235497,
  "provenance": {
    "md5sum": "7ecdc0a7158bd30f3d7b50d15d45e86b",
    "settings": {
      "fd_thres": 0.2,
      "testing": false
    },
    "software": "mriqc",
    "version": "21.0.0rc2",
    "webapi_port": null,
    "webapi_url": "https://mriqc.nimh.nih.gov/api/v1"
  },
  "size_t": 183,
  "size_x": 64,
  "size_y": 64,
  "size_z": 48,
  "snr": 2.5724245015374643,
  "spacing_tr": 0.07000000029802322,
  "spacing_x": 3.0,
  "spacing_y": 3.0,
  "spacing_z": 3.0,
  "summary_bg_k": 28.22963324192482,
  "summary_bg_mad": 8.76598515685824,
  "summary_bg_mean": 86.19073486328125,
  "summary_bg_median": 53.42622756958008,
  "summary_bg_n": 118158.0,
  "summary_bg_p05": 46.196720123291016,
  "summary_bg_p95": 255.62157669067366,
  "summary_bg_stdv": 95.04423522949219,
  "summary_fg_k": 0.8882805874093425,
  "summary_fg_mad": 252.35828073145058,
  "summary_fg_mean": 754.3245239257812,
  "summary_fg_median": 705.8360595703125,
  "summary_fg_n": 37451.0,
  "summary_fg_p05": 402.5273132324219,
  "summary_fg_p95": 1292.8660888671875,
  "summary_fg_stdv": 274.3818664550781,
  "tsnr": 48.27381672896445
}