{
  "bids_meta": {
    "AcquisitionDateTime": "20180823114527.662500",
    "ConversionSoftware": "dicm2nii.m 20180808",
    "DeviceSerialNumber": "167032",
    "EchoTime": 0.00334,
    "FlipAngle": 7,
    "ImageType": [
      "ORIGINAL",
      "PRIMARY",
      "M",
      "ND"
    ],
    "InstitutionAddress": "Queen Square 12,London,Southeast,GB,WC1N 3BG",
    "InstitutionName": "Functional Imaging Laboratory",
    "InversionTime": 1.1,
    "MRAcquisitionType": "3D",
    "Manufacturer": "SIEMENS",
    "Modality": "MR",
    "PatientName": "MP02325",
    "PatientPosition": "HFS",
    "PhaseEncodingDirection": "j-",
    "RepetitionTime": 2.53,
    "ScanOptions": "IR",
    "ScanningSequence": "GR\\IR",
    "SequenceName": "*tfl3d1_16ns",
    "SequenceVariant": "SK\\SP\\MP",
    "SeriesDescription": "MPRAGE_64ch_Head",
    "SeriesNumber": 2,
    "SliceThickness": 1,
    "SoftwareVersion": "syngo MR E11",
    "dataset": "ds003669",
    "modality": "T1w",
    "subject_id": "MP02325"
  },
  "cjv": 0.565893167574388,
  "cnr": 1.4174792930465543,
  "efc": 0.6571157020876291,
  "fber": 18.518230853799523,
  "fwhm_avg": 3.9506333333333337,
  "fwhm_x": 4.10986,
  "fwhm_y": 4.0063,
  "fwhm_z": 3.73574,
  "icvs_csf": 0.16831446814461914,
  "icvs_gm": 0.43182317977384277,
  "icvs_wm": 0.3998623520815381,
  "inu_med": 1.1751024723052979,
  "inu_range": 0.3654412984848021,
  "provenance": {
    "md5sum": "e8233a68267a7b5a521b31eba658138a",
    "settings": {
      "testing": false
    },
    "software": "mriqc",
    "version": "21.0.0rc2",
    "warnings": {
      "large_rot_frame": true,
      "small_air_mask": false
    },
    "webapi_port": null,
    "webapi_url": "https://mriqc.nimh.nih.gov/api/v1"
  },
  "qi_1": 0.0,
  "qi_2": 0.0025813518063357165,
  "rpve_csf": 35.55091886462557,
  "rpve_gm": 14.23957235601412,
  "rpve_wm": 17.55875995003664,
  "size_x": 176,
  "size_y": 256,
  "size_z": 256,
  "snr_csf": 2.5462094002241837,
  "snr_gm": 7.053978753959551,
  "snr_total": 4.497491593538065,
  "snr_wm": 3.892286626430462,
  "snrd_csf": 16.90404921840348,
  "snrd_gm": 30.503465929833368,
  "snrd_total": 32.336511333277706,
  "snrd_wm": 49.60201885159626,
  "spacing_x": 1.0,
  "spacing_y": 1.0,
  "spacing_z": 1.0,
  "summary_bg_k": 0.34515391320951005,
  "summary_bg_mad": 13.209300932910606,
  "summary_bg_mean": 163.9501040614378,
  "summary_bg_median": 163.59661038592458,
  "summary_bg_n": 2271163.0,
  "summary_bg_p05": 142.71658861264586,
  "summary_bg_p95": 186.3897231593728,
  "summary_bg_stdv": 13.372103718577893,
  "summary_csf_k": 3.1644958827730987,
  "summary_csf_mad": 134.52416901000987,
  "summary_csf_mean": 356.76446255886975,
  "summary_csf_median": 340.8308266159147,
  "summary_csf_n": 2044.0,
  "summary_csf_p05": 184.64881034921854,
  "summary_csf_p95": 578.2235558398067,
  "summary_csf_stdv": 133.8253809353609,
  "summary_gm_k": 1.8057885610544728,
  "summary_gm_mad": 71.63817193063176,
  "summary_gm_mean": 629.6563397704177,
  "summary_gm_median": 615.0314266830683,
  "summary_gm_n": 16166.0,
  "summary_gm_p05": 513.5419491240755,
  "summary_gm_p95": 801.2025108709931,
  "summary_gm_stdv": 87.18659716244865,
  "summary_wm_k": 4.359932821666257,
  "summary_wm_mad": 146.2747741343782,
  "summary_wm_mean": 1082.7853479368468,
  "summary_wm_median": 1000.1093151457608,
  "summary_wm_n": 118894.0,
  "summary_wm_p05": 837.9885178171098,
  "summary_wm_p95": 1623.7605832781633,
  "summary_wm_stdv": 256.9453910355245,
  "tpm_overlap_csf": 0.1408006250858307,
  "tpm_overlap_gm": 0.41111841797828674,
  "tpm_overlap_wm": 0.4323880076408386,
  "wm2max": 0.3167818002389238
}