{
  "aor": 0.0033380662983425414,
  "aqi": 0.00855556861878453,
  "bids_meta": {
    "AcquisitionDateTime": "20180914123541.807500",
    "ConversionSoftware": "dicm2nii.m 20180808",
    "DeviceSerialNumber": "167032",
    "EchoTime": 0.03,
    "EchoTime1": 0.03,
    "EchoTime2": 0.03,
    "EffectiveEchoSpacing": 0.00052083333,
    "FlipAngle": 90,
    "ImageType": [
      "ORIGINAL",
      "PRIMARY",
      "M",
      "ND",
      "MOSAIC"
    ],
    "InstitutionAddress": "Queen Square 12,London,Southeast,GB,WC1N 3BG",
    "InstitutionName": "Functional Imaging Laboratory",
    "MRAcquisitionType": "2D",
    "Manufacturer": "SIEMENS",
    "Modality": "MR",
    "PatientName": "MP02354",
    "PatientPosition": "HFS",
    "PhaseEncodingDirection": "j-",
    "RepetitionTime": 3.36,
    "ScanOptions": "FS",
    "ScanningSequence": "RM",
    "SequenceName": "ep2d_2i2d1",
    "SequenceVariant": "SP\\OSP",
    "SeriesDescription": "nc_epi2d_v2i_3mm_OFC_64ch",
    "SeriesNumber": 9,
    "SliceThickness": 2.5,
    "SliceTiming": [
      0,
      0.07,
      0.14,
      0.21,
      0.28,
      0.35,
      0.42,
      0.49,
      0.56,
      0.63,
      0.7,
      0.77,
      0.84,
      0.91,
      0.98,
      1.05,
      1.12,
      1.19,
      1.26,
      1.33,
      1.4,
      1.47,
      1.54,
      1.61,
      1.68,
      1.75,
      1.82,
      1.89,
      1.96,
      2.03,
      2.1,
      2.17,
      2.24,
      2.31,
      2.38,
      2.45,
      2.52,
      2.59,
      2.66,
      2.73,
      2.8,
      2.87,
      2.94,
      3.01,
      3.08,
      3.15,
      3.22,
      3.29
    ],
    "SoftwareVersion": "syngo MR E11",
    "TaskName": "visual detection and discrimination",
    "TotalReadoutTime": 0.0328125,
    "dataset": "ds003669",
    "deltaTE": 0,
    "modality": "bold",
    "run_id": 3,
    "subject_id": "MP02354",
    "task_id": "detectdiscrim"
  },
  "dummy_trs": 3,
  "dvars_nstd": 24.633809057555563,
  "dvars_std": 1.1303646183888894,
  "dvars_vstd": 0.9113190106666661,
  "efc": 0.6300590925873837,
  "fber": 111.82148742675781,
  "fd_mean": 0.07065971784647816,
  "fd_num": 2,
  "fd_perc": 1.1049723756906078,
  "fwhm_avg": 2.5559555555555558,
  "fwhm_x": 2.2430499999999998,
  "fwhm_y": 2.6745133333333335,
  "fwhm_z": 2.750303333333333,
  "gcor": 0.00928286,
  "gsr_x": 0.044514987617731094,
  "gsr_y": 0.0376901850104332,
  "provenance": {
    "md5sum": "da9a4a64db2c9f4fb285005793211106",
    "settings": {
      "fd_thres": 0.2,
      "testing": false
    },
    "software": "mriqc",
    "version": "21.0.0rc2",
    "webapi_port": null,
    "webapi_url": "https://mriqc.nimh.nih.gov/api/v1"
  },
  "size_t": 181,
  "size_x": 64,
  "size_y": 64,
  "size_z": 48,
  "snr": 2.059511295719137,
  "spacing_tr": 0.07000000029802322,
  "spacing_x": 3.0,
  "spacing_y": 3.0,
  "spacing_z": 3.0,
  "summary_bg_k": 17.190930817170454,
  "summary_bg_mad": 26.54759712525626,
  "summary_bg_mean": 134.4538116455078,
  "summary_bg_median": 68.9392318725586,
  "summary_bg_n": 101724.0,
  "summary_bg_p05": 47.93922805786133,
  "summary_bg_p95": 459.7875839233397,
  "summary_bg_stdv": 165.90687561035156,
  "summary_fg_k": 2.284529892790891,
  "summary_fg_mad": 324.0427857267177,
  "summary_fg_mean": 857.3508911132812,
  "summary_fg_median": 773.3646850585938,
  "summary_fg_n": 45753.0,
  "summary_fg_p05": 417.39337768554685,
  "summary_fg_p95": 1596.7724121093752,
  "summary_fg_stdv": 375.5047302246094,
  "tsnr": 51.7832870031707
}