{
  "aor": 0.010498296703296703,
  "aqi": 0.012974441318681317,
  "bids_meta": {
    "AcquisitionDateTime": "20180914131130.857500",
    "ConversionSoftware": "dicm2nii.m 20180808",
    "DeviceSerialNumber": "167032",
    "EchoTime": 0.03,
    "EchoTime1": 0.03,
    "EchoTime2": 0.03,
    "EffectiveEchoSpacing": 0.00048611111,
    "FlipAngle": 90,
    "ImageType": [
      "ORIGINAL",
      "PRIMARY",
      "M",
      "ND",
      "MOSAIC"
    ],
    "InstitutionAddress": "Queen Square 12,London,Southeast,GB,WC1N 3BG",
    "InstitutionName": "Functional Imaging Laboratory",
    "MRAcquisitionType": "2D",
    "Manufacturer": "SIEMENS",
    "Modality": "MR",
    "PatientName": "MP02354",
    "PatientPosition": "HFS",
    "PhaseEncodingDirection": "j-",
    "RepetitionTime": 3.36,
    "ScanOptions": "FS",
    "ScanningSequence": "RM",
    "SequenceName": "ep2d_2i2d1",
    "SequenceVariant": "SP\\OSP",
    "SeriesDescription": "nc_epi2d_v2i_3mm_OFC_64ch",
    "SeriesNumber": 15,
    "SliceThickness": 2.5,
    "SliceTiming": [
      0,
      0,
      0,
      0,
      0,
      0,
      0,
      0,
      0,
      0,
      0,
      0,
      0,
      0,
      0,
      0,
      0,
      0,
      0,
      0,
      0,
      0,
      0,
      0,
      0,
      0,
      0,
      0,
      0,
      0,
      0,
      0,
      0,
      0,
      0,
      0,
      0,
      0,
      0,
      0,
      0,
      0,
      0,
      0,
      0,
      0,
      0,
      0
    ],
    "SoftwareVersion": "syngo MR E11",
    "TaskName": "visual detection and discrimination",
    "TotalReadoutTime": 0.030625,
    "dataset": "ds003669",
    "deltaTE": 0,
    "modality": "bold",
    "run_id": 5,
    "subject_id": "MP02354",
    "task_id": "detectdiscrim"
  },
  "dummy_trs": 2,
  "dvars_nstd": 30.221588240276226,
  "dvars_std": 1.2185808863535907,
  "dvars_vstd": 0.980409768729282,
  "efc": 0.63504404057656,
  "fber": 111.99274444580078,
  "fd_mean": 0.13173156536528657,
  "fd_num": 29,
  "fd_perc": 15.934065934065934,
  "fwhm_avg": 2.559047777777778,
  "fwhm_x": 2.2472733333333332,
  "fwhm_y": 2.6698633333333333,
  "fwhm_z": 2.760006666666667,
  "gcor": 0.0121658,
  "gsr_x": 0.04563639312982559,
  "gsr_y": 0.02961917221546173,
  "provenance": {
    "md5sum": "f75d6534db80f9fdce589c17d7da3f7c",
    "settings": {
      "fd_thres": 0.2,
      "testing": false
    },
    "software": "mriqc",
    "version": "21.0.0rc2",
    "webapi_port": null,
    "webapi_url": "https://mriqc.nimh.nih.gov/api/v1"
  },
  "size_t": 182,
  "size_x": 64,
  "size_y": 64,
  "size_z": 48,
  "snr": 2.140613186311828,
  "spacing_tr": 0.07000000029802322,
  "spacing_x": 3.0,
  "spacing_y": 3.0,
  "spacing_z": 3.0,
  "summary_bg_k": 17.97555819262896,
  "summary_bg_mad": 25.30199046401788,
  "summary_bg_mean": 130.10255432128906,
  "summary_bg_median": 67.34066009521484,
  "summary_bg_n": 101170.0,
  "summary_bg_p05": 46.93406677246094,
  "summary_bg_p95": 438.1909484863278,
  "summary_bg_stdv": 158.68418884277344,
  "summary_fg_k": 1.8619158840784813,
  "summary_fg_mad": 312.61722900595635,
  "summary_fg_mean": 832.6428833007812,
  "summary_fg_median": 756.510986328125,
  "summary_fg_n": 46277.0,
  "summary_fg_p05": 412.0846252441406,
  "summary_fg_p95": 1520.6901855468743,
  "summary_fg_stdv": 353.40472412109375,
  "tsnr": 38.49426548392512
}