{
  "bids_meta": {
    "AcquisitionDateTime": "20181213091612.925000",
    "ConversionSoftware": "dicm2nii.m 20180808",
    "DeviceSerialNumber": "167032",
    "EchoTime": 0.00334,
    "FlipAngle": 7,
    "ImageType": [
      "ORIGINAL",
      "PRIMARY",
      "M",
      "ND"
    ],
    "InstitutionAddress": "Queen Square 12,London,Southeast,GB,WC1N 3BG",
    "InstitutionName": "Functional Imaging Laboratory",
    "InversionTime": 1.1,
    "MRAcquisitionType": "3D",
    "Manufacturer": "SIEMENS",
    "Modality": "MR",
    "PatientName": "MP02504",
    "PatientPosition": "HFS",
    "PhaseEncodingDirection": "j-",
    "RepetitionTime": 2.53,
    "ScanOptions": "IR",
    "ScanningSequence": "GR\\IR",
    "SequenceName": "*tfl3d1_16ns",
    "SequenceVariant": "SK\\SP\\MP",
    "SeriesDescription": "MPRAGE_64ch_Head",
    "SeriesNumber": 2,
    "SliceThickness": 1,
    "SoftwareVersion": "syngo MR E11",
    "dataset": "ds003669",
    "modality": "T1w",
    "subject_id": "MP02504"
  },
  "cjv": 0.5352088101005503,
  "cnr": 2.3348282097973185,
  "efc": 0.6418306012050435,
  "fber": 20.02875553539479,
  "fwhm_avg": 3.24892,
  "fwhm_x": 3.46076,
  "fwhm_y": 3.2431,
  "fwhm_z": 3.0429,
  "icvs_csf": 0.17744510990205906,
  "icvs_gm": 0.44433749257459687,
  "icvs_wm": 0.37821739752334405,
  "inu_med": 1.1415379047393799,
  "inu_range": 0.26007242202758785,
  "provenance": {
    "md5sum": "a47c81dc711d763302aecf81511d0629",
    "settings": {
      "testing": false
    },
    "software": "mriqc",
    "version": "21.0.0rc2",
    "warnings": {
      "large_rot_frame": true,
      "small_air_mask": false
    },
    "webapi_port": null,
    "webapi_url": "https://mriqc.nimh.nih.gov/api/v1"
  },
  "qi_1": 0.0,
  "qi_2": 0.003047111606109632,
  "rpve_csf": 33.995748364869755,
  "rpve_gm": 14.102680969471113,
  "rpve_wm": 18.36303382840404,
  "size_x": 176,
  "size_y": 256,
  "size_z": 256,
  "snr_csf": 3.039802345300046,
  "snr_gm": 9.557258561949523,
  "snr_total": 6.470624303345164,
  "snr_wm": 6.814812002785924,
  "snrd_csf": 20.80691485620935,
  "snrd_gm": 31.53286436921108,
  "snrd_total": 34.2971475876975,
  "snrd_wm": 50.55166353767206,
  "spacing_x": 1.0,
  "spacing_y": 1.0,
  "spacing_z": 1.0,
  "summary_bg_k": 0.4463608658333311,
  "summary_bg_mad": 12.960091335623703,
  "summary_bg_mean": 162.9791612376136,
  "summary_bg_median": 162.61266496032476,
  "summary_bg_n": 3456942.0,
  "summary_bg_p05": 142.0892635062337,
  "summary_bg_p95": 185.0363813638687,
  "summary_bg_stdv": 13.15396259641846,
  "summary_csf_k": 15.839734081049514,
  "summary_csf_mad": 110.64376112307318,
  "summary_csf_mean": 413.2717668164663,
  "summary_csf_median": 411.60821805149317,
  "summary_csf_n": 2370.0,
  "summary_csf_p05": 208.9206255428493,
  "summary_csf_p95": 612.3167682770639,
  "summary_csf_stdv": 135.3776742586521,
  "summary_gm_k": 0.602270113927803,
  "summary_gm_mad": 61.258568362792786,
  "summary_gm_mean": 630.7867357073405,
  "summary_gm_median": 623.7919558361173,
  "summary_gm_n": 21693.0,
  "summary_gm_p05": 535.2915739044547,
  "summary_gm_p95": 747.0843897566197,
  "summary_gm_stdv": 65.26741679139651,
  "summary_wm_k": 0.5694060239644134,
  "summary_wm_mad": 140.10583210964631,
  "summary_wm_mean": 1025.5115441248483,
  "summary_wm_median": 1000.0271684713662,
  "summary_wm_n": 115966.0,
  "summary_wm_p05": 835.8128094822168,
  "summary_wm_p95": 1312.8054354730994,
  "summary_wm_stdv": 146.7425449634623,
  "tpm_overlap_csf": 0.12288343906402588,
  "tpm_overlap_gm": 0.4075561761856079,
  "tpm_overlap_wm": 0.41791555285453796,
  "wm2max": 0.31490626864537863
}