{
  "aor": 0.007272404371584701,
  "aqi": 0.005318516338797814,
  "bids_meta": {
    "AcquisitionDateTime": "20181211162844.172500",
    "ConversionSoftware": "dicm2nii.m 20180808",
    "DeviceSerialNumber": "167032",
    "EchoTime": 0.03,
    "EchoTime1": 0.03,
    "EchoTime2": 0.03,
    "EffectiveEchoSpacing": 0.00048611111,
    "FlipAngle": 90,
    "ImageType": [
      "ORIGINAL",
      "PRIMARY",
      "M",
      "ND",
      "MOSAIC"
    ],
    "InstitutionAddress": "Queen Square 12,London,Southeast,GB,WC1N 3BG",
    "InstitutionName": "Functional Imaging Laboratory",
    "MRAcquisitionType": "2D",
    "Manufacturer": "SIEMENS",
    "Modality": "MR",
    "PatientName": "MP02500",
    "PatientPosition": "HFS",
    "PhaseEncodingDirection": "j-",
    "RepetitionTime": 3.36,
    "ScanOptions": "FS",
    "ScanningSequence": "RM",
    "SequenceName": "ep2d_2i2d1",
    "SequenceVariant": "SP\\OSP",
    "SeriesDescription": "nc_epi2d_v2i_3mm_OFC_64ch",
    "SeriesNumber": 9,
    "SliceThickness": 2.5,
    "SliceTiming": [
      0,
      0,
      0,
      0,
      0,
      0,
      0,
      0,
      0,
      0,
      0,
      0,
      0,
      0,
      0,
      0,
      0,
      0,
      0,
      0,
      0,
      0,
      0,
      0,
      0,
      0,
      0,
      0,
      0,
      0,
      0,
      0,
      0,
      0,
      0,
      0,
      0,
      0,
      0,
      0,
      0,
      0,
      0,
      0,
      0,
      0,
      0,
      0
    ],
    "SoftwareVersion": "syngo MR E11",
    "TaskName": "visual detection and discrimination",
    "TotalReadoutTime": 0.030625,
    "dataset": "ds003669",
    "deltaTE": 0,
    "modality": "bold",
    "run_id": 4,
    "subject_id": "MP02500",
    "task_id": "detectdiscrim"
  },
  "dummy_trs": 1,
  "dvars_nstd": 33.065485576923066,
  "dvars_std": 1.3611364939010988,
  "dvars_vstd": 1.0591628595054947,
  "efc": 0.6068437190157018,
  "fber": 153.49024963378906,
  "fd_mean": 0.18042470329595547,
  "fd_num": 56,
  "fd_perc": 30.601092896174862,
  "fwhm_avg": 2.607937777777778,
  "fwhm_x": 2.398613333333333,
  "fwhm_y": 2.6283166666666666,
  "fwhm_z": 2.7968833333333336,
  "gcor": 0.0408192,
  "gsr_x": 0.009080834686756134,
  "gsr_y": 0.045726414769887924,
  "provenance": {
    "md5sum": "2134b5f3a86a1896740e557841096e8e",
    "settings": {
      "fd_thres": 0.2,
      "testing": false
    },
    "software": "mriqc",
    "version": "21.0.0rc2",
    "webapi_port": null,
    "webapi_url": "https://mriqc.nimh.nih.gov/api/v1"
  },
  "size_t": 183,
  "size_x": 64,
  "size_y": 64,
  "size_z": 48,
  "snr": 2.3506133766663186,
  "spacing_tr": 0.07000000029802322,
  "spacing_x": 3.0,
  "spacing_y": 3.0,
  "spacing_z": 3.0,
  "summary_bg_k": 28.148219204148642,
  "summary_bg_mad": 13.610775206697806,
  "summary_bg_mean": 101.74251556396484,
  "summary_bg_median": 58.535518646240234,
  "summary_bg_n": 107719.0,
  "summary_bg_p05": 48.65573501586914,
  "summary_bg_p95": 311.4830505371092,
  "summary_bg_stdv": 113.80132293701172,
  "summary_fg_k": 1.2196067522316136,
  "summary_fg_mad": 296.5933793327192,
  "summary_fg_mean": 821.6952514648438,
  "summary_fg_median": 760.34423828125,
  "summary_fg_n": 40739.0,
  "summary_fg_p05": 425.4010803222656,
  "summary_fg_p95": 1464.3486083984374,
  "summary_fg_stdv": 323.46234130859375,
  "tsnr": 56.3241432843497
}