{
  "aor": 0.00300311475409836,
  "aqi": 0.004464865245901639,
  "bids_meta": {
    "AcquisitionDateTime": "20181211155325.337500",
    "ConversionSoftware": "dicm2nii.m 20180808",
    "DeviceSerialNumber": "167032",
    "EchoTime": 0.03,
    "EchoTime1": 0.03,
    "EchoTime2": 0.03,
    "EffectiveEchoSpacing": 0.00048611111,
    "FlipAngle": 90,
    "ImageType": [
      "ORIGINAL",
      "PRIMARY",
      "M",
      "ND",
      "MOSAIC"
    ],
    "InstitutionAddress": "Queen Square 12,London,Southeast,GB,WC1N 3BG",
    "InstitutionName": "Functional Imaging Laboratory",
    "MRAcquisitionType": "2D",
    "Manufacturer": "SIEMENS",
    "Modality": "MR",
    "PatientName": "MP02500",
    "PatientPosition": "HFS",
    "PhaseEncodingDirection": "j-",
    "RepetitionTime": 3.36,
    "ScanOptions": "FS",
    "ScanningSequence": "RM",
    "SequenceName": "ep2d_2i2d1",
    "SequenceVariant": "SP\\OSP",
    "SeriesDescription": "nc_epi2d_v2i_3mm_OFC_64ch",
    "SeriesNumber": 6,
    "SliceThickness": 2.5,
    "SliceTiming": [
      0,
      0,
      0,
      0,
      0,
      0,
      0,
      0,
      0,
      0,
      0,
      0,
      0,
      0,
      0,
      0,
      0,
      0,
      0,
      0,
      0,
      0,
      0,
      0,
      0,
      0,
      0,
      0,
      0,
      0,
      0,
      0,
      0,
      0,
      0,
      0,
      0,
      0,
      0,
      0,
      0,
      0,
      0,
      0,
      0,
      0,
      0,
      0
    ],
    "SoftwareVersion": "syngo MR E11",
    "TaskName": "visual detection and discrimination",
    "TotalReadoutTime": 0.030625,
    "dataset": "ds003669",
    "deltaTE": 0,
    "modality": "bold",
    "run_id": 1,
    "subject_id": "MP02500",
    "task_id": "detectdiscrim"
  },
  "dummy_trs": 1,
  "dvars_nstd": 24.639239893021998,
  "dvars_std": 1.2308759445054938,
  "dvars_vstd": 0.9936081679670329,
  "efc": 0.6041846042728665,
  "fber": 158.18429565429688,
  "fd_mean": 0.08848631951752198,
  "fd_num": 15,
  "fd_perc": 8.19672131147541,
  "fwhm_avg": 2.6295155555555554,
  "fwhm_x": 2.41629,
  "fwhm_y": 2.650986666666667,
  "fwhm_z": 2.82127,
  "gcor": 0.0411447,
  "gsr_x": 0.0074563054367899895,
  "gsr_y": 0.043804313987493515,
  "provenance": {
    "md5sum": "0e0a877e8a5db503438b43017431602f",
    "settings": {
      "fd_thres": 0.2,
      "testing": false
    },
    "software": "mriqc",
    "version": "21.0.0rc2",
    "webapi_port": null,
    "webapi_url": "https://mriqc.nimh.nih.gov/api/v1"
  },
  "size_t": 183,
  "size_x": 64,
  "size_y": 64,
  "size_z": 48,
  "snr": 2.346007211673804,
  "spacing_tr": 0.07000000029802322,
  "spacing_x": 3.0,
  "spacing_y": 3.0,
  "spacing_z": 3.0,
  "summary_bg_k": 31.400322358980937,
  "summary_bg_mad": 13.246198850918889,
  "summary_bg_mean": 100.43637084960938,
  "summary_bg_median": 57.86885070800781,
  "summary_bg_n": 108151.0,
  "summary_bg_p05": 48.16393280029297,
  "summary_bg_p95": 307.83331298828125,
  "summary_bg_stdv": 114.69291687011719,
  "summary_fg_k": 1.2106991928066861,
  "summary_fg_mad": 296.1072624432044,
  "summary_fg_mean": 821.9097900390625,
  "summary_fg_median": 760.6092529296875,
  "summary_fg_n": 40700.0,
  "summary_fg_p05": 425.4997100830078,
  "summary_fg_p95": 1470.8531799316395,
  "summary_fg_stdv": 324.21038818359375,
  "tsnr": 66.66123067773879
}