{
  "aor": 0.0015058241758241758,
  "aqi": 0.0037298334615384616,
  "bids_meta": {
    "AcquisitionDateTime": "20181011111940.085000",
    "ConversionSoftware": "dicm2nii.m 20180808",
    "DeviceSerialNumber": "167032",
    "EchoTime": 0.03,
    "EchoTime1": 0.03,
    "EchoTime2": 0.03,
    "EffectiveEchoSpacing": 0.00048611111,
    "FlipAngle": 90,
    "ImageType": [
      "ORIGINAL",
      "PRIMARY",
      "M",
      "ND",
      "MOSAIC"
    ],
    "InstitutionAddress": "Queen Square 12,London,Southeast,GB,WC1N 3BG",
    "InstitutionName": "Functional Imaging Laboratory",
    "MRAcquisitionType": "2D",
    "Manufacturer": "SIEMENS",
    "Modality": "MR",
    "PatientName": "MP02407",
    "PatientPosition": "HFS",
    "PhaseEncodingDirection": "j-",
    "RepetitionTime": 3.36,
    "ScanOptions": "FS",
    "ScanningSequence": "RM",
    "SequenceName": "ep2d_2i2d1",
    "SequenceVariant": "SP\\OSP",
    "SeriesDescription": "nc_epi2d_v2i_3mm_OFC_64ch",
    "SeriesNumber": 10,
    "SliceThickness": 2.5,
    "SliceTiming": [
      0,
      0,
      0,
      0,
      0,
      0,
      0,
      0,
      0,
      0,
      0,
      0,
      0,
      0,
      0,
      0,
      0,
      0,
      0,
      0,
      0,
      0,
      0,
      0,
      0,
      0,
      0,
      0,
      0,
      0,
      0,
      0,
      0,
      0,
      0,
      0,
      0,
      0,
      0,
      0,
      0,
      0,
      0,
      0,
      0,
      0,
      0,
      0
    ],
    "SoftwareVersion": "syngo MR E11",
    "TaskName": "visual detection and discrimination",
    "TotalReadoutTime": 0.030625,
    "dataset": "ds003669",
    "deltaTE": 0,
    "modality": "bold",
    "run_id": 5,
    "subject_id": "MP02407",
    "task_id": "detectdiscrim"
  },
  "dummy_trs": 2,
  "dvars_nstd": 29.1616762385083,
  "dvars_std": 1.261723873314917,
  "dvars_vstd": 0.9845963052486184,
  "efc": 0.566314692424723,
  "fber": 197.884521484375,
  "fd_mean": 0.11553071217169054,
  "fd_num": 15,
  "fd_perc": 8.241758241758241,
  "fwhm_avg": 2.603286666666667,
  "fwhm_x": 2.47861,
  "fwhm_y": 2.6386533333333335,
  "fwhm_z": 2.6925966666666667,
  "gcor": 0.0176392,
  "gsr_x": -0.007167992182075977,
  "gsr_y": 0.03866400569677353,
  "provenance": {
    "md5sum": "bfc6141fe99e25204dd85fc3ae92ac5e",
    "settings": {
      "fd_thres": 0.2,
      "testing": false
    },
    "software": "mriqc",
    "version": "21.0.0rc2",
    "webapi_port": null,
    "webapi_url": "https://mriqc.nimh.nih.gov/api/v1"
  },
  "size_t": 182,
  "size_x": 64,
  "size_y": 64,
  "size_z": 48,
  "snr": 2.2441657905586583,
  "spacing_tr": 0.07000000029802322,
  "spacing_x": 3.0,
  "spacing_y": 3.0,
  "spacing_z": 3.0,
  "summary_bg_k": 46.72093479473388,
  "summary_bg_mad": 7.885492140868527,
  "summary_bg_mean": 78.7753677368164,
  "summary_bg_median": 52.972530364990234,
  "summary_bg_n": 113046.0,
  "summary_bg_p05": 45.93406677246094,
  "summary_bg_p95": 212.02061462402344,
  "summary_bg_stdv": 77.65448760986328,
  "summary_fg_k": 1.7854343877334689,
  "summary_fg_mad": 306.48321570129195,
  "summary_fg_mean": 840.0661010742188,
  "summary_fg_median": 768.6044311523438,
  "summary_fg_n": 39343.0,
  "summary_fg_p05": 430.3642883300781,
  "summary_fg_p95": 1515.8280639648442,
  "summary_fg_stdv": 342.4856872558594,
  "tsnr": 62.69917050586082
}