{
  "aor": 0.002238351648351648,
  "aqi": 0.0030944145054945054,
  "bids_meta": {
    "AcquisitionDateTime": "20181011110758.217500",
    "ConversionSoftware": "dicm2nii.m 20180808",
    "DeviceSerialNumber": "167032",
    "EchoTime": 0.03,
    "EchoTime1": 0.03,
    "EchoTime2": 0.03,
    "EffectiveEchoSpacing": 0.00052083333,
    "FlipAngle": 90,
    "ImageType": [
      "ORIGINAL",
      "PRIMARY",
      "M",
      "ND",
      "MOSAIC"
    ],
    "InstitutionAddress": "Queen Square 12,London,Southeast,GB,WC1N 3BG",
    "InstitutionName": "Functional Imaging Laboratory",
    "MRAcquisitionType": "2D",
    "Manufacturer": "SIEMENS",
    "Modality": "MR",
    "PatientName": "MP02407",
    "PatientPosition": "HFS",
    "PhaseEncodingDirection": "j-",
    "RepetitionTime": 3.36,
    "ScanOptions": "FS",
    "ScanningSequence": "RM",
    "SequenceName": "ep2d_2i2d1",
    "SequenceVariant": "SP\\OSP",
    "SeriesDescription": "nc_epi2d_v2i_3mm_OFC_64ch",
    "SeriesNumber": 9,
    "SliceThickness": 2.5,
    "SliceTiming": [
      0,
      0.07,
      0.14,
      0.21,
      0.28,
      0.35,
      0.42,
      0.49,
      0.56,
      0.63,
      0.7,
      0.77,
      0.84,
      0.91,
      0.98,
      1.05,
      1.12,
      1.19,
      1.26,
      1.33,
      1.4,
      1.47,
      1.54,
      1.61,
      1.68,
      1.75,
      1.82,
      1.89,
      1.96,
      2.03,
      2.1,
      2.17,
      2.24,
      2.31,
      2.38,
      2.45,
      2.52,
      2.59,
      2.66,
      2.73,
      2.8,
      2.87,
      2.94,
      3.01,
      3.08,
      3.15,
      3.22,
      3.29
    ],
    "SoftwareVersion": "syngo MR E11",
    "TaskName": "visual detection and discrimination",
    "TotalReadoutTime": 0.0328125,
    "dataset": "ds003669",
    "deltaTE": 0,
    "modality": "bold",
    "run_id": 4,
    "subject_id": "MP02407",
    "task_id": "detectdiscrim"
  },
  "dummy_trs": 2,
  "dvars_nstd": 27.357899491878456,
  "dvars_std": 1.2682664111602209,
  "dvars_vstd": 1.0027245503867404,
  "efc": 0.5669500865057328,
  "fber": 201.97634887695312,
  "fd_mean": 0.09170429459712442,
  "fd_num": 10,
  "fd_perc": 5.4945054945054945,
  "fwhm_avg": 2.6234122222222225,
  "fwhm_x": 2.4883533333333334,
  "fwhm_y": 2.644626666666667,
  "fwhm_z": 2.7372566666666667,
  "gcor": 0.0160785,
  "gsr_x": -0.006791864521801472,
  "gsr_y": 0.04000420868396759,
  "provenance": {
    "md5sum": "796dea712395187d88cbff56b51085f7",
    "settings": {
      "fd_thres": 0.2,
      "testing": false
    },
    "software": "mriqc",
    "version": "21.0.0rc2",
    "webapi_port": null,
    "webapi_url": "https://mriqc.nimh.nih.gov/api/v1"
  },
  "size_t": 182,
  "size_x": 64,
  "size_y": 64,
  "size_z": 48,
  "snr": 2.2503946460861335,
  "spacing_tr": 0.07000000029802322,
  "spacing_x": 3.0,
  "spacing_y": 3.0,
  "spacing_z": 3.0,
  "summary_bg_k": 48.252720735902685,
  "summary_bg_mad": 6.32956970461731,
  "summary_bg_mean": 78.4894790649414,
  "summary_bg_median": 52.335166931152344,
  "summary_bg_n": 113141.0,
  "summary_bg_p05": 47.395606994628906,
  "summary_bg_p95": 210.4835205078125,
  "summary_bg_stdv": 77.80387878417969,
  "summary_fg_k": 1.7266941052730829,
  "summary_fg_mad": 304.324465791339,
  "summary_fg_mean": 835.3368530273438,
  "summary_fg_median": 764.9945068359375,
  "summary_fg_n": 39438.0,
  "summary_fg_p05": 427.6371063232422,
  "summary_fg_p95": 1507.0098876953125,
  "summary_fg_stdv": 339.9336242675781,
  "tsnr": 68.52614743355662
}