{
  "aor": 0.004705,
  "aqi": 0.0048679210989011,
  "bids_meta": {
    "AcquisitionDateTime": "20190102142248.845000",
    "ConversionSoftware": "dicm2nii.m 20180808",
    "DeviceSerialNumber": "167032",
    "EchoTime": 0.03,
    "EchoTime1": 0.03,
    "EchoTime2": 0.03,
    "EffectiveEchoSpacing": 0.00052083333,
    "FlipAngle": 90,
    "ImageType": [
      "ORIGINAL",
      "PRIMARY",
      "M",
      "ND",
      "MOSAIC"
    ],
    "InstitutionAddress": "Queen Square 12,London,Southeast,GB,WC1N 3BG",
    "InstitutionName": "Functional Imaging Laboratory",
    "MRAcquisitionType": "2D",
    "Manufacturer": "SIEMENS",
    "Modality": "MR",
    "PatientName": "MP02523",
    "PatientPosition": "HFS",
    "PhaseEncodingDirection": "j-",
    "RepetitionTime": 3.36,
    "ScanOptions": "FS",
    "ScanningSequence": "RM",
    "SequenceName": "ep2d_2i2d1",
    "SequenceVariant": "SP\\OSP",
    "SeriesDescription": "nc_epi2d_v2i_3mm_OFC_64ch",
    "SeriesNumber": 7,
    "SliceThickness": 2.5,
    "SliceTiming": [
      0,
      0.07,
      0.14,
      0.21,
      0.28,
      0.35,
      0.42,
      0.49,
      0.56,
      0.63,
      0.7,
      0.77,
      0.84,
      0.91,
      0.98,
      1.05,
      1.12,
      1.19,
      1.26,
      1.33,
      1.4,
      1.47,
      1.54,
      1.61,
      1.68,
      1.75,
      1.82,
      1.89,
      1.96,
      2.03,
      2.1,
      2.17,
      2.24,
      2.31,
      2.38,
      2.45,
      2.52,
      2.59,
      2.66,
      2.73,
      2.8,
      2.87,
      2.94,
      3.01,
      3.08,
      3.15,
      3.22,
      3.29
    ],
    "SoftwareVersion": "syngo MR E11",
    "TaskName": "visual detection and discrimination",
    "TotalReadoutTime": 0.0328125,
    "dataset": "ds003669",
    "deltaTE": 0,
    "modality": "bold",
    "run_id": 1,
    "subject_id": "MP02523",
    "task_id": "detectdiscrim"
  },
  "dummy_trs": 2,
  "dvars_nstd": 25.41221742972376,
  "dvars_std": 1.2187032228729282,
  "dvars_vstd": 0.9491768319889502,
  "efc": 0.5920844260915891,
  "fber": 167.91993713378906,
  "fd_mean": 0.05999775125893364,
  "fd_num": 0,
  "fd_perc": 0.0,
  "fwhm_avg": 2.625132222222222,
  "fwhm_x": 2.3681366666666666,
  "fwhm_y": 2.68955,
  "fwhm_z": 2.81771,
  "gcor": 0.013008,
  "gsr_x": 0.031280118972063065,
  "gsr_y": 0.02206370048224926,
  "provenance": {
    "md5sum": "4f3c6ba3bed054ba3f89f98367a4418d",
    "settings": {
      "fd_thres": 0.2,
      "testing": false
    },
    "software": "mriqc",
    "version": "21.0.0rc2",
    "webapi_port": null,
    "webapi_url": "https://mriqc.nimh.nih.gov/api/v1"
  },
  "size_t": 182,
  "size_x": 64,
  "size_y": 64,
  "size_z": 48,
  "snr": 2.1338360697041376,
  "spacing_tr": 0.07000000029802322,
  "spacing_x": 3.0,
  "spacing_y": 3.0,
  "spacing_z": 3.0,
  "summary_bg_k": 26.21548569079726,
  "summary_bg_mad": 14.117303440384559,
  "summary_bg_mean": 97.77700805664062,
  "summary_bg_median": 57.406593322753906,
  "summary_bg_n": 108315.0,
  "summary_bg_p05": 45.30769348144531,
  "summary_bg_p95": 299.9335327148436,
  "summary_bg_stdv": 110.68160247802734,
  "summary_fg_k": 2.3459936796221577,
  "summary_fg_mad": 307.3304816053367,
  "summary_fg_mean": 848.6610717773438,
  "summary_fg_median": 767.2747192382812,
  "summary_fg_n": 43307.0,
  "summary_fg_p05": 429.1588134765625,
  "summary_fg_p95": 1554.735229492187,
  "summary_fg_stdv": 359.5711364746094,
  "tsnr": 57.751212504692376
}