{
  "aor": 0.003703681318681319,
  "aqi": 0.003792691098901099,
  "bids_meta": {
    "AcquisitionDateTime": "20181022115403.817500",
    "ConversionSoftware": "dicm2nii.m 20180808",
    "DeviceSerialNumber": "167032",
    "EchoTime": 0.03,
    "EchoTime1": 0.03,
    "EchoTime2": 0.03,
    "EffectiveEchoSpacing": 0.00052083333,
    "FlipAngle": 90,
    "ImageType": [
      "ORIGINAL",
      "PRIMARY",
      "M",
      "ND",
      "MOSAIC"
    ],
    "InstitutionAddress": "Queen Square 12,London,Southeast,GB,WC1N 3BG",
    "InstitutionName": "Functional Imaging Laboratory",
    "MRAcquisitionType": "2D",
    "Manufacturer": "SIEMENS",
    "Modality": "MR",
    "PatientName": "MP02425",
    "PatientPosition": "HFS",
    "PhaseEncodingDirection": "j-",
    "RepetitionTime": 3.36,
    "ScanOptions": "FS",
    "ScanningSequence": "RM",
    "SequenceName": "ep2d_2i2d1",
    "SequenceVariant": "SP\\OSP",
    "SeriesDescription": "nc_epi2d_v2i_3mm_OFC_64ch",
    "SeriesNumber": 10,
    "SliceThickness": 2.5,
    "SliceTiming": [
      0,
      0,
      0,
      0,
      0,
      0,
      0,
      0,
      0,
      0,
      0,
      0,
      0,
      0,
      0,
      0,
      0,
      0,
      0,
      0,
      0,
      0,
      0,
      0,
      0,
      0,
      0,
      0,
      0,
      0,
      0,
      0,
      0,
      0,
      0,
      0,
      0,
      0,
      0,
      0,
      0,
      0,
      0,
      0,
      0,
      0,
      0,
      0
    ],
    "SoftwareVersion": "syngo MR E11",
    "TaskName": "visual detection and discrimination",
    "TotalReadoutTime": 0.0328125,
    "dataset": "ds003669",
    "deltaTE": 0,
    "modality": "bold",
    "run_id": 5,
    "subject_id": "MP02425",
    "task_id": "detectdiscrim"
  },
  "dummy_trs": 2,
  "dvars_nstd": 25.68938142580111,
  "dvars_std": 1.3678721794475137,
  "dvars_vstd": 1.022410422209945,
  "efc": 0.5684625466664301,
  "fber": 198.99908447265625,
  "fd_mean": 0.06352163639154167,
  "fd_num": 4,
  "fd_perc": 2.197802197802198,
  "fwhm_avg": 2.615431111111111,
  "fwhm_x": 2.49571,
  "fwhm_y": 2.662386666666667,
  "fwhm_z": 2.688196666666667,
  "gcor": 0.0104912,
  "gsr_x": -0.00793282501399517,
  "gsr_y": 0.034644633531570435,
  "provenance": {
    "md5sum": "cc701290f0bc4a6485802169fdd94f50",
    "settings": {
      "fd_thres": 0.2,
      "testing": false
    },
    "software": "mriqc",
    "version": "21.0.0rc2",
    "webapi_port": null,
    "webapi_url": "https://mriqc.nimh.nih.gov/api/v1"
  },
  "size_t": 182,
  "size_x": 64,
  "size_y": 64,
  "size_z": 48,
  "snr": 2.6360847990560208,
  "spacing_tr": 0.07000000029802322,
  "spacing_x": 3.0,
  "spacing_y": 3.0,
  "spacing_z": 3.0,
  "summary_bg_k": 30.387401707896665,
  "summary_bg_mad": 8.952633862970615,
  "summary_bg_mean": 90.8714599609375,
  "summary_bg_median": 54.35714340209961,
  "summary_bg_n": 122327.0,
  "summary_bg_p05": 47.74176025390625,
  "summary_bg_p95": 271.52803649902324,
  "summary_bg_stdv": 97.66734313964844,
  "summary_fg_k": 0.9084708852737604,
  "summary_fg_mad": 292.9035241043389,
  "summary_fg_mean": 834.623046875,
  "summary_fg_median": 785.6895751953125,
  "summary_fg_n": 32918.0,
  "summary_fg_p05": 445.14288330078125,
  "summary_fg_p95": 1391.3368530273438,
  "summary_fg_stdv": 298.04718017578125,
  "tsnr": 74.48884110362269
}