{
  "aor": 0.005576978021978022,
  "aqi": 0.006444668021978022,
  "bids_meta": {
    "AcquisitionDateTime": "20181022110804.807500",
    "ConversionSoftware": "dicm2nii.m 20180808",
    "DeviceSerialNumber": "167032",
    "EchoTime": 0.03,
    "EchoTime1": 0.03,
    "EchoTime2": 0.03,
    "EffectiveEchoSpacing": 0.00052083333,
    "FlipAngle": 90,
    "ImageType": [
      "ORIGINAL",
      "PRIMARY",
      "M",
      "ND",
      "MOSAIC"
    ],
    "InstitutionAddress": "Queen Square 12,London,Southeast,GB,WC1N 3BG",
    "InstitutionName": "Functional Imaging Laboratory",
    "MRAcquisitionType": "2D",
    "Manufacturer": "SIEMENS",
    "Modality": "MR",
    "PatientName": "MP02425",
    "PatientPosition": "HFS",
    "PhaseEncodingDirection": "j-",
    "RepetitionTime": 3.36,
    "ScanOptions": "FS",
    "ScanningSequence": "RM",
    "SequenceName": "ep2d_2i2d1",
    "SequenceVariant": "SP\\OSP",
    "SeriesDescription": "nc_epi2d_v2i_3mm_OFC_64ch",
    "SeriesNumber": 6,
    "SliceThickness": 2.5,
    "SliceTiming": [
      0,
      0.07,
      0.14,
      0.21,
      0.28,
      0.35,
      0.42,
      0.49,
      0.56,
      0.63,
      0.7,
      0.77,
      0.84,
      0.91,
      0.98,
      1.05,
      1.12,
      1.19,
      1.26,
      1.33,
      1.4,
      1.47,
      1.54,
      1.61,
      1.68,
      1.75,
      1.82,
      1.89,
      1.96,
      2.03,
      2.1,
      2.17,
      2.24,
      2.31,
      2.38,
      2.45,
      2.52,
      2.59,
      2.66,
      2.73,
      2.8,
      2.87,
      2.94,
      3.01,
      3.08,
      3.15,
      3.22,
      3.29
    ],
    "SoftwareVersion": "syngo MR E11",
    "TaskName": "visual detection and discrimination",
    "TotalReadoutTime": 0.0328125,
    "dataset": "ds003669",
    "deltaTE": 0,
    "modality": "bold",
    "run_id": 1,
    "subject_id": "MP02425",
    "task_id": "detectdiscrim"
  },
  "dummy_trs": 2,
  "dvars_nstd": 26.7854936816022,
  "dvars_std": 1.3074482073480664,
  "dvars_vstd": 0.9678081386740333,
  "efc": 0.5665558675277026,
  "fber": 197.86293029785156,
  "fd_mean": 0.06443958132070937,
  "fd_num": 0,
  "fd_perc": 0.0,
  "fwhm_avg": 2.63593,
  "fwhm_x": 2.514256666666667,
  "fwhm_y": 2.7022033333333333,
  "fwhm_z": 2.6913300000000002,
  "gcor": 0.020014,
  "gsr_x": -0.007855601608753204,
  "gsr_y": 0.03305786848068237,
  "provenance": {
    "md5sum": "56f4c5392b9f6af943afba9cc9b6dedf",
    "settings": {
      "fd_thres": 0.2,
      "testing": false
    },
    "software": "mriqc",
    "version": "21.0.0rc2",
    "webapi_port": null,
    "webapi_url": "https://mriqc.nimh.nih.gov/api/v1"
  },
  "size_t": 182,
  "size_x": 64,
  "size_y": 64,
  "size_z": 48,
  "snr": 2.6232277487695943,
  "spacing_tr": 0.07000000029802322,
  "spacing_x": 3.0,
  "spacing_y": 3.0,
  "spacing_z": 3.0,
  "summary_bg_k": 34.877576184016185,
  "summary_bg_mad": 9.245897766917189,
  "summary_bg_mean": 88.57490539550781,
  "summary_bg_median": 53.9450569152832,
  "summary_bg_n": 122335.0,
  "summary_bg_p05": 46.32417678833008,
  "summary_bg_p95": 259.70660400390614,
  "summary_bg_stdv": 94.57471466064453,
  "summary_fg_k": 0.8517751278876564,
  "summary_fg_mad": 291.5920400984305,
  "summary_fg_mean": 827.5765991210938,
  "summary_fg_median": 778.4835205078125,
  "summary_fg_n": 33025.0,
  "summary_fg_p05": 440.409912109375,
  "summary_fg_p95": 1383.8736572265625,
  "summary_fg_stdv": 296.7610168457031,
  "tsnr": 58.96445011137985
}