{
  "bids_meta": {
    "AcquisitionDateTime": "20180911101843.052500",
    "ConversionSoftware": "dicm2nii.m 20180808",
    "DeviceSerialNumber": "167032",
    "EchoTime": 0.00334,
    "FlipAngle": 7,
    "ImageType": [
      "ORIGINAL",
      "PRIMARY",
      "M",
      "ND"
    ],
    "InstitutionAddress": "Queen Square 12,London,Southeast,GB,WC1N 3BG",
    "InstitutionName": "Functional Imaging Laboratory",
    "InversionTime": 1.1,
    "MRAcquisitionType": "3D",
    "Manufacturer": "SIEMENS",
    "Modality": "MR",
    "PatientName": "MP02348",
    "PatientPosition": "HFS",
    "PhaseEncodingDirection": "j-",
    "RepetitionTime": 2.53,
    "ScanOptions": "IR",
    "ScanningSequence": "GR\\IR",
    "SequenceName": "*tfl3d1_16ns",
    "SequenceVariant": "SK\\SP\\MP",
    "SeriesDescription": "MPRAGE_64ch_Head",
    "SeriesNumber": 2,
    "SliceThickness": 1,
    "SoftwareVersion": "syngo MR E11",
    "dataset": "ds003669",
    "modality": "T1w",
    "subject_id": "MP02348"
  },
  "cjv": 0.551132152687949,
  "cnr": 1.7028504254344308,
  "efc": 0.6905376361977336,
  "fber": 17.98753022868266,
  "fwhm_avg": 3.7230133333333337,
  "fwhm_x": 3.79725,
  "fwhm_y": 3.84716,
  "fwhm_z": 3.52463,
  "icvs_csf": 0.1947746662068222,
  "icvs_gm": 0.43293835517733115,
  "icvs_wm": 0.37228697861584664,
  "inu_med": 1.1191095113754272,
  "inu_range": 0.30786991119384743,
  "provenance": {
    "md5sum": "f53947e241ee3ba237af4edfdb77b54b",
    "settings": {
      "testing": false
    },
    "software": "mriqc",
    "version": "21.0.0rc2",
    "warnings": {
      "large_rot_frame": true,
      "small_air_mask": false
    },
    "webapi_port": null,
    "webapi_url": "https://mriqc.nimh.nih.gov/api/v1"
  },
  "qi_1": 0.0,
  "qi_2": 0.0025137508893283292,
  "rpve_csf": 28.645817232297613,
  "rpve_gm": 12.736055365032565,
  "rpve_wm": 16.59175938485426,
  "size_x": 176,
  "size_y": 256,
  "size_z": 256,
  "snr_csf": 3.544942365007555,
  "snr_gm": 5.99261896726803,
  "snr_total": 4.624409172297952,
  "snr_wm": 4.335666184618269,
  "snrd_csf": 20.517831619126806,
  "snrd_gm": 29.59322515141564,
  "snrd_total": 33.8845701189425,
  "snrd_wm": 51.542653586285056,
  "spacing_x": 1.0,
  "spacing_y": 1.0,
  "spacing_z": 1.0,
  "summary_bg_k": 0.20896587002772948,
  "summary_bg_mad": 12.711841856061547,
  "summary_bg_mean": 157.24224360674964,
  "summary_bg_median": 156.8892866782844,
  "summary_bg_n": 2517910.0,
  "summary_bg_p05": 136.7829894721508,
  "summary_bg_p95": 178.8507783897221,
  "summary_bg_stdv": 12.829405177370322,
  "summary_csf_k": 1.7140655822109983,
  "summary_csf_mad": 104.07355905547465,
  "summary_csf_mean": 395.69074747783486,
  "summary_csf_median": 398.1147127598524,
  "summary_csf_n": 3877.0,
  "summary_csf_p05": 211.3317243501544,
  "summary_csf_p95": 564.9618812963366,
  "summary_csf_stdv": 112.29050442041658,
  "summary_gm_k": 2.7142585991313055,
  "summary_gm_mad": 84.78278150197774,
  "summary_gm_mean": 586.1054287164828,
  "summary_gm_median": 574.207769587636,
  "summary_gm_n": 22536.0,
  "summary_gm_p05": 460.2887988835573,
  "summary_gm_p95": 774.1300477301702,
  "summary_gm_stdv": 95.81704306474201,
  "summary_wm_k": 2.6929795189553083,
  "summary_wm_mad": 149.9402632963517,
  "summary_wm_mean": 1069.565104475265,
  "summary_wm_median": 1000.1002595350146,
  "summary_wm_n": 110281.0,
  "summary_wm_p05": 825.8623972125351,
  "summary_wm_p95": 1576.6646275483072,
  "summary_wm_stdv": 230.66714147543684,
  "tpm_overlap_csf": 0.1288715898990631,
  "tpm_overlap_gm": 0.3842872083187103,
  "tpm_overlap_wm": 0.40179717540740967,
  "wm2max": 0.3452726866169489
}