{
  "aor": 0.006160601092896176,
  "aqi": 0.01955615398907104,
  "bids_meta": {
    "AcquisitionDateTime": "20180919120509.030000",
    "ConversionSoftware": "dicm2nii.m 20180808",
    "DeviceSerialNumber": "167032",
    "EchoTime": 0.03,
    "EchoTime1": 0.03,
    "EchoTime2": 0.03,
    "EffectiveEchoSpacing": 0.00052083333,
    "FlipAngle": 90,
    "ImageType": [
      "ORIGINAL",
      "PRIMARY",
      "M",
      "ND",
      "MOSAIC"
    ],
    "InstitutionAddress": "Queen Square 12,London,Southeast,GB,WC1N 3BG",
    "InstitutionName": "FIL",
    "MRAcquisitionType": "2D",
    "Manufacturer": "SIEMENS",
    "Modality": "MR",
    "PatientName": "MP02364",
    "PatientPosition": "HFS",
    "PhaseEncodingDirection": "j-",
    "RepetitionTime": 3.36,
    "ScanOptions": "FS",
    "ScanningSequence": "RM",
    "SequenceName": "ep2d_2i2d1",
    "SequenceVariant": "SP\\OSP",
    "SeriesDescription": "nc_epi2d_v2i_3mm_OFC_64ch",
    "SeriesNumber": 6,
    "SliceThickness": 2.5,
    "SliceTiming": [
      0,
      0.07,
      0.14,
      0.21,
      0.28,
      0.35,
      0.42,
      0.49,
      0.56,
      0.63,
      0.7,
      0.77,
      0.84,
      0.91,
      0.98,
      1.05,
      1.12,
      1.19,
      1.26,
      1.33,
      1.4,
      1.47,
      1.54,
      1.61,
      1.68,
      1.75,
      1.82,
      1.89,
      1.96,
      2.03,
      2.1,
      2.17,
      2.24,
      2.31,
      2.38,
      2.45,
      2.52,
      2.59,
      2.66,
      2.73,
      2.8,
      2.87,
      2.94,
      3.01,
      3.08,
      3.15,
      3.22,
      3.29
    ],
    "SoftwareVersion": "syngo MR E11",
    "TaskName": "visual detection and discrimination",
    "TotalReadoutTime": 0.0328125,
    "dataset": "ds003669",
    "deltaTE": 0,
    "modality": "bold",
    "run_id": 1,
    "subject_id": "MP02364",
    "task_id": "detectdiscrim"
  },
  "dummy_trs": 1,
  "dvars_nstd": 44.99186496939559,
  "dvars_std": 1.081232949120879,
  "dvars_vstd": 0.9322716406593402,
  "efc": 0.6599167419911374,
  "fber": 88.11434173583984,
  "fd_mean": 0.32724542841852367,
  "fd_num": 114,
  "fd_perc": 62.295081967213115,
  "fwhm_avg": 2.4905399999999998,
  "fwhm_x": 2.2747800000000002,
  "fwhm_y": 2.472233333333333,
  "fwhm_z": 2.7246066666666664,
  "gcor": 0.011715,
  "gsr_x": 0.0019763302989304066,
  "gsr_y": 0.050473492592573166,
  "provenance": {
    "md5sum": "5afb14c6b5b83521eba633081e684eb4",
    "settings": {
      "fd_thres": 0.2,
      "testing": false
    },
    "software": "mriqc",
    "version": "21.0.0rc2",
    "webapi_port": null,
    "webapi_url": "https://mriqc.nimh.nih.gov/api/v1"
  },
  "size_t": 183,
  "size_x": 64,
  "size_y": 64,
  "size_z": 48,
  "snr": 2.4226294051502735,
  "spacing_tr": 0.07000000029802322,
  "spacing_x": 3.0,
  "spacing_y": 3.0,
  "spacing_z": 3.0,
  "summary_bg_k": 26.63124902363675,
  "summary_bg_mad": 19.476364347953897,
  "summary_bg_mean": 103.12932586669922,
  "summary_bg_median": 62.74863052368164,
  "summary_bg_n": 97539.0,
  "summary_bg_p05": 46.69398880004883,
  "summary_bg_p95": 293.288519287109,
  "summary_bg_stdv": 101.67350006103516,
  "summary_fg_k": 0.915534523952819,
  "summary_fg_mad": 245.7554795365904,
  "summary_fg_mean": 671.23828125,
  "summary_fg_median": 624.4207763671875,
  "summary_fg_n": 49490.0,
  "summary_fg_p05": 337.43550872802734,
  "summary_fg_p95": 1152.7303100585937,
  "summary_fg_stdv": 257.7424621582031,
  "tsnr": 24.525631349766627
}