{
  "aor": 0.0073710989010989025,
  "aqi": 0.01744700686813187,
  "bids_meta": {
    "AcquisitionDateTime": "20180919121645.322500",
    "ConversionSoftware": "dicm2nii.m 20180808",
    "DeviceSerialNumber": "167032",
    "EchoTime": 0.03,
    "EchoTime1": 0.03,
    "EchoTime2": 0.03,
    "EffectiveEchoSpacing": 0.00048611111,
    "FlipAngle": 90,
    "ImageType": [
      "ORIGINAL",
      "PRIMARY",
      "M",
      "ND",
      "MOSAIC"
    ],
    "InstitutionAddress": "Queen Square 12,London,Southeast,GB,WC1N 3BG",
    "InstitutionName": "FIL",
    "MRAcquisitionType": "2D",
    "Manufacturer": "SIEMENS",
    "Modality": "MR",
    "PatientName": "MP02364",
    "PatientPosition": "HFS",
    "PhaseEncodingDirection": "j-",
    "RepetitionTime": 3.36,
    "ScanOptions": "FS",
    "ScanningSequence": "RM",
    "SequenceName": "ep2d_2i2d1",
    "SequenceVariant": "SP\\OSP",
    "SeriesDescription": "nc_epi2d_v2i_3mm_OFC_64ch",
    "SeriesNumber": 7,
    "SliceThickness": 2.5,
    "SliceTiming": [
      0,
      0.07,
      0.14,
      0.21,
      0.28,
      0.35,
      0.42,
      0.49,
      0.56,
      0.63,
      0.7,
      0.77,
      0.84,
      0.91,
      0.98,
      1.05,
      1.12,
      1.19,
      1.26,
      1.33,
      1.4,
      1.47,
      1.54,
      1.61,
      1.68,
      1.75,
      1.82,
      1.89,
      1.96,
      2.03,
      2.1,
      2.17,
      2.24,
      2.31,
      2.38,
      2.45,
      2.52,
      2.59,
      2.66,
      2.73,
      2.8,
      2.87,
      2.94,
      3.01,
      3.08,
      3.15,
      3.22,
      3.29
    ],
    "SoftwareVersion": "syngo MR E11",
    "TaskName": "visual detection and discrimination",
    "TotalReadoutTime": 0.030625,
    "dataset": "ds003669",
    "deltaTE": 0,
    "modality": "bold",
    "run_id": 2,
    "subject_id": "MP02364",
    "task_id": "detectdiscrim"
  },
  "dummy_trs": 2,
  "dvars_nstd": 60.46720544834257,
  "dvars_std": 1.2802743497237563,
  "dvars_vstd": 0.99488482281768,
  "efc": 0.6620675324346977,
  "fber": 85.560546875,
  "fd_mean": 0.42475870295654033,
  "fd_num": 140,
  "fd_perc": 76.92307692307692,
  "fwhm_avg": 2.477227777777778,
  "fwhm_x": 2.27747,
  "fwhm_y": 2.500426666666667,
  "fwhm_z": 2.6537866666666665,
  "gcor": 0.00730889,
  "gsr_x": -0.0033522259909659624,
  "gsr_y": 0.05040618032217026,
  "provenance": {
    "md5sum": "77748a069cca776862f30fb0264e30af",
    "settings": {
      "fd_thres": 0.2,
      "testing": false
    },
    "software": "mriqc",
    "version": "21.0.0rc2",
    "webapi_port": null,
    "webapi_url": "https://mriqc.nimh.nih.gov/api/v1"
  },
  "size_t": 182,
  "size_x": 64,
  "size_y": 64,
  "size_z": 48,
  "snr": 2.4155717939959374,
  "spacing_tr": 0.07000000029802322,
  "spacing_x": 3.0,
  "spacing_y": 3.0,
  "spacing_z": 3.0,
  "summary_bg_k": 34.71990448503288,
  "summary_bg_mad": 20.137320886603938,
  "summary_bg_mean": 106.08045959472656,
  "summary_bg_median": 63.29121017456055,
  "summary_bg_n": 97829.0,
  "summary_bg_p05": 47.31318664550781,
  "summary_bg_p95": 305.4120971679685,
  "summary_bg_stdv": 110.73580169677734,
  "summary_fg_k": 0.827556916589387,
  "summary_fg_mad": 244.25464341018508,
  "summary_fg_mean": 664.6754760742188,
  "summary_fg_median": 617.6978149414062,
  "summary_fg_n": 49637.0,
  "summary_fg_p05": 332.1373596191406,
  "summary_fg_p95": 1141.8055419921873,
  "summary_fg_stdv": 255.71237182617188,
  "tsnr": 28.706162004498765
}