{
  "aor": 0.009108852459016393,
  "aqi": 0.014487123442622951,
  "bids_meta": {
    "AcquisitionDateTime": "20180919125141.062500",
    "ConversionSoftware": "dicm2nii.m 20180808",
    "DeviceSerialNumber": "167032",
    "EchoTime": 0.03,
    "EchoTime1": 0.03,
    "EchoTime2": 0.03,
    "EffectiveEchoSpacing": 0.00048611111,
    "FlipAngle": 90,
    "ImageType": [
      "ORIGINAL",
      "PRIMARY",
      "M",
      "ND",
      "MOSAIC"
    ],
    "InstitutionAddress": "Queen Square 12,London,Southeast,GB,WC1N 3BG",
    "InstitutionName": "FIL",
    "MRAcquisitionType": "2D",
    "Manufacturer": "SIEMENS",
    "Modality": "MR",
    "PatientName": "MP02364",
    "PatientPosition": "HFS",
    "PhaseEncodingDirection": "j-",
    "RepetitionTime": 3.36,
    "ScanOptions": "FS",
    "ScanningSequence": "RM",
    "SequenceName": "ep2d_2i2d1",
    "SequenceVariant": "SP\\OSP",
    "SeriesDescription": "nc_epi2d_v2i_3mm_OFC_64ch",
    "SeriesNumber": 10,
    "SliceThickness": 2.5,
    "SliceTiming": [
      0,
      0.07,
      0.14,
      0.21,
      0.28,
      0.35,
      0.42,
      0.49,
      0.56,
      0.63,
      0.7,
      0.77,
      0.84,
      0.91,
      0.98,
      1.05,
      1.12,
      1.19,
      1.26,
      1.33,
      1.4,
      1.47,
      1.54,
      1.61,
      1.68,
      1.75,
      1.82,
      1.89,
      1.96,
      2.03,
      2.1,
      2.17,
      2.24,
      2.31,
      2.38,
      2.45,
      2.52,
      2.59,
      2.66,
      2.73,
      2.8,
      2.87,
      2.94,
      3.01,
      3.08,
      3.15,
      3.22,
      3.29
    ],
    "SoftwareVersion": "syngo MR E11",
    "TaskName": "visual detection and discrimination",
    "TotalReadoutTime": 0.030625,
    "dataset": "ds003669",
    "deltaTE": 0,
    "modality": "bold",
    "run_id": 5,
    "subject_id": "MP02364",
    "task_id": "detectdiscrim"
  },
  "dummy_trs": 1,
  "dvars_nstd": 48.37265183384618,
  "dvars_std": 1.148535931208792,
  "dvars_vstd": 0.9930757279670324,
  "efc": 0.6645906332732304,
  "fber": 85.66802215576172,
  "fd_mean": 0.3707068117685739,
  "fd_num": 103,
  "fd_perc": 56.28415300546448,
  "fwhm_avg": 2.4812966666666667,
  "fwhm_x": 2.25771,
  "fwhm_y": 2.4952133333333335,
  "fwhm_z": 2.6909666666666667,
  "gcor": 0.017769,
  "gsr_x": 0.00026823641383089125,
  "gsr_y": 0.051162704825401306,
  "provenance": {
    "md5sum": "5134cd5cbc6014b80e1b44da6561c6f5",
    "settings": {
      "fd_thres": 0.2,
      "testing": false
    },
    "software": "mriqc",
    "version": "21.0.0rc2",
    "webapi_port": null,
    "webapi_url": "https://mriqc.nimh.nih.gov/api/v1"
  },
  "size_t": 183,
  "size_x": 64,
  "size_y": 64,
  "size_z": 48,
  "snr": 2.468904150424585,
  "spacing_tr": 0.07000000029802322,
  "spacing_x": 3.0,
  "spacing_y": 3.0,
  "spacing_z": 3.0,
  "summary_bg_k": 36.686727947755855,
  "summary_bg_mad": 19.614097089604545,
  "summary_bg_mean": 107.2801513671875,
  "summary_bg_median": 63.41529846191406,
  "summary_bg_n": 97676.0,
  "summary_bg_p05": 48.32240295410156,
  "summary_bg_p95": 311.34014892578125,
  "summary_bg_stdv": 111.64344024658203,
  "summary_fg_k": 0.6526618829659263,
  "summary_fg_mad": 243.13457019179472,
  "summary_fg_mean": 668.7158813476562,
  "summary_fg_median": 623.57373046875,
  "summary_fg_n": 49624.0,
  "summary_fg_p05": 338.07183837890625,
  "summary_fg_p95": 1142.8461181640625,
  "summary_fg_stdv": 252.56851196289062,
  "tsnr": 29.269664095016196
}