{
  "aor": 0.005769835164835164,
  "aqi": 0.017328602417582415,
  "bids_meta": {
    "AcquisitionDateTime": "20180919122808.522500",
    "ConversionSoftware": "dicm2nii.m 20180808",
    "DeviceSerialNumber": "167032",
    "EchoTime": 0.03,
    "EchoTime1": 0.03,
    "EchoTime2": 0.03,
    "EffectiveEchoSpacing": 0.00048611111,
    "FlipAngle": 90,
    "ImageType": [
      "ORIGINAL",
      "PRIMARY",
      "M",
      "ND",
      "MOSAIC"
    ],
    "InstitutionAddress": "Queen Square 12,London,Southeast,GB,WC1N 3BG",
    "InstitutionName": "FIL",
    "MRAcquisitionType": "2D",
    "Manufacturer": "SIEMENS",
    "Modality": "MR",
    "PatientName": "MP02364",
    "PatientPosition": "HFS",
    "PhaseEncodingDirection": "j-",
    "RepetitionTime": 3.36,
    "ScanOptions": "FS",
    "ScanningSequence": "RM",
    "SequenceName": "ep2d_2i2d1",
    "SequenceVariant": "SP\\OSP",
    "SeriesDescription": "nc_epi2d_v2i_3mm_OFC_64ch",
    "SeriesNumber": 8,
    "SliceThickness": 2.5,
    "SliceTiming": [
      0,
      0,
      0,
      0,
      0,
      0,
      0,
      0,
      0,
      0,
      0,
      0,
      0,
      0,
      0,
      0,
      0,
      0,
      0,
      0,
      0,
      0,
      0,
      0,
      0,
      0,
      0,
      0,
      0,
      0,
      0,
      0,
      0,
      0,
      0,
      0,
      0,
      0,
      0,
      0,
      0,
      0,
      0,
      0,
      0,
      0,
      0,
      0
    ],
    "SoftwareVersion": "syngo MR E11",
    "TaskName": "visual detection and discrimination",
    "TotalReadoutTime": 0.030625,
    "dataset": "ds003669",
    "deltaTE": 0,
    "modality": "bold",
    "run_id": 3,
    "subject_id": "MP02364",
    "task_id": "detectdiscrim"
  },
  "dummy_trs": 2,
  "dvars_nstd": 57.54284996734806,
  "dvars_std": 1.24122231994475,
  "dvars_vstd": 0.9941269953038671,
  "efc": 0.6625656477859913,
  "fber": 85.40206909179688,
  "fd_mean": 0.4121979248848674,
  "fd_num": 132,
  "fd_perc": 72.52747252747253,
  "fwhm_avg": 2.4775766666666663,
  "fwhm_x": 2.27306,
  "fwhm_y": 2.4793166666666666,
  "fwhm_z": 2.680353333333333,
  "gcor": 0.0157225,
  "gsr_x": 0.0001333931286353618,
  "gsr_y": 0.050692323595285416,
  "provenance": {
    "md5sum": "eb3cca40eb11ef80efe5a5c5839c45c5",
    "settings": {
      "fd_thres": 0.2,
      "testing": false
    },
    "software": "mriqc",
    "version": "21.0.0rc2",
    "webapi_port": null,
    "webapi_url": "https://mriqc.nimh.nih.gov/api/v1"
  },
  "size_t": 182,
  "size_x": 64,
  "size_y": 64,
  "size_z": 48,
  "snr": 2.428784658927743,
  "spacing_tr": 0.07000000029802322,
  "spacing_x": 3.0,
  "spacing_y": 3.0,
  "spacing_z": 3.0,
  "summary_bg_k": 35.67521801107085,
  "summary_bg_mad": 20.862327985726754,
  "summary_bg_mean": 106.44840240478516,
  "summary_bg_median": 63.373626708984375,
  "summary_bg_n": 97769.0,
  "summary_bg_p05": 45.82966995239258,
  "summary_bg_p95": 305.5439758300781,
  "summary_bg_stdv": 109.80265808105469,
  "summary_fg_k": 0.7633293598945956,
  "summary_fg_mad": 244.2139225240567,
  "summary_fg_mean": 665.0742797851562,
  "summary_fg_median": 619.4285888671875,
  "summary_fg_n": 49738.0,
  "summary_fg_p05": 333.1074172973633,
  "summary_fg_p95": 1142.7591247558587,
  "summary_fg_stdv": 255.03387451171875,
  "tsnr": 27.906845916993916
}