{
  "bids_meta": {
    "AcquisitionDateTime": "20180926145558.617500",
    "ConversionSoftware": "dicm2nii.m 20180808",
    "DeviceSerialNumber": "167032",
    "EchoTime": 0.00334,
    "FlipAngle": 7,
    "ImageType": [
      "ORIGINAL",
      "PRIMARY",
      "M",
      "ND"
    ],
    "InstitutionAddress": "Queen Square 12,London,Southeast,GB,WC1N 3BG",
    "InstitutionName": "FIL",
    "InversionTime": 1.1,
    "MRAcquisitionType": "3D",
    "Manufacturer": "SIEMENS",
    "Modality": "MR",
    "PatientName": "MP02384",
    "PatientPosition": "HFS",
    "PhaseEncodingDirection": "j-",
    "RepetitionTime": 2.53,
    "ScanOptions": "IR",
    "ScanningSequence": "GR\\IR",
    "SequenceName": "*tfl3d1_16ns",
    "SequenceVariant": "SK\\SP\\MP",
    "SeriesDescription": "MPRAGE_64ch_Head",
    "SeriesNumber": 2,
    "SliceThickness": 1,
    "SoftwareVersion": "syngo MR E11",
    "dataset": "ds003669",
    "modality": "T1w",
    "subject_id": "MP02384"
  },
  "cjv": 0.5338361458947508,
  "cnr": 1.67045466999871,
  "efc": 0.6378105194922845,
  "fber": 22.392792790523895,
  "fwhm_avg": 3.79079,
  "fwhm_x": 4.02144,
  "fwhm_y": 3.7262,
  "fwhm_z": 3.62473,
  "icvs_csf": 0.16055559437926306,
  "icvs_gm": 0.45146012412373865,
  "icvs_wm": 0.3879842814969983,
  "inu_med": 1.123913288116455,
  "inu_range": 0.36002690792083725,
  "provenance": {
    "md5sum": "8b29ff54bba28efc668c8d868a91fa72",
    "settings": {
      "testing": false
    },
    "software": "mriqc",
    "version": "21.0.0rc2",
    "warnings": {
      "large_rot_frame": true,
      "small_air_mask": false
    },
    "webapi_port": null,
    "webapi_url": "https://mriqc.nimh.nih.gov/api/v1"
  },
  "qi_1": 0.0,
  "qi_2": 0.002944687761323005,
  "rpve_csf": 32.7980744195362,
  "rpve_gm": 12.36361892555246,
  "rpve_wm": 15.69683473266063,
  "size_x": 176,
  "size_y": 256,
  "size_z": 256,
  "snr_csf": 1.502032272400138,
  "snr_gm": 6.743857017628681,
  "snr_total": 4.039862067822391,
  "snr_wm": 3.8736969134383537,
  "snrd_csf": 19.274505658471554,
  "snrd_gm": 30.3952220782338,
  "snrd_total": 35.06217047798108,
  "snrd_wm": 55.51678369723787,
  "spacing_x": 1.0,
  "spacing_y": 1.0,
  "spacing_z": 1.0,
  "summary_bg_k": 2.6557808395322926,
  "summary_bg_mad": 11.802367723334347,
  "summary_bg_mean": 145.97168681632934,
  "summary_bg_median": 145.5648193359375,
  "summary_bg_n": 2508140.0,
  "summary_bg_p05": 126.99014186859131,
  "summary_bg_p95": 166.1296408176422,
  "summary_bg_stdv": 12.137313095265522,
  "summary_csf_k": 3.5272806896731206,
  "summary_csf_mad": 167.20020941390325,
  "summary_csf_mean": 411.1106761488082,
  "summary_csf_median": 347.2327461242676,
  "summary_csf_n": 2542.0,
  "summary_csf_p05": 171.64281358122827,
  "summary_csf_p95": 902.6772020936005,
  "summary_csf_stdv": 231.12981435957718,
  "summary_gm_k": 0.8695602607867476,
  "summary_gm_mad": 74.74832891445087,
  "summary_gm_mean": 561.9350379924699,
  "summary_gm_median": 547.5739102363586,
  "summary_gm_n": 33892.0,
  "summary_gm_p05": 452.14176630973816,
  "summary_gm_p95": 717.5630089104175,
  "summary_gm_stdv": 81.19475702519922,
  "summary_wm_k": 1.7625234847232818,
  "summary_wm_mad": 166.8489484697564,
  "summary_wm_mean": 1088.510991264479,
  "summary_wm_median": 1000.142135977745,
  "summary_wm_n": 131870.0,
  "summary_wm_p05": 825.909765958786,
  "summary_wm_p95": 1657.4369503200048,
  "summary_wm_stdv": 258.187041001858,
  "tpm_overlap_csf": 0.12214728444814682,
  "tpm_overlap_gm": 0.40593221783638,
  "tpm_overlap_wm": 0.4072778820991516,
  "wm2max": 0.3455518810778953
}