{
  "bids_meta": {
    "AcquisitionDateTime": "20181022105546.897500",
    "ConversionSoftware": "dicm2nii.m 20180808",
    "DeviceSerialNumber": "167032",
    "EchoTime": 0.00334,
    "FlipAngle": 7,
    "ImageType": [
      "ORIGINAL",
      "PRIMARY",
      "M",
      "ND"
    ],
    "InstitutionAddress": "Queen Square 12,London,Southeast,GB,WC1N 3BG",
    "InstitutionName": "Functional Imaging Laboratory",
    "InversionTime": 1.1,
    "MRAcquisitionType": "3D",
    "Manufacturer": "SIEMENS",
    "Modality": "MR",
    "PatientName": "MP02425",
    "PatientPosition": "HFS",
    "PhaseEncodingDirection": "j-",
    "RepetitionTime": 2.53,
    "ScanOptions": "IR",
    "ScanningSequence": "GR\\IR",
    "SequenceName": "*tfl3d1_16ns",
    "SequenceVariant": "SK\\SP\\MP",
    "SeriesDescription": "MPRAGE_64ch_Head",
    "SeriesNumber": 2,
    "SliceThickness": 1,
    "SoftwareVersion": "syngo MR E11",
    "dataset": "ds003669",
    "modality": "T1w",
    "subject_id": "MP02425"
  },
  "cjv": 0.48333523110571386,
  "cnr": 1.686180996147452,
  "efc": 0.6514380029749094,
  "fber": 18.993339986457546,
  "fwhm_avg": 3.613903333333333,
  "fwhm_x": 3.68611,
  "fwhm_y": 3.72329,
  "fwhm_z": 3.43231,
  "icvs_csf": 0.14755873580307985,
  "icvs_gm": 0.4541589653737219,
  "icvs_wm": 0.39828229882319827,
  "inu_med": 1.1075856685638428,
  "inu_range": 0.30267880856990814,
  "provenance": {
    "md5sum": "0ad816381f4a57c377cea5253124f48c",
    "settings": {
      "testing": false
    },
    "software": "mriqc",
    "version": "21.0.0rc2",
    "warnings": {
      "large_rot_frame": true,
      "small_air_mask": false
    },
    "webapi_port": null,
    "webapi_url": "https://mriqc.nimh.nih.gov/api/v1"
  },
  "qi_1": 0.0,
  "qi_2": 0.002623958873595011,
  "rpve_csf": 42.96240134422585,
  "rpve_gm": 15.260700045018972,
  "rpve_wm": 18.96468907356885,
  "size_x": 176,
  "size_y": 256,
  "size_z": 256,
  "snr_csf": 2.0804704339291478,
  "snr_gm": 8.625691022925288,
  "snr_total": 5.184263256534809,
  "snr_wm": 4.846628312749992,
  "snrd_csf": 15.014525955597415,
  "snrd_gm": 31.736942378293566,
  "snrd_total": 32.36904258027006,
  "snrd_wm": 50.3556594069192,
  "spacing_x": 1.0,
  "spacing_y": 1.0,
  "spacing_z": 1.0,
  "summary_bg_k": 0.5055267910819223,
  "summary_bg_mad": 13.011584720973108,
  "summary_bg_mean": 161.89412880623746,
  "summary_bg_median": 161.52479499578476,
  "summary_bg_n": 2421675.0,
  "summary_bg_p05": 140.95730443298817,
  "summary_bg_p95": 183.97674150019884,
  "summary_bg_stdv": 13.16878263625234,
  "summary_csf_k": 1.7668443779295542,
  "summary_csf_mad": 141.5309184680081,
  "summary_csf_mean": 331.34635353483486,
  "summary_csf_median": 298.20169236138463,
  "summary_csf_n": 3894.0,
  "summary_csf_p05": 172.25542554333805,
  "summary_csf_p95": 599.3889013502746,
  "summary_csf_stdv": 143.31537480490428,
  "summary_gm_k": 0.5835648969425349,
  "summary_gm_mad": 69.60798697354939,
  "summary_gm_mean": 634.8475465056321,
  "summary_gm_median": 630.3235916718841,
  "summary_gm_n": 26396.0,
  "summary_gm_p05": 522.0481374263763,
  "summary_gm_p95": 763.1508147567511,
  "summary_gm_stdv": 73.07375723610969,
  "summary_wm_k": 4.910442866020226,
  "summary_wm_mad": 109.12169517527754,
  "summary_wm_mean": 1063.9170807667083,
  "summary_wm_median": 1000.1076890155673,
  "summary_wm_n": 128624.0,
  "summary_wm_p05": 867.4419907256961,
  "summary_wm_p95": 1524.5248567685485,
  "summary_wm_stdv": 206.35042275864438,
  "tpm_overlap_csf": 0.17168684303760529,
  "tpm_overlap_gm": 0.45736128091812134,
  "tpm_overlap_wm": 0.46667224168777466,
  "wm2max": 0.31280084189314405
}