{
  "bids_meta": {
    "AcquisitionDateTime": "20180913114254.350000",
    "ConversionSoftware": "dicm2nii.m 20180808",
    "DeviceSerialNumber": "167032",
    "EchoTime": 0.00334,
    "FlipAngle": 7,
    "ImageType": [
      "ORIGINAL",
      "PRIMARY",
      "M",
      "ND"
    ],
    "InstitutionAddress": "Queen Square 12,London,Southeast,GB,WC1N 3BG",
    "InstitutionName": "Functional Imaging Laboratory",
    "InversionTime": 1.1,
    "MRAcquisitionType": "3D",
    "Manufacturer": "SIEMENS",
    "Modality": "MR",
    "PatientName": "MP02353",
    "PatientPosition": "HFS",
    "PhaseEncodingDirection": "j-",
    "RepetitionTime": 2.53,
    "ScanOptions": "IR",
    "ScanningSequence": "GR\\IR",
    "SequenceName": "*tfl3d1_16ns",
    "SequenceVariant": "SK\\SP\\MP",
    "SeriesDescription": "MPRAGE_64ch_Head",
    "SeriesNumber": 2,
    "SliceThickness": 1,
    "SoftwareVersion": "syngo MR E11",
    "dataset": "ds003669",
    "modality": "T1w",
    "subject_id": "MP02353"
  },
  "cjv": 0.5643860552212371,
  "cnr": 1.8097889975016836,
  "efc": 0.6636731087619071,
  "fber": 17.06299595420551,
  "fwhm_avg": 3.71203,
  "fwhm_x": 3.95421,
  "fwhm_y": 3.64517,
  "fwhm_z": 3.53671,
  "icvs_csf": 0.19106031944146498,
  "icvs_gm": 0.4412199499609895,
  "icvs_wm": 0.3677197305975455,
  "inu_med": 1.0012855529785156,
  "inu_range": 0.2374904721975326,
  "provenance": {
    "md5sum": "e7e62072b9d082c3c3939abfa1b4d5b5",
    "settings": {
      "testing": false
    },
    "software": "mriqc",
    "version": "21.0.0rc2",
    "warnings": {
      "large_rot_frame": true,
      "small_air_mask": false
    },
    "webapi_port": null,
    "webapi_url": "https://mriqc.nimh.nih.gov/api/v1"
  },
  "qi_1": 0.0,
  "qi_2": 0.0015140081906572743,
  "rpve_csf": 27.76418079835876,
  "rpve_gm": 12.096582168131004,
  "rpve_wm": 15.921497375474647,
  "size_x": 176,
  "size_y": 256,
  "size_z": 256,
  "snr_csf": 2.140167977162648,
  "snr_gm": 6.053701733031672,
  "snr_total": 4.085981705979344,
  "snr_wm": 4.0640754077437125,
  "snrd_csf": 18.991753289709862,
  "snrd_gm": 25.274773949054012,
  "snrd_total": 30.753813454430798,
  "snrd_wm": 47.99491312452853,
  "spacing_x": 1.0,
  "spacing_y": 1.0,
  "spacing_z": 1.0,
  "summary_bg_k": 2976.2734215808728,
  "summary_bg_mad": 13.650775700760832,
  "summary_bg_mean": 162.34012015768434,
  "summary_bg_median": 161.70335188508034,
  "summary_bg_n": 2372541.0,
  "summary_bg_p05": 140.36349672824144,
  "summary_bg_p95": 185.82458142191172,
  "summary_bg_stdv": 17.535933734203155,
  "summary_csf_k": 3.240498804949799,
  "summary_csf_mad": 128.15376666990312,
  "summary_csf_mean": 433.79316270671336,
  "summary_csf_median": 395.7224376499653,
  "summary_csf_n": 5694.0,
  "summary_csf_p05": 205.5483621545136,
  "summary_csf_p95": 807.694335794076,
  "summary_csf_stdv": 184.88627587832093,
  "summary_gm_k": 2.385175676219462,
  "summary_gm_mad": 80.98038293315932,
  "summary_gm_mean": 542.5749907743915,
  "summary_gm_median": 526.6388524323702,
  "summary_gm_n": 33020.0,
  "summary_gm_p05": 435.76463777571917,
  "summary_gm_p95": 699.8057826887816,
  "summary_gm_stdv": 86.99319871591402,
  "summary_wm_k": 1.8854078171401154,
  "summary_wm_mad": 186.20511229319072,
  "summary_wm_mean": 1071.8487897968448,
  "summary_wm_median": 1000.047953799367,
  "summary_wm_n": 124645.0,
  "summary_wm_p05": 801.9469613209367,
  "summary_wm_p95": 1583.9351637288923,
  "summary_wm_stdv": 246.06923884854984,
  "tpm_overlap_csf": 0.10234659165143967,
  "tpm_overlap_gm": 0.3498612940311432,
  "tpm_overlap_wm": 0.37139368057250977,
  "wm2max": 0.3350578406169666
}