{
  "bids_meta": {
    "AcquisitionDateTime": "20190102141214.615000",
    "ConversionSoftware": "dicm2nii.m 20180808",
    "DeviceSerialNumber": "167032",
    "EchoTime": 0.00334,
    "FlipAngle": 7,
    "ImageType": [
      "ORIGINAL",
      "PRIMARY",
      "M",
      "ND"
    ],
    "InstitutionAddress": "Queen Square 12,London,Southeast,GB,WC1N 3BG",
    "InstitutionName": "Functional Imaging Laboratory",
    "InversionTime": 1.1,
    "MRAcquisitionType": "3D",
    "Manufacturer": "SIEMENS",
    "Modality": "MR",
    "PatientName": "MP02523",
    "PatientPosition": "HFS",
    "PhaseEncodingDirection": "j-",
    "RepetitionTime": 2.53,
    "ScanOptions": "IR",
    "ScanningSequence": "GR\\IR",
    "SequenceName": "*tfl3d1_16ns",
    "SequenceVariant": "SK\\SP\\MP",
    "SeriesDescription": "MPRAGE_64ch_Head",
    "SeriesNumber": 3,
    "SliceThickness": 1,
    "SoftwareVersion": "syngo MR E11",
    "dataset": "ds003669",
    "modality": "T1w",
    "subject_id": "MP02523"
  },
  "cjv": 0.5643624823477441,
  "cnr": 1.8214025401067624,
  "efc": 0.6599818429609299,
  "fber": 19.0710383616,
  "fwhm_avg": 3.9529966666666674,
  "fwhm_x": 4.19406,
  "fwhm_y": 3.94404,
  "fwhm_z": 3.72089,
  "icvs_csf": 0.20378741928977495,
  "icvs_gm": 0.4165825716122791,
  "icvs_wm": 0.379630009097946,
  "inu_med": 1.1690068244934082,
  "inu_range": 0.344018816947937,
  "provenance": {
    "md5sum": "a5971c61d103479661f8fc30b0020b18",
    "settings": {
      "testing": false
    },
    "software": "mriqc",
    "version": "21.0.0rc2",
    "warnings": {
      "large_rot_frame": true,
      "small_air_mask": false
    },
    "webapi_port": null,
    "webapi_url": "https://mriqc.nimh.nih.gov/api/v1"
  },
  "qi_1": 0.0,
  "qi_2": 0.0027546389113909655,
  "rpve_csf": 28.264941974233253,
  "rpve_gm": 13.399633703961905,
  "rpve_wm": 16.73589881537882,
  "size_x": 176,
  "size_y": 256,
  "size_z": 256,
  "snr_csf": 3.2024188238787783,
  "snr_gm": 7.429933528171054,
  "snr_total": 5.032631846034988,
  "snr_wm": 4.4655431860551325,
  "snrd_csf": 20.94162562234303,
  "snrd_gm": 30.416264114978855,
  "snrd_total": 34.957406360824216,
  "snrd_wm": 53.51432934515077,
  "spacing_x": 1.0,
  "spacing_y": 1.0,
  "spacing_z": 1.0,
  "summary_bg_k": 11.278812229689477,
  "summary_bg_mad": 12.24462605673837,
  "summary_bg_mean": 150.14660226952572,
  "summary_bg_median": 149.7222911566496,
  "summary_bg_n": 2106197.0,
  "summary_bg_p05": 130.4515833593905,
  "summary_bg_p95": 171.06979202479124,
  "summary_bg_stdv": 12.542840581737957,
  "summary_csf_k": 3.3471164425669295,
  "summary_csf_mad": 99.03109845888402,
  "summary_csf_mean": 402.75048479822243,
  "summary_csf_median": 391.40304759144783,
  "summary_csf_n": 5359.0,
  "summary_csf_p05": 223.36633940041068,
  "summary_csf_p95": 617.0490296185017,
  "summary_csf_stdv": 122.20966373231413,
  "summary_gm_k": 0.29882020620252714,
  "summary_gm_mad": 80.23452337178564,
  "summary_gm_mean": 578.2810068104835,
  "summary_gm_median": 568.4858800191432,
  "summary_gm_n": 31688.0,
  "summary_gm_p05": 472.7529640784487,
  "summary_gm_p95": 711.9681324604896,
  "summary_gm_stdv": 76.5117087175944,
  "summary_wm_k": 1.506965890547609,
  "summary_wm_mad": 163.40489275717522,
  "summary_wm_mean": 1066.369497882924,
  "summary_wm_median": 1000.1932024396956,
  "summary_wm_n": 125097.0,
  "summary_wm_p05": 816.952437069267,
  "summary_wm_p95": 1538.2757978513837,
  "summary_wm_stdv": 223.979292795656,
  "tpm_overlap_csf": 0.12171460688114166,
  "tpm_overlap_gm": 0.36563926935195923,
  "tpm_overlap_wm": 0.39777252078056335,
  "wm2max": 0.3475889155574951
}