{
  "aor": 0.011663736263736263,
  "aqi": 0.009850811373626374,
  "bids_meta": {
    "AcquisitionDateTime": "20181213094957.287500",
    "ConversionSoftware": "dicm2nii.m 20180808",
    "DeviceSerialNumber": "167032",
    "EchoTime": 0.03,
    "EchoTime1": 0.03,
    "EchoTime2": 0.03,
    "EffectiveEchoSpacing": 0.00048611111,
    "FlipAngle": 90,
    "ImageType": [
      "ORIGINAL",
      "PRIMARY",
      "M",
      "ND",
      "MOSAIC"
    ],
    "InstitutionAddress": "Queen Square 12,London,Southeast,GB,WC1N 3BG",
    "InstitutionName": "Functional Imaging Laboratory",
    "MRAcquisitionType": "2D",
    "Manufacturer": "SIEMENS",
    "Modality": "MR",
    "PatientName": "MP02504",
    "PatientPosition": "HFS",
    "PhaseEncodingDirection": "j-",
    "RepetitionTime": 3.36,
    "ScanOptions": "FS",
    "ScanningSequence": "RM",
    "SequenceName": "ep2d_2i2d1",
    "SequenceVariant": "SP\\OSP",
    "SeriesDescription": "nc_epi2d_v2i_3mm_OFC_64ch",
    "SeriesNumber": 8,
    "SliceThickness": 2.5,
    "SliceTiming": [
      0,
      0,
      0,
      0,
      0,
      0,
      0,
      0,
      0,
      0,
      0,
      0,
      0,
      0,
      0,
      0,
      0,
      0,
      0,
      0,
      0,
      0,
      0,
      0,
      0,
      0,
      0,
      0,
      0,
      0,
      0,
      0,
      0,
      0,
      0,
      0,
      0,
      0,
      0,
      0,
      0,
      0,
      0,
      0,
      0,
      0,
      0,
      0
    ],
    "SoftwareVersion": "syngo MR E11",
    "TaskName": "visual detection and discrimination",
    "TotalReadoutTime": 0.030625,
    "dataset": "ds003669",
    "deltaTE": 0,
    "modality": "bold",
    "run_id": 3,
    "subject_id": "MP02504",
    "task_id": "detectdiscrim"
  },
  "dummy_trs": 2,
  "dvars_nstd": 31.021896215138128,
  "dvars_std": 1.1849911686740329,
  "dvars_vstd": 1.0288238914917127,
  "efc": 0.5925457259888783,
  "fber": 163.6405029296875,
  "fd_mean": 0.1763951957634398,
  "fd_num": 49,
  "fd_perc": 26.923076923076923,
  "fwhm_avg": 2.46922,
  "fwhm_x": 2.3617233333333334,
  "fwhm_y": 2.39653,
  "fwhm_z": 2.6494066666666667,
  "gcor": 0.0117912,
  "gsr_x": 0.008933843113481998,
  "gsr_y": 0.0185480248183012,
  "provenance": {
    "md5sum": "c8e50fa3ce4e02f506bcf869dbaef84c",
    "settings": {
      "fd_thres": 0.2,
      "testing": false
    },
    "software": "mriqc",
    "version": "21.0.0rc2",
    "webapi_port": null,
    "webapi_url": "https://mriqc.nimh.nih.gov/api/v1"
  },
  "size_t": 182,
  "size_x": 64,
  "size_y": 64,
  "size_z": 48,
  "snr": 2.5374713188553963,
  "spacing_tr": 0.07000000029802322,
  "spacing_x": 3.0,
  "spacing_y": 3.0,
  "spacing_z": 3.0,
  "summary_bg_k": 22.309145986431577,
  "summary_bg_mad": 13.099032437315167,
  "summary_bg_mean": 89.26025390625,
  "summary_bg_median": 56.32966995239258,
  "summary_bg_n": 114884.0,
  "summary_bg_p05": 45.42857360839844,
  "summary_bg_p95": 248.64671325683585,
  "summary_bg_stdv": 86.04912567138672,
  "summary_fg_k": 1.4081304156611791,
  "summary_fg_mad": 267.9722068176619,
  "summary_fg_mean": 775.7611694335938,
  "summary_fg_median": 724.7252807617188,
  "summary_fg_n": 40026.0,
  "summary_fg_p05": 409.2706069946289,
  "summary_fg_p95": 1311.835205078125,
  "summary_fg_stdv": 285.6056823730469,
  "tsnr": 37.928595033008605
}