{
  "bids_meta": {
    "AcquisitionDateTime": "20181213155301.492500",
    "ConversionSoftware": "dicm2nii.m 20180808",
    "DeviceSerialNumber": "167032",
    "EchoTime": 0.00334,
    "FlipAngle": 7,
    "ImageType": [
      "ORIGINAL",
      "PRIMARY",
      "M",
      "ND"
    ],
    "InstitutionAddress": "Queen Square 12,London,Southeast,GB,WC1N 3BG",
    "InstitutionName": "Functional Imaging Laboratory",
    "InversionTime": 1.1,
    "MRAcquisitionType": "3D",
    "Manufacturer": "SIEMENS",
    "Modality": "MR",
    "PatientName": "MP02506",
    "PatientPosition": "HFS",
    "PhaseEncodingDirection": "j-",
    "RepetitionTime": 2.53,
    "ScanOptions": "IR",
    "ScanningSequence": "GR\\IR",
    "SequenceName": "*tfl3d1_16ns",
    "SequenceVariant": "SK\\SP\\MP",
    "SeriesDescription": "MPRAGE_64ch_Head",
    "SeriesNumber": 2,
    "SliceThickness": 1,
    "SoftwareVersion": "syngo MR E11",
    "dataset": "ds003669",
    "modality": "T1w",
    "subject_id": "MP02506"
  },
  "cjv": 0.5817899868923629,
  "cnr": 1.4910704996238684,
  "efc": 0.6526582140051072,
  "fber": 21.95711639309418,
  "fwhm_avg": 4.023256666666667,
  "fwhm_x": 4.31213,
  "fwhm_y": 4.06211,
  "fwhm_z": 3.69553,
  "icvs_csf": 0.1816070233925131,
  "icvs_gm": 0.42934650392564266,
  "icvs_wm": 0.3890464726818442,
  "inu_med": 1.0857356786727905,
  "inu_range": 0.3550438046455382,
  "provenance": {
    "md5sum": "7fe7f94b76677c24ef55775d90537378",
    "settings": {
      "testing": false
    },
    "software": "mriqc",
    "version": "21.0.0rc2",
    "warnings": {
      "large_rot_frame": true,
      "small_air_mask": false
    },
    "webapi_port": null,
    "webapi_url": "https://mriqc.nimh.nih.gov/api/v1"
  },
  "qi_1": 0.0,
  "qi_2": 0.0021009940354659155,
  "rpve_csf": 30.56918343877325,
  "rpve_gm": 13.069134832224588,
  "rpve_wm": 16.376728579953635,
  "size_x": 176,
  "size_y": 256,
  "size_z": 256,
  "snr_csf": 3.0141523559974925,
  "snr_gm": 8.52342530759509,
  "snr_total": 5.151730068447287,
  "snr_wm": 3.9176125417492766,
  "snrd_csf": 21.51688131992738,
  "snrd_gm": 31.279170066931467,
  "snrd_total": 34.846585891974826,
  "snrd_wm": 51.74370628906563,
  "spacing_x": 1.0,
  "spacing_y": 1.0,
  "spacing_z": 1.0,
  "summary_bg_k": 0.9726772784936784,
  "summary_bg_mad": 12.66180486319033,
  "summary_bg_mean": 153.1208840400415,
  "summary_bg_median": 152.638592466712,
  "summary_bg_n": 2001807.0,
  "summary_bg_p05": 132.74423516914248,
  "summary_bg_p95": 174.90250100567937,
  "summary_bg_stdv": 12.998257285515443,
  "summary_csf_k": 0.9091001028019816,
  "summary_csf_mad": 128.81373733650278,
  "summary_csf_mean": 418.3763226886165,
  "summary_csf_median": 415.856242865324,
  "summary_csf_n": 2761.0,
  "summary_csf_p05": 200.32581119984388,
  "summary_csf_p95": 653.2062922120094,
  "summary_csf_stdv": 137.94290332662385,
  "summary_gm_k": 0.9116814069371357,
  "summary_gm_mad": 65.72428189101107,
  "summary_gm_mean": 609.8277711613488,
  "summary_gm_median": 604.5317604616284,
  "summary_gm_n": 22731.0,
  "summary_gm_p05": 504.93655984662473,
  "summary_gm_p95": 737.6709208376706,
  "summary_gm_stdv": 70.92435740109816,
  "summary_wm_k": 3.1491314614202945,
  "summary_wm_mad": 164.38389435101436,
  "summary_wm_mean": 1083.2652113020304,
  "summary_wm_median": 1000.0493551716208,
  "summary_wm_n": 126103.0,
  "summary_wm_p05": 829.4910314418375,
  "summary_wm_p95": 1623.636256866157,
  "summary_wm_stdv": 255.2690903702289,
  "tpm_overlap_csf": 0.13337960839271545,
  "tpm_overlap_gm": 0.39004582166671753,
  "tpm_overlap_wm": 0.4245496988296509,
  "wm2max": 0.33388271747371195
}