{
  "bids_meta": {
    "AcquisitionDateTime": "20181023105744.945000",
    "ConversionSoftware": "dicm2nii.m 20180808",
    "DeviceSerialNumber": "167032",
    "EchoTime": 0.00334,
    "FlipAngle": 7,
    "ImageType": [
      "ORIGINAL",
      "PRIMARY",
      "M",
      "ND"
    ],
    "InstitutionAddress": "Queen Square 12,London,Southeast,GB,WC1N 3BG",
    "InstitutionName": "Functional Imaging Laboratory",
    "InversionTime": 1.1,
    "MRAcquisitionType": "3D",
    "Manufacturer": "SIEMENS",
    "Modality": "MR",
    "PatientName": "MP02428",
    "PatientPosition": "HFS",
    "PhaseEncodingDirection": "j-",
    "RepetitionTime": 2.53,
    "ScanOptions": "IR",
    "ScanningSequence": "GR\\IR",
    "SequenceName": "*tfl3d1_16ns",
    "SequenceVariant": "SK\\SP\\MP",
    "SeriesDescription": "MPRAGE_64ch_Head",
    "SeriesNumber": 2,
    "SliceThickness": 1,
    "SoftwareVersion": "syngo MR E11",
    "dataset": "ds003669",
    "modality": "T1w",
    "subject_id": "MP02428"
  },
  "cjv": 0.5243543607419215,
  "cnr": 1.3338797870955867,
  "efc": 0.6524753795382509,
  "fber": 19.896721015796192,
  "fwhm_avg": 3.9383200000000005,
  "fwhm_x": 3.96768,
  "fwhm_y": 4.08729,
  "fwhm_z": 3.75999,
  "icvs_csf": 0.20166165081294685,
  "icvs_gm": 0.4221979347142145,
  "icvs_wm": 0.37614041447283864,
  "inu_med": 1.12880539894104,
  "inu_range": 0.2981666505336762,
  "provenance": {
    "md5sum": "661acc136b7586abd0609dcbbdb56591",
    "settings": {
      "testing": false
    },
    "software": "mriqc",
    "version": "21.0.0rc2",
    "warnings": {
      "large_rot_frame": true,
      "small_air_mask": false
    },
    "webapi_port": null,
    "webapi_url": "https://mriqc.nimh.nih.gov/api/v1"
  },
  "qi_1": 0.0,
  "qi_2": 0.0027385088595740367,
  "rpve_csf": 29.13681359208485,
  "rpve_gm": 13.5380482572575,
  "rpve_wm": 17.473422554536956,
  "size_x": 176,
  "size_y": 256,
  "size_z": 256,
  "snr_csf": 2.078479342555963,
  "snr_gm": 7.423215585001006,
  "snr_total": 4.26127287581183,
  "snr_wm": 3.282123699878521,
  "snrd_csf": 19.556701316905254,
  "snrd_gm": 31.36825491238019,
  "snrd_total": 34.99910353502714,
  "snrd_wm": 54.07235437579598,
  "spacing_x": 1.0,
  "spacing_y": 1.0,
  "spacing_z": 1.0,
  "summary_bg_k": 1.0455673287924325,
  "summary_bg_mad": 12.117135804315977,
  "summary_bg_mean": 151.72736520951972,
  "summary_bg_median": 151.37384355440736,
  "summary_bg_n": 2759892.0,
  "summary_bg_p05": 132.17007340490818,
  "summary_bg_p95": 172.43280820921063,
  "summary_bg_stdv": 12.342253746777919,
  "summary_csf_k": 3.0620167447218405,
  "summary_csf_mad": 147.5614390893694,
  "summary_csf_mean": 389.49486097968133,
  "summary_csf_median": 361.7127881422639,
  "summary_csf_n": 4097.0,
  "summary_csf_p05": 179.00119956582785,
  "summary_csf_p95": 738.0364865235983,
  "summary_csf_stdv": 174.0063682267309,
  "summary_gm_k": 1.3280734223327944,
  "summary_gm_mad": 70.100975849509,
  "summary_gm_mean": 587.4904085591181,
  "summary_gm_median": 580.1744762398303,
  "summary_gm_n": 21089.0,
  "summary_gm_p05": 472.97431806847453,
  "summary_gm_p95": 731.1772808931768,
  "summary_gm_stdv": 78.15490659703035,
  "summary_wm_k": 4.025888018562515,
  "summary_wm_mad": 150.0889398092881,
  "summary_wm_mean": 1098.1645370567646,
  "summary_wm_median": 1000.1002595350146,
  "summary_wm_n": 111826.0,
  "summary_wm_p05": 809.77986646723,
  "summary_wm_p95": 1815.169937361963,
  "summary_wm_stdv": 304.709961992492,
  "tpm_overlap_csf": 0.13519355654716492,
  "tpm_overlap_gm": 0.3985235393047333,
  "tpm_overlap_wm": 0.41721686720848083,
  "wm2max": 0.342461755060694
}