{
  "aor": 0.006719562841530055,
  "aqi": 0.007011097049180327,
  "bids_meta": {
    "AcquisitionDateTime": "20181009111453.917500",
    "ConversionSoftware": "dicm2nii.m 20180808",
    "DeviceSerialNumber": "167032",
    "EchoTime": 0.03,
    "EchoTime1": 0.03,
    "EchoTime2": 0.03,
    "EffectiveEchoSpacing": 0.00048611111,
    "FlipAngle": 90,
    "ImageType": [
      "ORIGINAL",
      "PRIMARY",
      "M",
      "ND",
      "MOSAIC"
    ],
    "InstitutionAddress": "Queen Square 12,London,Southeast,GB,WC1N 3BG",
    "InstitutionName": "FIL",
    "MRAcquisitionType": "2D",
    "Manufacturer": "SIEMENS",
    "Modality": "MR",
    "PatientName": "MP02398",
    "PatientPosition": "HFS",
    "PhaseEncodingDirection": "j-",
    "RepetitionTime": 3.36,
    "ScanOptions": "FS",
    "ScanningSequence": "RM",
    "SequenceName": "ep2d_2i2d1",
    "SequenceVariant": "SP\\OSP",
    "SeriesDescription": "nc_epi2d_v2i_3mm_OFC_64ch",
    "SeriesNumber": 9,
    "SliceThickness": 2.5,
    "SliceTiming": [
      0,
      0.07,
      0.14,
      0.21,
      0.28,
      0.35,
      0.42,
      0.49,
      0.56,
      0.63,
      0.7,
      0.77,
      0.84,
      0.91,
      0.98,
      1.05,
      1.12,
      1.19,
      1.26,
      1.33,
      1.4,
      1.47,
      1.54,
      1.61,
      1.68,
      1.75,
      1.82,
      1.89,
      1.96,
      2.03,
      2.1,
      2.17,
      2.24,
      2.31,
      2.38,
      2.45,
      2.52,
      2.59,
      2.66,
      2.73,
      2.8,
      2.87,
      2.94,
      3.01,
      3.08,
      3.15,
      3.22,
      3.29
    ],
    "SoftwareVersion": "syngo MR E11",
    "TaskName": "visual detection and discrimination",
    "TotalReadoutTime": 0.030625,
    "dataset": "ds003669",
    "deltaTE": 0,
    "modality": "bold",
    "run_id": 4,
    "subject_id": "MP02398",
    "task_id": "detectdiscrim"
  },
  "dummy_trs": 1,
  "dvars_nstd": 30.49726687428574,
  "dvars_std": 1.3206206457692313,
  "dvars_vstd": 0.9956959058791209,
  "efc": 0.5871251359893751,
  "fber": 168.54498291015625,
  "fd_mean": 0.13387336472459946,
  "fd_num": 27,
  "fd_perc": 14.754098360655737,
  "fwhm_avg": 2.5224177777777776,
  "fwhm_x": 2.406963333333333,
  "fwhm_y": 2.5442566666666666,
  "fwhm_z": 2.616033333333333,
  "gcor": 0.0154696,
  "gsr_x": -0.005493049509823322,
  "gsr_y": 0.05325634777545929,
  "provenance": {
    "md5sum": "b061b6857c5cb069686a5460eb59f7a2",
    "settings": {
      "fd_thres": 0.2,
      "testing": false
    },
    "software": "mriqc",
    "version": "21.0.0rc2",
    "webapi_port": null,
    "webapi_url": "https://mriqc.nimh.nih.gov/api/v1"
  },
  "size_t": 183,
  "size_x": 64,
  "size_y": 64,
  "size_z": 48,
  "snr": 2.5172572234825084,
  "spacing_tr": 0.07000000029802322,
  "spacing_x": 3.0,
  "spacing_y": 3.0,
  "spacing_z": 3.0,
  "summary_bg_k": 35.98219460083275,
  "summary_bg_mad": 9.357405126765427,
  "summary_bg_mean": 83.3714370727539,
  "summary_bg_median": 52.6065559387207,
  "summary_bg_n": 116452.0,
  "summary_bg_p05": 42.72978057861328,
  "summary_bg_p95": 238.53496093749996,
  "summary_bg_stdv": 93.6572265625,
  "summary_fg_k": 1.2356839278753862,
  "summary_fg_mad": 254.42418702103083,
  "summary_fg_mean": 747.5562133789062,
  "summary_fg_median": 697.7322387695312,
  "summary_fg_n": 38921.0,
  "summary_fg_p05": 399.4207458496094,
  "summary_fg_p95": 1284.7813720703125,
  "summary_fg_stdv": 277.1759948730469,
  "tsnr": 52.368917995132506
}