{
  "aor": 0.0021978021978021982,
  "aqi": 0.004711448791208792,
  "bids_meta": {
    "AcquisitionDateTime": "20181009103847.672500",
    "ConversionSoftware": "dicm2nii.m 20180808",
    "DeviceSerialNumber": "167032",
    "EchoTime": 0.03,
    "EchoTime1": 0.03,
    "EchoTime2": 0.03,
    "EffectiveEchoSpacing": 0.00052083333,
    "FlipAngle": 90,
    "ImageType": [
      "ORIGINAL",
      "PRIMARY",
      "M",
      "ND",
      "MOSAIC"
    ],
    "InstitutionAddress": "Queen Square 12,London,Southeast,GB,WC1N 3BG",
    "InstitutionName": "FIL",
    "MRAcquisitionType": "2D",
    "Manufacturer": "SIEMENS",
    "Modality": "MR",
    "PatientName": "MP02398",
    "PatientPosition": "HFS",
    "PhaseEncodingDirection": "j-",
    "RepetitionTime": 3.36,
    "ScanOptions": "FS",
    "ScanningSequence": "RM",
    "SequenceName": "ep2d_2i2d1",
    "SequenceVariant": "SP\\OSP",
    "SeriesDescription": "nc_epi2d_v2i_3mm_OFC_64ch",
    "SeriesNumber": 6,
    "SliceThickness": 2.5,
    "SliceTiming": [
      0,
      0.07,
      0.14,
      0.21,
      0.28,
      0.35,
      0.42,
      0.49,
      0.56,
      0.63,
      0.7,
      0.77,
      0.84,
      0.91,
      0.98,
      1.05,
      1.12,
      1.19,
      1.26,
      1.33,
      1.4,
      1.47,
      1.54,
      1.61,
      1.68,
      1.75,
      1.82,
      1.89,
      1.96,
      2.03,
      2.1,
      2.17,
      2.24,
      2.31,
      2.38,
      2.45,
      2.52,
      2.59,
      2.66,
      2.73,
      2.8,
      2.87,
      2.94,
      3.01,
      3.08,
      3.15,
      3.22,
      3.29
    ],
    "SoftwareVersion": "syngo MR E11",
    "TaskName": "visual detection and discrimination",
    "TotalReadoutTime": 0.0328125,
    "dataset": "ds003669",
    "deltaTE": 0,
    "modality": "bold",
    "run_id": 1,
    "subject_id": "MP02398",
    "task_id": "detectdiscrim"
  },
  "dummy_trs": 2,
  "dvars_nstd": 27.459650708729313,
  "dvars_std": 1.3362187348618786,
  "dvars_vstd": 1.011386432486188,
  "efc": 0.5853594397119324,
  "fber": 177.2603759765625,
  "fd_mean": 0.10392789735510219,
  "fd_num": 14,
  "fd_perc": 7.6923076923076925,
  "fwhm_avg": 2.523338888888889,
  "fwhm_x": 2.3893299999999997,
  "fwhm_y": 2.53696,
  "fwhm_z": 2.643726666666667,
  "gcor": 0.0225445,
  "gsr_x": -0.002130818087607622,
  "gsr_y": 0.051101524382829666,
  "provenance": {
    "md5sum": "618234e32c1339d0c704d0366e44aa36",
    "settings": {
      "fd_thres": 0.2,
      "testing": false
    },
    "software": "mriqc",
    "version": "21.0.0rc2",
    "webapi_port": null,
    "webapi_url": "https://mriqc.nimh.nih.gov/api/v1"
  },
  "size_t": 182,
  "size_x": 64,
  "size_y": 64,
  "size_z": 48,
  "snr": 2.503157984326093,
  "spacing_tr": 0.07000000029802322,
  "spacing_x": 3.0,
  "spacing_y": 3.0,
  "spacing_z": 3.0,
  "summary_bg_k": 38.62445836419271,
  "summary_bg_mad": 6.508786849011251,
  "summary_bg_mean": 81.0758285522461,
  "summary_bg_median": 51.55494689941406,
  "summary_bg_n": 116349.0,
  "summary_bg_p05": 46.148353576660156,
  "summary_bg_p95": 223.37252807617173,
  "summary_bg_stdv": 90.27946472167969,
  "summary_fg_k": 1.4165631894908266,
  "summary_fg_mad": 254.1278294608742,
  "summary_fg_mean": 749.404541015625,
  "summary_fg_median": 699.1923217773438,
  "summary_fg_n": 38547.0,
  "summary_fg_p05": 402.0137420654297,
  "summary_fg_p95": 1294.9022216796875,
  "summary_fg_stdv": 279.3204650878906,
  "tsnr": 68.63140843366273
}