{
  "bids_meta": {
    "AcquisitionDateTime": "20180824101554.450000",
    "ConversionSoftware": "dicm2nii.m 20180808",
    "DeviceSerialNumber": "167032",
    "EchoTime": 0.00334,
    "FlipAngle": 7,
    "ImageType": [
      "ORIGINAL",
      "PRIMARY",
      "M",
      "ND"
    ],
    "InstitutionAddress": "Queen Square 12,London,Southeast,GB,WC1N 3BG",
    "InstitutionName": "Functional Imaging Laboratory",
    "InversionTime": 1.1,
    "MRAcquisitionType": "3D",
    "Manufacturer": "SIEMENS",
    "Modality": "MR",
    "PatientName": "MP02327",
    "PatientPosition": "HFS",
    "PhaseEncodingDirection": "j-",
    "RepetitionTime": 2.53,
    "ScanOptions": "IR",
    "ScanningSequence": "GR\\IR",
    "SequenceName": "*tfl3d1_16ns",
    "SequenceVariant": "SK\\SP\\MP",
    "SeriesDescription": "MPRAGE_64ch_Head",
    "SeriesNumber": 2,
    "SliceThickness": 1,
    "SoftwareVersion": "syngo MR E11",
    "dataset": "ds003669",
    "modality": "T1w",
    "subject_id": "MP02327"
  },
  "cjv": 0.5651774562953239,
  "cnr": 1.1967180767426437,
  "efc": 0.6463168220094667,
  "fber": 19.358832908836337,
  "fwhm_avg": 3.964396666666666,
  "fwhm_x": 4.17165,
  "fwhm_y": 3.91237,
  "fwhm_z": 3.80917,
  "icvs_csf": 0.16829799618146357,
  "icvs_gm": 0.4376090087349358,
  "icvs_wm": 0.39409299508360063,
  "inu_med": 1.1627336740493774,
  "inu_range": 0.36287634372711175,
  "provenance": {
    "md5sum": "9e3a8e018bde48c6ff40204390d48f70",
    "settings": {
      "testing": false
    },
    "software": "mriqc",
    "version": "21.0.0rc2",
    "warnings": {
      "large_rot_frame": true,
      "small_air_mask": false
    },
    "webapi_port": null,
    "webapi_url": "https://mriqc.nimh.nih.gov/api/v1"
  },
  "qi_1": 0.0,
  "qi_2": 0.003199615352951537,
  "rpve_csf": 37.324890960361934,
  "rpve_gm": 14.809389194747048,
  "rpve_wm": 18.309641199237145,
  "size_x": 176,
  "size_y": 256,
  "size_z": 256,
  "snr_csf": 1.4673517244578542,
  "snr_gm": 7.929650911043836,
  "snr_total": 4.185269122501983,
  "snr_wm": 3.15880473200426,
  "snrd_csf": 14.39000852013001,
  "snrd_gm": 31.36269833292497,
  "snrd_total": 32.393758133432726,
  "snrd_wm": 51.428567547243205,
  "spacing_x": 1.0,
  "spacing_y": 1.0,
  "spacing_z": 1.0,
  "summary_bg_k": 0.10678477587151392,
  "summary_bg_mad": 12.739444008991446,
  "summary_bg_mean": 160.49410722665505,
  "summary_bg_median": 160.21775447577238,
  "summary_bg_n": 2543672.0,
  "summary_bg_p05": 139.93702606111765,
  "summary_bg_p95": 182.04622269049287,
  "summary_bg_stdv": 12.82076964093122,
  "summary_csf_k": 2.7758510762645825,
  "summary_csf_mad": 137.839201637659,
  "summary_csf_mean": 343.6878409030697,
  "summary_csf_median": 279.820681784302,
  "summary_csf_n": 5217.0,
  "summary_csf_p05": 167.1879206098616,
  "summary_csf_p95": 755.852073946595,
  "summary_csf_stdv": 190.67947900656787,
  "summary_gm_k": 1.5541054761687905,
  "summary_gm_mad": 66.07102948762645,
  "summary_gm_mean": 618.4902487221528,
  "summary_gm_median": 609.8628515638411,
  "summary_gm_n": 18705.0,
  "summary_gm_p05": 508.72606118023396,
  "summary_gm_p95": 760.6874265633521,
  "summary_gm_stdv": 76.90711180767154,
  "summary_wm_k": 4.403343560947649,
  "summary_wm_mad": 154.4558677363435,
  "summary_wm_mean": 1111.6630955139126,
  "summary_wm_median": 1000.0533921942115,
  "summary_wm_n": 117641.0,
  "summary_wm_p05": 835.7794920355082,
  "summary_wm_p95": 1843.6249535679817,
  "summary_wm_stdv": 316.59099772996524,
  "tpm_overlap_csf": 0.16897240281105042,
  "tpm_overlap_gm": 0.4351750612258911,
  "tpm_overlap_wm": 0.4503704905509949,
  "wm2max": 0.3163599527266588
}