{
  "aor": 0.002449016393442623,
  "aqi": 0.004437963606557377,
  "bids_meta": {
    "AcquisitionDateTime": "20180828144154.825000",
    "ConversionSoftware": "dicm2nii.m 20180808",
    "DeviceSerialNumber": "167032",
    "EchoTime": 0.03,
    "EchoTime1": 0.03,
    "EchoTime2": 0.03,
    "EffectiveEchoSpacing": 0.00048611111,
    "FlipAngle": 90,
    "ImageType": [
      "ORIGINAL",
      "PRIMARY",
      "M",
      "ND",
      "MOSAIC"
    ],
    "InstitutionAddress": "Queen Square 12,London,Southeast,GB,WC1N 3BG",
    "InstitutionName": "Functional Imaging Laboratory",
    "MRAcquisitionType": "2D",
    "Manufacturer": "SIEMENS",
    "Modality": "MR",
    "PatientName": "MP02332",
    "PatientPosition": "HFS",
    "PhaseEncodingDirection": "j-",
    "RepetitionTime": 3.36,
    "ScanOptions": "FS",
    "ScanningSequence": "RM",
    "SequenceName": "ep2d_2i2d1",
    "SequenceVariant": "SP\\OSP",
    "SeriesDescription": "nc_epi2d_v2i_3mm_OFC_64ch",
    "SeriesNumber": 8,
    "SliceThickness": 2.5,
    "SliceTiming": [
      0,
      0,
      0,
      0,
      0,
      0,
      0,
      0,
      0,
      0,
      0,
      0,
      0,
      0,
      0,
      0,
      0,
      0,
      0,
      0,
      0,
      0,
      0,
      0,
      0,
      0,
      0,
      0,
      0,
      0,
      0,
      0,
      0,
      0,
      0,
      0,
      0,
      0,
      0,
      0,
      0,
      0,
      0,
      0,
      0,
      0,
      0,
      0
    ],
    "SoftwareVersion": "syngo MR E11",
    "TaskName": "visual detection and discrimination",
    "TotalReadoutTime": 0.030625,
    "dataset": "ds003669",
    "deltaTE": 0,
    "modality": "bold",
    "run_id": 3,
    "subject_id": "MP02332",
    "task_id": "detectdiscrim"
  },
  "dummy_trs": 1,
  "dvars_nstd": 25.975669284670328,
  "dvars_std": 1.2273773974725275,
  "dvars_vstd": 0.988762153461538,
  "efc": 0.6004631716995813,
  "fber": 150.2644500732422,
  "fd_mean": 0.0976873835676126,
  "fd_num": 14,
  "fd_perc": 7.6502732240437155,
  "fwhm_avg": 2.5433800000000004,
  "fwhm_x": 2.3954166666666667,
  "fwhm_y": 2.5697933333333336,
  "fwhm_z": 2.66493,
  "gcor": 0.0287727,
  "gsr_x": 0.012449156492948532,
  "gsr_y": 0.032033372670412064,
  "provenance": {
    "md5sum": "834932ae178b20ad6adc8453e7090294",
    "settings": {
      "fd_thres": 0.2,
      "testing": false
    },
    "software": "mriqc",
    "version": "21.0.0rc2",
    "webapi_port": null,
    "webapi_url": "https://mriqc.nimh.nih.gov/api/v1"
  },
  "size_t": 183,
  "size_x": 64,
  "size_y": 64,
  "size_z": 48,
  "snr": 2.3691665388098015,
  "spacing_tr": 0.07000000029802322,
  "spacing_x": 3.0,
  "spacing_y": 3.0,
  "spacing_z": 3.0,
  "summary_bg_k": 21.656760983974458,
  "summary_bg_mad": 14.95564468355276,
  "summary_bg_mean": 102.92625427246094,
  "summary_bg_median": 59.25682830810547,
  "summary_bg_n": 112348.0,
  "summary_bg_p05": 48.00737590789795,
  "summary_bg_p95": 324.73332061767553,
  "summary_bg_stdv": 112.96138763427734,
  "summary_fg_k": 1.2742716590181526,
  "summary_fg_mad": 289.78796910665585,
  "summary_fg_mean": 810.2018432617188,
  "summary_fg_median": 747.5081787109375,
  "summary_fg_n": 39828.0,
  "summary_fg_p05": 420.7805938720703,
  "summary_fg_p95": 1423.7458740234376,
  "summary_fg_stdv": 315.51129150390625,
  "tsnr": 65.19590804353356
}