{
  "aor": 0.011029945054945055,
  "aqi": 0.004981185,
  "bids_meta": {
    "AcquisitionDateTime": "20180918123632.045000",
    "ConversionSoftware": "dicm2nii.m 20180808",
    "DeviceSerialNumber": "167032",
    "EchoTime": 0.03,
    "EchoTime1": 0.03,
    "EchoTime2": 0.03,
    "EffectiveEchoSpacing": 0.00048611111,
    "FlipAngle": 90,
    "ImageType": [
      "ORIGINAL",
      "PRIMARY",
      "M",
      "ND",
      "MOSAIC"
    ],
    "InstitutionAddress": "Queen Square 12,London,Southeast,GB,WC1N 3BG",
    "InstitutionName": "FIL",
    "MRAcquisitionType": "2D",
    "Manufacturer": "SIEMENS",
    "Modality": "MR",
    "PatientName": "MP02361",
    "PatientPosition": "HFS",
    "PhaseEncodingDirection": "j-",
    "RepetitionTime": 3.36,
    "ScanOptions": "FS",
    "ScanningSequence": "RM",
    "SequenceName": "ep2d_2i2d1",
    "SequenceVariant": "SP\\OSP",
    "SeriesDescription": "nc_epi2d_v2i_3mm_OFC_64ch",
    "SeriesNumber": 10,
    "SliceThickness": 2.5,
    "SliceTiming": [
      0,
      0.07,
      0.14,
      0.21,
      0.28,
      0.35,
      0.42,
      0.49,
      0.56,
      0.63,
      0.7,
      0.77,
      0.84,
      0.91,
      0.98,
      1.05,
      1.12,
      1.19,
      1.26,
      1.33,
      1.4,
      1.47,
      1.54,
      1.61,
      1.68,
      1.75,
      1.82,
      1.89,
      1.96,
      2.03,
      2.1,
      2.17,
      2.24,
      2.31,
      2.38,
      2.45,
      2.52,
      2.59,
      2.66,
      2.73,
      2.8,
      2.87,
      2.94,
      3.01,
      3.08,
      3.15,
      3.22,
      3.29
    ],
    "SoftwareVersion": "syngo MR E11",
    "TaskName": "visual detection and discrimination",
    "TotalReadoutTime": 0.030625,
    "dataset": "ds003669",
    "deltaTE": 0,
    "modality": "bold",
    "run_id": 4,
    "subject_id": "MP02361",
    "task_id": "detectdiscrim"
  },
  "dummy_trs": 2,
  "dvars_nstd": 26.75994289243093,
  "dvars_std": 1.328297667734807,
  "dvars_vstd": 1.0904874070718231,
  "efc": 0.5931037850303112,
  "fber": 167.26760864257812,
  "fd_mean": 0.15366323024219725,
  "fd_num": 36,
  "fd_perc": 19.78021978021978,
  "fwhm_avg": 2.5782900000000004,
  "fwhm_x": 2.4705266666666668,
  "fwhm_y": 2.56778,
  "fwhm_z": 2.696563333333333,
  "gcor": 0.0140823,
  "gsr_x": 0.027447262778878212,
  "gsr_y": 0.025714052841067314,
  "provenance": {
    "md5sum": "8bc94ee101b7dc881a01bfd72028d3f4",
    "settings": {
      "fd_thres": 0.2,
      "testing": false
    },
    "software": "mriqc",
    "version": "21.0.0rc2",
    "webapi_port": null,
    "webapi_url": "https://mriqc.nimh.nih.gov/api/v1"
  },
  "size_t": 182,
  "size_x": 64,
  "size_y": 64,
  "size_z": 48,
  "snr": 2.333597616559484,
  "spacing_tr": 0.07000000029802322,
  "spacing_x": 3.0,
  "spacing_y": 3.0,
  "spacing_z": 3.0,
  "summary_bg_k": 34.188179642366414,
  "summary_bg_mad": 13.074599905638134,
  "summary_bg_mean": 96.81700134277344,
  "summary_bg_median": 56.972530364990234,
  "summary_bg_n": 112630.0,
  "summary_bg_p05": 45.79121017456055,
  "summary_bg_p95": 281.4645690917968,
  "summary_bg_stdv": 110.38113403320312,
  "summary_fg_k": 1.872369313600112,
  "summary_fg_mad": 284.8796092290269,
  "summary_fg_mean": 803.7586669921875,
  "summary_fg_median": 741.1483764648438,
  "summary_fg_n": 41784.0,
  "summary_fg_p05": 413.00879364013673,
  "summary_fg_p95": 1413.166546630859,
  "summary_fg_stdv": 317.5952453613281,
  "tsnr": 59.88345325179398
}