{
  "aor": 0.010753646408839778,
  "aqi": 0.005183410110497238,
  "bids_meta": {
    "AcquisitionDateTime": "20180918121207.727500",
    "ConversionSoftware": "dicm2nii.m 20180808",
    "DeviceSerialNumber": "167032",
    "EchoTime": 0.03,
    "EchoTime1": 0.03,
    "EchoTime2": 0.03,
    "EffectiveEchoSpacing": 0.00048611111,
    "FlipAngle": 90,
    "ImageType": [
      "ORIGINAL",
      "PRIMARY",
      "M",
      "ND",
      "MOSAIC"
    ],
    "InstitutionAddress": "Queen Square 12,London,Southeast,GB,WC1N 3BG",
    "InstitutionName": "FIL",
    "MRAcquisitionType": "2D",
    "Manufacturer": "SIEMENS",
    "Modality": "MR",
    "PatientName": "MP02361",
    "PatientPosition": "HFS",
    "PhaseEncodingDirection": "j-",
    "RepetitionTime": 3.36,
    "ScanOptions": "FS",
    "ScanningSequence": "RM",
    "SequenceName": "ep2d_2i2d1",
    "SequenceVariant": "SP\\OSP",
    "SeriesDescription": "nc_epi2d_v2i_3mm_OFC_64ch",
    "SeriesNumber": 8,
    "SliceThickness": 2.5,
    "SliceTiming": [
      0,
      0,
      0,
      0,
      0,
      0,
      0,
      0,
      0,
      0,
      0,
      0,
      0,
      0,
      0,
      0,
      0,
      0,
      0,
      0,
      0,
      0,
      0,
      0,
      0,
      0,
      0,
      0,
      0,
      0,
      0,
      0,
      0,
      0,
      0,
      0,
      0,
      0,
      0,
      0,
      0,
      0,
      0,
      0,
      0,
      0,
      0,
      0
    ],
    "SoftwareVersion": "syngo MR E11",
    "TaskName": "visual detection and discrimination",
    "TotalReadoutTime": 0.030625,
    "dataset": "ds003669",
    "deltaTE": 0,
    "modality": "bold",
    "run_id": 2,
    "subject_id": "MP02361",
    "task_id": "detectdiscrim"
  },
  "dummy_trs": 3,
  "dvars_nstd": 25.284223641277787,
  "dvars_std": 1.310815710888889,
  "dvars_vstd": 1.0333619801111111,
  "efc": 0.5912158524111073,
  "fber": 171.2345733642578,
  "fd_mean": 0.11182300659281313,
  "fd_num": 15,
  "fd_perc": 8.287292817679559,
  "fwhm_avg": 2.5897722222222224,
  "fwhm_x": 2.4739,
  "fwhm_y": 2.56913,
  "fwhm_z": 2.7262866666666667,
  "gcor": 0.00747944,
  "gsr_x": 0.024242941290140152,
  "gsr_y": 0.026172583922743797,
  "provenance": {
    "md5sum": "cd50d1309861b7cd11a9e154354753c8",
    "settings": {
      "fd_thres": 0.2,
      "testing": false
    },
    "software": "mriqc",
    "version": "21.0.0rc2",
    "webapi_port": null,
    "webapi_url": "https://mriqc.nimh.nih.gov/api/v1"
  },
  "size_t": 181,
  "size_x": 64,
  "size_y": 64,
  "size_z": 48,
  "snr": 2.348805386692978,
  "spacing_tr": 0.07000000029802322,
  "spacing_x": 3.0,
  "spacing_y": 3.0,
  "spacing_z": 3.0,
  "summary_bg_k": 35.32961060636535,
  "summary_bg_mad": 12.466967932941083,
  "summary_bg_mean": 95.22733306884766,
  "summary_bg_median": 56.569061279296875,
  "summary_bg_n": 112754.0,
  "summary_bg_p05": 45.994476318359375,
  "summary_bg_p95": 274.606376647949,
  "summary_bg_stdv": 108.12913513183594,
  "summary_fg_k": 1.8666974184610492,
  "summary_fg_mad": 285.6999088573688,
  "summary_fg_mean": 809.1983642578125,
  "summary_fg_median": 746.0828857421875,
  "summary_fg_n": 41334.0,
  "summary_fg_p05": 420.61300506591795,
  "summary_fg_p95": 1421.0277099609375,
  "summary_fg_stdv": 317.63970947265625,
  "tsnr": 61.44520282861777
}