{
  "aor": 0.007074230769230769,
  "aqi": 0.006233434285714285,
  "bids_meta": {
    "AcquisitionDateTime": "20180918120012.792500",
    "ConversionSoftware": "dicm2nii.m 20180808",
    "DeviceSerialNumber": "167032",
    "EchoTime": 0.03,
    "EchoTime1": 0.03,
    "EchoTime2": 0.03,
    "EffectiveEchoSpacing": 0.00048611111,
    "FlipAngle": 90,
    "ImageType": [
      "ORIGINAL",
      "PRIMARY",
      "M",
      "ND",
      "MOSAIC"
    ],
    "InstitutionAddress": "Queen Square 12,London,Southeast,GB,WC1N 3BG",
    "InstitutionName": "FIL",
    "MRAcquisitionType": "2D",
    "Manufacturer": "SIEMENS",
    "Modality": "MR",
    "PatientName": "MP02361",
    "PatientPosition": "HFS",
    "PhaseEncodingDirection": "j-",
    "RepetitionTime": 3.36,
    "ScanOptions": "FS",
    "ScanningSequence": "RM",
    "SequenceName": "ep2d_2i2d1",
    "SequenceVariant": "SP\\OSP",
    "SeriesDescription": "nc_epi2d_v2i_3mm_OFC_64ch",
    "SeriesNumber": 7,
    "SliceThickness": 2.5,
    "SliceTiming": [
      0,
      0.07,
      0.14,
      0.21,
      0.28,
      0.35,
      0.42,
      0.49,
      0.56,
      0.63,
      0.7,
      0.77,
      0.84,
      0.91,
      0.98,
      1.05,
      1.12,
      1.19,
      1.26,
      1.33,
      1.4,
      1.47,
      1.54,
      1.61,
      1.68,
      1.75,
      1.82,
      1.89,
      1.96,
      2.03,
      2.1,
      2.17,
      2.24,
      2.31,
      2.38,
      2.45,
      2.52,
      2.59,
      2.66,
      2.73,
      2.8,
      2.87,
      2.94,
      3.01,
      3.08,
      3.15,
      3.22,
      3.29
    ],
    "SoftwareVersion": "syngo MR E11",
    "TaskName": "visual detection and discrimination",
    "TotalReadoutTime": 0.030625,
    "dataset": "ds003669",
    "deltaTE": 0,
    "modality": "bold",
    "run_id": 1,
    "subject_id": "MP02361",
    "task_id": "detectdiscrim"
  },
  "dummy_trs": 2,
  "dvars_nstd": 29.137600809116034,
  "dvars_std": 1.2942941590607728,
  "dvars_vstd": 1.0009032309392267,
  "efc": 0.5899141211987897,
  "fber": 171.94190979003906,
  "fd_mean": 0.13332639580745345,
  "fd_num": 20,
  "fd_perc": 10.989010989010989,
  "fwhm_avg": 2.602528888888889,
  "fwhm_x": 2.481053333333333,
  "fwhm_y": 2.5970400000000002,
  "fwhm_z": 2.7294933333333335,
  "gcor": 0.00858376,
  "gsr_x": 0.023579008877277374,
  "gsr_y": 0.026968423277139664,
  "provenance": {
    "md5sum": "36132da0fd32417aa33af4aa5c7971f7",
    "settings": {
      "fd_thres": 0.2,
      "testing": false
    },
    "software": "mriqc",
    "version": "21.0.0rc2",
    "webapi_port": null,
    "webapi_url": "https://mriqc.nimh.nih.gov/api/v1"
  },
  "size_t": 182,
  "size_x": 64,
  "size_y": 64,
  "size_z": 48,
  "snr": 2.3355167631830915,
  "spacing_tr": 0.07000000029802322,
  "spacing_x": 3.0,
  "spacing_y": 3.0,
  "spacing_z": 3.0,
  "summary_bg_k": 36.137136828470034,
  "summary_bg_mad": 11.966720330371771,
  "summary_bg_mean": 93.89568328857422,
  "summary_bg_median": 56.29121017456055,
  "summary_bg_n": 112926.0,
  "summary_bg_p05": 46.373626708984375,
  "summary_bg_p95": 267.885986328125,
  "summary_bg_stdv": 106.01488494873047,
  "summary_fg_k": 1.9317321383720545,
  "summary_fg_mad": 284.6270492441729,
  "summary_fg_mean": 808.0333251953125,
  "summary_fg_median": 743.6785888671875,
  "summary_fg_n": 41262.0,
  "summary_fg_p05": 420.67144775390625,
  "summary_fg_p95": 1419.822845458984,
  "summary_fg_stdv": 318.4175720214844,
  "tsnr": 52.67486477456987
}