{
  "aor": 0.004160274725274726,
  "aqi": 0.003366368736263736,
  "bids_meta": {
    "AcquisitionDateTime": "20180918122357.230000",
    "ConversionSoftware": "dicm2nii.m 20180808",
    "DeviceSerialNumber": "167032",
    "EchoTime": 0.03,
    "EchoTime1": 0.03,
    "EchoTime2": 0.03,
    "EffectiveEchoSpacing": 0.00048611111,
    "FlipAngle": 90,
    "ImageType": [
      "ORIGINAL",
      "PRIMARY",
      "M",
      "ND",
      "MOSAIC"
    ],
    "InstitutionAddress": "Queen Square 12,London,Southeast,GB,WC1N 3BG",
    "InstitutionName": "FIL",
    "MRAcquisitionType": "2D",
    "Manufacturer": "SIEMENS",
    "Modality": "MR",
    "PatientName": "MP02361",
    "PatientPosition": "HFS",
    "PhaseEncodingDirection": "j-",
    "RepetitionTime": 3.36,
    "ScanOptions": "FS",
    "ScanningSequence": "RM",
    "SequenceName": "ep2d_2i2d1",
    "SequenceVariant": "SP\\OSP",
    "SeriesDescription": "nc_epi2d_v2i_3mm_OFC_64ch",
    "SeriesNumber": 9,
    "SliceThickness": 2.5,
    "SliceTiming": [
      0,
      0.07,
      0.14,
      0.21,
      0.28,
      0.35,
      0.42,
      0.49,
      0.56,
      0.63,
      0.7,
      0.77,
      0.84,
      0.91,
      0.98,
      1.05,
      1.12,
      1.19,
      1.26,
      1.33,
      1.4,
      1.47,
      1.54,
      1.61,
      1.68,
      1.75,
      1.82,
      1.89,
      1.96,
      2.03,
      2.1,
      2.17,
      2.24,
      2.31,
      2.38,
      2.45,
      2.52,
      2.59,
      2.66,
      2.73,
      2.8,
      2.87,
      2.94,
      3.01,
      3.08,
      3.15,
      3.22,
      3.29
    ],
    "SoftwareVersion": "syngo MR E11",
    "TaskName": "visual detection and discrimination",
    "TotalReadoutTime": 0.030625,
    "dataset": "ds003669",
    "deltaTE": 0,
    "modality": "bold",
    "run_id": 3,
    "subject_id": "MP02361",
    "task_id": "detectdiscrim"
  },
  "dummy_trs": 2,
  "dvars_nstd": 26.28132892812155,
  "dvars_std": 1.3160078692265196,
  "dvars_vstd": 1.0293238944751382,
  "efc": 0.5923160246592939,
  "fber": 170.7761688232422,
  "fd_mean": 0.13663235048191166,
  "fd_num": 29,
  "fd_perc": 15.934065934065934,
  "fwhm_avg": 2.5433711111111115,
  "fwhm_x": 2.4455733333333334,
  "fwhm_y": 2.53632,
  "fwhm_z": 2.64822,
  "gcor": 0.0154611,
  "gsr_x": 0.025184810161590576,
  "gsr_y": 0.024845097213983536,
  "provenance": {
    "md5sum": "afa007c272b267384d97efc215a72f32",
    "settings": {
      "fd_thres": 0.2,
      "testing": false
    },
    "software": "mriqc",
    "version": "21.0.0rc2",
    "webapi_port": null,
    "webapi_url": "https://mriqc.nimh.nih.gov/api/v1"
  },
  "size_t": 182,
  "size_x": 64,
  "size_y": 64,
  "size_z": 48,
  "snr": 2.3780686178698094,
  "spacing_tr": 0.07000000029802322,
  "spacing_x": 3.0,
  "spacing_y": 3.0,
  "spacing_z": 3.0,
  "summary_bg_k": 33.71378133906875,
  "summary_bg_mad": 12.15408165199139,
  "summary_bg_mean": 96.1290054321289,
  "summary_bg_median": 56.648353576660156,
  "summary_bg_n": 112810.0,
  "summary_bg_p05": 46.93406677246094,
  "summary_bg_p95": 281.0030212402343,
  "summary_bg_stdv": 109.26708221435547,
  "summary_fg_k": 1.8356363026623406,
  "summary_fg_mad": 282.9244637497159,
  "summary_fg_mean": 812.560791015625,
  "summary_fg_median": 748.6593627929688,
  "summary_fg_n": 40971.0,
  "summary_fg_p05": 431.1483612060547,
  "summary_fg_p95": 1422.5302124023438,
  "summary_fg_stdv": 314.81439208984375,
  "tsnr": 68.0131950735813
}