{
  "aor": 0.0022325274725274727,
  "aqi": 0.006068883296703297,
  "bids_meta": {
    "AcquisitionDateTime": "20190121102956.290000",
    "ConversionSoftware": "dicm2nii.m 20180808",
    "DeviceSerialNumber": "167032",
    "EchoTime": 0.03,
    "EchoTime1": 0.03,
    "EchoTime2": 0.03,
    "EffectiveEchoSpacing": 0.00048611111,
    "FlipAngle": 90,
    "ImageType": [
      "ORIGINAL",
      "PRIMARY",
      "M",
      "ND",
      "MOSAIC"
    ],
    "InstitutionAddress": "Queen Square 12,London,Southeast,GB,WC1N 3BG",
    "InstitutionName": "FIL",
    "MRAcquisitionType": "2D",
    "Manufacturer": "SIEMENS",
    "Modality": "MR",
    "PatientName": "MP02546",
    "PatientPosition": "HFS",
    "PhaseEncodingDirection": "j-",
    "RepetitionTime": 3.36,
    "ScanOptions": "FS",
    "ScanningSequence": "RM",
    "SequenceName": "ep2d_2i2d1",
    "SequenceVariant": "SP\\OSP",
    "SeriesDescription": "nc_epi2d_v2i_3mm_OFC_64ch",
    "SeriesNumber": 10,
    "SliceThickness": 2.5,
    "SliceTiming": [
      0,
      0,
      0,
      0,
      0,
      0,
      0,
      0,
      0,
      0,
      0,
      0,
      0,
      0,
      0,
      0,
      0,
      0,
      0,
      0,
      0,
      0,
      0,
      0,
      0,
      0,
      0,
      0,
      0,
      0,
      0,
      0,
      0,
      0,
      0,
      0,
      0,
      0,
      0,
      0,
      0,
      0,
      0,
      0,
      0,
      0,
      0,
      0
    ],
    "SoftwareVersion": "syngo MR E11",
    "TaskName": "visual detection and discrimination",
    "TotalReadoutTime": 0.030625,
    "dataset": "ds003669",
    "deltaTE": 0,
    "modality": "bold",
    "run_id": 5,
    "subject_id": "MP02546",
    "task_id": "detectdiscrim"
  },
  "dummy_trs": 2,
  "dvars_nstd": 28.657574921988935,
  "dvars_std": 1.3007401881215463,
  "dvars_vstd": 0.9693824522651936,
  "efc": 0.6291835623671269,
  "fber": 127.10791778564453,
  "fd_mean": 0.07620221033787175,
  "fd_num": 5,
  "fd_perc": 2.7472527472527473,
  "fwhm_avg": 2.584248888888889,
  "fwhm_x": 2.448843333333333,
  "fwhm_y": 2.6217633333333334,
  "fwhm_z": 2.68214,
  "gcor": 0.00760623,
  "gsr_x": 0.010571897961199284,
  "gsr_y": 0.05015780031681061,
  "provenance": {
    "md5sum": "ececb708477fc75b36e77269b478e313",
    "settings": {
      "fd_thres": 0.2,
      "testing": false
    },
    "software": "mriqc",
    "version": "21.0.0rc2",
    "webapi_port": null,
    "webapi_url": "https://mriqc.nimh.nih.gov/api/v1"
  },
  "size_t": 182,
  "size_x": 64,
  "size_y": 64,
  "size_z": 48,
  "snr": 2.0940933900940384,
  "spacing_tr": 0.07000000029802322,
  "spacing_x": 3.0,
  "spacing_y": 3.0,
  "spacing_z": 3.0,
  "summary_bg_k": 23.830057271495622,
  "summary_bg_mad": 21.277782826451638,
  "summary_bg_mean": 123.45763397216797,
  "summary_bg_median": 66.30769348144531,
  "summary_bg_n": 97452.0,
  "summary_bg_p05": 50.115386962890625,
  "summary_bg_p95": 400.55715942382795,
  "summary_bg_stdv": 146.16879272460938,
  "summary_fg_k": 2.9770584804099336,
  "summary_fg_mad": 332.2902130214454,
  "summary_fg_mean": 876.7021484375,
  "summary_fg_median": 794.532958984375,
  "summary_fg_n": 49305.0,
  "summary_fg_p05": 433.3186950683594,
  "summary_fg_p95": 1599.5857910156249,
  "summary_fg_stdv": 379.412353515625,
  "tsnr": 55.55683808773756
}