{
  "aor": 0.010333186813186814,
  "aqi": 0.0045179992857142855,
  "bids_meta": {
    "AcquisitionDateTime": "20180919102649.172500",
    "ConversionSoftware": "dicm2nii.m 20180808",
    "DeviceSerialNumber": "167032",
    "EchoTime": 0.03,
    "EchoTime1": 0.03,
    "EchoTime2": 0.03,
    "EffectiveEchoSpacing": 0.00048611111,
    "FlipAngle": 90,
    "ImageType": [
      "ORIGINAL",
      "PRIMARY",
      "M",
      "ND",
      "MOSAIC"
    ],
    "InstitutionAddress": "Queen Square 12,London,Southeast,GB,WC1N 3BG",
    "InstitutionName": "FIL",
    "MRAcquisitionType": "2D",
    "Manufacturer": "SIEMENS",
    "Modality": "MR",
    "PatientName": "MP02363",
    "PatientPosition": "HFS",
    "PhaseEncodingDirection": "j-",
    "RepetitionTime": 3.36,
    "ScanOptions": "FS",
    "ScanningSequence": "RM",
    "SequenceName": "ep2d_2i2d1",
    "SequenceVariant": "SP\\OSP",
    "SeriesDescription": "nc_epi2d_v2i_3mm_OFC_64ch",
    "SeriesNumber": 6,
    "SliceThickness": 2.5,
    "SliceTiming": [
      0,
      0.07,
      0.14,
      0.21,
      0.28,
      0.35,
      0.42,
      0.49,
      0.56,
      0.63,
      0.7,
      0.77,
      0.84,
      0.91,
      0.98,
      1.05,
      1.12,
      1.19,
      1.26,
      1.33,
      1.4,
      1.47,
      1.54,
      1.61,
      1.68,
      1.75,
      1.82,
      1.89,
      1.96,
      2.03,
      2.1,
      2.17,
      2.24,
      2.31,
      2.38,
      2.45,
      2.52,
      2.59,
      2.66,
      2.73,
      2.8,
      2.87,
      2.94,
      3.01,
      3.08,
      3.15,
      3.22,
      3.29
    ],
    "SoftwareVersion": "syngo MR E11",
    "TaskName": "visual detection and discrimination",
    "TotalReadoutTime": 0.030625,
    "dataset": "ds003669",
    "deltaTE": 0,
    "modality": "bold",
    "run_id": 1,
    "subject_id": "MP02363",
    "task_id": "detectdiscrim"
  },
  "dummy_trs": 2,
  "dvars_nstd": 34.00173412756908,
  "dvars_std": 1.5175732824309391,
  "dvars_vstd": 1.0909407169613259,
  "efc": 0.5804430181567737,
  "fber": 170.52688598632812,
  "fd_mean": 0.10365042179152313,
  "fd_num": 15,
  "fd_perc": 8.241758241758241,
  "fwhm_avg": 2.5771633333333335,
  "fwhm_x": 2.4348433333333332,
  "fwhm_y": 2.621443333333333,
  "fwhm_z": 2.6752033333333336,
  "gcor": 0.018229,
  "gsr_x": 0.050070445984601974,
  "gsr_y": 0.03436150774359703,
  "provenance": {
    "md5sum": "ac8bf1528f17514d7fe4165d4645dd10",
    "settings": {
      "fd_thres": 0.2,
      "testing": false
    },
    "software": "mriqc",
    "version": "21.0.0rc2",
    "webapi_port": null,
    "webapi_url": "https://mriqc.nimh.nih.gov/api/v1"
  },
  "size_t": 182,
  "size_x": 64,
  "size_y": 64,
  "size_z": 48,
  "snr": 2.0375419687726852,
  "spacing_tr": 0.07000000029802322,
  "spacing_x": 3.0,
  "spacing_y": 3.0,
  "spacing_z": 3.0,
  "summary_bg_k": 29.59205349282535,
  "summary_bg_mad": 12.040034892438758,
  "summary_bg_mean": 106.08718872070312,
  "summary_bg_median": 57.225276947021484,
  "summary_bg_n": 112208.0,
  "summary_bg_p05": 47.76923370361328,
  "summary_bg_p95": 365.89891510009755,
  "summary_bg_stdv": 138.8802032470703,
  "summary_fg_k": 2.9298874467235905,
  "summary_fg_mad": 315.22408964503774,
  "summary_fg_mean": 861.049560546875,
  "summary_fg_median": 772.6044311523438,
  "summary_fg_n": 39753.0,
  "summary_fg_p05": 428.38902587890624,
  "summary_fg_p95": 1600.4417724609375,
  "summary_fg_stdv": 379.1797790527344,
  "tsnr": 56.72539169341326
}