{
  "bids_meta": {
    "AcquisitionDateTime": "20190102114311.592500",
    "ConversionSoftware": "dicm2nii.m 20180808",
    "DeviceSerialNumber": "167032",
    "EchoTime": 0.00334,
    "FlipAngle": 7,
    "ImageType": [
      "ORIGINAL",
      "PRIMARY",
      "M",
      "ND"
    ],
    "InstitutionAddress": "Queen Square 12,London,Southeast,GB,WC1N 3BG",
    "InstitutionName": "Functional Imaging Laboratory",
    "InversionTime": 1.1,
    "MRAcquisitionType": "3D",
    "Manufacturer": "SIEMENS",
    "Modality": "MR",
    "PatientName": "MP02522",
    "PatientPosition": "HFS",
    "PhaseEncodingDirection": "j-",
    "RepetitionTime": 2.53,
    "ScanOptions": "IR",
    "ScanningSequence": "GR\\IR",
    "SequenceName": "*tfl3d1_16ns",
    "SequenceVariant": "SK\\SP\\MP",
    "SeriesDescription": "MPRAGE_64ch_Head",
    "SeriesNumber": 2,
    "SliceThickness": 1,
    "SoftwareVersion": "syngo MR E11",
    "dataset": "ds003669",
    "modality": "T1w",
    "subject_id": "MP02522"
  },
  "cjv": 0.5987115943355493,
  "cnr": 1.6237108199710513,
  "efc": 0.6447913844447618,
  "fber": 19.570622048384706,
  "fwhm_avg": 4.0324,
  "fwhm_x": 4.13109,
  "fwhm_y": 4.19109,
  "fwhm_z": 3.77502,
  "icvs_csf": 0.17490274985966858,
  "icvs_gm": 0.43623912067886456,
  "icvs_wm": 0.38885812946146686,
  "inu_med": 1.0055434703826904,
  "inu_range": 0.2567567825317383,
  "provenance": {
    "md5sum": "549aa2e43cf37675c78032c20a57aeb2",
    "settings": {
      "testing": false
    },
    "software": "mriqc",
    "version": "21.0.0rc2",
    "warnings": {
      "large_rot_frame": true,
      "small_air_mask": false
    },
    "webapi_port": null,
    "webapi_url": "https://mriqc.nimh.nih.gov/api/v1"
  },
  "qi_1": 0.0,
  "qi_2": 0.0017374965237984632,
  "rpve_csf": 33.39056832979384,
  "rpve_gm": 13.8089020482858,
  "rpve_wm": 17.47531702482979,
  "size_x": 176,
  "size_y": 256,
  "size_z": 256,
  "snr_csf": 3.841032048981151,
  "snr_gm": 8.453877691245072,
  "snr_total": 5.620716268233953,
  "snr_wm": 4.567239064475637,
  "snrd_csf": 19.780530775082067,
  "snrd_gm": 29.95513266199202,
  "snrd_total": 32.60266324551986,
  "snrd_wm": 48.072326299485475,
  "spacing_x": 1.0,
  "spacing_y": 1.0,
  "spacing_z": 1.0,
  "summary_bg_k": 1276.5654388740286,
  "summary_bg_mad": 13.628140084228189,
  "summary_bg_mean": 166.2072683843927,
  "summary_bg_median": 165.3522794097662,
  "summary_bg_n": 2503127.0,
  "summary_bg_p05": 143.8867750391364,
  "summary_bg_p95": 189.3769315034151,
  "summary_bg_stdv": 22.39655729020804,
  "summary_csf_k": 1.033449827574521,
  "summary_csf_mad": 100.23651897178063,
  "summary_csf_mean": 400.7133626777673,
  "summary_csf_median": 411.474394608289,
  "summary_csf_n": 3858.0,
  "summary_csf_p05": 215.16948462612928,
  "summary_csf_p95": 552.2353535000233,
  "summary_csf_stdv": 107.11211426587715,
  "summary_gm_k": 1.0070781759973721,
  "summary_gm_mad": 67.05664382353189,
  "summary_gm_mean": 630.9285520099687,
  "summary_gm_median": 623.1263568028808,
  "summary_gm_n": 23565.0,
  "summary_gm_p05": 525.2624587744474,
  "summary_gm_p95": 767.4205063775181,
  "summary_gm_stdv": 73.70737524038907,
  "summary_wm_k": 2.187745311984391,
  "summary_wm_mad": 158.58199370738257,
  "summary_wm_mean": 1059.716583279334,
  "summary_wm_median": 1000.0000296458602,
  "summary_wm_n": 121145.0,
  "summary_wm_p05": 820.8074615299702,
  "summary_wm_p95": 1531.310433447361,
  "summary_wm_stdv": 218.94976116529284,
  "tpm_overlap_csf": 0.13145096600055695,
  "tpm_overlap_gm": 0.4058542251586914,
  "tpm_overlap_wm": 0.4107283651828766,
  "wm2max": 0.30730094531914554
}