{
  "bids_meta": {
    "AcquisitionDateTime": "20180829154526.815000",
    "ConversionSoftware": "dicm2nii.m 20180808",
    "DeviceSerialNumber": "167032",
    "EchoTime": 0.00334,
    "FlipAngle": 7,
    "ImageType": [
      "ORIGINAL",
      "PRIMARY",
      "M",
      "ND"
    ],
    "InstitutionAddress": "Queen Square 12,London,Southeast,GB,WC1N 3BG",
    "InstitutionName": "Functional Imaging Laboratory",
    "InversionTime": 1.1,
    "MRAcquisitionType": "3D",
    "Manufacturer": "SIEMENS",
    "Modality": "MR",
    "PatientName": "MP02337",
    "PatientPosition": "HFS",
    "PhaseEncodingDirection": "j-",
    "RepetitionTime": 2.53,
    "ScanOptions": "IR",
    "ScanningSequence": "GR\\IR",
    "SequenceName": "*tfl3d1_16ns",
    "SequenceVariant": "SK\\SP\\MP",
    "SeriesDescription": "MPRAGE_64ch_Head",
    "SeriesNumber": 2,
    "SliceThickness": 1,
    "SoftwareVersion": "syngo MR E11",
    "dataset": "ds003669",
    "modality": "T1w",
    "subject_id": "MP02337"
  },
  "cjv": 0.5951528359086637,
  "cnr": 1.6242186555297504,
  "efc": 0.6753954883432705,
  "fber": 19.771939280927683,
  "fwhm_avg": 4.287086666666666,
  "fwhm_x": 4.4171,
  "fwhm_y": 4.26432,
  "fwhm_z": 4.17984,
  "icvs_csf": 0.2122762003428526,
  "icvs_gm": 0.42648511735441286,
  "icvs_wm": 0.36123868230273454,
  "inu_med": 1.1723947525024414,
  "inu_range": 0.33974002003669734,
  "provenance": {
    "md5sum": "15e0ad085446bc96617d8ffffdb56202",
    "settings": {
      "testing": false
    },
    "software": "mriqc",
    "version": "21.0.0rc2",
    "warnings": {
      "large_rot_frame": true,
      "small_air_mask": false
    },
    "webapi_port": null,
    "webapi_url": "https://mriqc.nimh.nih.gov/api/v1"
  },
  "qi_1": 0.0,
  "qi_2": 0.0028341773612650216,
  "rpve_csf": 25.41447307061995,
  "rpve_gm": 12.195346772255633,
  "rpve_wm": 15.983406775765118,
  "size_x": 176,
  "size_y": 256,
  "size_z": 256,
  "snr_csf": 3.407483885648204,
  "snr_gm": 6.476089760030488,
  "snr_total": 4.501667652738606,
  "snr_wm": 3.621429312537124,
  "snrd_csf": 20.305934617518698,
  "snrd_gm": 30.278014241978443,
  "snrd_total": 35.84289464396705,
  "snrd_wm": 56.94473507240402,
  "spacing_x": 1.0,
  "spacing_y": 1.0,
  "spacing_z": 1.0,
  "summary_bg_k": 0.676813353969326,
  "summary_bg_mad": 11.50555857601784,
  "summary_bg_mean": 142.6543430160053,
  "summary_bg_median": 142.2736577130854,
  "summary_bg_n": 2818920.0,
  "summary_bg_p05": 124.16610127687454,
  "summary_bg_p95": 162.33265506848693,
  "summary_bg_stdv": 11.708252243667399,
  "summary_csf_k": 2.082701549602869,
  "summary_csf_mad": 93.59199987860127,
  "summary_csf_mean": 356.6454356385329,
  "summary_csf_median": 356.61448239535093,
  "summary_csf_n": 7495.0,
  "summary_csf_p05": 189.86612496785818,
  "summary_csf_p95": 529.9659713052212,
  "summary_csf_stdv": 104.64926714539614,
  "summary_gm_k": 1.149870536296321,
  "summary_gm_mad": 75.69446431590684,
  "summary_gm_mean": 548.6133602107524,
  "summary_gm_median": 531.7449593059719,
  "summary_gm_n": 35457.0,
  "summary_gm_p05": 445.3369706980884,
  "summary_gm_p95": 706.6031421348453,
  "summary_gm_stdv": 82.10779660384854,
  "summary_wm_k": 1.568005309595355,
  "summary_wm_mad": 203.02937428733236,
  "summary_wm_mean": 1089.2883760279542,
  "summary_wm_median": 1000.0680887382478,
  "summary_wm_n": 113518.0,
  "summary_wm_p05": 793.8733953349292,
  "summary_wm_p95": 1679.471321223862,
  "summary_wm_stdv": 276.15165105630473,
  "tpm_overlap_csf": 0.12460409849882126,
  "tpm_overlap_gm": 0.3663904666900635,
  "tpm_overlap_wm": 0.37666499614715576,
  "wm2max": 0.38053670413925295
}