{
  "aor": 0.0015719780219780222,
  "aqi": 0.005002416483516484,
  "bids_meta": {
    "AcquisitionDateTime": "20180914121250.882500",
    "ConversionSoftware": "dicm2nii.m 20180808",
    "DeviceSerialNumber": "167032",
    "EchoTime": 0.03,
    "EchoTime1": 0.03,
    "EchoTime2": 0.03,
    "EffectiveEchoSpacing": 0.00048611111,
    "FlipAngle": 90,
    "ImageType": [
      "ORIGINAL",
      "PRIMARY",
      "M",
      "ND",
      "MOSAIC"
    ],
    "InstitutionAddress": "Queen Square 12,London,Southeast,GB,WC1N 3BG",
    "InstitutionName": "Functional Imaging Laboratory",
    "MRAcquisitionType": "2D",
    "Manufacturer": "SIEMENS",
    "Modality": "MR",
    "PatientName": "MP02354",
    "PatientPosition": "HFS",
    "PhaseEncodingDirection": "j-",
    "RepetitionTime": 3.36,
    "ScanOptions": "FS",
    "ScanningSequence": "RM",
    "SequenceName": "ep2d_2i2d1",
    "SequenceVariant": "SP\\OSP",
    "SeriesDescription": "nc_epi2d_v2i_3mm_OFC_64ch",
    "SeriesNumber": 7,
    "SliceThickness": 2.5,
    "SliceTiming": [
      0,
      0,
      0,
      0,
      0,
      0,
      0,
      0,
      0,
      0,
      0,
      0,
      0,
      0,
      0,
      0,
      0,
      0,
      0,
      0,
      0,
      0,
      0,
      0,
      0,
      0,
      0,
      0,
      0,
      0,
      0,
      0,
      0,
      0,
      0,
      0,
      0,
      0,
      0,
      0,
      0,
      0,
      0,
      0,
      0,
      0,
      0,
      0
    ],
    "SoftwareVersion": "syngo MR E11",
    "TaskName": "visual detection and discrimination",
    "TotalReadoutTime": 0.030625,
    "dataset": "ds003669",
    "deltaTE": 0,
    "modality": "bold",
    "run_id": 1,
    "subject_id": "MP02354",
    "task_id": "detectdiscrim"
  },
  "dummy_trs": 2,
  "dvars_nstd": 25.171630416519328,
  "dvars_std": 1.248875538453038,
  "dvars_vstd": 0.9602543790055251,
  "efc": 0.6267607441149614,
  "fber": 115.4906005859375,
  "fd_mean": 0.06561384785833936,
  "fd_num": 2,
  "fd_perc": 1.098901098901099,
  "fwhm_avg": 2.58804,
  "fwhm_x": 2.2750966666666668,
  "fwhm_y": 2.7030433333333335,
  "fwhm_z": 2.78598,
  "gcor": 0.0161232,
  "gsr_x": 0.041088737547397614,
  "gsr_y": 0.0353294275701046,
  "provenance": {
    "md5sum": "6f5bb61ff1e885f3051666b4bca2da81",
    "settings": {
      "fd_thres": 0.2,
      "testing": false
    },
    "software": "mriqc",
    "version": "21.0.0rc2",
    "webapi_port": null,
    "webapi_url": "https://mriqc.nimh.nih.gov/api/v1"
  },
  "size_t": 182,
  "size_x": 64,
  "size_y": 64,
  "size_z": 48,
  "snr": 2.058724514788867,
  "spacing_tr": 0.07000000029802322,
  "spacing_x": 3.0,
  "spacing_y": 3.0,
  "spacing_z": 3.0,
  "summary_bg_k": 17.857798568569013,
  "summary_bg_mad": 25.330500739986384,
  "summary_bg_mean": 133.72164916992188,
  "summary_bg_median": 68.12362670898438,
  "summary_bg_n": 102534.0,
  "summary_bg_p05": 49.28571701049805,
  "summary_bg_p95": 457.54752655029205,
  "summary_bg_stdv": 164.92698669433594,
  "summary_fg_k": 2.310435421880074,
  "summary_fg_mad": 323.83863835092734,
  "summary_fg_mean": 859.8591918945312,
  "summary_fg_median": 775.967041015625,
  "summary_fg_n": 45166.0,
  "summary_fg_p05": 419.5755615234375,
  "summary_fg_p95": 1600.3406982421875,
  "summary_fg_stdv": 376.9122314453125,
  "tsnr": 60.13111012103036
}