{
  "bids_meta": {
    "AcquisitionDateTime": "20180912101301.537500",
    "ConversionSoftware": "dicm2nii.m 20180808",
    "DeviceSerialNumber": "167032",
    "EchoTime": 0.00334,
    "FlipAngle": 7,
    "ImageType": [
      "ORIGINAL",
      "PRIMARY",
      "M",
      "ND"
    ],
    "InstitutionAddress": "Queen Square 12,London,Southeast,GB,WC1N 3BG",
    "InstitutionName": "Functional Imaging Laboratory",
    "InversionTime": 1.1,
    "MRAcquisitionType": "3D",
    "Manufacturer": "SIEMENS",
    "Modality": "MR",
    "PatientName": "MP02350",
    "PatientPosition": "HFS",
    "PhaseEncodingDirection": "j-",
    "RepetitionTime": 2.53,
    "ScanOptions": "IR",
    "ScanningSequence": "GR\\IR",
    "SequenceName": "*tfl3d1_16ns",
    "SequenceVariant": "SK\\SP\\MP",
    "SeriesDescription": "MPRAGE_64ch_Head",
    "SeriesNumber": 2,
    "SliceThickness": 1,
    "SoftwareVersion": "syngo MR E11",
    "dataset": "ds003669",
    "modality": "T1w",
    "subject_id": "MP02350"
  },
  "cjv": 0.5440342083981803,
  "cnr": 1.6893855004750977,
  "efc": 0.6468962582246234,
  "fber": 21.179534902198775,
  "fwhm_avg": 3.948186666666667,
  "fwhm_x": 4.00207,
  "fwhm_y": 4.01958,
  "fwhm_z": 3.82291,
  "icvs_csf": 0.17166168795060371,
  "icvs_gm": 0.4404707923116717,
  "icvs_wm": 0.3878675197377246,
  "inu_med": 0.9980417490005493,
  "inu_range": 0.2604811429977417,
  "provenance": {
    "md5sum": "6d9ec0cbae2c943543df373c89697ca2",
    "settings": {
      "testing": false
    },
    "software": "mriqc",
    "version": "21.0.0rc2",
    "warnings": {
      "large_rot_frame": true,
      "small_air_mask": false
    },
    "webapi_port": null,
    "webapi_url": "https://mriqc.nimh.nih.gov/api/v1"
  },
  "qi_1": 0.0,
  "qi_2": 0.0019724265907175307,
  "rpve_csf": 37.206336952255526,
  "rpve_gm": 14.985562188831754,
  "rpve_wm": 18.97179716129375,
  "size_x": 176,
  "size_y": 256,
  "size_z": 256,
  "snr_csf": 2.65021033385031,
  "snr_gm": 7.81636382092476,
  "snr_total": 4.977757550076095,
  "snr_wm": 4.466698495453215,
  "snrd_csf": 19.910871633643048,
  "snrd_gm": 29.838853195421468,
  "snrd_total": 33.19785951085418,
  "snrd_wm": 49.84385370349802,
  "spacing_x": 1.0,
  "spacing_y": 1.0,
  "spacing_z": 1.0,
  "summary_bg_k": 4840.297754889551,
  "summary_bg_mad": 13.144463780212265,
  "summary_bg_mean": 162.32510753244517,
  "summary_bg_median": 161.68292529135942,
  "summary_bg_n": 3177838.0,
  "summary_bg_p05": 141.01353120803833,
  "summary_bg_p95": 184.60811619088054,
  "summary_bg_stdv": 21.31664086742112,
  "summary_csf_k": 2.6603689962653227,
  "summary_csf_mad": 122.26684652363124,
  "summary_csf_mean": 410.1502181367992,
  "summary_csf_median": 399.48587803170085,
  "summary_csf_n": 2013.0,
  "summary_csf_p05": 199.5383434906602,
  "summary_csf_p95": 694.5965619817375,
  "summary_csf_stdv": 150.6999780760459,
  "summary_gm_k": 0.3834228302838518,
  "summary_gm_mad": 72.25566184507215,
  "summary_gm_mean": 603.9299928657019,
  "summary_gm_median": 598.6779829412699,
  "summary_gm_n": 17994.0,
  "summary_gm_p05": 487.8632758552209,
  "summary_gm_p95": 745.1998552121222,
  "summary_gm_stdv": 76.59077301626631,
  "summary_wm_k": 2.8748720584320013,
  "summary_wm_mad": 146.10577048005172,
  "summary_wm_mean": 1064.4840198854135,
  "summary_wm_median": 1000.0524350516498,
  "summary_wm_n": 106300.0,
  "summary_wm_p05": 829.3987828865647,
  "summary_wm_p95": 1564.473782621324,
  "summary_wm_stdv": 223.88968768388244,
  "tpm_overlap_csf": 0.1316671073436737,
  "tpm_overlap_gm": 0.4030652642250061,
  "tpm_overlap_wm": 0.41476890444755554,
  "wm2max": 0.31944254820407486
}