{
  "aor": 0.01616792349726776,
  "aqi": 0.01266726726775956,
  "bids_meta": {
    "AcquisitionDateTime": "20180925112734.835000",
    "ConversionSoftware": "dicm2nii.m 20180808",
    "DeviceSerialNumber": "167032",
    "EchoTime": 0.03,
    "EchoTime1": 0.03,
    "EchoTime2": 0.03,
    "EffectiveEchoSpacing": 0.00048611111,
    "FlipAngle": 90,
    "ImageType": [
      "ORIGINAL",
      "PRIMARY",
      "M",
      "ND",
      "MOSAIC"
    ],
    "InstitutionAddress": "Queen Square 12,London,Southeast,GB,WC1N 3BG",
    "InstitutionName": "FIL",
    "MRAcquisitionType": "2D",
    "Manufacturer": "SIEMENS",
    "Modality": "MR",
    "PatientName": "MP02377",
    "PatientPosition": "HFS",
    "PhaseEncodingDirection": "j-",
    "RepetitionTime": 3.36,
    "ScanOptions": "FS",
    "ScanningSequence": "RM",
    "SequenceName": "ep2d_2i2d1",
    "SequenceVariant": "SP\\OSP",
    "SeriesDescription": "nc_epi2d_v2i_3mm_OFC_64ch",
    "SeriesNumber": 15,
    "SliceThickness": 2.5,
    "SliceTiming": [
      0,
      0,
      0,
      0,
      0,
      0,
      0,
      0,
      0,
      0,
      0,
      0,
      0,
      0,
      0,
      0,
      0,
      0,
      0,
      0,
      0,
      0,
      0,
      0,
      0,
      0,
      0,
      0,
      0,
      0,
      0,
      0,
      0,
      0,
      0,
      0,
      0,
      0,
      0,
      0,
      0,
      0,
      0,
      0,
      0,
      0,
      0,
      0
    ],
    "SoftwareVersion": "syngo MR E11",
    "TaskName": "visual detection and discrimination",
    "TotalReadoutTime": 0.030625,
    "dataset": "ds003669",
    "deltaTE": 0,
    "modality": "bold",
    "run_id": 5,
    "subject_id": "MP02377",
    "task_id": "detectdiscrim"
  },
  "dummy_trs": 1,
  "dvars_nstd": 45.52086120642858,
  "dvars_std": 1.2539779140659344,
  "dvars_vstd": 1.0348431474725275,
  "efc": 0.6002791396018965,
  "fber": 157.2131805419922,
  "fd_mean": 0.2976405453614017,
  "fd_num": 85,
  "fd_perc": 46.44808743169399,
  "fwhm_avg": 2.5929699999999998,
  "fwhm_x": 2.4334266666666666,
  "fwhm_y": 2.6351066666666667,
  "fwhm_z": 2.710376666666667,
  "gcor": 0.0376058,
  "gsr_x": 0.04206174239516258,
  "gsr_y": 0.021627185866236687,
  "provenance": {
    "md5sum": "f9c29f862a37d1d090b9485ced3143bd",
    "settings": {
      "fd_thres": 0.2,
      "testing": false
    },
    "software": "mriqc",
    "version": "21.0.0rc2",
    "webapi_port": null,
    "webapi_url": "https://mriqc.nimh.nih.gov/api/v1"
  },
  "size_t": 183,
  "size_x": 64,
  "size_y": 64,
  "size_z": 48,
  "snr": 2.3077572487212468,
  "spacing_tr": 0.07000000029802322,
  "spacing_x": 3.0,
  "spacing_y": 3.0,
  "spacing_z": 3.0,
  "summary_bg_k": 27.548947306961775,
  "summary_bg_mad": 15.40933756748793,
  "summary_bg_mean": 112.27838897705078,
  "summary_bg_median": 60.530052185058594,
  "summary_bg_n": 112063.0,
  "summary_bg_p05": 48.437156677246094,
  "summary_bg_p95": 355.23167724609357,
  "summary_bg_stdv": 141.46371459960938,
  "summary_fg_k": 1.2486435892394265,
  "summary_fg_mad": 329.47395653680604,
  "summary_fg_mean": 857.0122680664062,
  "summary_fg_median": 790.9043579101562,
  "summary_fg_n": 39532.0,
  "summary_fg_p05": 433.89234161376953,
  "summary_fg_p95": 1509.1245483398434,
  "summary_fg_stdv": 342.71124267578125,
  "tsnr": 30.81479195994325
}