{
  "aor": 0.005368956043956045,
  "aqi": 0.017369891043956042,
  "bids_meta": {
    "AcquisitionDateTime": "20180925104952.115000",
    "ConversionSoftware": "dicm2nii.m 20180808",
    "DeviceSerialNumber": "167032",
    "EchoTime": 0.03,
    "EchoTime1": 0.03,
    "EchoTime2": 0.03,
    "EffectiveEchoSpacing": 0.00048611111,
    "FlipAngle": 90,
    "ImageType": [
      "ORIGINAL",
      "PRIMARY",
      "M",
      "ND",
      "MOSAIC"
    ],
    "InstitutionAddress": "Queen Square 12,London,Southeast,GB,WC1N 3BG",
    "InstitutionName": "FIL",
    "MRAcquisitionType": "2D",
    "Manufacturer": "SIEMENS",
    "Modality": "MR",
    "PatientName": "MP02377",
    "PatientPosition": "HFS",
    "PhaseEncodingDirection": "j-",
    "RepetitionTime": 3.36,
    "ScanOptions": "FS",
    "ScanningSequence": "RM",
    "SequenceName": "ep2d_2i2d1",
    "SequenceVariant": "SP\\OSP",
    "SeriesDescription": "nc_epi2d_v2i_3mm_OFC_64ch",
    "SeriesNumber": 9,
    "SliceThickness": 2.5,
    "SliceTiming": [
      0,
      0,
      0,
      0,
      0,
      0,
      0,
      0,
      0,
      0,
      0,
      0,
      0,
      0,
      0,
      0,
      0,
      0,
      0,
      0,
      0,
      0,
      0,
      0,
      0,
      0,
      0,
      0,
      0,
      0,
      0,
      0,
      0,
      0,
      0,
      0,
      0,
      0,
      0,
      0,
      0,
      0,
      0,
      0,
      0,
      0,
      0,
      0
    ],
    "SoftwareVersion": "syngo MR E11",
    "TaskName": "visual detection and discrimination",
    "TotalReadoutTime": 0.030625,
    "dataset": "ds003669",
    "deltaTE": 0,
    "modality": "bold",
    "run_id": 2,
    "subject_id": "MP02377",
    "task_id": "detectdiscrim"
  },
  "dummy_trs": 2,
  "dvars_nstd": 44.44728479314918,
  "dvars_std": 0.9932801256906076,
  "dvars_vstd": 0.8467960775138121,
  "efc": 0.5971852862954583,
  "fber": 153.8857879638672,
  "fd_mean": 0.33090444086871795,
  "fd_num": 82,
  "fd_perc": 45.05494505494506,
  "fwhm_avg": 2.6184255555555556,
  "fwhm_x": 2.480166666666667,
  "fwhm_y": 2.70608,
  "fwhm_z": 2.66903,
  "gcor": 0.0206649,
  "gsr_x": 0.03490787744522095,
  "gsr_y": 0.022401155903935432,
  "provenance": {
    "md5sum": "099f761cc950836fe9f973538dc24b84",
    "settings": {
      "fd_thres": 0.2,
      "testing": false
    },
    "software": "mriqc",
    "version": "21.0.0rc2",
    "webapi_port": null,
    "webapi_url": "https://mriqc.nimh.nih.gov/api/v1"
  },
  "size_t": 182,
  "size_x": 64,
  "size_y": 64,
  "size_z": 48,
  "snr": 2.2161074818137148,
  "spacing_tr": 0.07000000029802322,
  "spacing_x": 3.0,
  "spacing_y": 3.0,
  "spacing_z": 3.0,
  "summary_bg_k": 28.729387769648525,
  "summary_bg_mad": 18.45106333634873,
  "summary_bg_mean": 113.88687133789062,
  "summary_bg_median": 62.010990142822266,
  "summary_bg_n": 110544.0,
  "summary_bg_p05": 46.69780349731445,
  "summary_bg_p95": 350.67693634033145,
  "summary_bg_stdv": 140.74188232421875,
  "summary_fg_k": 1.5258394956322352,
  "summary_fg_mad": 347.47064265210554,
  "summary_fg_mean": 882.2318725585938,
  "summary_fg_median": 809.953369140625,
  "summary_fg_n": 39784.0,
  "summary_fg_p05": 436.2912292480469,
  "summary_fg_p95": 1568.0940368652343,
  "summary_fg_stdv": 365.4801025390625,
  "tsnr": 23.597409194801003
}