{
  "aor": 0.004407417582417582,
  "aqi": 0.010290521318681318,
  "bids_meta": {
    "AcquisitionDateTime": "20180925103810.465000",
    "ConversionSoftware": "dicm2nii.m 20180808",
    "DeviceSerialNumber": "167032",
    "EchoTime": 0.03,
    "EchoTime1": 0.03,
    "EchoTime2": 0.03,
    "EffectiveEchoSpacing": 0.00052083333,
    "FlipAngle": 90,
    "ImageType": [
      "ORIGINAL",
      "PRIMARY",
      "M",
      "ND",
      "MOSAIC"
    ],
    "InstitutionAddress": "Queen Square 12,London,Southeast,GB,WC1N 3BG",
    "InstitutionName": "FIL",
    "MRAcquisitionType": "2D",
    "Manufacturer": "SIEMENS",
    "Modality": "MR",
    "PatientName": "MP02377",
    "PatientPosition": "HFS",
    "PhaseEncodingDirection": "j-",
    "RepetitionTime": 3.36,
    "ScanOptions": "FS",
    "ScanningSequence": "RM",
    "SequenceName": "ep2d_2i2d1",
    "SequenceVariant": "SP\\OSP",
    "SeriesDescription": "nc_epi2d_v2i_3mm_OFC_64ch",
    "SeriesNumber": 8,
    "SliceThickness": 2.5,
    "SliceTiming": [
      0,
      0.07,
      0.14,
      0.21,
      0.28,
      0.35,
      0.42,
      0.49,
      0.56,
      0.63,
      0.7,
      0.77,
      0.84,
      0.91,
      0.98,
      1.05,
      1.12,
      1.19,
      1.26,
      1.33,
      1.4,
      1.47,
      1.54,
      1.61,
      1.68,
      1.75,
      1.82,
      1.89,
      1.96,
      2.03,
      2.1,
      2.17,
      2.24,
      2.31,
      2.38,
      2.45,
      2.52,
      2.59,
      2.66,
      2.73,
      2.8,
      2.87,
      2.94,
      3.01,
      3.08,
      3.15,
      3.22,
      3.29
    ],
    "SoftwareVersion": "syngo MR E11",
    "TaskName": "visual detection and discrimination",
    "TotalReadoutTime": 0.0328125,
    "dataset": "ds003669",
    "deltaTE": 0,
    "modality": "bold",
    "run_id": 1,
    "subject_id": "MP02377",
    "task_id": "detectdiscrim"
  },
  "dummy_trs": 2,
  "dvars_nstd": 45.07248463270716,
  "dvars_std": 1.1674481661325973,
  "dvars_vstd": 0.943561301712707,
  "efc": 0.5937624428644648,
  "fber": 154.0364532470703,
  "fd_mean": 0.27392260303578303,
  "fd_num": 87,
  "fd_perc": 47.8021978021978,
  "fwhm_avg": 2.6884755555555557,
  "fwhm_x": 2.53671,
  "fwhm_y": 2.7181433333333334,
  "fwhm_z": 2.8105733333333336,
  "gcor": 0.0170695,
  "gsr_x": 0.030832439661026,
  "gsr_y": 0.025734055787324905,
  "provenance": {
    "md5sum": "9fe6845c1ab2043323bab2bc5f080096",
    "settings": {
      "fd_thres": 0.2,
      "testing": false
    },
    "software": "mriqc",
    "version": "21.0.0rc2",
    "webapi_port": null,
    "webapi_url": "https://mriqc.nimh.nih.gov/api/v1"
  },
  "size_t": 182,
  "size_x": 64,
  "size_y": 64,
  "size_z": 48,
  "snr": 2.1692081123636253,
  "spacing_tr": 0.07000000029802322,
  "spacing_x": 3.0,
  "spacing_y": 3.0,
  "spacing_z": 3.0,
  "summary_bg_k": 33.51171858783469,
  "summary_bg_mad": 16.887002378550466,
  "summary_bg_mean": 114.7565689086914,
  "summary_bg_median": 61.63187026977539,
  "summary_bg_n": 110628.0,
  "summary_bg_p05": 48.50741958618164,
  "summary_bg_p95": 354.3546752929685,
  "summary_bg_stdv": 145.0391845703125,
  "summary_fg_k": 1.4985813536348802,
  "summary_fg_mad": 350.26884621056126,
  "summary_fg_mean": 891.8580322265625,
  "summary_fg_median": 814.695068359375,
  "summary_fg_n": 39190.0,
  "summary_fg_p05": 437.27006378173826,
  "summary_fg_p95": 1600.8876647949214,
  "summary_fg_stdv": 375.5677795410156,
  "tsnr": 33.93001292529516
}