{
  "aor": 0.004143296703296703,
  "aqi": 0.005741554450549449,
  "bids_meta": {
    "AcquisitionDateTime": "20181211160501.182500",
    "ConversionSoftware": "dicm2nii.m 20180808",
    "DeviceSerialNumber": "167032",
    "EchoTime": 0.03,
    "EchoTime1": 0.03,
    "EchoTime2": 0.03,
    "EffectiveEchoSpacing": 0.00048611111,
    "FlipAngle": 90,
    "ImageType": [
      "ORIGINAL",
      "PRIMARY",
      "M",
      "ND",
      "MOSAIC"
    ],
    "InstitutionAddress": "Queen Square 12,London,Southeast,GB,WC1N 3BG",
    "InstitutionName": "Functional Imaging Laboratory",
    "MRAcquisitionType": "2D",
    "Manufacturer": "SIEMENS",
    "Modality": "MR",
    "PatientName": "MP02500",
    "PatientPosition": "HFS",
    "PhaseEncodingDirection": "j-",
    "RepetitionTime": 3.36,
    "ScanOptions": "FS",
    "ScanningSequence": "RM",
    "SequenceName": "ep2d_2i2d1",
    "SequenceVariant": "SP\\OSP",
    "SeriesDescription": "nc_epi2d_v2i_3mm_OFC_64ch",
    "SeriesNumber": 7,
    "SliceThickness": 2.5,
    "SliceTiming": [
      0,
      0.07,
      0.14,
      0.21,
      0.28,
      0.35,
      0.42,
      0.49,
      0.56,
      0.63,
      0.7,
      0.77,
      0.84,
      0.91,
      0.98,
      1.05,
      1.12,
      1.19,
      1.26,
      1.33,
      1.4,
      1.47,
      1.54,
      1.61,
      1.68,
      1.75,
      1.82,
      1.89,
      1.96,
      2.03,
      2.1,
      2.17,
      2.24,
      2.31,
      2.38,
      2.45,
      2.52,
      2.59,
      2.66,
      2.73,
      2.8,
      2.87,
      2.94,
      3.01,
      3.08,
      3.15,
      3.22,
      3.29
    ],
    "SoftwareVersion": "syngo MR E11",
    "TaskName": "visual detection and discrimination",
    "TotalReadoutTime": 0.030625,
    "dataset": "ds003669",
    "deltaTE": 0,
    "modality": "bold",
    "run_id": 2,
    "subject_id": "MP02500",
    "task_id": "detectdiscrim"
  },
  "dummy_trs": 2,
  "dvars_nstd": 30.66998747331492,
  "dvars_std": 1.2848504791160218,
  "dvars_vstd": 1.011936892375691,
  "efc": 0.605682970664669,
  "fber": 155.7421112060547,
  "fd_mean": 0.1723531135383402,
  "fd_num": 43,
  "fd_perc": 23.626373626373628,
  "fwhm_avg": 2.5936477777777776,
  "fwhm_x": 2.393543333333333,
  "fwhm_y": 2.62705,
  "fwhm_z": 2.7603500000000003,
  "gcor": 0.0466053,
  "gsr_x": 0.007722271140664816,
  "gsr_y": 0.044922150671482086,
  "provenance": {
    "md5sum": "deecfd298ba1716c4eaee8a4082cec49",
    "settings": {
      "fd_thres": 0.2,
      "testing": false
    },
    "software": "mriqc",
    "version": "21.0.0rc2",
    "webapi_port": null,
    "webapi_url": "https://mriqc.nimh.nih.gov/api/v1"
  },
  "size_t": 182,
  "size_x": 64,
  "size_y": 64,
  "size_z": 48,
  "snr": 2.3536195744158475,
  "spacing_tr": 0.07000000029802322,
  "spacing_x": 3.0,
  "spacing_y": 3.0,
  "spacing_z": 3.0,
  "summary_bg_k": 31.65107087192081,
  "summary_bg_mad": 13.433028538747388,
  "summary_bg_mean": 101.12732696533203,
  "summary_bg_median": 58.093406677246094,
  "summary_bg_n": 108054.0,
  "summary_bg_p05": 48.21428680419922,
  "summary_bg_p95": 309.8436889648431,
  "summary_bg_stdv": 115.84793853759766,
  "summary_fg_k": 1.2314857756655018,
  "summary_fg_mad": 292.4555038660685,
  "summary_fg_mean": 817.8265380859375,
  "summary_fg_median": 757.2115478515625,
  "summary_fg_n": 40740.0,
  "summary_fg_p05": 424.2195129394531,
  "summary_fg_p95": 1459.7596740722654,
  "summary_fg_stdv": 321.71820068359375,
  "tsnr": 58.845863913651556
}