{
  "aor": 0.0025719780219780218,
  "aqi": 0.004803326208791208,
  "bids_meta": {
    "AcquisitionDateTime": "20181211161706.402500",
    "ConversionSoftware": "dicm2nii.m 20180808",
    "DeviceSerialNumber": "167032",
    "EchoTime": 0.03,
    "EchoTime1": 0.03,
    "EchoTime2": 0.03,
    "EffectiveEchoSpacing": 0.00048611111,
    "FlipAngle": 90,
    "ImageType": [
      "ORIGINAL",
      "PRIMARY",
      "M",
      "ND",
      "MOSAIC"
    ],
    "InstitutionAddress": "Queen Square 12,London,Southeast,GB,WC1N 3BG",
    "InstitutionName": "Functional Imaging Laboratory",
    "MRAcquisitionType": "2D",
    "Manufacturer": "SIEMENS",
    "Modality": "MR",
    "PatientName": "MP02500",
    "PatientPosition": "HFS",
    "PhaseEncodingDirection": "j-",
    "RepetitionTime": 3.36,
    "ScanOptions": "FS",
    "ScanningSequence": "RM",
    "SequenceName": "ep2d_2i2d1",
    "SequenceVariant": "SP\\OSP",
    "SeriesDescription": "nc_epi2d_v2i_3mm_OFC_64ch",
    "SeriesNumber": 8,
    "SliceThickness": 2.5,
    "SliceTiming": [
      0,
      0,
      0,
      0,
      0,
      0,
      0,
      0,
      0,
      0,
      0,
      0,
      0,
      0,
      0,
      0,
      0,
      0,
      0,
      0,
      0,
      0,
      0,
      0,
      0,
      0,
      0,
      0,
      0,
      0,
      0,
      0,
      0,
      0,
      0,
      0,
      0,
      0,
      0,
      0,
      0,
      0,
      0,
      0,
      0,
      0,
      0,
      0
    ],
    "SoftwareVersion": "syngo MR E11",
    "TaskName": "visual detection and discrimination",
    "TotalReadoutTime": 0.030625,
    "dataset": "ds003669",
    "deltaTE": 0,
    "modality": "bold",
    "run_id": 3,
    "subject_id": "MP02500",
    "task_id": "detectdiscrim"
  },
  "dummy_trs": 2,
  "dvars_nstd": 29.042513272983424,
  "dvars_std": 1.25161808524862,
  "dvars_vstd": 0.9941916917127078,
  "efc": 0.6062030849436927,
  "fber": 153.36962890625,
  "fd_mean": 0.1470007173121551,
  "fd_num": 40,
  "fd_perc": 21.978021978021978,
  "fwhm_avg": 2.5999855555555555,
  "fwhm_x": 2.3898699999999997,
  "fwhm_y": 2.6191233333333335,
  "fwhm_z": 2.7909633333333335,
  "gcor": 0.0394355,
  "gsr_x": 0.009199997410178185,
  "gsr_y": 0.04642879217863083,
  "provenance": {
    "md5sum": "5a8565067cc0b74f2d6e27d6d95b4c46",
    "settings": {
      "fd_thres": 0.2,
      "testing": false
    },
    "software": "mriqc",
    "version": "21.0.0rc2",
    "webapi_port": null,
    "webapi_url": "https://mriqc.nimh.nih.gov/api/v1"
  },
  "size_t": 182,
  "size_x": 64,
  "size_y": 64,
  "size_z": 48,
  "snr": 2.3439322976766213,
  "spacing_tr": 0.07000000029802322,
  "spacing_x": 3.0,
  "spacing_y": 3.0,
  "spacing_z": 3.0,
  "summary_bg_k": 30.39652097115544,
  "summary_bg_mad": 13.473760736233036,
  "summary_bg_mean": 101.34001159667969,
  "summary_bg_median": 58.35165023803711,
  "summary_bg_n": 107953.0,
  "summary_bg_p05": 48.582420349121094,
  "summary_bg_p95": 309.65824584960933,
  "summary_bg_stdv": 114.26192474365234,
  "summary_fg_k": 1.257608071029881,
  "summary_fg_mad": 295.5021500753365,
  "summary_fg_mean": 819.6029052734375,
  "summary_fg_median": 757.467041015625,
  "summary_fg_n": 40679.0,
  "summary_fg_p05": 424.8626403808594,
  "summary_fg_p95": 1462.6215209960938,
  "summary_fg_stdv": 323.1568298339844,
  "tsnr": 65.14761678176001
}