{
  "aor": 0.006832142857142858,
  "aqi": 0.006671263736263735,
  "bids_meta": {
    "AcquisitionDateTime": "20180828143028.265000",
    "ConversionSoftware": "dicm2nii.m 20180808",
    "DeviceSerialNumber": "167032",
    "EchoTime": 0.03,
    "EchoTime1": 0.03,
    "EchoTime2": 0.03,
    "EffectiveEchoSpacing": 0.00048611111,
    "FlipAngle": 90,
    "ImageType": [
      "ORIGINAL",
      "PRIMARY",
      "M",
      "ND",
      "MOSAIC"
    ],
    "InstitutionAddress": "Queen Square 12,London,Southeast,GB,WC1N 3BG",
    "InstitutionName": "Functional Imaging Laboratory",
    "MRAcquisitionType": "2D",
    "Manufacturer": "SIEMENS",
    "Modality": "MR",
    "PatientName": "MP02332",
    "PatientPosition": "HFS",
    "PhaseEncodingDirection": "j-",
    "RepetitionTime": 3.36,
    "ScanOptions": "FS",
    "ScanningSequence": "RM",
    "SequenceName": "ep2d_2i2d1",
    "SequenceVariant": "SP\\OSP",
    "SeriesDescription": "nc_epi2d_v2i_3mm_OFC_64ch",
    "SeriesNumber": 7,
    "SliceThickness": 2.5,
    "SliceTiming": [
      0,
      0,
      0,
      0,
      0,
      0,
      0,
      0,
      0,
      0,
      0,
      0,
      0,
      0,
      0,
      0,
      0,
      0,
      0,
      0,
      0,
      0,
      0,
      0,
      0,
      0,
      0,
      0,
      0,
      0,
      0,
      0,
      0,
      0,
      0,
      0,
      0,
      0,
      0,
      0,
      0,
      0,
      0,
      0,
      0,
      0,
      0,
      0
    ],
    "SoftwareVersion": "syngo MR E11",
    "TaskName": "visual detection and discrimination",
    "TotalReadoutTime": 0.030625,
    "dataset": "ds003669",
    "deltaTE": 0,
    "modality": "bold",
    "run_id": 2,
    "subject_id": "MP02332",
    "task_id": "detectdiscrim"
  },
  "dummy_trs": 2,
  "dvars_nstd": 23.750162403922648,
  "dvars_std": 1.2202889801104975,
  "dvars_vstd": 0.9943237281767958,
  "efc": 0.5994450324139365,
  "fber": 152.08111572265625,
  "fd_mean": 0.06616688454547091,
  "fd_num": 3,
  "fd_perc": 1.6483516483516483,
  "fwhm_avg": 2.5701444444444443,
  "fwhm_x": 2.4189666666666665,
  "fwhm_y": 2.6002033333333334,
  "fwhm_z": 2.6912633333333336,
  "gcor": 0.013049,
  "gsr_x": 0.01334238238632679,
  "gsr_y": 0.030825557187199593,
  "provenance": {
    "md5sum": "bf01f085a802fad75aedd230537b4adb",
    "settings": {
      "fd_thres": 0.2,
      "testing": false
    },
    "software": "mriqc",
    "version": "21.0.0rc2",
    "webapi_port": null,
    "webapi_url": "https://mriqc.nimh.nih.gov/api/v1"
  },
  "size_t": 182,
  "size_x": 64,
  "size_y": 64,
  "size_z": 48,
  "snr": 2.360910796902838,
  "spacing_tr": 0.07000000029802322,
  "spacing_x": 3.0,
  "spacing_y": 3.0,
  "spacing_z": 3.0,
  "summary_bg_k": 23.504273403739997,
  "summary_bg_mad": 14.679393060922047,
  "summary_bg_mean": 102.2402572631836,
  "summary_bg_median": 59.04945373535156,
  "summary_bg_n": 112446.0,
  "summary_bg_p05": 48.17582702636719,
  "summary_bg_p95": 320.43133544921875,
  "summary_bg_stdv": 111.37574768066406,
  "summary_fg_k": 1.374449438678333,
  "summary_fg_mad": 290.7651798828791,
  "summary_fg_mean": 811.3399047851562,
  "summary_fg_median": 748.1428833007812,
  "summary_fg_n": 39842.0,
  "summary_fg_p05": 421.21731719970705,
  "summary_fg_p95": 1428.507690429687,
  "summary_fg_stdv": 316.8834228515625,
  "tsnr": 55.60544866207056
}