{
  "aor": 0.0042523626373626375,
  "aqi": 0.0048215945604395604,
  "bids_meta": {
    "AcquisitionDateTime": "20180828145351.000000",
    "ConversionSoftware": "dicm2nii.m 20180808",
    "DeviceSerialNumber": "167032",
    "EchoTime": 0.03,
    "EchoTime1": 0.03,
    "EchoTime2": 0.03,
    "EffectiveEchoSpacing": 0.00048611111,
    "FlipAngle": 90,
    "ImageType": [
      "ORIGINAL",
      "PRIMARY",
      "M",
      "ND",
      "MOSAIC"
    ],
    "InstitutionAddress": "Queen Square 12,London,Southeast,GB,WC1N 3BG",
    "InstitutionName": "Functional Imaging Laboratory",
    "MRAcquisitionType": "2D",
    "Manufacturer": "SIEMENS",
    "Modality": "MR",
    "PatientName": "MP02332",
    "PatientPosition": "HFS",
    "PhaseEncodingDirection": "j-",
    "RepetitionTime": 3.36,
    "ScanOptions": "FS",
    "ScanningSequence": "RM",
    "SequenceName": "ep2d_2i2d1",
    "SequenceVariant": "SP\\OSP",
    "SeriesDescription": "nc_epi2d_v2i_3mm_OFC_64ch",
    "SeriesNumber": 9,
    "SliceThickness": 2.5,
    "SliceTiming": [
      0,
      0.07,
      0.14,
      0.21,
      0.28,
      0.35,
      0.42,
      0.49,
      0.56,
      0.63,
      0.7,
      0.77,
      0.84,
      0.91,
      0.98,
      1.05,
      1.12,
      1.19,
      1.26,
      1.33,
      1.4,
      1.47,
      1.54,
      1.61,
      1.68,
      1.75,
      1.82,
      1.89,
      1.96,
      2.03,
      2.1,
      2.17,
      2.24,
      2.31,
      2.38,
      2.45,
      2.52,
      2.59,
      2.66,
      2.73,
      2.8,
      2.87,
      2.94,
      3.01,
      3.08,
      3.15,
      3.22,
      3.29
    ],
    "SoftwareVersion": "syngo MR E11",
    "TaskName": "visual detection and discrimination",
    "TotalReadoutTime": 0.030625,
    "dataset": "ds003669",
    "deltaTE": 0,
    "modality": "bold",
    "run_id": 4,
    "subject_id": "MP02332",
    "task_id": "detectdiscrim"
  },
  "dummy_trs": 2,
  "dvars_nstd": 24.355991395082867,
  "dvars_std": 1.2765403974033156,
  "dvars_vstd": 1.0250631801104966,
  "efc": 0.6000556268823717,
  "fber": 150.80894470214844,
  "fd_mean": 0.06659216180283356,
  "fd_num": 5,
  "fd_perc": 2.7472527472527473,
  "fwhm_avg": 2.5452155555555556,
  "fwhm_x": 2.3900033333333335,
  "fwhm_y": 2.5772666666666666,
  "fwhm_z": 2.6683766666666666,
  "gcor": 0.0159342,
  "gsr_x": 0.01403005700558424,
  "gsr_y": 0.03164014592766762,
  "provenance": {
    "md5sum": "5ab563da25ef0d8b5b89b753791a6bc9",
    "settings": {
      "fd_thres": 0.2,
      "testing": false
    },
    "software": "mriqc",
    "version": "21.0.0rc2",
    "webapi_port": null,
    "webapi_url": "https://mriqc.nimh.nih.gov/api/v1"
  },
  "size_t": 182,
  "size_x": 64,
  "size_y": 64,
  "size_z": 48,
  "snr": 2.3665334427397564,
  "spacing_tr": 0.07000000029802322,
  "spacing_x": 3.0,
  "spacing_y": 3.0,
  "spacing_z": 3.0,
  "summary_bg_k": 21.868453066447085,
  "summary_bg_mad": 14.215061845485836,
  "summary_bg_mean": 101.85316467285156,
  "summary_bg_median": 58.901100158691406,
  "summary_bg_n": 112432.0,
  "summary_bg_p05": 48.4945068359375,
  "summary_bg_p95": 319.00631713867176,
  "summary_bg_stdv": 111.57540130615234,
  "summary_fg_k": 1.2546268992706109,
  "summary_fg_mad": 289.32741588454377,
  "summary_fg_mean": 808.038330078125,
  "summary_fg_median": 744.7911987304688,
  "summary_fg_n": 39751.0,
  "summary_fg_p05": 421.3489074707031,
  "summary_fg_p95": 1421.0906372070312,
  "summary_fg_stdv": 314.7142639160156,
  "tsnr": 65.92983986064792
}