{
  "bids_meta": {
    "AcquisitionDateTime": "20190121092650.980000",
    "ConversionSoftware": "dicm2nii.m 20180808",
    "DeviceSerialNumber": "167032",
    "EchoTime": 0.00334,
    "FlipAngle": 7,
    "ImageType": [
      "ORIGINAL",
      "PRIMARY",
      "M",
      "ND"
    ],
    "InstitutionAddress": "Queen Square 12,London,Southeast,GB,WC1N 3BG",
    "InstitutionName": "FIL",
    "InversionTime": 1.1,
    "MRAcquisitionType": "3D",
    "Manufacturer": "SIEMENS",
    "Modality": "MR",
    "PatientName": "MP02546",
    "PatientPosition": "HFS",
    "PhaseEncodingDirection": "j-",
    "RepetitionTime": 2.53,
    "ScanOptions": "IR",
    "ScanningSequence": "GR\\IR",
    "SequenceName": "*tfl3d1_16ns",
    "SequenceVariant": "SK\\SP\\MP",
    "SeriesDescription": "MPRAGE_64ch_Head",
    "SeriesNumber": 2,
    "SliceThickness": 1,
    "SoftwareVersion": "syngo MR E11",
    "dataset": "ds003669",
    "modality": "T1w",
    "subject_id": "MP02546"
  },
  "cjv": 0.5629293089024124,
  "cnr": 1.7837639702401884,
  "efc": 0.670919380664468,
  "fber": 17.30735325171707,
  "fwhm_avg": 3.9730733333333337,
  "fwhm_x": 4.17089,
  "fwhm_y": 4.01566,
  "fwhm_z": 3.73267,
  "icvs_csf": 0.18437097866708144,
  "icvs_gm": 0.43449683350310214,
  "icvs_wm": 0.3811321878298164,
  "inu_med": 1.0439841747283936,
  "inu_range": 0.28243039548397064,
  "provenance": {
    "md5sum": "2fb96aab3784592180c16554ba5c8fcc",
    "settings": {
      "testing": false
    },
    "software": "mriqc",
    "version": "21.0.0rc2",
    "warnings": {
      "large_rot_frame": true,
      "small_air_mask": false
    },
    "webapi_port": null,
    "webapi_url": "https://mriqc.nimh.nih.gov/api/v1"
  },
  "qi_1": 0.0,
  "qi_2": 0.0022960655044081415,
  "rpve_csf": 25.69877696791366,
  "rpve_gm": 11.001020113166371,
  "rpve_wm": 14.135984008596248,
  "size_x": 176,
  "size_y": 256,
  "size_z": 256,
  "snr_csf": 3.3406001257507443,
  "snr_gm": 5.624866453241233,
  "snr_total": 4.356228642638519,
  "snr_wm": 4.103219348923581,
  "snrd_csf": 18.93105682142936,
  "snrd_gm": 27.948461178412465,
  "snrd_total": 33.104592351895974,
  "snrd_wm": 52.4342590558461,
  "spacing_x": 1.0,
  "spacing_y": 1.0,
  "spacing_z": 1.0,
  "summary_bg_k": 0.880503355198091,
  "summary_bg_mad": 12.495623577524343,
  "summary_bg_mean": 152.5172560592758,
  "summary_bg_median": 152.08799469470978,
  "summary_bg_n": 2247958.0,
  "summary_bg_p05": 132.4222646355629,
  "summary_bg_p95": 173.896479845047,
  "summary_bg_stdv": 12.753990953669632,
  "summary_csf_k": 4.753856454390811,
  "summary_csf_mad": 104.20079322274538,
  "summary_csf_mean": 359.27454006521407,
  "summary_csf_median": 361.0780412554741,
  "summary_csf_n": 3802.0,
  "summary_csf_p05": 191.5765901863575,
  "summary_csf_p95": 518.8633836537599,
  "summary_csf_stdv": 108.07356141591603,
  "summary_gm_k": 1.984675642007982,
  "summary_gm_mad": 71.23211406622634,
  "summary_gm_mean": 555.2562129858284,
  "summary_gm_median": 533.0698499083519,
  "summary_gm_n": 32889.0,
  "summary_gm_p05": 445.40735828876495,
  "summary_gm_p95": 761.5637294769286,
  "summary_gm_stdv": 94.7687825485194,
  "summary_wm_k": 2.1371239209867694,
  "summary_wm_mad": 191.67015826541578,
  "summary_wm_mean": 1064.3419722648382,
  "summary_wm_median": 1000.0952262282372,
  "summary_wm_n": 152885.0,
  "summary_wm_p05": 791.3908803462982,
  "summary_wm_p95": 1565.2968791484827,
  "summary_wm_stdv": 243.73348593752203,
  "tpm_overlap_csf": 0.12386759370565414,
  "tpm_overlap_gm": 0.3829468786716461,
  "tpm_overlap_wm": 0.4065094292163849,
  "wm2max": 0.3500743155784946
}