{
  "bids_meta": {
    "AcquisitionDateTime": "20181029095201.655000",
    "ConversionSoftware": "dicm2nii.m 20180808",
    "DeviceSerialNumber": "167032",
    "EchoTime": 0.00334,
    "FlipAngle": 7,
    "ImageType": [
      "ORIGINAL",
      "PRIMARY",
      "M",
      "ND"
    ],
    "InstitutionAddress": "Queen Square 12,London,Southeast,GB,WC1N 3BG",
    "InstitutionName": "FIL",
    "InversionTime": 1.1,
    "MRAcquisitionType": "3D",
    "Manufacturer": "SIEMENS",
    "Modality": "MR",
    "PatientName": "MP02440",
    "PatientPosition": "HFS",
    "PhaseEncodingDirection": "j-",
    "RepetitionTime": 2.53,
    "ScanOptions": "IR",
    "ScanningSequence": "GR\\IR",
    "SequenceName": "*tfl3d1_16ns",
    "SequenceVariant": "SK\\SP\\MP",
    "SeriesDescription": "MPRAGE_64ch_Head",
    "SeriesNumber": 2,
    "SliceThickness": 1,
    "SoftwareVersion": "syngo MR E11",
    "dataset": "ds003669",
    "modality": "T1w",
    "subject_id": "MP02440"
  },
  "cjv": 0.5242833411074594,
  "cnr": 1.7237616906077609,
  "efc": 0.6808423031485524,
  "fber": 20.241542236700774,
  "fwhm_avg": 4.507816666666667,
  "fwhm_x": 4.6603,
  "fwhm_y": 4.65451,
  "fwhm_z": 4.20864,
  "icvs_csf": 0.19405452609899002,
  "icvs_gm": 0.42139902949253655,
  "icvs_wm": 0.3845464444084734,
  "inu_med": 1.137434482574463,
  "inu_range": 0.37480706274509423,
  "provenance": {
    "md5sum": "b84f851936f8bcaa143b7e041d4217fa",
    "settings": {
      "testing": false
    },
    "software": "mriqc",
    "version": "21.0.0rc2",
    "warnings": {
      "large_rot_frame": true,
      "small_air_mask": false
    },
    "webapi_port": null,
    "webapi_url": "https://mriqc.nimh.nih.gov/api/v1"
  },
  "qi_1": 0.0,
  "qi_2": 0.002724896047259825,
  "rpve_csf": 25.593988376723022,
  "rpve_gm": 11.534158734498225,
  "rpve_wm": 14.510614947628682,
  "size_x": 176,
  "size_y": 256,
  "size_z": 256,
  "snr_csf": 3.079888135411318,
  "snr_gm": 6.887857894215623,
  "snr_total": 4.58299933109601,
  "snr_wm": 3.7812519636610897,
  "snrd_csf": 20.921744407825873,
  "snrd_gm": 29.698098184567385,
  "snrd_total": 35.724391552027264,
  "snrd_wm": 56.55333206368852,
  "spacing_x": 1.0,
  "spacing_y": 1.0,
  "spacing_z": 1.0,
  "summary_bg_k": 0.5320103548698678,
  "summary_bg_mad": 11.585446091568278,
  "summary_bg_mean": 143.61541603153816,
  "summary_bg_median": 143.27657479047775,
  "summary_bg_n": 2587756.0,
  "summary_bg_p05": 124.98306508362293,
  "summary_bg_p95": 163.33168172836304,
  "summary_bg_stdv": 11.746983868057178,
  "summary_csf_k": -0.08799368260989082,
  "summary_csf_mad": 124.02454428661532,
  "summary_csf_mean": 365.2769291922801,
  "summary_csf_median": 369.9805876761675,
  "summary_csf_n": 7439.0,
  "summary_csf_p05": 166.85487619042397,
  "summary_csf_p95": 552.1568428605794,
  "summary_csf_stdv": 120.11985596410507,
  "summary_gm_k": 2.0436967359454448,
  "summary_gm_mad": 73.06197506301152,
  "summary_gm_mean": 532.9817018545684,
  "summary_gm_median": 525.1818206459284,
  "summary_gm_n": 28750.0,
  "summary_gm_p05": 429.78455521166325,
  "summary_gm_p95": 670.9426992237568,
  "summary_gm_stdv": 76.24615592180845,
  "summary_wm_k": 2.2861155040626393,
  "summary_wm_mad": 175.92466406098188,
  "summary_wm_mean": 1081.9254809467018,
  "summary_wm_median": 1000.0903664678335,
  "summary_wm_n": 150619.0,
  "summary_wm_p05": 795.7857399120927,
  "summary_wm_p95": 1653.150595338643,
  "summary_wm_stdv": 264.48569313527696,
  "tpm_overlap_csf": 0.13783453404903412,
  "tpm_overlap_gm": 0.3842391073703766,
  "tpm_overlap_wm": 0.4110175371170044,
  "wm2max": 0.3796283385241871
}