{
  "aor": 0.001618956043956044,
  "aqi": 0.0027922930769230772,
  "bids_meta": {
    "AcquisitionDateTime": "20180911110849.830000",
    "ConversionSoftware": "dicm2nii.m 20180808",
    "DeviceSerialNumber": "167032",
    "EchoTime": 0.03,
    "EchoTime1": 0.03,
    "EchoTime2": 0.03,
    "EffectiveEchoSpacing": 0.00048611111,
    "FlipAngle": 90,
    "ImageType": [
      "ORIGINAL",
      "PRIMARY",
      "M",
      "ND",
      "MOSAIC"
    ],
    "InstitutionAddress": "Queen Square 12,London,Southeast,GB,WC1N 3BG",
    "InstitutionName": "Functional Imaging Laboratory",
    "MRAcquisitionType": "2D",
    "Manufacturer": "SIEMENS",
    "Modality": "MR",
    "PatientName": "MP02348",
    "PatientPosition": "HFS",
    "PhaseEncodingDirection": "j-",
    "RepetitionTime": 3.36,
    "ScanOptions": "FS",
    "ScanningSequence": "RM",
    "SequenceName": "ep2d_2i2d1",
    "SequenceVariant": "SP\\OSP",
    "SeriesDescription": "nc_epi2d_v2i_3mm_OFC_64ch",
    "SeriesNumber": 9,
    "SliceThickness": 2.5,
    "SliceTiming": [
      0,
      0.07,
      0.14,
      0.21,
      0.28,
      0.35,
      0.42,
      0.49,
      0.56,
      0.63,
      0.7,
      0.77,
      0.84,
      0.91,
      0.98,
      1.05,
      1.12,
      1.19,
      1.26,
      1.33,
      1.4,
      1.47,
      1.54,
      1.61,
      1.68,
      1.75,
      1.82,
      1.89,
      1.96,
      2.03,
      2.1,
      2.17,
      2.24,
      2.31,
      2.38,
      2.45,
      2.52,
      2.59,
      2.66,
      2.73,
      2.8,
      2.87,
      2.94,
      3.01,
      3.08,
      3.15,
      3.22,
      3.29
    ],
    "SoftwareVersion": "syngo MR E11",
    "TaskName": "visual detection and discrimination",
    "TotalReadoutTime": 0.030625,
    "dataset": "ds003669",
    "deltaTE": 0,
    "modality": "bold",
    "run_id": 4,
    "subject_id": "MP02348",
    "task_id": "detectdiscrim"
  },
  "dummy_trs": 2,
  "dvars_nstd": 29.121462458397776,
  "dvars_std": 1.3999487907734807,
  "dvars_vstd": 1.0143780811049723,
  "efc": 0.6242869714675607,
  "fber": 140.5762481689453,
  "fd_mean": 0.04941032918973439,
  "fd_num": 3,
  "fd_perc": 1.6483516483516483,
  "fwhm_avg": 2.417925555555555,
  "fwhm_x": 2.2263966666666666,
  "fwhm_y": 2.47016,
  "fwhm_z": 2.55722,
  "gcor": 0.0257078,
  "gsr_x": 0.024310316890478134,
  "gsr_y": 0.07350895553827286,
  "provenance": {
    "md5sum": "20bbab79f5d62b07493dc3332805f265",
    "settings": {
      "fd_thres": 0.2,
      "testing": false
    },
    "software": "mriqc",
    "version": "21.0.0rc2",
    "webapi_port": null,
    "webapi_url": "https://mriqc.nimh.nih.gov/api/v1"
  },
  "size_t": 182,
  "size_x": 64,
  "size_y": 64,
  "size_z": 48,
  "snr": 2.3316408891954725,
  "spacing_tr": 0.07000000029802322,
  "spacing_x": 3.0,
  "spacing_y": 3.0,
  "spacing_z": 3.0,
  "summary_bg_k": 18.2365276921597,
  "summary_bg_mad": 14.255788387292855,
  "summary_bg_mean": 116.83433532714844,
  "summary_bg_median": 59.587913513183594,
  "summary_bg_n": 103636.0,
  "summary_bg_p05": 48.93406677246094,
  "summary_bg_p95": 412.2706069946289,
  "summary_bg_stdv": 148.69854736328125,
  "summary_fg_k": 1.207693177400749,
  "summary_fg_mad": 300.6098160678493,
  "summary_fg_mean": 809.646484375,
  "summary_fg_median": 746.4505615234375,
  "summary_fg_n": 44029.0,
  "summary_fg_p05": 413.87254028320314,
  "summary_fg_p95": 1422.4879150390623,
  "summary_fg_stdv": 320.1359558105469,
  "tsnr": 75.73988380283117
}