{
  "bids_meta": {
    "AcquisitionDateTime": "20180829141420.452500",
    "ConversionSoftware": "dicm2nii.m 20180808",
    "DeviceSerialNumber": "167032",
    "EchoTime": 0.00334,
    "FlipAngle": 7,
    "ImageType": [
      "ORIGINAL",
      "PRIMARY",
      "M",
      "ND"
    ],
    "InstitutionAddress": "Queen Square 12,London,Southeast,GB,WC1N 3BG",
    "InstitutionName": "Functional Imaging Laboratory",
    "InversionTime": 1.1,
    "MRAcquisitionType": "3D",
    "Manufacturer": "SIEMENS",
    "Modality": "MR",
    "PatientName": "MP02336",
    "PatientPosition": "HFS",
    "PhaseEncodingDirection": "j-",
    "RepetitionTime": 2.53,
    "ScanOptions": "IR",
    "ScanningSequence": "GR\\IR",
    "SequenceName": "*tfl3d1_16ns",
    "SequenceVariant": "SK\\SP\\MP",
    "SeriesDescription": "MPRAGE_64ch_Head",
    "SeriesNumber": 2,
    "SliceThickness": 1,
    "SoftwareVersion": "syngo MR E11",
    "dataset": "ds003669",
    "modality": "T1w",
    "subject_id": "MP02336"
  },
  "cjv": 0.525068518956227,
  "cnr": 1.720336416313769,
  "efc": 0.642599184982134,
  "fber": 21.015264365514145,
  "fwhm_avg": 4.00629,
  "fwhm_x": 4.1673,
  "fwhm_y": 4.05209,
  "fwhm_z": 3.79948,
  "icvs_csf": 0.16369097561388415,
  "icvs_gm": 0.43576581403614545,
  "icvs_wm": 0.40054321034997037,
  "inu_med": 1.0041148662567139,
  "inu_range": 0.3219926357269287,
  "provenance": {
    "md5sum": "b0785f0fbbf6be4f46435e8981afd0ca",
    "settings": {
      "testing": false
    },
    "software": "mriqc",
    "version": "21.0.0rc2",
    "warnings": {
      "large_rot_frame": true,
      "small_air_mask": false
    },
    "webapi_port": null,
    "webapi_url": "https://mriqc.nimh.nih.gov/api/v1"
  },
  "qi_1": 0.0,
  "qi_2": 0.0020194379173655306,
  "rpve_csf": 33.910840857186805,
  "rpve_gm": 13.12146004139829,
  "rpve_wm": 16.170209390862944,
  "size_x": 176,
  "size_y": 256,
  "size_z": 256,
  "snr_csf": 2.8378798860103243,
  "snr_gm": 7.704499838469408,
  "snr_total": 5.052947790785061,
  "snr_wm": 4.61646364787545,
  "snrd_csf": 19.207687962842517,
  "snrd_gm": 30.678551257213286,
  "snrd_total": 33.5848133849603,
  "snrd_wm": 50.8682009348251,
  "spacing_x": 1.0,
  "spacing_y": 1.0,
  "spacing_z": 1.0,
  "summary_bg_k": 2.138100368066361,
  "summary_bg_mad": 12.88040330977678,
  "summary_bg_mean": 157.40262710573117,
  "summary_bg_median": 156.88665282726288,
  "summary_bg_n": 2365199.0,
  "summary_bg_p05": 136.6153528019786,
  "summary_bg_p95": 179.59660548716784,
  "summary_bg_stdv": 13.35433862518133,
  "summary_csf_k": 1.3880536272478823,
  "summary_csf_mad": 137.42863063560077,
  "summary_csf_mean": 377.8253737073457,
  "summary_csf_median": 377.63552152365446,
  "summary_csf_n": 2854.0,
  "summary_csf_p05": 185.33251970484852,
  "summary_csf_p95": 598.6028528518974,
  "summary_csf_stdv": 133.04627817317774,
  "summary_gm_k": 0.7916866625419052,
  "summary_gm_mad": 70.80455620579049,
  "summary_gm_mean": 609.8624510503442,
  "summary_gm_median": 603.1600849628448,
  "summary_gm_n": 22049.0,
  "summary_gm_p05": 493.065079562366,
  "summary_gm_p95": 753.8383346244691,
  "summary_gm_stdv": 78.28495291497643,
  "summary_wm_k": 2.6642308657588583,
  "summary_wm_mad": 137.6169406255098,
  "summary_wm_mean": 1069.4237871514706,
  "summary_wm_median": 1000.1016065105796,
  "summary_wm_n": 133929.0,
  "summary_wm_p05": 843.1133431568742,
  "summary_wm_p95": 1532.0327124372125,
  "summary_wm_stdv": 216.63722474304552,
  "tpm_overlap_csf": 0.1399296671152115,
  "tpm_overlap_gm": 0.4115871489048004,
  "tpm_overlap_wm": 0.4344065189361572,
  "wm2max": 0.3169785192103314
}