{
  "aor": 0.0036579120879120883,
  "aqi": 0.004279098516483517,
  "bids_meta": {
    "AcquisitionDateTime": "20181023112148.590000",
    "ConversionSoftware": "dicm2nii.m 20180808",
    "DeviceSerialNumber": "167032",
    "EchoTime": 0.03,
    "EchoTime1": 0.03,
    "EchoTime2": 0.03,
    "EffectiveEchoSpacing": 0.00048611111,
    "FlipAngle": 90,
    "ImageType": [
      "ORIGINAL",
      "PRIMARY",
      "M",
      "ND",
      "MOSAIC"
    ],
    "InstitutionAddress": "Queen Square 12,London,Southeast,GB,WC1N 3BG",
    "InstitutionName": "Functional Imaging Laboratory",
    "MRAcquisitionType": "2D",
    "Manufacturer": "SIEMENS",
    "Modality": "MR",
    "PatientName": "MP02428",
    "PatientPosition": "HFS",
    "PhaseEncodingDirection": "j-",
    "RepetitionTime": 3.36,
    "ScanOptions": "FS",
    "ScanningSequence": "RM",
    "SequenceName": "ep2d_2i2d1",
    "SequenceVariant": "SP\\OSP",
    "SeriesDescription": "nc_epi2d_v2i_3mm_OFC_64ch",
    "SeriesNumber": 7,
    "SliceThickness": 2.5,
    "SliceTiming": [
      0,
      0.07,
      0.14,
      0.21,
      0.28,
      0.35,
      0.42,
      0.49,
      0.56,
      0.63,
      0.7,
      0.77,
      0.84,
      0.91,
      0.98,
      1.05,
      1.12,
      1.19,
      1.26,
      1.33,
      1.4,
      1.47,
      1.54,
      1.61,
      1.68,
      1.75,
      1.82,
      1.89,
      1.96,
      2.03,
      2.1,
      2.17,
      2.24,
      2.31,
      2.38,
      2.45,
      2.52,
      2.59,
      2.66,
      2.73,
      2.8,
      2.87,
      2.94,
      3.01,
      3.08,
      3.15,
      3.22,
      3.29
    ],
    "SoftwareVersion": "syngo MR E11",
    "TaskName": "visual detection and discrimination",
    "TotalReadoutTime": 0.030625,
    "dataset": "ds003669",
    "deltaTE": 0,
    "modality": "bold",
    "run_id": 2,
    "subject_id": "MP02428",
    "task_id": "detectdiscrim"
  },
  "dummy_trs": 2,
  "dvars_nstd": 27.157408825359113,
  "dvars_std": 1.2776089125414367,
  "dvars_vstd": 1.0012989897237567,
  "efc": 0.5757777999632313,
  "fber": 188.8601837158203,
  "fd_mean": 0.0698376675009324,
  "fd_num": 2,
  "fd_perc": 1.098901098901099,
  "fwhm_avg": 2.647488888888889,
  "fwhm_x": 2.5174833333333333,
  "fwhm_y": 2.6991300000000003,
  "fwhm_z": 2.7258533333333332,
  "gcor": 0.0108297,
  "gsr_x": -0.008055944927036762,
  "gsr_y": 0.05678566172719002,
  "provenance": {
    "md5sum": "60ea52054b205b96907b5f20fdb0b123",
    "settings": {
      "fd_thres": 0.2,
      "testing": false
    },
    "software": "mriqc",
    "version": "21.0.0rc2",
    "webapi_port": null,
    "webapi_url": "https://mriqc.nimh.nih.gov/api/v1"
  },
  "size_t": 182,
  "size_x": 64,
  "size_y": 64,
  "size_z": 48,
  "snr": 2.279900824970132,
  "spacing_tr": 0.07000000029802322,
  "spacing_x": 3.0,
  "spacing_y": 3.0,
  "spacing_z": 3.0,
  "summary_bg_k": 29.082126791926008,
  "summary_bg_mad": 8.928195675614951,
  "summary_bg_mean": 89.82061767578125,
  "summary_bg_median": 54.120880126953125,
  "summary_bg_n": 115493.0,
  "summary_bg_p05": 46.87912368774414,
  "summary_bg_p95": 263.01538085937494,
  "summary_bg_stdv": 98.78060913085938,
  "summary_fg_k": 1.3291758613453268,
  "summary_fg_mad": 299.4775039609059,
  "summary_fg_mean": 831.718017578125,
  "summary_fg_median": 761.4285888671875,
  "summary_fg_n": 38733.0,
  "summary_fg_p05": 422.74615478515625,
  "summary_fg_p95": 1484.3297119140625,
  "summary_fg_stdv": 333.9701232910156,
  "tsnr": 60.5338482207153
}