{
  "bids_meta": {
    "AcquisitionDateTime": "20180919115100.182500",
    "ConversionSoftware": "dicm2nii.m 20180808",
    "DeviceSerialNumber": "167032",
    "EchoTime": 0.00334,
    "FlipAngle": 7,
    "ImageType": [
      "ORIGINAL",
      "PRIMARY",
      "M",
      "ND"
    ],
    "InstitutionAddress": "Queen Square 12,London,Southeast,GB,WC1N 3BG",
    "InstitutionName": "FIL",
    "InversionTime": 1.1,
    "MRAcquisitionType": "3D",
    "Manufacturer": "SIEMENS",
    "Modality": "MR",
    "PatientName": "MP02364",
    "PatientPosition": "HFS",
    "PhaseEncodingDirection": "j-",
    "RepetitionTime": 2.53,
    "ScanOptions": "IR",
    "ScanningSequence": "GR\\IR",
    "SequenceName": "*tfl3d1_16ns",
    "SequenceVariant": "SK\\SP\\MP",
    "SeriesDescription": "MPRAGE_64ch_Head",
    "SeriesNumber": 2,
    "SliceThickness": 1,
    "SoftwareVersion": "syngo MR E11",
    "dataset": "ds003669",
    "modality": "T1w",
    "subject_id": "MP02364"
  },
  "cjv": 0.5495521545604354,
  "cnr": 1.7800878544172005,
  "efc": 0.6606308988607201,
  "fber": 19.975535297754025,
  "fwhm_avg": 3.6476100000000002,
  "fwhm_x": 3.72495,
  "fwhm_y": 3.79992,
  "fwhm_z": 3.41796,
  "icvs_csf": 0.1990634505364049,
  "icvs_gm": 0.41469598864529467,
  "icvs_wm": 0.38624056081830044,
  "inu_med": 0.9172755479812622,
  "inu_range": 0.2128111839294432,
  "provenance": {
    "md5sum": "577cf91a4c410e6238f05c9fe243d0f5",
    "settings": {
      "testing": false
    },
    "software": "mriqc",
    "version": "21.0.0rc2",
    "warnings": {
      "large_rot_frame": true,
      "small_air_mask": false
    },
    "webapi_port": null,
    "webapi_url": "https://mriqc.nimh.nih.gov/api/v1"
  },
  "qi_1": 0.0,
  "qi_2": 0.0014232127374011274,
  "rpve_csf": 23.97343259432519,
  "rpve_gm": 10.858783415402456,
  "rpve_wm": 13.553982501041604,
  "size_x": 176,
  "size_y": 256,
  "size_z": 256,
  "snr_csf": 2.975075622931238,
  "snr_gm": 7.683888633727207,
  "snr_total": 5.031329659094644,
  "snr_wm": 4.4350247206254885,
  "snrd_csf": 18.05898864875512,
  "snrd_gm": 27.394356128237227,
  "snrd_total": 30.999501859275295,
  "snrd_wm": 47.54516080083354,
  "spacing_x": 1.0,
  "spacing_y": 1.0,
  "spacing_z": 1.0,
  "summary_bg_k": 17.69775836000438,
  "summary_bg_mad": 13.779243800134925,
  "summary_bg_mean": 166.12228644159495,
  "summary_bg_median": 165.3924909979105,
  "summary_bg_n": 2746603.0,
  "summary_bg_p05": 143.85648990422487,
  "summary_bg_p95": 189.97651080787182,
  "summary_bg_stdv": 15.012352275971669,
  "summary_csf_k": 2.753822129346374,
  "summary_csf_mad": 112.49345005647787,
  "summary_csf_mean": 383.38687381035976,
  "summary_csf_median": 379.8281028158963,
  "summary_csf_n": 8282.0,
  "summary_csf_p05": 191.72787238173186,
  "summary_csf_p95": 594.5110538575798,
  "summary_csf_stdv": 127.6623586491188,
  "summary_gm_k": 3.5356221693715755,
  "summary_gm_mad": 70.45194007488341,
  "summary_gm_mean": 579.9355006956038,
  "summary_gm_median": 576.1754724159837,
  "summary_gm_n": 22181.0,
  "summary_gm_p05": 470.6440703049302,
  "summary_gm_p95": 708.4894652143121,
  "summary_gm_stdv": 74.98319037312363,
  "summary_wm_k": 3.114194562016171,
  "summary_wm_mad": 162.46172932094564,
  "summary_wm_mean": 1062.7848313808963,
  "summary_wm_median": 999.9999765381217,
  "summary_wm_n": 137290.0,
  "summary_wm_p05": 821.7658329159021,
  "summary_wm_p95": 1531.959190560131,
  "summary_wm_stdv": 225.4770599034433,
  "tpm_overlap_csf": 0.13140235841274261,
  "tpm_overlap_gm": 0.3804514706134796,
  "tpm_overlap_wm": 0.4027334451675415,
  "wm2max": 0.32185590221936317
}