{
  "aor": 0.01081524861878453,
  "aqi": 0.0165313444198895,
  "bids_meta": {
    "AcquisitionDateTime": "20180821110426.530000",
    "ConversionSoftware": "dicm2nii.m 20180808",
    "DeviceSerialNumber": "167032",
    "EchoTime": 0.03,
    "EchoTime1": 0.03,
    "EchoTime2": 0.03,
    "EffectiveEchoSpacing": 0.00048611111,
    "FlipAngle": 90,
    "ImageType": [
      "ORIGINAL",
      "PRIMARY",
      "M",
      "ND",
      "MOSAIC"
    ],
    "InstitutionAddress": "Queen Square 12,London,Southeast,GB,WC1N 3BG",
    "InstitutionName": "Functional Imaging Laboratory",
    "MRAcquisitionType": "2D",
    "Manufacturer": "SIEMENS",
    "Modality": "MR",
    "PatientName": "MP02319",
    "PatientPosition": "HFS",
    "PhaseEncodingDirection": "j-",
    "RepetitionTime": 3.36,
    "ScanOptions": "FS",
    "ScanningSequence": "RM",
    "SequenceName": "ep2d_2i2d1",
    "SequenceVariant": "SP\\OSP",
    "SeriesDescription": "nc_epi2d_v2i_3mm_OFC_64ch",
    "SeriesNumber": 9,
    "SliceThickness": 2.5,
    "SliceTiming": [
      0,
      0.07,
      0.14,
      0.21,
      0.28,
      0.35,
      0.42,
      0.49,
      0.56,
      0.63,
      0.7,
      0.77,
      0.84,
      0.91,
      0.98,
      1.05,
      1.12,
      1.19,
      1.26,
      1.33,
      1.4,
      1.47,
      1.54,
      1.61,
      1.68,
      1.75,
      1.82,
      1.89,
      1.96,
      2.03,
      2.1,
      2.17,
      2.24,
      2.31,
      2.38,
      2.45,
      2.52,
      2.59,
      2.66,
      2.73,
      2.8,
      2.87,
      2.94,
      3.01,
      3.08,
      3.15,
      3.22,
      3.29
    ],
    "SoftwareVersion": "syngo MR E11",
    "TaskName": "visual detection and discrimination",
    "TotalReadoutTime": 0.030625,
    "dataset": "ds003669",
    "deltaTE": 0,
    "modality": "bold",
    "run_id": 4,
    "subject_id": "MP02319",
    "task_id": "detectdiscrim"
  },
  "dummy_trs": 3,
  "dvars_nstd": 32.596231015555546,
  "dvars_std": 0.9149269604444448,
  "dvars_vstd": 0.8149109597777782,
  "efc": 0.5630885745178869,
  "fber": 197.03233337402344,
  "fd_mean": 0.2067304832800365,
  "fd_num": 45,
  "fd_perc": 24.861878453038674,
  "fwhm_avg": 2.6116177777777776,
  "fwhm_x": 2.5267833333333334,
  "fwhm_y": 2.719203333333333,
  "fwhm_z": 2.5888666666666666,
  "gcor": 0.0385268,
  "gsr_x": -0.006388564128428698,
  "gsr_y": 0.03273998573422432,
  "provenance": {
    "md5sum": "4879bfaf9895eea6215ce5e684bfa990",
    "settings": {
      "fd_thres": 0.2,
      "testing": false
    },
    "software": "mriqc",
    "version": "21.0.0rc2",
    "webapi_port": null,
    "webapi_url": "https://mriqc.nimh.nih.gov/api/v1"
  },
  "size_t": 181,
  "size_x": 64,
  "size_y": 64,
  "size_z": 48,
  "snr": 2.3300394115904672,
  "spacing_tr": 0.07000000029802322,
  "spacing_x": 3.0,
  "spacing_y": 3.0,
  "spacing_z": 3.0,
  "summary_bg_k": 29.719641892648802,
  "summary_bg_mad": 8.117448488477361,
  "summary_bg_mean": 81.25520324707031,
  "summary_bg_median": 52.961326599121094,
  "summary_bg_n": 118796.0,
  "summary_bg_p05": 45.48619079589844,
  "summary_bg_p95": 222.77072525024414,
  "summary_bg_stdv": 83.08088684082031,
  "summary_fg_k": 2.7872257063448913,
  "summary_fg_mad": 283.7053546093713,
  "summary_fg_mean": 817.1517944335938,
  "summary_fg_median": 755.1298828125,
  "summary_fg_n": 36858.0,
  "summary_fg_p05": 426.9163162231445,
  "summary_fg_p95": 1444.7085998535158,
  "summary_fg_stdv": 324.0802001953125,
  "tsnr": 30.645597577560693
}