{
  "aor": 0.005961428571428571,
  "aqi": 0.004410422087912088,
  "bids_meta": {
    "AcquisitionDateTime": "20180912123626.700000",
    "ConversionSoftware": "dicm2nii.m 20180808",
    "DeviceSerialNumber": "167032",
    "EchoTime": 0.03,
    "EchoTime1": 0.03,
    "EchoTime2": 0.03,
    "EffectiveEchoSpacing": 0.00048611111,
    "FlipAngle": 90,
    "ImageType": [
      "ORIGINAL",
      "PRIMARY",
      "M",
      "ND",
      "MOSAIC"
    ],
    "InstitutionAddress": "Queen Square 12,London,Southeast,GB,WC1N 3BG",
    "InstitutionName": "Functional Imaging Laboratory",
    "MRAcquisitionType": "2D",
    "Manufacturer": "SIEMENS",
    "Modality": "MR",
    "PatientName": "MP02351",
    "PatientPosition": "HFS",
    "PhaseEncodingDirection": "j-",
    "RepetitionTime": 3.36,
    "ScanOptions": "FS",
    "ScanningSequence": "RM",
    "SequenceName": "ep2d_2i2d1",
    "SequenceVariant": "SP\\OSP",
    "SeriesDescription": "nc_epi2d_v2i_3mm_OFC_64ch",
    "SeriesNumber": 9,
    "SliceThickness": 2.5,
    "SliceTiming": [
      0,
      0.07,
      0.14,
      0.21,
      0.28,
      0.35,
      0.42,
      0.49,
      0.56,
      0.63,
      0.7,
      0.77,
      0.84,
      0.91,
      0.98,
      1.05,
      1.12,
      1.19,
      1.26,
      1.33,
      1.4,
      1.47,
      1.54,
      1.61,
      1.68,
      1.75,
      1.82,
      1.89,
      1.96,
      2.03,
      2.1,
      2.17,
      2.24,
      2.31,
      2.38,
      2.45,
      2.52,
      2.59,
      2.66,
      2.73,
      2.8,
      2.87,
      2.94,
      3.01,
      3.08,
      3.15,
      3.22,
      3.29
    ],
    "SoftwareVersion": "syngo MR E11",
    "TaskName": "visual detection and discrimination",
    "TotalReadoutTime": 0.030625,
    "dataset": "ds003669",
    "deltaTE": 0,
    "modality": "bold",
    "run_id": 4,
    "subject_id": "MP02351",
    "task_id": "detectdiscrim"
  },
  "dummy_trs": 2,
  "dvars_nstd": 28.84532218237568,
  "dvars_std": 1.4041089795027621,
  "dvars_vstd": 1.013235960828729,
  "efc": 0.5867352987279565,
  "fber": 190.3056182861328,
  "fd_mean": 0.07604921269382744,
  "fd_num": 10,
  "fd_perc": 5.4945054945054945,
  "fwhm_avg": 2.5299577777777777,
  "fwhm_x": 2.4195233333333332,
  "fwhm_y": 2.5704566666666664,
  "fwhm_z": 2.5998933333333336,
  "gcor": 0.0146797,
  "gsr_x": -0.0026365763042122126,
  "gsr_y": 0.04502684995532036,
  "provenance": {
    "md5sum": "0cc447002cd18ca9ac2c8d240d369161",
    "settings": {
      "fd_thres": 0.2,
      "testing": false
    },
    "software": "mriqc",
    "version": "21.0.0rc2",
    "webapi_port": null,
    "webapi_url": "https://mriqc.nimh.nih.gov/api/v1"
  },
  "size_t": 182,
  "size_x": 64,
  "size_y": 64,
  "size_z": 48,
  "snr": 2.4185349080191325,
  "spacing_tr": 0.07000000029802322,
  "spacing_x": 3.0,
  "spacing_y": 3.0,
  "spacing_z": 3.0,
  "summary_bg_k": 23.98004388941679,
  "summary_bg_mad": 8.317235336044769,
  "summary_bg_mean": 88.15446472167969,
  "summary_bg_median": 53.57143020629883,
  "summary_bg_n": 111698.0,
  "summary_bg_p05": 46.41209030151367,
  "summary_bg_p95": 275.5236206054687,
  "summary_bg_stdv": 95.07192993164062,
  "summary_fg_k": 1.881746537695829,
  "summary_fg_mad": 285.66968491077574,
  "summary_fg_mean": 817.0243530273438,
  "summary_fg_median": 752.5054931640625,
  "summary_fg_n": 41459.0,
  "summary_fg_p05": 438.1274719238281,
  "summary_fg_p95": 1415.1638183593748,
  "summary_fg_stdv": 311.1372985839844,
  "tsnr": 62.77754826936871
}