{
  "aor": 0.0035513186813186815,
  "aqi": 0.007407337197802198,
  "bids_meta": {
    "AcquisitionDateTime": "20180912122508.715000",
    "ConversionSoftware": "dicm2nii.m 20180808",
    "DeviceSerialNumber": "167032",
    "EchoTime": 0.03,
    "EchoTime1": 0.03,
    "EchoTime2": 0.03,
    "EffectiveEchoSpacing": 0.00048611111,
    "FlipAngle": 90,
    "ImageType": [
      "ORIGINAL",
      "PRIMARY",
      "M",
      "ND",
      "MOSAIC"
    ],
    "InstitutionAddress": "Queen Square 12,London,Southeast,GB,WC1N 3BG",
    "InstitutionName": "Functional Imaging Laboratory",
    "MRAcquisitionType": "2D",
    "Manufacturer": "SIEMENS",
    "Modality": "MR",
    "PatientName": "MP02351",
    "PatientPosition": "HFS",
    "PhaseEncodingDirection": "j-",
    "RepetitionTime": 3.36,
    "ScanOptions": "FS",
    "ScanningSequence": "RM",
    "SequenceName": "ep2d_2i2d1",
    "SequenceVariant": "SP\\OSP",
    "SeriesDescription": "nc_epi2d_v2i_3mm_OFC_64ch",
    "SeriesNumber": 8,
    "SliceThickness": 2.5,
    "SliceTiming": [
      0,
      0.07,
      0.14,
      0.21,
      0.28,
      0.35,
      0.42,
      0.49,
      0.56,
      0.63,
      0.7,
      0.77,
      0.84,
      0.91,
      0.98,
      1.05,
      1.12,
      1.19,
      1.26,
      1.33,
      1.4,
      1.47,
      1.54,
      1.61,
      1.68,
      1.75,
      1.82,
      1.89,
      1.96,
      2.03,
      2.1,
      2.17,
      2.24,
      2.31,
      2.38,
      2.45,
      2.52,
      2.59,
      2.66,
      2.73,
      2.8,
      2.87,
      2.94,
      3.01,
      3.08,
      3.15,
      3.22,
      3.29
    ],
    "SoftwareVersion": "syngo MR E11",
    "TaskName": "visual detection and discrimination",
    "TotalReadoutTime": 0.030625,
    "dataset": "ds003669",
    "deltaTE": 0,
    "modality": "bold",
    "run_id": 3,
    "subject_id": "MP02351",
    "task_id": "detectdiscrim"
  },
  "dummy_trs": 2,
  "dvars_nstd": 29.302238674806617,
  "dvars_std": 1.1830950428176799,
  "dvars_vstd": 0.890350514254144,
  "efc": 0.5859234163294076,
  "fber": 191.80906677246094,
  "fd_mean": 0.08884698388789648,
  "fd_num": 14,
  "fd_perc": 7.6923076923076925,
  "fwhm_avg": 2.529188888888889,
  "fwhm_x": 2.4433633333333336,
  "fwhm_y": 2.5858233333333334,
  "fwhm_z": 2.55838,
  "gcor": 0.0111244,
  "gsr_x": -0.003712000558152795,
  "gsr_y": 0.043836694210767746,
  "provenance": {
    "md5sum": "eccb0dd712f276a495d6642ae0dafe7b",
    "settings": {
      "fd_thres": 0.2,
      "testing": false
    },
    "software": "mriqc",
    "version": "21.0.0rc2",
    "webapi_port": null,
    "webapi_url": "https://mriqc.nimh.nih.gov/api/v1"
  },
  "size_t": 182,
  "size_x": 64,
  "size_y": 64,
  "size_z": 48,
  "snr": 2.397409721594383,
  "spacing_tr": 0.07000000029802322,
  "spacing_x": 3.0,
  "spacing_y": 3.0,
  "spacing_z": 3.0,
  "summary_bg_k": 25.353103874993952,
  "summary_bg_mad": 8.626787594442698,
  "summary_bg_mean": 88.08463287353516,
  "summary_bg_median": 53.43406677246094,
  "summary_bg_n": 111229.0,
  "summary_bg_p05": 45.52747344970703,
  "summary_bg_p95": 277.0637390136711,
  "summary_bg_stdv": 95.096435546875,
  "summary_fg_k": 1.9785255117750058,
  "summary_fg_mad": 286.4843741059177,
  "summary_fg_mean": 821.9368896484375,
  "summary_fg_median": 755.989013671875,
  "summary_fg_n": 41617.0,
  "summary_fg_p05": 441.6087951660156,
  "summary_fg_p95": 1428.347290039062,
  "summary_fg_stdv": 315.33197021484375,
  "tsnr": 46.87704885809217
}