{
  "aor": 0.0020457142857142857,
  "aqi": 0.007062897912087912,
  "bids_meta": {
    "AcquisitionDateTime": "20181011103432.235000",
    "ConversionSoftware": "dicm2nii.m 20180808",
    "DeviceSerialNumber": "167032",
    "EchoTime": 0.03,
    "EchoTime1": 0.03,
    "EchoTime2": 0.03,
    "EffectiveEchoSpacing": 0.00048611111,
    "FlipAngle": 90,
    "ImageType": [
      "ORIGINAL",
      "PRIMARY",
      "M",
      "ND",
      "MOSAIC"
    ],
    "InstitutionAddress": "Queen Square 12,London,Southeast,GB,WC1N 3BG",
    "InstitutionName": "Functional Imaging Laboratory",
    "MRAcquisitionType": "2D",
    "Manufacturer": "SIEMENS",
    "Modality": "MR",
    "PatientName": "MP02407",
    "PatientPosition": "HFS",
    "PhaseEncodingDirection": "j-",
    "RepetitionTime": 3.36,
    "ScanOptions": "FS",
    "ScanningSequence": "RM",
    "SequenceName": "ep2d_2i2d1",
    "SequenceVariant": "SP\\OSP",
    "SeriesDescription": "nc_epi2d_v2i_3mm_OFC_64ch",
    "SeriesNumber": 6,
    "SliceThickness": 2.5,
    "SliceTiming": [
      0,
      0.07,
      0.14,
      0.21,
      0.28,
      0.35,
      0.42,
      0.49,
      0.56,
      0.63,
      0.7,
      0.77,
      0.84,
      0.91,
      0.98,
      1.05,
      1.12,
      1.19,
      1.26,
      1.33,
      1.4,
      1.47,
      1.54,
      1.61,
      1.68,
      1.75,
      1.82,
      1.89,
      1.96,
      2.03,
      2.1,
      2.17,
      2.24,
      2.31,
      2.38,
      2.45,
      2.52,
      2.59,
      2.66,
      2.73,
      2.8,
      2.87,
      2.94,
      3.01,
      3.08,
      3.15,
      3.22,
      3.29
    ],
    "SoftwareVersion": "syngo MR E11",
    "TaskName": "visual detection and discrimination",
    "TotalReadoutTime": 0.030625,
    "dataset": "ds003669",
    "deltaTE": 0,
    "modality": "bold",
    "run_id": 1,
    "subject_id": "MP02407",
    "task_id": "detectdiscrim"
  },
  "dummy_trs": 2,
  "dvars_nstd": 30.77679676243093,
  "dvars_std": 1.1700455599999997,
  "dvars_vstd": 0.9318260238121543,
  "efc": 0.5675233234521293,
  "fber": 198.0890655517578,
  "fd_mean": 0.14577228651823113,
  "fd_num": 35,
  "fd_perc": 19.23076923076923,
  "fwhm_avg": 2.590907777777778,
  "fwhm_x": 2.448793333333333,
  "fwhm_y": 2.6239066666666666,
  "fwhm_z": 2.7000233333333337,
  "gcor": 0.0108452,
  "gsr_x": -0.0064717442728579044,
  "gsr_y": 0.04021744430065155,
  "provenance": {
    "md5sum": "75fe718f22b2e4674a004b9d7c235620",
    "settings": {
      "fd_thres": 0.2,
      "testing": false
    },
    "software": "mriqc",
    "version": "21.0.0rc2",
    "webapi_port": null,
    "webapi_url": "https://mriqc.nimh.nih.gov/api/v1"
  },
  "size_t": 182,
  "size_x": 64,
  "size_y": 64,
  "size_z": 48,
  "snr": 2.268503448202671,
  "spacing_tr": 0.07000000029802322,
  "spacing_x": 3.0,
  "spacing_y": 3.0,
  "spacing_z": 3.0,
  "summary_bg_k": 49.4166711516806,
  "summary_bg_mad": 7.861048297834236,
  "summary_bg_mean": 77.25587463378906,
  "summary_bg_median": 52.60439682006836,
  "summary_bg_n": 112574.0,
  "summary_bg_p05": 45.031044006347656,
  "summary_bg_p95": 202.68901596069315,
  "summary_bg_stdv": 74.7143783569336,
  "summary_fg_k": 1.589284135288608,
  "summary_fg_mad": 305.55459851584857,
  "summary_fg_mean": 834.6510620117188,
  "summary_fg_median": 765.4945068359375,
  "summary_fg_n": 39625.0,
  "summary_fg_p05": 427.382421875,
  "summary_fg_p95": 1502.605541992184,
  "summary_fg_stdv": 337.4404602050781,
  "tsnr": 43.923143077408895
}