{
  "aor": 0.0020823626373626374,
  "aqi": 0.006776743626373627,
  "bids_meta": {
    "AcquisitionDateTime": "20181009125434.715000",
    "ConversionSoftware": "dicm2nii.m 20180808",
    "DeviceSerialNumber": "167032",
    "EchoTime": 0.03,
    "EchoTime1": 0.03,
    "EchoTime2": 0.03,
    "EffectiveEchoSpacing": 0.00048611111,
    "FlipAngle": 90,
    "ImageType": [
      "ORIGINAL",
      "PRIMARY",
      "M",
      "ND",
      "MOSAIC"
    ],
    "InstitutionAddress": "Queen Square 12,London,Southeast,GB,WC1N 3BG",
    "InstitutionName": "FIL",
    "MRAcquisitionType": "2D",
    "Manufacturer": "SIEMENS",
    "Modality": "MR",
    "PatientName": "MP02399",
    "PatientPosition": "HFS",
    "PhaseEncodingDirection": "j-",
    "RepetitionTime": 3.36,
    "ScanOptions": "FS",
    "ScanningSequence": "RM",
    "SequenceName": "ep2d_2i2d1",
    "SequenceVariant": "SP\\OSP",
    "SeriesDescription": "nc_epi2d_v2i_3mm_OFC_64ch",
    "SeriesNumber": 9,
    "SliceThickness": 2.5,
    "SliceTiming": [
      0,
      0.07,
      0.14,
      0.21,
      0.28,
      0.35,
      0.42,
      0.49,
      0.56,
      0.63,
      0.7,
      0.77,
      0.84,
      0.91,
      0.98,
      1.05,
      1.12,
      1.19,
      1.26,
      1.33,
      1.4,
      1.47,
      1.54,
      1.61,
      1.68,
      1.75,
      1.82,
      1.89,
      1.96,
      2.03,
      2.1,
      2.17,
      2.24,
      2.31,
      2.38,
      2.45,
      2.52,
      2.59,
      2.66,
      2.73,
      2.8,
      2.87,
      2.94,
      3.01,
      3.08,
      3.15,
      3.22,
      3.29
    ],
    "SoftwareVersion": "syngo MR E11",
    "TaskName": "visual detection and discrimination",
    "TotalReadoutTime": 0.030625,
    "dataset": "ds003669",
    "deltaTE": 0,
    "modality": "bold",
    "run_id": 4,
    "subject_id": "MP02399",
    "task_id": "detectdiscrim"
  },
  "dummy_trs": 2,
  "dvars_nstd": 38.02952264812153,
  "dvars_std": 1.256601610110498,
  "dvars_vstd": 1.0025284107734813,
  "efc": 0.6006087169668224,
  "fber": 137.4421844482422,
  "fd_mean": 0.25613693730794557,
  "fd_num": 91,
  "fd_perc": 50.0,
  "fwhm_avg": 2.482506666666667,
  "fwhm_x": 2.3673233333333332,
  "fwhm_y": 2.5297533333333333,
  "fwhm_z": 2.5504433333333334,
  "gcor": 0.0233715,
  "gsr_x": 0.003703581402078271,
  "gsr_y": 0.05917847529053688,
  "provenance": {
    "md5sum": "6019d4164194f29e30abb628a94b6a8d",
    "settings": {
      "fd_thres": 0.2,
      "testing": false
    },
    "software": "mriqc",
    "version": "21.0.0rc2",
    "webapi_port": null,
    "webapi_url": "https://mriqc.nimh.nih.gov/api/v1"
  },
  "size_t": 182,
  "size_x": 64,
  "size_y": 64,
  "size_z": 48,
  "snr": 2.416023005866851,
  "spacing_tr": 0.07000000029802322,
  "spacing_x": 3.0,
  "spacing_y": 3.0,
  "spacing_z": 3.0,
  "summary_bg_k": 37.40579125046233,
  "summary_bg_mad": 10.614458881548787,
  "summary_bg_mean": 100.89803314208984,
  "summary_bg_median": 55.505496978759766,
  "summary_bg_n": 117503.0,
  "summary_bg_p05": 47.340660095214844,
  "summary_bg_p95": 317.5164794921875,
  "summary_bg_stdv": 120.53248596191406,
  "summary_fg_k": 1.3388658000412805,
  "summary_fg_mad": 257.459612363899,
  "summary_fg_mean": 724.0348510742188,
  "summary_fg_median": 673.6813354492188,
  "summary_fg_n": 36273.0,
  "summary_fg_p05": 372.88682861328124,
  "summary_fg_p95": 1264.0604736328128,
  "summary_fg_stdv": 278.8351135253906,
  "tsnr": 51.92600618978031
}