{
  "aor": 0.0048462087912087915,
  "aqi": 0.007386087032967033,
  "bids_meta": {
    "AcquisitionDateTime": "20181009123022.700000",
    "ConversionSoftware": "dicm2nii.m 20180808",
    "DeviceSerialNumber": "167032",
    "EchoTime": 0.03,
    "EchoTime1": 0.03,
    "EchoTime2": 0.03,
    "EffectiveEchoSpacing": 0.00052083333,
    "FlipAngle": 90,
    "ImageType": [
      "ORIGINAL",
      "PRIMARY",
      "M",
      "ND",
      "MOSAIC"
    ],
    "InstitutionAddress": "Queen Square 12,London,Southeast,GB,WC1N 3BG",
    "InstitutionName": "FIL",
    "MRAcquisitionType": "2D",
    "Manufacturer": "SIEMENS",
    "Modality": "MR",
    "PatientName": "MP02399",
    "PatientPosition": "HFS",
    "PhaseEncodingDirection": "j-",
    "RepetitionTime": 3.36,
    "ScanOptions": "FS",
    "ScanningSequence": "RM",
    "SequenceName": "ep2d_2i2d1",
    "SequenceVariant": "SP\\OSP",
    "SeriesDescription": "nc_epi2d_v2i_3mm_OFC_64ch",
    "SeriesNumber": 7,
    "SliceThickness": 2.5,
    "SliceTiming": [
      0,
      0.07,
      0.14,
      0.21,
      0.28,
      0.35,
      0.42,
      0.49,
      0.56,
      0.63,
      0.7,
      0.77,
      0.84,
      0.91,
      0.98,
      1.05,
      1.12,
      1.19,
      1.26,
      1.33,
      1.4,
      1.47,
      1.54,
      1.61,
      1.68,
      1.75,
      1.82,
      1.89,
      1.96,
      2.03,
      2.1,
      2.17,
      2.24,
      2.31,
      2.38,
      2.45,
      2.52,
      2.59,
      2.66,
      2.73,
      2.8,
      2.87,
      2.94,
      3.01,
      3.08,
      3.15,
      3.22,
      3.29
    ],
    "SoftwareVersion": "syngo MR E11",
    "TaskName": "visual detection and discrimination",
    "TotalReadoutTime": 0.0328125,
    "dataset": "ds003669",
    "deltaTE": 0,
    "modality": "bold",
    "run_id": 2,
    "subject_id": "MP02399",
    "task_id": "detectdiscrim"
  },
  "dummy_trs": 2,
  "dvars_nstd": 38.20692706237568,
  "dvars_std": 1.2924620261878452,
  "dvars_vstd": 1.0217292190055243,
  "efc": 0.6000538651612598,
  "fber": 136.9206085205078,
  "fd_mean": 0.2419941854472012,
  "fd_num": 82,
  "fd_perc": 45.05494505494506,
  "fwhm_avg": 2.475088888888889,
  "fwhm_x": 2.3522133333333333,
  "fwhm_y": 2.5196,
  "fwhm_z": 2.553453333333333,
  "gcor": 0.0241151,
  "gsr_x": 0.0020479632075875998,
  "gsr_y": 0.06164715811610222,
  "provenance": {
    "md5sum": "c8544c2c0f04af1ff6b5b4448f940e5d",
    "settings": {
      "fd_thres": 0.2,
      "testing": false
    },
    "software": "mriqc",
    "version": "21.0.0rc2",
    "webapi_port": null,
    "webapi_url": "https://mriqc.nimh.nih.gov/api/v1"
  },
  "size_t": 182,
  "size_x": 64,
  "size_y": 64,
  "size_z": 48,
  "snr": 2.41749259514493,
  "spacing_tr": 0.07000000029802322,
  "spacing_x": 3.0,
  "spacing_y": 3.0,
  "spacing_z": 3.0,
  "summary_bg_k": 37.60785401848269,
  "summary_bg_mad": 10.622597403095835,
  "summary_bg_mean": 99.52555084228516,
  "summary_bg_median": 55.373626708984375,
  "summary_bg_n": 117492.0,
  "summary_bg_p05": 47.03296661376953,
  "summary_bg_p95": 308.9854431152343,
  "summary_bg_stdv": 118.24046325683594,
  "summary_fg_k": 1.2929504486531558,
  "summary_fg_mad": 256.92196093071715,
  "summary_fg_mean": 721.9024047851562,
  "summary_fg_median": 672.0302734375,
  "summary_fg_n": 36090.0,
  "summary_fg_p05": 371.02445831298826,
  "summary_fg_p95": 1262.3190002441404,
  "summary_fg_stdv": 277.9826354980469,
  "tsnr": 49.0489871178288
}