{
  "aor": 0.007139175824175825,
  "aqi": 0.006119324560439561,
  "bids_meta": {
    "AcquisitionDateTime": "20181011122444.347500",
    "ConversionSoftware": "dicm2nii.m 20180808",
    "DeviceSerialNumber": "167032",
    "EchoTime": 0.03,
    "EchoTime1": 0.03,
    "EchoTime2": 0.03,
    "EffectiveEchoSpacing": 0.00048611111,
    "FlipAngle": 90,
    "ImageType": [
      "ORIGINAL",
      "PRIMARY",
      "M",
      "ND",
      "MOSAIC"
    ],
    "InstitutionAddress": "Queen Square 12,London,Southeast,GB,WC1N 3BG",
    "InstitutionName": "Functional Imaging Laboratory",
    "MRAcquisitionType": "2D",
    "Manufacturer": "SIEMENS",
    "Modality": "MR",
    "PatientName": "MP02408",
    "PatientPosition": "HFS",
    "PhaseEncodingDirection": "j-",
    "RepetitionTime": 3.36,
    "ScanOptions": "FS",
    "ScanningSequence": "RM",
    "SequenceName": "ep2d_2i2d1",
    "SequenceVariant": "SP\\OSP",
    "SeriesDescription": "nc_epi2d_v2i_3mm_OFC_64ch",
    "SeriesNumber": 8,
    "SliceThickness": 2.5,
    "SliceTiming": [
      0,
      0,
      0,
      0,
      0,
      0,
      0,
      0,
      0,
      0,
      0,
      0,
      0,
      0,
      0,
      0,
      0,
      0,
      0,
      0,
      0,
      0,
      0,
      0,
      0,
      0,
      0,
      0,
      0,
      0,
      0,
      0,
      0,
      0,
      0,
      0,
      0,
      0,
      0,
      0,
      0,
      0,
      0,
      0,
      0,
      0,
      0,
      0
    ],
    "SoftwareVersion": "syngo MR E11",
    "TaskName": "visual detection and discrimination",
    "TotalReadoutTime": 0.030625,
    "dataset": "ds003669",
    "deltaTE": 0,
    "modality": "bold",
    "run_id": 3,
    "subject_id": "MP02408",
    "task_id": "detectdiscrim"
  },
  "dummy_trs": 2,
  "dvars_nstd": 37.452409786464095,
  "dvars_std": 1.2713339174033145,
  "dvars_vstd": 0.9916151267955802,
  "efc": 0.606671115519076,
  "fber": 148.11216735839844,
  "fd_mean": 0.1279790957761755,
  "fd_num": 27,
  "fd_perc": 14.835164835164836,
  "fwhm_avg": 2.464247777777778,
  "fwhm_x": 2.26572,
  "fwhm_y": 2.5426366666666667,
  "fwhm_z": 2.5843866666666666,
  "gcor": 0.0253141,
  "gsr_x": 0.022790729999542236,
  "gsr_y": 0.059379126876592636,
  "provenance": {
    "md5sum": "36dfc11eb6aed6cc527644f40cd255ca",
    "settings": {
      "fd_thres": 0.2,
      "testing": false
    },
    "software": "mriqc",
    "version": "21.0.0rc2",
    "webapi_port": null,
    "webapi_url": "https://mriqc.nimh.nih.gov/api/v1"
  },
  "size_t": 182,
  "size_x": 64,
  "size_y": 64,
  "size_z": 48,
  "snr": 2.3304588938741406,
  "spacing_tr": 0.07000000029802322,
  "spacing_x": 3.0,
  "spacing_y": 3.0,
  "spacing_z": 3.0,
  "summary_bg_k": 21.9162124536456,
  "summary_bg_mad": 12.756892158657267,
  "summary_bg_mean": 103.78864288330078,
  "summary_bg_median": 57.983516693115234,
  "summary_bg_n": 109404.0,
  "summary_bg_p05": 48.64285659790039,
  "summary_bg_p95": 329.2549438476561,
  "summary_bg_stdv": 117.79847717285156,
  "summary_fg_k": 1.7198029576199243,
  "summary_fg_mad": 287.7145068304273,
  "summary_fg_mean": 795.8983154296875,
  "summary_fg_median": 734.8406982421875,
  "summary_fg_n": 40878.0,
  "summary_fg_p05": 411.2447814941406,
  "summary_fg_p95": 1396.39892578125,
  "summary_fg_stdv": 315.3163146972656,
  "tsnr": 48.59749871306121
}