{
  "aor": 0.009787978142076503,
  "aqi": 0.008055464590163935,
  "bids_meta": {
    "AcquisitionDateTime": "20180829155948.527500",
    "ConversionSoftware": "dicm2nii.m 20180808",
    "DeviceSerialNumber": "167032",
    "EchoTime": 0.03,
    "EchoTime1": 0.03,
    "EchoTime2": 0.03,
    "EffectiveEchoSpacing": 0.00048611111,
    "FlipAngle": 90,
    "ImageType": [
      "ORIGINAL",
      "PRIMARY",
      "M",
      "ND",
      "MOSAIC"
    ],
    "InstitutionAddress": "Queen Square 12,London,Southeast,GB,WC1N 3BG",
    "InstitutionName": "Functional Imaging Laboratory",
    "MRAcquisitionType": "2D",
    "Manufacturer": "SIEMENS",
    "Modality": "MR",
    "PatientName": "MP02337",
    "PatientPosition": "HFS",
    "PhaseEncodingDirection": "j-",
    "RepetitionTime": 3.36,
    "ScanOptions": "FS",
    "ScanningSequence": "RM",
    "SequenceName": "ep2d_2i2d1",
    "SequenceVariant": "SP\\OSP",
    "SeriesDescription": "nc_epi2d_v2i_3mm_OFC_64ch",
    "SeriesNumber": 9,
    "SliceThickness": 2.5,
    "SliceTiming": [
      0,
      0,
      0,
      0,
      0,
      0,
      0,
      0,
      0,
      0,
      0,
      0,
      0,
      0,
      0,
      0,
      0,
      0,
      0,
      0,
      0,
      0,
      0,
      0,
      0,
      0,
      0,
      0,
      0,
      0,
      0,
      0,
      0,
      0,
      0,
      0,
      0,
      0,
      0,
      0,
      0,
      0,
      0,
      0,
      0,
      0,
      0,
      0
    ],
    "SoftwareVersion": "syngo MR E11",
    "TaskName": "visual detection and discrimination",
    "TotalReadoutTime": 0.030625,
    "dataset": "ds003669",
    "deltaTE": 0,
    "modality": "bold",
    "run_id": 1,
    "subject_id": "MP02337",
    "task_id": "detectdiscrim"
  },
  "dummy_trs": 1,
  "dvars_nstd": 33.003475576758234,
  "dvars_std": 1.2266212326373622,
  "dvars_vstd": 0.9923492633516483,
  "efc": 0.6069389423004145,
  "fber": 155.80599975585938,
  "fd_mean": 0.1711583342319549,
  "fd_num": 46,
  "fd_perc": 25.136612021857925,
  "fwhm_avg": 2.5729822222222225,
  "fwhm_x": 2.4019333333333335,
  "fwhm_y": 2.6291100000000003,
  "fwhm_z": 2.6879033333333333,
  "gcor": 0.0259049,
  "gsr_x": 0.035562869161367416,
  "gsr_y": 0.029253730550408363,
  "provenance": {
    "md5sum": "4c1e307976d574b19c5e4706f642cc20",
    "settings": {
      "fd_thres": 0.2,
      "testing": false
    },
    "software": "mriqc",
    "version": "21.0.0rc2",
    "webapi_port": null,
    "webapi_url": "https://mriqc.nimh.nih.gov/api/v1"
  },
  "size_t": 183,
  "size_x": 64,
  "size_y": 64,
  "size_z": 48,
  "snr": 2.1624034695499033,
  "spacing_tr": 0.07000000029802322,
  "spacing_x": 3.0,
  "spacing_y": 3.0,
  "spacing_z": 3.0,
  "summary_bg_k": 25.085862743170356,
  "summary_bg_mad": 17.51577245012319,
  "summary_bg_mean": 112.54331970214844,
  "summary_bg_median": 61.69398880004883,
  "summary_bg_n": 105945.0,
  "summary_bg_p05": 48.42622756958008,
  "summary_bg_p95": 361.1234863281249,
  "summary_bg_stdv": 133.90122985839844,
  "summary_fg_k": 1.48488101470008,
  "summary_fg_mad": 325.2488931284115,
  "summary_fg_mean": 870.245361328125,
  "summary_fg_median": 789.273193359375,
  "summary_fg_n": 43562.0,
  "summary_fg_p05": 436.4590148925781,
  "summary_fg_p95": 1597.2840576171875,
  "summary_fg_stdv": 364.9939270019531,
  "tsnr": 44.080275350715965
}