{
  "aor": 0.0012835714285714284,
  "aqi": 0.005246132417582418,
  "bids_meta": {
    "AcquisitionDateTime": "20181213160407.397500",
    "ConversionSoftware": "dicm2nii.m 20180808",
    "DeviceSerialNumber": "167032",
    "EchoTime": 0.03,
    "EchoTime1": 0.03,
    "EchoTime2": 0.03,
    "EffectiveEchoSpacing": 0.00048611111,
    "FlipAngle": 90,
    "ImageType": [
      "ORIGINAL",
      "PRIMARY",
      "M",
      "ND",
      "MOSAIC"
    ],
    "InstitutionAddress": "Queen Square 12,London,Southeast,GB,WC1N 3BG",
    "InstitutionName": "Functional Imaging Laboratory",
    "MRAcquisitionType": "2D",
    "Manufacturer": "SIEMENS",
    "Modality": "MR",
    "PatientName": "MP02506",
    "PatientPosition": "HFS",
    "PhaseEncodingDirection": "j-",
    "RepetitionTime": 3.36,
    "ScanOptions": "FS",
    "ScanningSequence": "RM",
    "SequenceName": "ep2d_2i2d1",
    "SequenceVariant": "SP\\OSP",
    "SeriesDescription": "nc_epi2d_v2i_3mm_OFC_64ch",
    "SeriesNumber": 6,
    "SliceThickness": 2.5,
    "SliceTiming": [
      0,
      0,
      0,
      0,
      0,
      0,
      0,
      0,
      0,
      0,
      0,
      0,
      0,
      0,
      0,
      0,
      0,
      0,
      0,
      0,
      0,
      0,
      0,
      0,
      0,
      0,
      0,
      0,
      0,
      0,
      0,
      0,
      0,
      0,
      0,
      0,
      0,
      0,
      0,
      0,
      0,
      0,
      0,
      0,
      0,
      0,
      0,
      0
    ],
    "SoftwareVersion": "syngo MR E11",
    "TaskName": "visual detection and discrimination",
    "TotalReadoutTime": 0.030625,
    "dataset": "ds003669",
    "deltaTE": 0,
    "modality": "bold",
    "run_id": 1,
    "subject_id": "MP02506",
    "task_id": "detectdiscrim"
  },
  "dummy_trs": 2,
  "dvars_nstd": 33.32645663933702,
  "dvars_std": 1.2752035131491717,
  "dvars_vstd": 0.9670284984530386,
  "efc": 0.6027003316499587,
  "fber": 159.39479064941406,
  "fd_mean": 0.1452204957296324,
  "fd_num": 35,
  "fd_perc": 19.23076923076923,
  "fwhm_avg": 2.622211111111111,
  "fwhm_x": 2.40281,
  "fwhm_y": 2.6454999999999997,
  "fwhm_z": 2.8183233333333333,
  "gcor": 0.019167,
  "gsr_x": 0.02614588849246502,
  "gsr_y": 0.04343037307262421,
  "provenance": {
    "md5sum": "7c9e2b4b0db79bff8256d32577302d53",
    "settings": {
      "fd_thres": 0.2,
      "testing": false
    },
    "software": "mriqc",
    "version": "21.0.0rc2",
    "webapi_port": null,
    "webapi_url": "https://mriqc.nimh.nih.gov/api/v1"
  },
  "size_t": 182,
  "size_x": 64,
  "size_y": 64,
  "size_z": 48,
  "snr": 2.2634372790273845,
  "spacing_tr": 0.07000000029802322,
  "spacing_x": 3.0,
  "spacing_y": 3.0,
  "spacing_z": 3.0,
  "summary_bg_k": 30.478296124862865,
  "summary_bg_mad": 13.009429520796825,
  "summary_bg_mean": 102.02363586425781,
  "summary_bg_median": 57.67582702636719,
  "summary_bg_n": 107451.0,
  "summary_bg_p05": 47.5384635925293,
  "summary_bg_p95": 318.03297424316406,
  "summary_bg_stdv": 127.39038848876953,
  "summary_fg_k": 1.5625481606567861,
  "summary_fg_mad": 294.51652364931334,
  "summary_fg_mean": 824.1947631835938,
  "summary_fg_median": 753.5384521484375,
  "summary_fg_n": 42641.0,
  "summary_fg_p05": 429.2912292480469,
  "summary_fg_p95": 1482.7308349609375,
  "summary_fg_stdv": 332.9138488769531,
  "tsnr": 56.441332718823105
}