{
  "aor": 0.00550726775956284,
  "aqi": 0.01035011387978142,
  "bids_meta": {
    "AcquisitionDateTime": "20180829162346.682500",
    "ConversionSoftware": "dicm2nii.m 20180808",
    "DeviceSerialNumber": "167032",
    "EchoTime": 0.03,
    "EchoTime1": 0.03,
    "EchoTime2": 0.03,
    "EffectiveEchoSpacing": 0.00048611111,
    "FlipAngle": 90,
    "ImageType": [
      "ORIGINAL",
      "PRIMARY",
      "M",
      "ND",
      "MOSAIC"
    ],
    "InstitutionAddress": "Queen Square 12,London,Southeast,GB,WC1N 3BG",
    "InstitutionName": "Functional Imaging Laboratory",
    "MRAcquisitionType": "2D",
    "Manufacturer": "SIEMENS",
    "Modality": "MR",
    "PatientName": "MP02337",
    "PatientPosition": "HFS",
    "PhaseEncodingDirection": "j-",
    "RepetitionTime": 3.36,
    "ScanOptions": "FS",
    "ScanningSequence": "RM",
    "SequenceName": "ep2d_2i2d1",
    "SequenceVariant": "SP\\OSP",
    "SeriesDescription": "nc_epi2d_v2i_3mm_OFC_64ch",
    "SeriesNumber": 11,
    "SliceThickness": 2.5,
    "SliceTiming": [
      0,
      0,
      0,
      0,
      0,
      0,
      0,
      0,
      0,
      0,
      0,
      0,
      0,
      0,
      0,
      0,
      0,
      0,
      0,
      0,
      0,
      0,
      0,
      0,
      0,
      0,
      0,
      0,
      0,
      0,
      0,
      0,
      0,
      0,
      0,
      0,
      0,
      0,
      0,
      0,
      0,
      0,
      0,
      0,
      0,
      0,
      0,
      0
    ],
    "SoftwareVersion": "syngo MR E11",
    "TaskName": "visual detection and discrimination",
    "TotalReadoutTime": 0.030625,
    "dataset": "ds003669",
    "deltaTE": 0,
    "modality": "bold",
    "run_id": 3,
    "subject_id": "MP02337",
    "task_id": "detectdiscrim"
  },
  "dummy_trs": 1,
  "dvars_nstd": 40.320538468131865,
  "dvars_std": 1.2194053423626376,
  "dvars_vstd": 0.9510595088461536,
  "efc": 0.611214729783564,
  "fber": 148.7600860595703,
  "fd_mean": 0.24857490649303757,
  "fd_num": 77,
  "fd_perc": 42.076502732240435,
  "fwhm_avg": 2.581802222222222,
  "fwhm_x": 2.3980266666666665,
  "fwhm_y": 2.62806,
  "fwhm_z": 2.7193199999999997,
  "gcor": 0.0308807,
  "gsr_x": 0.04420161247253418,
  "gsr_y": 0.03046678937971592,
  "provenance": {
    "md5sum": "f45a34adac2db545245bc9233c24f5b1",
    "settings": {
      "fd_thres": 0.2,
      "testing": false
    },
    "software": "mriqc",
    "version": "21.0.0rc2",
    "webapi_port": null,
    "webapi_url": "https://mriqc.nimh.nih.gov/api/v1"
  },
  "size_t": 183,
  "size_x": 64,
  "size_y": 64,
  "size_z": 48,
  "snr": 2.162338857589466,
  "spacing_tr": 0.07000000029802322,
  "spacing_x": 3.0,
  "spacing_y": 3.0,
  "spacing_z": 3.0,
  "summary_bg_k": 24.38054466490085,
  "summary_bg_mad": 18.49607122687786,
  "summary_bg_mean": 114.73319244384766,
  "summary_bg_median": 62.5136604309082,
  "summary_bg_n": 104856.0,
  "summary_bg_p05": 48.45355224609375,
  "summary_bg_p95": 367.2021789550781,
  "summary_bg_stdv": 136.79554748535156,
  "summary_fg_k": 1.476878461776808,
  "summary_fg_mad": 325.99426632627717,
  "summary_fg_mean": 867.8416748046875,
  "summary_fg_median": 788.1884765625,
  "summary_fg_n": 44270.0,
  "summary_fg_p05": 435.12812957763674,
  "summary_fg_p95": 1592.792816162109,
  "summary_fg_stdv": 364.5032653808594,
  "tsnr": 38.91358306910843
}