{
  "aor": 0.005063770491803278,
  "aqi": 0.006690771147540984,
  "bids_meta": {
    "AcquisitionDateTime": "20180829165241.530000",
    "ConversionSoftware": "dicm2nii.m 20180808",
    "DeviceSerialNumber": "167032",
    "EchoTime": 0.03,
    "EchoTime1": 0.03,
    "EchoTime2": 0.03,
    "EffectiveEchoSpacing": 0.00052083333,
    "FlipAngle": 90,
    "ImageType": [
      "ORIGINAL",
      "PRIMARY",
      "M",
      "ND",
      "MOSAIC"
    ],
    "InstitutionAddress": "Queen Square 12,London,Southeast,GB,WC1N 3BG",
    "InstitutionName": "Functional Imaging Laboratory",
    "MRAcquisitionType": "2D",
    "Manufacturer": "SIEMENS",
    "Modality": "MR",
    "PatientName": "MP02337",
    "PatientPosition": "HFS",
    "PhaseEncodingDirection": "j-",
    "RepetitionTime": 3.36,
    "ScanOptions": "FS",
    "ScanningSequence": "RM",
    "SequenceName": "ep2d_2i2d1",
    "SequenceVariant": "SP\\OSP",
    "SeriesDescription": "nc_epi2d_v2i_3mm_OFC_64ch",
    "SeriesNumber": 14,
    "SliceThickness": 2.5,
    "SliceTiming": [
      0,
      0,
      0,
      0,
      0,
      0,
      0,
      0,
      0,
      0,
      0,
      0,
      0,
      0,
      0,
      0,
      0,
      0,
      0,
      0,
      0,
      0,
      0,
      0,
      0,
      0,
      0,
      0,
      0,
      0,
      0,
      0,
      0,
      0,
      0,
      0,
      0,
      0,
      0,
      0,
      0,
      0,
      0,
      0,
      0,
      0,
      0,
      0
    ],
    "SoftwareVersion": "syngo MR E11",
    "TaskName": "visual detection and discrimination",
    "TotalReadoutTime": 0.0328125,
    "dataset": "ds003669",
    "deltaTE": 0,
    "modality": "bold",
    "run_id": 5,
    "subject_id": "MP02337",
    "task_id": "detectdiscrim"
  },
  "dummy_trs": 1,
  "dvars_nstd": 30.537224889999997,
  "dvars_std": 1.267987145934066,
  "dvars_vstd": 0.9764324053846155,
  "efc": 0.6136692138434067,
  "fber": 148.17861938476562,
  "fd_mean": 0.13156697005522805,
  "fd_num": 33,
  "fd_perc": 18.0327868852459,
  "fwhm_avg": 2.556093333333333,
  "fwhm_x": 2.343026666666667,
  "fwhm_y": 2.62215,
  "fwhm_z": 2.7031033333333334,
  "gcor": 0.0218037,
  "gsr_x": 0.050379782915115356,
  "gsr_y": 0.03861219063401222,
  "provenance": {
    "md5sum": "b103e73de8c0047ff4928ec7975ef385",
    "settings": {
      "fd_thres": 0.2,
      "testing": false
    },
    "software": "mriqc",
    "version": "21.0.0rc2",
    "webapi_port": null,
    "webapi_url": "https://mriqc.nimh.nih.gov/api/v1"
  },
  "size_t": 183,
  "size_x": 64,
  "size_y": 64,
  "size_z": 48,
  "snr": 2.1703672030130354,
  "spacing_tr": 0.07000000029802322,
  "spacing_x": 3.0,
  "spacing_y": 3.0,
  "spacing_z": 3.0,
  "summary_bg_k": 23.41837492874484,
  "summary_bg_mad": 17.240312622500525,
  "summary_bg_mean": 115.86965942382812,
  "summary_bg_median": 61.721309661865234,
  "summary_bg_n": 105268.0,
  "summary_bg_p05": 49.196720123291016,
  "summary_bg_p95": 382.61857452392553,
  "summary_bg_stdv": 140.04763793945312,
  "summary_fg_k": 1.309654701090179,
  "summary_fg_mad": 317.9331144628723,
  "summary_fg_mean": 851.0652465820312,
  "summary_fg_median": 771.7977905273438,
  "summary_fg_n": 44311.0,
  "summary_fg_p05": 427.5601043701172,
  "summary_fg_p95": 1560.64208984375,
  "summary_fg_stdv": 355.6029968261719,
  "tsnr": 49.198448485694826
}