{
  "aor": 0.0032112637362637364,
  "aqi": 0.009260502142857143,
  "bids_meta": {
    "AcquisitionDateTime": "20180829161137.192500",
    "ConversionSoftware": "dicm2nii.m 20180808",
    "DeviceSerialNumber": "167032",
    "EchoTime": 0.03,
    "EchoTime1": 0.03,
    "EchoTime2": 0.03,
    "EffectiveEchoSpacing": 0.00048611111,
    "FlipAngle": 90,
    "ImageType": [
      "ORIGINAL",
      "PRIMARY",
      "M",
      "ND",
      "MOSAIC"
    ],
    "InstitutionAddress": "Queen Square 12,London,Southeast,GB,WC1N 3BG",
    "InstitutionName": "Functional Imaging Laboratory",
    "MRAcquisitionType": "2D",
    "Manufacturer": "SIEMENS",
    "Modality": "MR",
    "PatientName": "MP02337",
    "PatientPosition": "HFS",
    "PhaseEncodingDirection": "j-",
    "RepetitionTime": 3.36,
    "ScanOptions": "FS",
    "ScanningSequence": "RM",
    "SequenceName": "ep2d_2i2d1",
    "SequenceVariant": "SP\\OSP",
    "SeriesDescription": "nc_epi2d_v2i_3mm_OFC_64ch",
    "SeriesNumber": 10,
    "SliceThickness": 2.5,
    "SliceTiming": [
      0,
      0.07,
      0.14,
      0.21,
      0.28,
      0.35,
      0.42,
      0.49,
      0.56,
      0.63,
      0.7,
      0.77,
      0.84,
      0.91,
      0.98,
      1.05,
      1.12,
      1.19,
      1.26,
      1.33,
      1.4,
      1.47,
      1.54,
      1.61,
      1.68,
      1.75,
      1.82,
      1.89,
      1.96,
      2.03,
      2.1,
      2.17,
      2.24,
      2.31,
      2.38,
      2.45,
      2.52,
      2.59,
      2.66,
      2.73,
      2.8,
      2.87,
      2.94,
      3.01,
      3.08,
      3.15,
      3.22,
      3.29
    ],
    "SoftwareVersion": "syngo MR E11",
    "TaskName": "visual detection and discrimination",
    "TotalReadoutTime": 0.030625,
    "dataset": "ds003669",
    "deltaTE": 0,
    "modality": "bold",
    "run_id": 2,
    "subject_id": "MP02337",
    "task_id": "detectdiscrim"
  },
  "dummy_trs": 2,
  "dvars_nstd": 38.7533618971271,
  "dvars_std": 1.223071252983426,
  "dvars_vstd": 0.9520966808287292,
  "efc": 0.6092589934877216,
  "fber": 149.9561767578125,
  "fd_mean": 0.22265346267474675,
  "fd_num": 77,
  "fd_perc": 42.30769230769231,
  "fwhm_avg": 2.567025555555556,
  "fwhm_x": 2.4050033333333336,
  "fwhm_y": 2.6224366666666667,
  "fwhm_z": 2.673636666666667,
  "gcor": 0.0293671,
  "gsr_x": 0.040675852447748184,
  "gsr_y": 0.03218843415379524,
  "provenance": {
    "md5sum": "c7db6c63856bb3a5050d33649614f181",
    "settings": {
      "fd_thres": 0.2,
      "testing": false
    },
    "software": "mriqc",
    "version": "21.0.0rc2",
    "webapi_port": null,
    "webapi_url": "https://mriqc.nimh.nih.gov/api/v1"
  },
  "size_t": 182,
  "size_x": 64,
  "size_y": 64,
  "size_z": 48,
  "snr": 2.156223945939102,
  "spacing_tr": 0.07000000029802322,
  "spacing_x": 3.0,
  "spacing_y": 3.0,
  "spacing_z": 3.0,
  "summary_bg_k": 27.534796626324297,
  "summary_bg_mad": 18.337022232474727,
  "summary_bg_mean": 110.83749389648438,
  "summary_bg_median": 62.05494689941406,
  "summary_bg_n": 104384.0,
  "summary_bg_p05": 47.19780349731445,
  "summary_bg_p95": 350.1090698242187,
  "summary_bg_stdv": 129.97378540039062,
  "summary_fg_k": 1.4901703510618214,
  "summary_fg_mad": 324.7591566045741,
  "summary_fg_mean": 866.5618286132812,
  "summary_fg_median": 786.2527465820312,
  "summary_fg_n": 44042.0,
  "summary_fg_p05": 433.8005676269531,
  "summary_fg_p95": 1594.7242431640625,
  "summary_fg_stdv": 364.63922119140625,
  "tsnr": 41.15000276407227
}