{
  "aor": 0.012199175824175824,
  "aqi": 0.01292683087912088,
  "bids_meta": {
    "AcquisitionDateTime": "20180824111459.267500",
    "ConversionSoftware": "dicm2nii.m 20180808",
    "DeviceSerialNumber": "167032",
    "EchoTime": 0.03,
    "EchoTime1": 0.03,
    "EchoTime2": 0.03,
    "EffectiveEchoSpacing": 0.00048611111,
    "FlipAngle": 90,
    "ImageType": [
      "ORIGINAL",
      "PRIMARY",
      "M",
      "ND",
      "MOSAIC"
    ],
    "InstitutionAddress": "Queen Square 12,London,Southeast,GB,WC1N 3BG",
    "InstitutionName": "Functional Imaging Laboratory",
    "MRAcquisitionType": "2D",
    "Manufacturer": "SIEMENS",
    "Modality": "MR",
    "PatientName": "MP02327",
    "PatientPosition": "HFS",
    "PhaseEncodingDirection": "j-",
    "RepetitionTime": 3.36,
    "ScanOptions": "FS",
    "ScanningSequence": "RM",
    "SequenceName": "ep2d_2i2d1",
    "SequenceVariant": "SP\\OSP",
    "SeriesDescription": "nc_epi2d_v2i_3mm_OFC_64ch",
    "SeriesNumber": 10,
    "SliceThickness": 2.5,
    "SliceTiming": [
      0,
      0.07,
      0.14,
      0.21,
      0.28,
      0.35,
      0.42,
      0.49,
      0.56,
      0.63,
      0.7,
      0.77,
      0.84,
      0.91,
      0.98,
      1.05,
      1.12,
      1.19,
      1.26,
      1.33,
      1.4,
      1.47,
      1.54,
      1.61,
      1.68,
      1.75,
      1.82,
      1.89,
      1.96,
      2.03,
      2.1,
      2.17,
      2.24,
      2.31,
      2.38,
      2.45,
      2.52,
      2.59,
      2.66,
      2.73,
      2.8,
      2.87,
      2.94,
      3.01,
      3.08,
      3.15,
      3.22,
      3.29
    ],
    "SoftwareVersion": "syngo MR E11",
    "TaskName": "visual detection and discrimination",
    "TotalReadoutTime": 0.030625,
    "dataset": "ds003669",
    "deltaTE": 0,
    "modality": "bold",
    "run_id": 5,
    "subject_id": "MP02327",
    "task_id": "detectdiscrim"
  },
  "dummy_trs": 2,
  "dvars_nstd": 33.586285701988935,
  "dvars_std": 1.0682948422099448,
  "dvars_vstd": 0.9617310485082876,
  "efc": 0.5708433094735921,
  "fber": 188.5103759765625,
  "fd_mean": 0.2975390949270814,
  "fd_num": 68,
  "fd_perc": 37.362637362637365,
  "fwhm_avg": 2.5206733333333333,
  "fwhm_x": 2.3411466666666665,
  "fwhm_y": 2.54348,
  "fwhm_z": 2.6773933333333333,
  "gcor": 0.0122552,
  "gsr_x": 0.017169229686260223,
  "gsr_y": 0.04157368466258049,
  "provenance": {
    "md5sum": "479ad0d4becb5cb10a39d402ec52069d",
    "settings": {
      "fd_thres": 0.2,
      "testing": false
    },
    "software": "mriqc",
    "version": "21.0.0rc2",
    "webapi_port": null,
    "webapi_url": "https://mriqc.nimh.nih.gov/api/v1"
  },
  "size_t": 182,
  "size_x": 64,
  "size_y": 64,
  "size_z": 48,
  "snr": 2.3966857874376704,
  "spacing_tr": 0.07000000029802322,
  "spacing_x": 3.0,
  "spacing_y": 3.0,
  "spacing_z": 3.0,
  "summary_bg_k": 52.1576373278072,
  "summary_bg_mad": 7.095314656904401,
  "summary_bg_mean": 76.41638946533203,
  "summary_bg_median": 51.593406677246094,
  "summary_bg_n": 117429.0,
  "summary_bg_p05": 45.20879364013672,
  "summary_bg_p95": 196.510986328125,
  "summary_bg_stdv": 81.79278564453125,
  "summary_fg_k": 1.601615740065082,
  "summary_fg_mad": 269.34477215276274,
  "summary_fg_mean": 782.1726684570312,
  "summary_fg_median": 719.2637329101562,
  "summary_fg_n": 36863.0,
  "summary_fg_p05": 419.5390319824219,
  "summary_fg_p95": 1359.6698608398438,
  "summary_fg_stdv": 300.10357666015625,
  "tsnr": 33.66498085903004
}