{
  "aor": 0.013297417582417582,
  "aqi": 0.005876026208791209,
  "bids_meta": {
    "AcquisitionDateTime": "20180824103828.907500",
    "ConversionSoftware": "dicm2nii.m 20180808",
    "DeviceSerialNumber": "167032",
    "EchoTime": 0.03,
    "EchoTime1": 0.03,
    "EchoTime2": 0.03,
    "EffectiveEchoSpacing": 0.00048611111,
    "FlipAngle": 90,
    "ImageType": [
      "ORIGINAL",
      "PRIMARY",
      "M",
      "ND",
      "MOSAIC"
    ],
    "InstitutionAddress": "Queen Square 12,London,Southeast,GB,WC1N 3BG",
    "InstitutionName": "Functional Imaging Laboratory",
    "MRAcquisitionType": "2D",
    "Manufacturer": "SIEMENS",
    "Modality": "MR",
    "PatientName": "MP02327",
    "PatientPosition": "HFS",
    "PhaseEncodingDirection": "j-",
    "RepetitionTime": 3.36,
    "ScanOptions": "FS",
    "ScanningSequence": "RM",
    "SequenceName": "ep2d_2i2d1",
    "SequenceVariant": "SP\\OSP",
    "SeriesDescription": "nc_epi2d_v2i_3mm_OFC_64ch",
    "SeriesNumber": 7,
    "SliceThickness": 2.5,
    "SliceTiming": [
      0,
      0.07,
      0.14,
      0.21,
      0.28,
      0.35,
      0.42,
      0.49,
      0.56,
      0.63,
      0.7,
      0.77,
      0.84,
      0.91,
      0.98,
      1.05,
      1.12,
      1.19,
      1.26,
      1.33,
      1.4,
      1.47,
      1.54,
      1.61,
      1.68,
      1.75,
      1.82,
      1.89,
      1.96,
      2.03,
      2.1,
      2.17,
      2.24,
      2.31,
      2.38,
      2.45,
      2.52,
      2.59,
      2.66,
      2.73,
      2.8,
      2.87,
      2.94,
      3.01,
      3.08,
      3.15,
      3.22,
      3.29
    ],
    "SoftwareVersion": "syngo MR E11",
    "TaskName": "visual detection and discrimination",
    "TotalReadoutTime": 0.030625,
    "dataset": "ds003669",
    "deltaTE": 0,
    "modality": "bold",
    "run_id": 2,
    "subject_id": "MP02327",
    "task_id": "detectdiscrim"
  },
  "dummy_trs": 2,
  "dvars_nstd": 25.709560088674035,
  "dvars_std": 1.2452117133701655,
  "dvars_vstd": 1.0534495866298343,
  "efc": 0.5695695399373832,
  "fber": 195.257568359375,
  "fd_mean": 0.11797947697301822,
  "fd_num": 25,
  "fd_perc": 13.736263736263735,
  "fwhm_avg": 2.51063,
  "fwhm_x": 2.39112,
  "fwhm_y": 2.59167,
  "fwhm_z": 2.5491,
  "gcor": 0.00956227,
  "gsr_x": 0.007433664985001087,
  "gsr_y": 0.029559271410107613,
  "provenance": {
    "md5sum": "430d55bbc9599b0c85194d374f718d09",
    "settings": {
      "fd_thres": 0.2,
      "testing": false
    },
    "software": "mriqc",
    "version": "21.0.0rc2",
    "webapi_port": null,
    "webapi_url": "https://mriqc.nimh.nih.gov/api/v1"
  },
  "size_t": 182,
  "size_x": 64,
  "size_y": 64,
  "size_z": 48,
  "snr": 2.4124563692506285,
  "spacing_tr": 0.07000000029802322,
  "spacing_x": 3.0,
  "spacing_y": 3.0,
  "spacing_z": 3.0,
  "summary_bg_k": 33.49336948522562,
  "summary_bg_mad": 8.643081604572684,
  "summary_bg_mean": 85.34580993652344,
  "summary_bg_median": 52.68132019042969,
  "summary_bg_n": 118246.0,
  "summary_bg_p05": 44.75412082672119,
  "summary_bg_p95": 257.0096130371094,
  "summary_bg_stdv": 99.07313537597656,
  "summary_fg_k": 1.5097533639139016,
  "summary_fg_mad": 280.41144213044595,
  "summary_fg_mean": 815.9483642578125,
  "summary_fg_median": 752.7527465820312,
  "summary_fg_n": 36168.0,
  "summary_fg_p05": 435.1722717285156,
  "summary_fg_p95": 1418.8404235839844,
  "summary_fg_stdv": 312.023193359375,
  "tsnr": 50.500541316345334
}