{
  "aor": 0.01061011111111111,
  "aqi": 0.013031711833333333,
  "bids_meta": {
    "AcquisitionDateTime": "20190123172618.895000",
    "ConversionSoftware": "dicm2nii.m 20180808",
    "DeviceSerialNumber": "167032",
    "EchoTime": 0.03,
    "EchoTime1": 0.03,
    "EchoTime2": 0.03,
    "EffectiveEchoSpacing": 0.00048611111,
    "FlipAngle": 90,
    "ImageType": [
      "ORIGINAL",
      "PRIMARY",
      "M",
      "ND",
      "MOSAIC"
    ],
    "InstitutionAddress": "Queen Square 12,London,Southeast,GB,WC1N 3BG",
    "InstitutionName": "FIL",
    "MRAcquisitionType": "2D",
    "Manufacturer": "SIEMENS",
    "Modality": "MR",
    "PatientName": "MP02552",
    "PatientPosition": "HFS",
    "PhaseEncodingDirection": "j-",
    "RepetitionTime": 3.36,
    "ScanOptions": "FS",
    "ScanningSequence": "RM",
    "SequenceName": "ep2d_2i2d1",
    "SequenceVariant": "SP\\OSP",
    "SeriesDescription": "nc_epi2d_v2i_3mm_OFC_64ch",
    "SeriesNumber": 10,
    "SliceThickness": 2.5,
    "SliceTiming": [
      0,
      0,
      0,
      0,
      0,
      0,
      0,
      0,
      0,
      0,
      0,
      0,
      0,
      0,
      0,
      0,
      0,
      0,
      0,
      0,
      0,
      0,
      0,
      0,
      0,
      0,
      0,
      0,
      0,
      0,
      0,
      0,
      0,
      0,
      0,
      0,
      0,
      0,
      0,
      0,
      0,
      0,
      0,
      0,
      0,
      0,
      0,
      0
    ],
    "SoftwareVersion": "syngo MR E11",
    "TaskName": "visual detection and discrimination",
    "TotalReadoutTime": 0.030625,
    "dataset": "ds003669",
    "deltaTE": 0,
    "modality": "bold",
    "run_id": 5,
    "subject_id": "MP02552",
    "task_id": "detectdiscrim"
  },
  "dummy_trs": 4,
  "dvars_nstd": 28.64975107737431,
  "dvars_std": 1.0398483528491616,
  "dvars_vstd": 0.8964086844134076,
  "efc": 0.6266182253942458,
  "fber": 145.62326049804688,
  "fd_mean": 0.1089888590102241,
  "fd_num": 23,
  "fd_perc": 12.777777777777779,
  "fwhm_avg": 2.486842222222222,
  "fwhm_x": 2.2358333333333333,
  "fwhm_y": 2.6069366666666665,
  "fwhm_z": 2.6177566666666667,
  "gcor": 0.0120898,
  "gsr_x": 0.007995075546205044,
  "gsr_y": 0.054472360759973526,
  "provenance": {
    "md5sum": "df1ec816f53a9643c1288638c797c9f6",
    "settings": {
      "fd_thres": 0.2,
      "testing": false
    },
    "software": "mriqc",
    "version": "21.0.0rc2",
    "webapi_port": null,
    "webapi_url": "https://mriqc.nimh.nih.gov/api/v1"
  },
  "size_t": 180,
  "size_x": 64,
  "size_y": 64,
  "size_z": 48,
  "snr": 2.3553537689180146,
  "spacing_tr": 0.07000000029802322,
  "spacing_x": 3.0,
  "spacing_y": 3.0,
  "spacing_z": 3.0,
  "summary_bg_k": 19.005718658111423,
  "summary_bg_mad": 15.287276711318086,
  "summary_bg_mean": 106.31842041015625,
  "summary_bg_median": 60.43333435058594,
  "summary_bg_n": 101397.0,
  "summary_bg_p05": 47.43333435058594,
  "summary_bg_p95": 340.12666625976556,
  "summary_bg_stdv": 115.92394256591797,
  "summary_fg_k": 0.38204186296091525,
  "summary_fg_mad": 325.9707387031808,
  "summary_fg_mean": 836.01953125,
  "summary_fg_median": 775.4111328125,
  "summary_fg_n": 46704.0,
  "summary_fg_p05": 410.8969436645508,
  "summary_fg_p95": 1452.7603271484372,
  "summary_fg_stdv": 329.2086486816406,
  "tsnr": 32.81934629869647
}