{
  "bids_meta": {
    "AcquisitionDateTime": "20181011101618.467500",
    "ConversionSoftware": "dicm2nii.m 20180808",
    "DeviceSerialNumber": "167032",
    "EchoTime": 0.00334,
    "FlipAngle": 7,
    "ImageType": [
      "ORIGINAL",
      "PRIMARY",
      "M",
      "ND"
    ],
    "InstitutionAddress": "Queen Square 12,London,Southeast,GB,WC1N 3BG",
    "InstitutionName": "Functional Imaging Laboratory",
    "InversionTime": 1.1,
    "MRAcquisitionType": "3D",
    "Manufacturer": "SIEMENS",
    "Modality": "MR",
    "PatientName": "MP02407",
    "PatientPosition": "HFS",
    "PhaseEncodingDirection": "j-",
    "RepetitionTime": 2.53,
    "ScanOptions": "IR",
    "ScanningSequence": "GR\\IR",
    "SequenceName": "*tfl3d1_16ns",
    "SequenceVariant": "SK\\SP\\MP",
    "SeriesDescription": "MPRAGE_64ch_Head",
    "SeriesNumber": 2,
    "SliceThickness": 1,
    "SoftwareVersion": "syngo MR E11",
    "dataset": "ds003669",
    "modality": "T1w",
    "subject_id": "MP02407"
  },
  "cjv": 0.4894521914710665,
  "cnr": 1.4684843644187655,
  "efc": 0.6377373244823425,
  "fber": 19.354688493131828,
  "fwhm_avg": 3.912506666666667,
  "fwhm_x": 4.04146,
  "fwhm_y": 3.9556,
  "fwhm_z": 3.74046,
  "icvs_csf": 0.18329952667298646,
  "icvs_gm": 0.4294337525798209,
  "icvs_wm": 0.3872667207471926,
  "inu_med": 1.1918009519577026,
  "inu_range": 0.33561203479766855,
  "provenance": {
    "md5sum": "92cf58dcb78cb2fc93ab4a5059b43c8b",
    "settings": {
      "testing": false
    },
    "software": "mriqc",
    "version": "21.0.0rc2",
    "warnings": {
      "large_rot_frame": true,
      "small_air_mask": false
    },
    "webapi_port": null,
    "webapi_url": "https://mriqc.nimh.nih.gov/api/v1"
  },
  "qi_1": 0.0,
  "qi_2": 0.0035231099765354198,
  "rpve_csf": 32.64220774042131,
  "rpve_gm": 14.062575153961133,
  "rpve_wm": 17.982015435571046,
  "size_x": 176,
  "size_y": 256,
  "size_z": 256,
  "snr_csf": 3.183757008857892,
  "snr_gm": 7.089667011294654,
  "snr_total": 4.595592516305751,
  "snr_wm": 3.5133535287647075,
  "snrd_csf": 18.92265084150675,
  "snrd_gm": 30.691275544589875,
  "snrd_total": 34.627201835497424,
  "snrd_wm": 54.267679120395655,
  "spacing_x": 1.0,
  "spacing_y": 1.0,
  "spacing_z": 1.0,
  "summary_bg_k": 0.4380237638221214,
  "summary_bg_mad": 12.07355701651103,
  "summary_bg_mean": 153.91820251579517,
  "summary_bg_median": 153.59241493046284,
  "summary_bg_n": 3480808.0,
  "summary_bg_p05": 134.41913360357285,
  "summary_bg_p95": 174.41501078009605,
  "summary_bg_stdv": 12.235696289325924,
  "summary_csf_k": 0.4962539542228752,
  "summary_csf_mad": 114.66058419794177,
  "summary_csf_mean": 350.325252409068,
  "summary_csf_median": 348.72693940252066,
  "summary_csf_n": 2006.0,
  "summary_csf_p05": 178.2032800745219,
  "summary_csf_p95": 523.7862136680633,
  "summary_csf_stdv": 109.50584690517222,
  "summary_gm_k": 3.163118145770988,
  "summary_gm_mad": 69.99606472863357,
  "summary_gm_mean": 574.7239887711007,
  "summary_gm_median": 565.6117991432548,
  "summary_gm_n": 15173.0,
  "summary_gm_p05": 463.7150862850249,
  "summary_gm_p95": 722.7502402976155,
  "summary_gm_stdv": 79.77711212324573,
  "summary_wm_k": 5.510383354109523,
  "summary_wm_mad": 142.6666515811778,
  "summary_wm_mean": 1086.4031284831647,
  "summary_wm_median": 1000.1030937284231,
  "summary_wm_n": 119139.0,
  "summary_wm_p05": 832.2853410393,
  "summary_wm_p95": 1741.629749045893,
  "summary_wm_stdv": 284.65649366633346,
  "tpm_overlap_csf": 0.13047313690185547,
  "tpm_overlap_gm": 0.39695417881011963,
  "tpm_overlap_wm": 0.4332819879055023,
  "wm2max": 0.33422902025630424
}