{
  "aor": 0.007398306010928962,
  "aqi": 0.007150295792349726,
  "bids_meta": {
    "AcquisitionDateTime": "20180823110715.825000",
    "ConversionSoftware": "dicm2nii.m 20180808",
    "DeviceSerialNumber": "167032",
    "EchoTime": 0.03,
    "EchoTime1": 0.03,
    "EchoTime2": 0.03,
    "EffectiveEchoSpacing": 0.00048611111,
    "FlipAngle": 90,
    "ImageType": [
      "ORIGINAL",
      "PRIMARY",
      "M",
      "ND",
      "MOSAIC"
    ],
    "InstitutionAddress": "Queen Square 12,London,Southeast,GB,WC1N 3BG",
    "InstitutionName": "Functional Imaging Laboratory",
    "MRAcquisitionType": "2D",
    "Manufacturer": "SIEMENS",
    "Modality": "MR",
    "PatientName": "MP02324",
    "PatientPosition": "HFS",
    "PhaseEncodingDirection": "j-",
    "RepetitionTime": 3.36,
    "ScanOptions": "FS",
    "ScanningSequence": "RM",
    "SequenceName": "ep2d_2i2d1",
    "SequenceVariant": "SP\\OSP",
    "SeriesDescription": "nc_epi2d_v2i_3mm_OFC_64ch",
    "SeriesNumber": 9,
    "SliceThickness": 2.5,
    "SliceTiming": [
      0,
      0.07,
      0.14,
      0.21,
      0.28,
      0.35,
      0.42,
      0.49,
      0.56,
      0.63,
      0.7,
      0.77,
      0.84,
      0.91,
      0.98,
      1.05,
      1.12,
      1.19,
      1.26,
      1.33,
      1.4,
      1.47,
      1.54,
      1.61,
      1.68,
      1.75,
      1.82,
      1.89,
      1.96,
      2.03,
      2.1,
      2.17,
      2.24,
      2.31,
      2.38,
      2.45,
      2.52,
      2.59,
      2.66,
      2.73,
      2.8,
      2.87,
      2.94,
      3.01,
      3.08,
      3.15,
      3.22,
      3.29
    ],
    "SoftwareVersion": "syngo MR E11",
    "TaskName": "visual detection and discrimination",
    "TotalReadoutTime": 0.030625,
    "dataset": "ds003669",
    "deltaTE": 0,
    "modality": "bold",
    "run_id": 4,
    "subject_id": "MP02324",
    "task_id": "detectdiscrim"
  },
  "dummy_trs": 1,
  "dvars_nstd": 34.31943169291209,
  "dvars_std": 1.2877271716483514,
  "dvars_vstd": 1.017273774835166,
  "efc": 0.626474983916151,
  "fber": 161.16375732421875,
  "fd_mean": 0.14154584310318194,
  "fd_num": 23,
  "fd_perc": 12.568306010928962,
  "fwhm_avg": 2.626127777777778,
  "fwhm_x": 2.3676866666666667,
  "fwhm_y": 2.6429033333333334,
  "fwhm_z": 2.867793333333333,
  "gcor": 0.0376219,
  "gsr_x": 0.012227445840835571,
  "gsr_y": 0.07718481868505478,
  "provenance": {
    "md5sum": "4cb0014eed8a14271ef3d851a48e3dce",
    "settings": {
      "fd_thres": 0.2,
      "testing": false
    },
    "software": "mriqc",
    "version": "21.0.0rc2",
    "webapi_port": null,
    "webapi_url": "https://mriqc.nimh.nih.gov/api/v1"
  },
  "size_t": 183,
  "size_x": 64,
  "size_y": 64,
  "size_z": 48,
  "snr": 2.5168723403389857,
  "spacing_tr": 0.07000000029802322,
  "spacing_x": 3.0,
  "spacing_y": 3.0,
  "spacing_z": 3.0,
  "summary_bg_k": 20.693618139989777,
  "summary_bg_mad": 9.721981482544342,
  "summary_bg_mean": 105.22966766357422,
  "summary_bg_median": 55.644805908203125,
  "summary_bg_n": 103263.0,
  "summary_bg_p05": 48.273223876953125,
  "summary_bg_p95": 364.1426025390619,
  "summary_bg_stdv": 132.7775115966797,
  "summary_fg_k": 1.5087967219995004,
  "summary_fg_mad": 274.6621959542658,
  "summary_fg_mean": 786.0601806640625,
  "summary_fg_median": 736.30322265625,
  "summary_fg_n": 45604.0,
  "summary_fg_p05": 414.4349533081055,
  "summary_fg_p95": 1337.5553833007812,
  "summary_fg_stdv": 292.543701171875,
  "tsnr": 52.440876289387234
}