{
  "aor": 0.008704945054945056,
  "aqi": 0.009577145989010988,
  "bids_meta": {
    "AcquisitionDateTime": "20180823104305.487500",
    "ConversionSoftware": "dicm2nii.m 20180808",
    "DeviceSerialNumber": "167032",
    "EchoTime": 0.03,
    "EchoTime1": 0.03,
    "EchoTime2": 0.03,
    "EffectiveEchoSpacing": 0.00048611111,
    "FlipAngle": 90,
    "ImageType": [
      "ORIGINAL",
      "PRIMARY",
      "M",
      "ND",
      "MOSAIC"
    ],
    "InstitutionAddress": "Queen Square 12,London,Southeast,GB,WC1N 3BG",
    "InstitutionName": "Functional Imaging Laboratory",
    "MRAcquisitionType": "2D",
    "Manufacturer": "SIEMENS",
    "Modality": "MR",
    "PatientName": "MP02324",
    "PatientPosition": "HFS",
    "PhaseEncodingDirection": "j-",
    "RepetitionTime": 3.36,
    "ScanOptions": "FS",
    "ScanningSequence": "RM",
    "SequenceName": "ep2d_2i2d1",
    "SequenceVariant": "SP\\OSP",
    "SeriesDescription": "nc_epi2d_v2i_3mm_OFC_64ch",
    "SeriesNumber": 7,
    "SliceThickness": 2.5,
    "SliceTiming": [
      0,
      0,
      0,
      0,
      0,
      0,
      0,
      0,
      0,
      0,
      0,
      0,
      0,
      0,
      0,
      0,
      0,
      0,
      0,
      0,
      0,
      0,
      0,
      0,
      0,
      0,
      0,
      0,
      0,
      0,
      0,
      0,
      0,
      0,
      0,
      0,
      0,
      0,
      0,
      0,
      0,
      0,
      0,
      0,
      0,
      0,
      0,
      0
    ],
    "SoftwareVersion": "syngo MR E11",
    "TaskName": "visual detection and discrimination",
    "TotalReadoutTime": 0.030625,
    "dataset": "ds003669",
    "deltaTE": 0,
    "modality": "bold",
    "run_id": 2,
    "subject_id": "MP02324",
    "task_id": "detectdiscrim"
  },
  "dummy_trs": 2,
  "dvars_nstd": 33.44562287104974,
  "dvars_std": 1.2847159938674033,
  "dvars_vstd": 1.026024572486188,
  "efc": 0.6263101048890156,
  "fber": 159.12159729003906,
  "fd_mean": 0.14121404028846188,
  "fd_num": 29,
  "fd_perc": 15.934065934065934,
  "fwhm_avg": 2.602653333333333,
  "fwhm_x": 2.3762066666666666,
  "fwhm_y": 2.6671133333333334,
  "fwhm_z": 2.76464,
  "gcor": 0.0231431,
  "gsr_x": 0.007236930076032877,
  "gsr_y": 0.07451242953538895,
  "provenance": {
    "md5sum": "8506802ecc543123d0e473b90a3189e6",
    "settings": {
      "fd_thres": 0.2,
      "testing": false
    },
    "software": "mriqc",
    "version": "21.0.0rc2",
    "webapi_port": null,
    "webapi_url": "https://mriqc.nimh.nih.gov/api/v1"
  },
  "size_t": 182,
  "size_x": 64,
  "size_y": 64,
  "size_z": 48,
  "snr": 2.4534821882976914,
  "spacing_tr": 0.07000000029802322,
  "spacing_x": 3.0,
  "spacing_y": 3.0,
  "spacing_z": 3.0,
  "summary_bg_k": 20.46384047448988,
  "summary_bg_mad": 11.746770988492182,
  "summary_bg_mean": 106.57915496826172,
  "summary_bg_median": 56.120880126953125,
  "summary_bg_n": 102786.0,
  "summary_bg_p05": 45.56593704223633,
  "summary_bg_p95": 369.1126403808594,
  "summary_bg_stdv": 135.07037353515625,
  "summary_fg_k": 1.4383679934868647,
  "summary_fg_mad": 281.2382571005684,
  "summary_fg_mean": 787.7633056640625,
  "summary_fg_median": 737.1593627929688,
  "summary_fg_n": 46574.0,
  "summary_fg_p05": 403.5066116333008,
  "summary_fg_p95": 1356.0599182128901,
  "summary_fg_stdv": 300.45111083984375,
  "tsnr": 42.532678227871656
}