{
  "aor": 0.0031665193370165744,
  "aqi": 0.012548648232044197,
  "bids_meta": {
    "AcquisitionDateTime": "20180823105601.272500",
    "ConversionSoftware": "dicm2nii.m 20180808",
    "DeviceSerialNumber": "167032",
    "EchoTime": 0.03,
    "EchoTime1": 0.03,
    "EchoTime2": 0.03,
    "EffectiveEchoSpacing": 0.00048611111,
    "FlipAngle": 90,
    "ImageType": [
      "ORIGINAL",
      "PRIMARY",
      "M",
      "ND",
      "MOSAIC"
    ],
    "InstitutionAddress": "Queen Square 12,London,Southeast,GB,WC1N 3BG",
    "InstitutionName": "Functional Imaging Laboratory",
    "MRAcquisitionType": "2D",
    "Manufacturer": "SIEMENS",
    "Modality": "MR",
    "PatientName": "MP02324",
    "PatientPosition": "HFS",
    "PhaseEncodingDirection": "j-",
    "RepetitionTime": 3.36,
    "ScanOptions": "FS",
    "ScanningSequence": "RM",
    "SequenceName": "ep2d_2i2d1",
    "SequenceVariant": "SP\\OSP",
    "SeriesDescription": "nc_epi2d_v2i_3mm_OFC_64ch",
    "SeriesNumber": 8,
    "SliceThickness": 2.5,
    "SliceTiming": [
      0,
      0,
      0,
      0,
      0,
      0,
      0,
      0,
      0,
      0,
      0,
      0,
      0,
      0,
      0,
      0,
      0,
      0,
      0,
      0,
      0,
      0,
      0,
      0,
      0,
      0,
      0,
      0,
      0,
      0,
      0,
      0,
      0,
      0,
      0,
      0,
      0,
      0,
      0,
      0,
      0,
      0,
      0,
      0,
      0,
      0,
      0,
      0
    ],
    "SoftwareVersion": "syngo MR E11",
    "TaskName": "visual detection and discrimination",
    "TotalReadoutTime": 0.030625,
    "dataset": "ds003669",
    "deltaTE": 0,
    "modality": "bold",
    "run_id": 3,
    "subject_id": "MP02324",
    "task_id": "detectdiscrim"
  },
  "dummy_trs": 3,
  "dvars_nstd": 34.46802883127778,
  "dvars_std": 1.0469098661111116,
  "dvars_vstd": 0.8642346802777781,
  "efc": 0.6268447646602961,
  "fber": 158.66769409179688,
  "fd_mean": 0.16384242487932177,
  "fd_num": 33,
  "fd_perc": 18.23204419889503,
  "fwhm_avg": 2.580581111111111,
  "fwhm_x": 2.3428,
  "fwhm_y": 2.658933333333333,
  "fwhm_z": 2.74001,
  "gcor": 0.0189781,
  "gsr_x": 0.011886642314493656,
  "gsr_y": 0.0756249651312828,
  "provenance": {
    "md5sum": "f1071a0e6822140fc0dac560e64c116a",
    "settings": {
      "fd_thres": 0.2,
      "testing": false
    },
    "software": "mriqc",
    "version": "21.0.0rc2",
    "webapi_port": null,
    "webapi_url": "https://mriqc.nimh.nih.gov/api/v1"
  },
  "size_t": 181,
  "size_x": 64,
  "size_y": 64,
  "size_z": 48,
  "snr": 2.493315760423577,
  "spacing_tr": 0.07000000029802322,
  "spacing_x": 3.0,
  "spacing_y": 3.0,
  "spacing_z": 3.0,
  "summary_bg_k": 22.15625224044692,
  "summary_bg_mad": 11.950921192121818,
  "summary_bg_mean": 105.59307098388672,
  "summary_bg_median": 56.20442199707031,
  "summary_bg_n": 102714.0,
  "summary_bg_p05": 45.51934051513672,
  "summary_bg_p95": 361.5005676269524,
  "summary_bg_stdv": 132.7335205078125,
  "summary_fg_k": 1.5806662684733297,
  "summary_fg_mad": 277.7012409314565,
  "summary_fg_mean": 790.0361328125,
  "summary_fg_median": 739.7099609375,
  "summary_fg_n": 45950.0,
  "summary_fg_p05": 415.72930908203125,
  "summary_fg_p95": 1354.0,
  "summary_fg_stdv": 296.6739807128906,
  "tsnr": 35.701814310392365
}