{
  "aor": 0.003416868131868132,
  "aqi": 0.007737207087912087,
  "bids_meta": {
    "AcquisitionDateTime": "20180823103102.512500",
    "ConversionSoftware": "dicm2nii.m 20180808",
    "DeviceSerialNumber": "167032",
    "EchoTime": 0.03,
    "EchoTime1": 0.03,
    "EchoTime2": 0.03,
    "EffectiveEchoSpacing": 0.00048611111,
    "FlipAngle": 90,
    "ImageType": [
      "ORIGINAL",
      "PRIMARY",
      "M",
      "ND",
      "MOSAIC"
    ],
    "InstitutionAddress": "Queen Square 12,London,Southeast,GB,WC1N 3BG",
    "InstitutionName": "Functional Imaging Laboratory",
    "MRAcquisitionType": "2D",
    "Manufacturer": "SIEMENS",
    "Modality": "MR",
    "PatientName": "MP02324",
    "PatientPosition": "HFS",
    "PhaseEncodingDirection": "j-",
    "RepetitionTime": 3.36,
    "ScanOptions": "FS",
    "ScanningSequence": "RM",
    "SequenceName": "ep2d_2i2d1",
    "SequenceVariant": "SP\\OSP",
    "SeriesDescription": "nc_epi2d_v2i_3mm_OFC_64ch",
    "SeriesNumber": 6,
    "SliceThickness": 2.5,
    "SliceTiming": [
      0,
      0.07,
      0.14,
      0.21,
      0.28,
      0.35,
      0.42,
      0.49,
      0.56,
      0.63,
      0.7,
      0.77,
      0.84,
      0.91,
      0.98,
      1.05,
      1.12,
      1.19,
      1.26,
      1.33,
      1.4,
      1.47,
      1.54,
      1.61,
      1.68,
      1.75,
      1.82,
      1.89,
      1.96,
      2.03,
      2.1,
      2.17,
      2.24,
      2.31,
      2.38,
      2.45,
      2.52,
      2.59,
      2.66,
      2.73,
      2.8,
      2.87,
      2.94,
      3.01,
      3.08,
      3.15,
      3.22,
      3.29
    ],
    "SoftwareVersion": "syngo MR E11",
    "TaskName": "visual detection and discrimination",
    "TotalReadoutTime": 0.030625,
    "dataset": "ds003669",
    "deltaTE": 0,
    "modality": "bold",
    "run_id": 1,
    "subject_id": "MP02324",
    "task_id": "detectdiscrim"
  },
  "dummy_trs": 2,
  "dvars_nstd": 31.326379997679545,
  "dvars_std": 1.2924069961878442,
  "dvars_vstd": 0.9680057908839781,
  "efc": 0.6258961004277293,
  "fber": 159.46929931640625,
  "fd_mean": 0.0954331501099452,
  "fd_num": 10,
  "fd_perc": 5.4945054945054945,
  "fwhm_avg": 2.6228255555555555,
  "fwhm_x": 2.388386666666667,
  "fwhm_y": 2.68118,
  "fwhm_z": 2.79891,
  "gcor": 0.0150115,
  "gsr_x": 0.00564608396962285,
  "gsr_y": 0.07492997497320175,
  "provenance": {
    "md5sum": "c6563e790fe9580297d7795ed4dd2c4f",
    "settings": {
      "fd_thres": 0.2,
      "testing": false
    },
    "software": "mriqc",
    "version": "21.0.0rc2",
    "webapi_port": null,
    "webapi_url": "https://mriqc.nimh.nih.gov/api/v1"
  },
  "size_t": 182,
  "size_x": 64,
  "size_y": 64,
  "size_z": 48,
  "snr": 2.479644546753776,
  "spacing_tr": 0.07000000029802322,
  "spacing_x": 3.0,
  "spacing_y": 3.0,
  "spacing_z": 3.0,
  "summary_bg_k": 21.01544002530468,
  "summary_bg_mad": 12.15408165199139,
  "summary_bg_mean": 108.72589874267578,
  "summary_bg_median": 56.516483306884766,
  "summary_bg_n": 102804.0,
  "summary_bg_p05": 45.862640380859375,
  "summary_bg_p95": 378.4813232421867,
  "summary_bg_stdv": 140.00912475585938,
  "summary_fg_k": 1.362567168454067,
  "summary_fg_mad": 283.35628612439297,
  "summary_fg_mean": 801.9879150390625,
  "summary_fg_median": 748.6758422851562,
  "summary_fg_n": 45601.0,
  "summary_fg_p05": 421.6098937988281,
  "summary_fg_p95": 1377.857177734375,
  "summary_fg_stdv": 301.9253845214844,
  "tsnr": 45.94670386961661
}