{
  "aor": 0.0013852197802197803,
  "aqi": 0.006273654560439559,
  "bids_meta": {
    "AcquisitionDateTime": "20180912103712.430000",
    "ConversionSoftware": "dicm2nii.m 20180808",
    "DeviceSerialNumber": "167032",
    "EchoTime": 0.03,
    "FlipAngle": 90,
    "ImageType": [
      "ORIGINAL",
      "PRIMARY",
      "M",
      "ND",
      "MOSAIC"
    ],
    "InstitutionAddress": "Queen Square 12,London,Southeast,GB,WC1N 3BG",
    "InstitutionName": "Functional Imaging Laboratory",
    "MRAcquisitionType": "2D",
    "Manufacturer": "SIEMENS",
    "Modality": "MR",
    "PatientName": "MP02350",
    "PatientPosition": "HFS",
    "PhaseEncodingDirection": "j-",
    "RepetitionTime": 3.36,
    "ScanOptions": "FS",
    "ScanningSequence": "RM",
    "SequenceName": "ep2d_2i2d1",
    "SequenceVariant": "SP\\OSP",
    "SeriesDescription": "nc_epi2d_v2i_3mm_OFC_64ch",
    "SeriesNumber": 7,
    "SliceThickness": 2.5,
    "SliceTiming": [
      0,
      0.07,
      0.14,
      0.21,
      0.28,
      0.35,
      0.42,
      0.49,
      0.56,
      0.63,
      0.7,
      0.77,
      0.84,
      0.91,
      0.98,
      1.05,
      1.12,
      1.19,
      1.26,
      1.33,
      1.4,
      1.47,
      1.54,
      1.61,
      1.68,
      1.75,
      1.82,
      1.89,
      1.96,
      2.03,
      2.1,
      2.17,
      2.24,
      2.31,
      2.38,
      2.45,
      2.52,
      2.59,
      2.66,
      2.73,
      2.8,
      2.87,
      2.94,
      3.01,
      3.08,
      3.15,
      3.22,
      3.29
    ],
    "SoftwareVersion": "syngo MR E11",
    "TaskName": "visual detection and discrimination",
    "dataset": "ds003669",
    "modality": "bold",
    "run_id": 2,
    "subject_id": "MP02350",
    "task_id": "detectdiscrim"
  },
  "dummy_trs": 2,
  "dvars_nstd": 27.92952304651935,
  "dvars_std": 1.1909382823204413,
  "dvars_vstd": 0.9418206268508291,
  "efc": 0.6191743212839429,
  "fber": 115.41983795166016,
  "fd_mean": 0.07233451328408784,
  "fd_num": 9,
  "fd_perc": 4.945054945054945,
  "fwhm_avg": 2.473061111111111,
  "fwhm_x": 2.23587,
  "fwhm_y": 2.533936666666667,
  "fwhm_z": 2.6493766666666665,
  "gcor": 0.0099137,
  "gsr_x": 0.019376246258616447,
  "gsr_y": 0.05515914410352707,
  "provenance": {
    "md5sum": "f5663e07d1bb9965753ae5af11686883",
    "settings": {
      "fd_thres": 0.2,
      "testing": false
    },
    "software": "mriqc",
    "version": "21.0.0rc2",
    "webapi_port": null,
    "webapi_url": "https://mriqc.nimh.nih.gov/api/v1"
  },
  "size_t": 182,
  "size_x": 64,
  "size_y": 64,
  "size_z": 48,
  "snr": 2.333119039110965,
  "spacing_tr": 0.07000000029802322,
  "spacing_x": 3.0,
  "spacing_y": 3.0,
  "spacing_z": 3.0,
  "summary_bg_k": 20.557447492206204,
  "summary_bg_mad": 14.711975425503386,
  "summary_bg_mean": 109.91497802734375,
  "summary_bg_median": 59.30220031738281,
  "summary_bg_n": 111505.0,
  "summary_bg_p05": 47.736263275146484,
  "summary_bg_p95": 362.9110046386715,
  "summary_bg_stdv": 130.09637451171875,
  "summary_fg_k": 1.567168834750972,
  "summary_fg_mad": 265.3450762263744,
  "summary_fg_mean": 719.0671997070312,
  "summary_fg_median": 666.1264038085938,
  "summary_fg_n": 39379.0,
  "summary_fg_p05": 358.6313171386719,
  "summary_fg_p95": 1261.8582763671873,
  "summary_fg_stdv": 285.5053405761719,
  "tsnr": 50.68831283203326
}