{
  "aor": 0.00863945054945055,
  "aqi": 0.005632411593406594,
  "bids_meta": {
    "AcquisitionDateTime": "20180912104919.117500",
    "ConversionSoftware": "dicm2nii.m 20180808",
    "DeviceSerialNumber": "167032",
    "EchoTime": 0.03,
    "FlipAngle": 90,
    "ImageType": [
      "ORIGINAL",
      "PRIMARY",
      "M",
      "ND",
      "MOSAIC"
    ],
    "InstitutionAddress": "Queen Square 12,London,Southeast,GB,WC1N 3BG",
    "InstitutionName": "Functional Imaging Laboratory",
    "MRAcquisitionType": "2D",
    "Manufacturer": "SIEMENS",
    "Modality": "MR",
    "PatientName": "MP02350",
    "PatientPosition": "HFS",
    "PhaseEncodingDirection": "j-",
    "RepetitionTime": 3.36,
    "ScanOptions": "FS",
    "ScanningSequence": "RM",
    "SequenceName": "ep2d_2i2d1",
    "SequenceVariant": "SP\\OSP",
    "SeriesDescription": "nc_epi2d_v2i_3mm_OFC_64ch",
    "SeriesNumber": 8,
    "SliceThickness": 2.5,
    "SliceTiming": [
      0,
      0.07,
      0.14,
      0.21,
      0.28,
      0.35,
      0.42,
      0.49,
      0.56,
      0.63,
      0.7,
      0.77,
      0.84,
      0.91,
      0.98,
      1.05,
      1.12,
      1.19,
      1.26,
      1.33,
      1.4,
      1.47,
      1.54,
      1.61,
      1.68,
      1.75,
      1.82,
      1.89,
      1.96,
      2.03,
      2.1,
      2.17,
      2.24,
      2.31,
      2.38,
      2.45,
      2.52,
      2.59,
      2.66,
      2.73,
      2.8,
      2.87,
      2.94,
      3.01,
      3.08,
      3.15,
      3.22,
      3.29
    ],
    "SoftwareVersion": "syngo MR E11",
    "TaskName": "visual detection and discrimination",
    "dataset": "ds003669",
    "modality": "bold",
    "run_id": 3,
    "subject_id": "MP02350",
    "task_id": "detectdiscrim"
  },
  "dummy_trs": 2,
  "dvars_nstd": 29.773242371160222,
  "dvars_std": 1.2612879396685084,
  "dvars_vstd": 1.0061600240883977,
  "efc": 0.6198628832046618,
  "fber": 115.927001953125,
  "fd_mean": 0.09693332557698468,
  "fd_num": 20,
  "fd_perc": 10.989010989010989,
  "fwhm_avg": 2.4843255555555555,
  "fwhm_x": 2.25187,
  "fwhm_y": 2.5446,
  "fwhm_z": 2.6565066666666666,
  "gcor": 0.011184,
  "gsr_x": 0.02226477861404419,
  "gsr_y": 0.05383855849504471,
  "provenance": {
    "md5sum": "798f904de407e9f86596eaa70cab4200",
    "settings": {
      "fd_thres": 0.2,
      "testing": false
    },
    "software": "mriqc",
    "version": "21.0.0rc2",
    "webapi_port": null,
    "webapi_url": "https://mriqc.nimh.nih.gov/api/v1"
  },
  "size_t": 182,
  "size_x": 64,
  "size_y": 64,
  "size_z": 48,
  "snr": 2.323282773392889,
  "spacing_tr": 0.07000000029802322,
  "spacing_x": 3.0,
  "spacing_y": 3.0,
  "spacing_z": 3.0,
  "summary_bg_k": 19.82587657093438,
  "summary_bg_mad": 13.563363652751377,
  "summary_bg_mean": 110.79639434814453,
  "summary_bg_median": 59.19231033325195,
  "summary_bg_n": 111461.0,
  "summary_bg_p05": 49.31868362426758,
  "summary_bg_p95": 367.21429443359375,
  "summary_bg_stdv": 131.25726318359375,
  "summary_fg_k": 1.6613746222263082,
  "summary_fg_mad": 265.0355070009405,
  "summary_fg_mean": 719.5814208984375,
  "summary_fg_median": 666.2307739257812,
  "summary_fg_n": 39413.0,
  "summary_fg_p05": 359.1340637207031,
  "summary_fg_p95": 1265.2615966796877,
  "summary_fg_stdv": 286.759033203125,
  "tsnr": 52.027267603203654
}