{
  "aor": 0.0025181767955801105,
  "aqi": 0.0063186809392265205,
  "bids_meta": {
    "AcquisitionDateTime": "20180912102529.525000",
    "ConversionSoftware": "dicm2nii.m 20180808",
    "DeviceSerialNumber": "167032",
    "EchoTime": 0.03,
    "FlipAngle": 90,
    "ImageType": [
      "ORIGINAL",
      "PRIMARY",
      "M",
      "ND",
      "MOSAIC"
    ],
    "InstitutionAddress": "Queen Square 12,London,Southeast,GB,WC1N 3BG",
    "InstitutionName": "Functional Imaging Laboratory",
    "MRAcquisitionType": "2D",
    "Manufacturer": "SIEMENS",
    "Modality": "MR",
    "PatientName": "MP02350",
    "PatientPosition": "HFS",
    "PhaseEncodingDirection": "j-",
    "RepetitionTime": 3.36,
    "ScanOptions": "FS",
    "ScanningSequence": "RM",
    "SequenceName": "ep2d_2i2d1",
    "SequenceVariant": "SP\\OSP",
    "SeriesDescription": "nc_epi2d_v2i_3mm_OFC_64ch",
    "SeriesNumber": 6,
    "SliceThickness": 2.5,
    "SliceTiming": [
      0,
      0.07,
      0.14,
      0.21,
      0.28,
      0.35,
      0.42,
      0.49,
      0.56,
      0.63,
      0.7,
      0.77,
      0.84,
      0.91,
      0.98,
      1.05,
      1.12,
      1.19,
      1.26,
      1.33,
      1.4,
      1.47,
      1.54,
      1.61,
      1.68,
      1.75,
      1.82,
      1.89,
      1.96,
      2.03,
      2.1,
      2.17,
      2.24,
      2.31,
      2.38,
      2.45,
      2.52,
      2.59,
      2.66,
      2.73,
      2.8,
      2.87,
      2.94,
      3.01,
      3.08,
      3.15,
      3.22,
      3.29
    ],
    "SoftwareVersion": "syngo MR E11",
    "TaskName": "visual detection and discrimination",
    "dataset": "ds003669",
    "modality": "bold",
    "run_id": 1,
    "subject_id": "MP02350",
    "task_id": "detectdiscrim"
  },
  "dummy_trs": 3,
  "dvars_nstd": 27.934078131444444,
  "dvars_std": 1.1973525845000001,
  "dvars_vstd": 0.9499070159999999,
  "efc": 0.6176264008393273,
  "fber": 117.00933837890625,
  "fd_mean": 0.06826920511087649,
  "fd_num": 5,
  "fd_perc": 2.7624309392265194,
  "fwhm_avg": 2.4344022222222224,
  "fwhm_x": 2.2610333333333332,
  "fwhm_y": 2.5191266666666667,
  "fwhm_z": 2.5230466666666667,
  "gcor": 0.00588544,
  "gsr_x": 0.021942056715488434,
  "gsr_y": 0.052874643355607986,
  "provenance": {
    "md5sum": "68bc2578ef3b85e4e0c74e9b0b74c020",
    "settings": {
      "fd_thres": 0.2,
      "testing": false
    },
    "software": "mriqc",
    "version": "21.0.0rc2",
    "webapi_port": null,
    "webapi_url": "https://mriqc.nimh.nih.gov/api/v1"
  },
  "size_t": 181,
  "size_x": 64,
  "size_y": 64,
  "size_z": 48,
  "snr": 2.308021112321924,
  "spacing_tr": 0.07000000029802322,
  "spacing_x": 3.0,
  "spacing_y": 3.0,
  "spacing_z": 3.0,
  "summary_bg_k": 21.942406395692164,
  "summary_bg_mad": 15.342063270196654,
  "summary_bg_mean": 110.52165222167969,
  "summary_bg_median": 59.40884017944336,
  "summary_bg_n": 111801.0,
  "summary_bg_p05": 46.93922805786133,
  "summary_bg_p95": 365.3867492675781,
  "summary_bg_stdv": 130.73228454589844,
  "summary_fg_k": 1.700151197361337,
  "summary_fg_mad": 267.2369912186138,
  "summary_fg_mean": 723.0145263671875,
  "summary_fg_median": 668.560791015625,
  "summary_fg_n": 39468.0,
  "summary_fg_p05": 359.7864791870117,
  "summary_fg_p95": 1274.0138488769533,
  "summary_fg_stdv": 289.66473388671875,
  "tsnr": 49.760134472860955
}