{
  "aor": 0.002272417582417582,
  "aqi": 0.005182411868131869,
  "bids_meta": {
    "AcquisitionDateTime": "20180918124748.252500",
    "ConversionSoftware": "dicm2nii.m 20180808",
    "DeviceSerialNumber": "167032",
    "EchoTime": 0.03,
    "EchoTime1": 0.03,
    "EchoTime2": 0.03,
    "EffectiveEchoSpacing": 0.00048611111,
    "FlipAngle": 90,
    "ImageType": [
      "ORIGINAL",
      "PRIMARY",
      "M",
      "ND",
      "MOSAIC"
    ],
    "InstitutionAddress": "Queen Square 12,London,Southeast,GB,WC1N 3BG",
    "InstitutionName": "FIL",
    "MRAcquisitionType": "2D",
    "Manufacturer": "SIEMENS",
    "Modality": "MR",
    "PatientName": "MP02361",
    "PatientPosition": "HFS",
    "PhaseEncodingDirection": "j-",
    "RepetitionTime": 3.36,
    "ScanOptions": "FS",
    "ScanningSequence": "RM",
    "SequenceName": "ep2d_2i2d1",
    "SequenceVariant": "SP\\OSP",
    "SeriesDescription": "nc_epi2d_v2i_3mm_OFC_64ch",
    "SeriesNumber": 11,
    "SliceThickness": 2.5,
    "SliceTiming": [
      0,
      0.07,
      0.14,
      0.21,
      0.28,
      0.35,
      0.42,
      0.49,
      0.56,
      0.63,
      0.7,
      0.77,
      0.84,
      0.91,
      0.98,
      1.05,
      1.12,
      1.19,
      1.26,
      1.33,
      1.4,
      1.47,
      1.54,
      1.61,
      1.68,
      1.75,
      1.82,
      1.89,
      1.96,
      2.03,
      2.1,
      2.17,
      2.24,
      2.31,
      2.38,
      2.45,
      2.52,
      2.59,
      2.66,
      2.73,
      2.8,
      2.87,
      2.94,
      3.01,
      3.08,
      3.15,
      3.22,
      3.29
    ],
    "SoftwareVersion": "syngo MR E11",
    "TaskName": "visual detection and discrimination",
    "TotalReadoutTime": 0.030625,
    "dataset": "ds003669",
    "deltaTE": 0,
    "modality": "bold",
    "run_id": 5,
    "subject_id": "MP02361",
    "task_id": "detectdiscrim"
  },
  "dummy_trs": 2,
  "dvars_nstd": 27.3596527353591,
  "dvars_std": 1.2410075893922656,
  "dvars_vstd": 0.9885165478453042,
  "efc": 0.5941107667489143,
  "fber": 166.55775451660156,
  "fd_mean": 0.17185932539510976,
  "fd_num": 59,
  "fd_perc": 32.417582417582416,
  "fwhm_avg": 2.5721144444444444,
  "fwhm_x": 2.45113,
  "fwhm_y": 2.5680833333333335,
  "fwhm_z": 2.69713,
  "gcor": 0.0146514,
  "gsr_x": 0.028006691485643387,
  "gsr_y": 0.02681376226246357,
  "provenance": {
    "md5sum": "a600d60de465ec18ee71c4a89c27ad91",
    "settings": {
      "fd_thres": 0.2,
      "testing": false
    },
    "software": "mriqc",
    "version": "21.0.0rc2",
    "webapi_port": null,
    "webapi_url": "https://mriqc.nimh.nih.gov/api/v1"
  },
  "size_t": 182,
  "size_x": 64,
  "size_y": 64,
  "size_z": 48,
  "snr": 2.340336002390355,
  "spacing_tr": 0.07000000029802322,
  "spacing_x": 3.0,
  "spacing_y": 3.0,
  "spacing_z": 3.0,
  "summary_bg_k": 32.86504881994132,
  "summary_bg_mad": 13.156058644930798,
  "summary_bg_mean": 97.4410400390625,
  "summary_bg_median": 57.19231033325195,
  "summary_bg_n": 112691.0,
  "summary_bg_p05": 46.148353576660156,
  "summary_bg_p95": 287.0934143066406,
  "summary_bg_stdv": 110.7090072631836,
  "summary_fg_k": 1.8805087364676067,
  "summary_fg_mad": 285.69828002192367,
  "summary_fg_mean": 804.6502685546875,
  "summary_fg_median": 742.0906982421875,
  "summary_fg_n": 41600.0,
  "summary_fg_p05": 415.197265625,
  "summary_fg_p95": 1415.1121826171873,
  "summary_fg_stdv": 317.08343505859375,
  "tsnr": 59.11783869029023
}