{
  "aor": 0.003827348066298342,
  "aqi": 0.004090639005524862,
  "bids_meta": {
    "AcquisitionDateTime": "20180913120712.830000",
    "ConversionSoftware": "dicm2nii.m 20180808",
    "DeviceSerialNumber": "167032",
    "EchoTime": 0.03,
    "EchoTime1": 0.03,
    "EchoTime2": 0.03,
    "EffectiveEchoSpacing": 0.00048611111,
    "FlipAngle": 90,
    "ImageType": [
      "ORIGINAL",
      "PRIMARY",
      "M",
      "ND",
      "MOSAIC"
    ],
    "InstitutionAddress": "Queen Square 12,London,Southeast,GB,WC1N 3BG",
    "InstitutionName": "Functional Imaging Laboratory",
    "MRAcquisitionType": "2D",
    "Manufacturer": "SIEMENS",
    "Modality": "MR",
    "PatientName": "MP02353",
    "PatientPosition": "HFS",
    "PhaseEncodingDirection": "j-",
    "RepetitionTime": 3.36,
    "ScanOptions": "FS",
    "ScanningSequence": "RM",
    "SequenceName": "ep2d_2i2d1",
    "SequenceVariant": "SP\\OSP",
    "SeriesDescription": "nc_epi2d_v2i_3mm_OFC_64ch",
    "SeriesNumber": 7,
    "SliceThickness": 2.5,
    "SliceTiming": [
      0,
      0.07,
      0.14,
      0.21,
      0.28,
      0.35,
      0.42,
      0.49,
      0.56,
      0.63,
      0.7,
      0.77,
      0.84,
      0.91,
      0.98,
      1.05,
      1.12,
      1.19,
      1.26,
      1.33,
      1.4,
      1.47,
      1.54,
      1.61,
      1.68,
      1.75,
      1.82,
      1.89,
      1.96,
      2.03,
      2.1,
      2.17,
      2.24,
      2.31,
      2.38,
      2.45,
      2.52,
      2.59,
      2.66,
      2.73,
      2.8,
      2.87,
      2.94,
      3.01,
      3.08,
      3.15,
      3.22,
      3.29
    ],
    "SoftwareVersion": "syngo MR E11",
    "TaskName": "visual detection and discrimination",
    "TotalReadoutTime": 0.030625,
    "dataset": "ds003669",
    "deltaTE": 0,
    "modality": "bold",
    "run_id": 2,
    "subject_id": "MP02353",
    "task_id": "detectdiscrim"
  },
  "dummy_trs": 3,
  "dvars_nstd": 27.448710462944423,
  "dvars_std": 1.1547211194444436,
  "dvars_vstd": 0.9519118428888892,
  "efc": 0.6303011259647512,
  "fber": 107.80886840820312,
  "fd_mean": 0.08427611493646267,
  "fd_num": 9,
  "fd_perc": 4.972375690607735,
  "fwhm_avg": 2.5930544444444443,
  "fwhm_x": 2.517653333333333,
  "fwhm_y": 2.54069,
  "fwhm_z": 2.72082,
  "gcor": 0.0166105,
  "gsr_x": 0.03339293226599693,
  "gsr_y": 0.049490153789520264,
  "provenance": {
    "md5sum": "f49a11843e83795748d50ff880f3d37e",
    "settings": {
      "fd_thres": 0.2,
      "testing": false
    },
    "software": "mriqc",
    "version": "21.0.0rc2",
    "webapi_port": null,
    "webapi_url": "https://mriqc.nimh.nih.gov/api/v1"
  },
  "size_t": 181,
  "size_x": 64,
  "size_y": 64,
  "size_z": 48,
  "snr": 2.018998548525874,
  "spacing_tr": 0.07000000029802322,
  "spacing_x": 3.0,
  "spacing_y": 3.0,
  "spacing_z": 3.0,
  "summary_bg_k": 21.550104703863166,
  "summary_bg_mad": 28.595382620509383,
  "summary_bg_mean": 131.82470703125,
  "summary_bg_median": 71.3149185180664,
  "summary_bg_n": 99402.0,
  "summary_bg_p05": 50.19889831542969,
  "summary_bg_p95": 409.56215667724604,
  "summary_bg_stdv": 147.00341796875,
  "summary_fg_k": 3.096102700317669,
  "summary_fg_mad": 332.0905901885583,
  "summary_fg_mean": 866.9882202148438,
  "summary_fg_median": 776.7845458984375,
  "summary_fg_n": 47794.0,
  "summary_fg_p05": 424.7237854003906,
  "summary_fg_p95": 1606.874603271484,
  "summary_fg_stdv": 384.7335205078125,
  "tsnr": 57.49583031702787
}