{
  "aor": 0.004762142857142858,
  "aqi": 0.0030266620879120876,
  "bids_meta": {
    "AcquisitionDateTime": "20180913115543.760000",
    "ConversionSoftware": "dicm2nii.m 20180808",
    "DeviceSerialNumber": "167032",
    "EchoTime": 0.03,
    "EchoTime1": 0.03,
    "EchoTime2": 0.03,
    "EffectiveEchoSpacing": 0.00048611111,
    "FlipAngle": 90,
    "ImageType": [
      "ORIGINAL",
      "PRIMARY",
      "M",
      "ND",
      "MOSAIC"
    ],
    "InstitutionAddress": "Queen Square 12,London,Southeast,GB,WC1N 3BG",
    "InstitutionName": "Functional Imaging Laboratory",
    "MRAcquisitionType": "2D",
    "Manufacturer": "SIEMENS",
    "Modality": "MR",
    "PatientName": "MP02353",
    "PatientPosition": "HFS",
    "PhaseEncodingDirection": "j-",
    "RepetitionTime": 3.36,
    "ScanOptions": "FS",
    "ScanningSequence": "RM",
    "SequenceName": "ep2d_2i2d1",
    "SequenceVariant": "SP\\OSP",
    "SeriesDescription": "nc_epi2d_v2i_3mm_OFC_64ch",
    "SeriesNumber": 6,
    "SliceThickness": 2.5,
    "SliceTiming": [
      0,
      0.07,
      0.14,
      0.21,
      0.28,
      0.35,
      0.42,
      0.49,
      0.56,
      0.63,
      0.7,
      0.77,
      0.84,
      0.91,
      0.98,
      1.05,
      1.12,
      1.19,
      1.26,
      1.33,
      1.4,
      1.47,
      1.54,
      1.61,
      1.68,
      1.75,
      1.82,
      1.89,
      1.96,
      2.03,
      2.1,
      2.17,
      2.24,
      2.31,
      2.38,
      2.45,
      2.52,
      2.59,
      2.66,
      2.73,
      2.8,
      2.87,
      2.94,
      3.01,
      3.08,
      3.15,
      3.22,
      3.29
    ],
    "SoftwareVersion": "syngo MR E11",
    "TaskName": "visual detection and discrimination",
    "TotalReadoutTime": 0.030625,
    "dataset": "ds003669",
    "deltaTE": 0,
    "modality": "bold",
    "run_id": 1,
    "subject_id": "MP02353",
    "task_id": "detectdiscrim"
  },
  "dummy_trs": 2,
  "dvars_nstd": 25.72254184099448,
  "dvars_std": 1.2729779411602202,
  "dvars_vstd": 1.0161311622099447,
  "efc": 0.629582253406441,
  "fber": 109.12804412841797,
  "fd_mean": 0.059809706740098154,
  "fd_num": 9,
  "fd_perc": 4.945054945054945,
  "fwhm_avg": 2.615588888888889,
  "fwhm_x": 2.52359,
  "fwhm_y": 2.55747,
  "fwhm_z": 2.7657066666666665,
  "gcor": 0.0295927,
  "gsr_x": 0.0320315919816494,
  "gsr_y": 0.0502767339348793,
  "provenance": {
    "md5sum": "6e78e915de1e86640f7a70fea46a3b05",
    "settings": {
      "fd_thres": 0.2,
      "testing": false
    },
    "software": "mriqc",
    "version": "21.0.0rc2",
    "webapi_port": null,
    "webapi_url": "https://mriqc.nimh.nih.gov/api/v1"
  },
  "size_t": 182,
  "size_x": 64,
  "size_y": 64,
  "size_z": 48,
  "snr": 2.01805125218582,
  "spacing_tr": 0.07000000029802322,
  "spacing_x": 3.0,
  "spacing_y": 3.0,
  "spacing_z": 3.0,
  "summary_bg_k": 22.62428136152902,
  "summary_bg_mad": 27.949498465405476,
  "summary_bg_mean": 130.68263244628906,
  "summary_bg_median": 70.95055389404297,
  "summary_bg_n": 99133.0,
  "summary_bg_p05": 50.56593704223633,
  "summary_bg_p95": 402.8659484863277,
  "summary_bg_stdv": 146.1059112548828,
  "summary_fg_k": 3.0252643538235784,
  "summary_fg_mad": 334.5060626628362,
  "summary_fg_mean": 869.1345825195312,
  "summary_fg_median": 778.7033081054688,
  "summary_fg_n": 47679.0,
  "summary_fg_p05": 425.95989990234375,
  "summary_fg_p95": 1609.8231201171873,
  "summary_fg_stdv": 385.8648986816406,
  "tsnr": 65.31444980227388
}