{
  "aor": 0.005203666666666667,
  "aqi": 0.004986225666666666,
  "bids_meta": {
    "AcquisitionDateTime": "20180913122923.942500",
    "ConversionSoftware": "dicm2nii.m 20180808",
    "DeviceSerialNumber": "167032",
    "EchoTime": 0.03,
    "EchoTime1": 0.03,
    "EchoTime2": 0.03,
    "EffectiveEchoSpacing": 0.00048611111,
    "FlipAngle": 90,
    "ImageType": [
      "ORIGINAL",
      "PRIMARY",
      "M",
      "ND",
      "MOSAIC"
    ],
    "InstitutionAddress": "Queen Square 12,London,Southeast,GB,WC1N 3BG",
    "InstitutionName": "Functional Imaging Laboratory",
    "MRAcquisitionType": "2D",
    "Manufacturer": "SIEMENS",
    "Modality": "MR",
    "PatientName": "MP02353",
    "PatientPosition": "HFS",
    "PhaseEncodingDirection": "j-",
    "RepetitionTime": 3.36,
    "ScanOptions": "FS",
    "ScanningSequence": "RM",
    "SequenceName": "ep2d_2i2d1",
    "SequenceVariant": "SP\\OSP",
    "SeriesDescription": "nc_epi2d_v2i_3mm_OFC_64ch",
    "SeriesNumber": 9,
    "SliceThickness": 2.5,
    "SliceTiming": [
      0,
      0,
      0,
      0,
      0,
      0,
      0,
      0,
      0,
      0,
      0,
      0,
      0,
      0,
      0,
      0,
      0,
      0,
      0,
      0,
      0,
      0,
      0,
      0,
      0,
      0,
      0,
      0,
      0,
      0,
      0,
      0,
      0,
      0,
      0,
      0,
      0,
      0,
      0,
      0,
      0,
      0,
      0,
      0,
      0,
      0,
      0,
      0
    ],
    "SoftwareVersion": "syngo MR E11",
    "TaskName": "visual detection and discrimination",
    "TotalReadoutTime": 0.030625,
    "dataset": "ds003669",
    "deltaTE": 0,
    "modality": "bold",
    "run_id": 4,
    "subject_id": "MP02353",
    "task_id": "detectdiscrim"
  },
  "dummy_trs": 4,
  "dvars_nstd": 29.249231924636874,
  "dvars_std": 1.1364611325139666,
  "dvars_vstd": 0.9520501759217871,
  "efc": 0.6318277250666796,
  "fber": 105.22221374511719,
  "fd_mean": 0.10992423034265923,
  "fd_num": 21,
  "fd_perc": 11.666666666666666,
  "fwhm_avg": 2.562292222222222,
  "fwhm_x": 2.4918,
  "fwhm_y": 2.5298366666666667,
  "fwhm_z": 2.6652400000000003,
  "gcor": 0.0172612,
  "gsr_x": 0.036685533821582794,
  "gsr_y": 0.0493769571185112,
  "provenance": {
    "md5sum": "fe047fe9237b979660f0154bc4a82fbf",
    "settings": {
      "fd_thres": 0.2,
      "testing": false
    },
    "software": "mriqc",
    "version": "21.0.0rc2",
    "webapi_port": null,
    "webapi_url": "https://mriqc.nimh.nih.gov/api/v1"
  },
  "size_t": 180,
  "size_x": 64,
  "size_y": 64,
  "size_z": 48,
  "snr": 2.024283138854301,
  "spacing_tr": 0.07000000029802322,
  "spacing_x": 3.0,
  "spacing_y": 3.0,
  "spacing_z": 3.0,
  "summary_bg_k": 21.43471566251101,
  "summary_bg_mad": 29.2731591474019,
  "summary_bg_mean": 131.82366943359375,
  "summary_bg_median": 71.5888900756836,
  "summary_bg_n": 99026.0,
  "summary_bg_p05": 49.516666412353516,
  "summary_bg_p95": 409.4194641113281,
  "summary_bg_stdv": 147.199951171875,
  "summary_fg_k": 3.1310123622517407,
  "summary_fg_mad": 330.21670549978785,
  "summary_fg_mean": 860.384765625,
  "summary_fg_median": 771.572265625,
  "summary_fg_n": 47929.0,
  "summary_fg_p05": 423.4800048828125,
  "summary_fg_p95": 1593.0389404296875,
  "summary_fg_stdv": 381.154296875,
  "tsnr": 51.554716982645914
}