{
  "aor": 0.006132912087912088,
  "aqi": 0.005735170494505494,
  "bids_meta": {
    "AcquisitionDateTime": "20180913124028.825000",
    "ConversionSoftware": "dicm2nii.m 20180808",
    "DeviceSerialNumber": "167032",
    "EchoTime": 0.03,
    "EchoTime1": 0.03,
    "EchoTime2": 0.03,
    "EffectiveEchoSpacing": 0.00048611111,
    "FlipAngle": 90,
    "ImageType": [
      "ORIGINAL",
      "PRIMARY",
      "M",
      "ND",
      "MOSAIC"
    ],
    "InstitutionAddress": "Queen Square 12,London,Southeast,GB,WC1N 3BG",
    "InstitutionName": "Functional Imaging Laboratory",
    "MRAcquisitionType": "2D",
    "Manufacturer": "SIEMENS",
    "Modality": "MR",
    "PatientName": "MP02353",
    "PatientPosition": "HFS",
    "PhaseEncodingDirection": "j-",
    "RepetitionTime": 3.36,
    "ScanOptions": "FS",
    "ScanningSequence": "RM",
    "SequenceName": "ep2d_2i2d1",
    "SequenceVariant": "SP\\OSP",
    "SeriesDescription": "nc_epi2d_v2i_3mm_OFC_64ch",
    "SeriesNumber": 10,
    "SliceThickness": 2.5,
    "SliceTiming": [
      0,
      0.07,
      0.14,
      0.21,
      0.28,
      0.35,
      0.42,
      0.49,
      0.56,
      0.63,
      0.7,
      0.77,
      0.84,
      0.91,
      0.98,
      1.05,
      1.12,
      1.19,
      1.26,
      1.33,
      1.4,
      1.47,
      1.54,
      1.61,
      1.68,
      1.75,
      1.82,
      1.89,
      1.96,
      2.03,
      2.1,
      2.17,
      2.24,
      2.31,
      2.38,
      2.45,
      2.52,
      2.59,
      2.66,
      2.73,
      2.8,
      2.87,
      2.94,
      3.01,
      3.08,
      3.15,
      3.22,
      3.29
    ],
    "SoftwareVersion": "syngo MR E11",
    "TaskName": "visual detection and discrimination",
    "TotalReadoutTime": 0.030625,
    "dataset": "ds003669",
    "deltaTE": 0,
    "modality": "bold",
    "run_id": 5,
    "subject_id": "MP02353",
    "task_id": "detectdiscrim"
  },
  "dummy_trs": 2,
  "dvars_nstd": 29.193168545248618,
  "dvars_std": 1.186520400220995,
  "dvars_vstd": 0.9925225451933701,
  "efc": 0.6319901196153238,
  "fber": 104.2040023803711,
  "fd_mean": 0.11183103750871108,
  "fd_num": 21,
  "fd_perc": 11.538461538461538,
  "fwhm_avg": 2.5993511111111114,
  "fwhm_x": 2.5156666666666667,
  "fwhm_y": 2.5472366666666666,
  "fwhm_z": 2.7351500000000004,
  "gcor": 0.0173868,
  "gsr_x": 0.035625629127025604,
  "gsr_y": 0.04895266145467758,
  "provenance": {
    "md5sum": "76103e0b6e63815db586c0066ebe4b73",
    "settings": {
      "fd_thres": 0.2,
      "testing": false
    },
    "software": "mriqc",
    "version": "21.0.0rc2",
    "webapi_port": null,
    "webapi_url": "https://mriqc.nimh.nih.gov/api/v1"
  },
  "size_t": 182,
  "size_x": 64,
  "size_y": 64,
  "size_z": 48,
  "snr": 2.0256143128807667,
  "spacing_tr": 0.07000000029802322,
  "spacing_x": 3.0,
  "spacing_y": 3.0,
  "spacing_z": 3.0,
  "summary_bg_k": 20.632731903691706,
  "summary_bg_mad": 29.6194620055307,
  "summary_bg_mean": 132.05801391601562,
  "summary_bg_median": 71.8956069946289,
  "summary_bg_n": 99172.0,
  "summary_bg_p05": 49.653846740722656,
  "summary_bg_p95": 410.57034301757807,
  "summary_bg_stdv": 146.4233856201172,
  "summary_fg_k": 2.9115104709815958,
  "summary_fg_mad": 330.19670702015594,
  "summary_fg_mean": 861.1029052734375,
  "summary_fg_median": 771.9588012695312,
  "summary_fg_n": 47924.0,
  "summary_fg_p05": 422.01977996826173,
  "summary_fg_p95": 1598.116009521484,
  "summary_fg_stdv": 381.0946350097656,
  "tsnr": 50.33401020546444
}