{
  "bids_meta": {
    "AcquisitionDateTime": "20180814154555.952500",
    "ConversionSoftware": "dicm2nii.m 20180808",
    "DeviceSerialNumber": "167032",
    "EchoTime": 0.00334,
    "FlipAngle": 7,
    "ImageType": [
      "ORIGINAL",
      "PRIMARY",
      "M",
      "ND"
    ],
    "InstitutionAddress": "Queen Square 12,London,Southeast,GB,WC1N 3BG",
    "InstitutionName": "FIL",
    "InversionTime": 1.1,
    "MRAcquisitionType": "3D",
    "Manufacturer": "SIEMENS",
    "Modality": "MR",
    "PatientName": "MP02312",
    "PatientPosition": "HFS",
    "PhaseEncodingDirection": "j-",
    "RepetitionTime": 2.53,
    "ScanOptions": "IR",
    "ScanningSequence": "GR\\IR",
    "SequenceName": "*tfl3d1_16ns",
    "SequenceVariant": "SK\\SP\\MP",
    "SeriesDescription": "MPRAGE_64ch_Head",
    "SeriesNumber": 2,
    "SliceThickness": 1,
    "SoftwareVersion": "syngo MR E11",
    "dataset": "ds003669",
    "modality": "T1w",
    "subject_id": "MP02312"
  },
  "cjv": 0.6167005827522087,
  "cnr": 1.4522777800052016,
  "efc": 0.6372317962080272,
  "fber": 19.71128606139057,
  "fwhm_avg": 3.9498599999999997,
  "fwhm_x": 4.21901,
  "fwhm_y": 3.90923,
  "fwhm_z": 3.72134,
  "icvs_csf": 0.16911390262710302,
  "icvs_gm": 0.42855369388856795,
  "icvs_wm": 0.402332403484329,
  "inu_med": 1.1252994537353516,
  "inu_range": 0.3040609329938889,
  "provenance": {
    "md5sum": "b59884ab944db8e220d69415f8b0942f",
    "settings": {
      "testing": false
    },
    "software": "mriqc",
    "version": "21.0.0rc2",
    "warnings": {
      "large_rot_frame": true,
      "small_air_mask": false
    },
    "webapi_port": null,
    "webapi_url": "https://mriqc.nimh.nih.gov/api/v1"
  },
  "qi_1": 0.0,
  "qi_2": 0.0025439454216633866,
  "rpve_csf": 33.78996689629964,
  "rpve_gm": 13.537559931619201,
  "rpve_wm": 16.47600555865813,
  "size_x": 176,
  "size_y": 256,
  "size_z": 256,
  "snr_csf": 3.3679389686040846,
  "snr_gm": 6.729429972778402,
  "snr_total": 4.55369432923132,
  "snr_wm": 3.563714046311473,
  "snrd_csf": 22.216588025054424,
  "snrd_gm": 29.49434403517889,
  "snrd_total": 34.37457544894195,
  "snrd_wm": 51.41279428659252,
  "spacing_x": 1.0,
  "spacing_y": 1.0,
  "spacing_z": 1.0,
  "summary_bg_k": 0.6037415254773348,
  "summary_bg_mad": 12.744651480612168,
  "summary_bg_mean": 157.07806031282522,
  "summary_bg_median": 156.64646867662668,
  "summary_bg_n": 2121156.0,
  "summary_bg_p05": 136.55429352074862,
  "summary_bg_p95": 178.86178605258465,
  "summary_bg_stdv": 12.96660529122585,
  "summary_csf_k": -0.34858230497556253,
  "summary_csf_mad": 135.66144076049218,
  "summary_csf_mean": 437.23418038590984,
  "summary_csf_median": 432.1889016777277,
  "summary_csf_n": 2655.0,
  "summary_csf_p05": 230.80627290531993,
  "summary_csf_p95": 651.6596664860845,
  "summary_csf_stdv": 128.3002769745823,
  "summary_gm_k": 1.6969701051232189,
  "summary_gm_mad": 65.41230759928655,
  "summary_gm_mean": 591.8157978836546,
  "summary_gm_median": 573.7662389874458,
  "summary_gm_n": 21849.0,
  "summary_gm_p05": 486.1477844417095,
  "summary_gm_p95": 767.852508276701,
  "summary_gm_stdv": 85.26028369341505,
  "summary_wm_k": 1.8782873725362785,
  "summary_wm_mad": 197.5420979494886,
  "summary_wm_mean": 1091.291537217929,
  "summary_wm_median": 1000.1553375273943,
  "summary_wm_n": 128301.0,
  "summary_wm_p05": 795.349789224565,
  "summary_wm_p95": 1693.0246766656637,
  "summary_wm_stdv": 280.6486229903481,
  "tpm_overlap_csf": 0.11788798123598099,
  "tpm_overlap_gm": 0.3931639790534973,
  "tpm_overlap_wm": 0.43550077080726624,
  "wm2max": 0.3182463594105151
}