{
  "bids_meta": {
    "AcquisitionDateTime": "20180828165412.820000",
    "ConversionSoftware": "dicm2nii.m 20180808",
    "DeviceSerialNumber": "167032",
    "EchoTime": 0.00334,
    "FlipAngle": 7,
    "ImageType": [
      "ORIGINAL",
      "PRIMARY",
      "M",
      "ND"
    ],
    "InstitutionAddress": "Queen Square 12,London,Southeast,GB,WC1N 3BG",
    "InstitutionName": "Functional Imaging Laboratory",
    "InversionTime": 1.1,
    "MRAcquisitionType": "3D",
    "Manufacturer": "SIEMENS",
    "Modality": "MR",
    "PatientName": "MP02333",
    "PatientPosition": "HFS",
    "PhaseEncodingDirection": "j-",
    "RepetitionTime": 2.53,
    "ScanOptions": "IR",
    "ScanningSequence": "GR\\IR",
    "SequenceName": "*tfl3d1_16ns",
    "SequenceVariant": "SK\\SP\\MP",
    "SeriesDescription": "MPRAGE_64ch_Head",
    "SeriesNumber": 19,
    "SliceThickness": 1,
    "SoftwareVersion": "syngo MR E11",
    "dataset": "ds003669",
    "modality": "T1w",
    "subject_id": "MP02333"
  },
  "cjv": 0.5195081112491018,
  "cnr": 1.8224975452805772,
  "efc": 0.6581926999007882,
  "fber": 21.570864197530863,
  "fwhm_avg": 3.8321633333333334,
  "fwhm_x": 4.10631,
  "fwhm_y": 3.78883,
  "fwhm_z": 3.60135,
  "icvs_csf": 0.17040640812675995,
  "icvs_gm": 0.42954646504362737,
  "icvs_wm": 0.4000471268296127,
  "inu_med": 1.0833566188812256,
  "inu_range": 0.33308317065238957,
  "provenance": {
    "md5sum": "a6e9dd167fed6e785dd05f019bec1b32",
    "settings": {
      "testing": false
    },
    "software": "mriqc",
    "version": "21.0.0rc2",
    "warnings": {
      "large_rot_frame": true,
      "small_air_mask": false
    },
    "webapi_port": null,
    "webapi_url": "https://mriqc.nimh.nih.gov/api/v1"
  },
  "qi_1": 0.0,
  "qi_2": 0.0016656405755995428,
  "rpve_csf": 32.349309577843265,
  "rpve_gm": 13.084200909238774,
  "rpve_wm": 15.984531635571216,
  "size_x": 176,
  "size_y": 256,
  "size_z": 256,
  "snr_csf": 2.5126355918634533,
  "snr_gm": 7.58375603844102,
  "snr_total": 4.91801741803438,
  "snr_wm": 4.657660623798669,
  "snrd_csf": 21.002056875240676,
  "snrd_gm": 30.310633090518674,
  "snrd_total": 34.41509277800935,
  "snrd_wm": 51.9325883682687,
  "spacing_x": 1.0,
  "spacing_y": 1.0,
  "spacing_z": 1.0,
  "summary_bg_k": 1.7632752006625978,
  "summary_bg_mad": 12.616357464572749,
  "summary_bg_mean": 152.18270755066087,
  "summary_bg_median": 151.6654527746141,
  "summary_bg_n": 2673390.0,
  "summary_bg_p05": 131.8745456635952,
  "summary_bg_p95": 173.9363015629351,
  "summary_bg_stdv": 13.04492897867255,
  "summary_csf_k": 4.191679377499097,
  "summary_csf_mad": 114.62861924954669,
  "summary_csf_mean": 421.31883447810463,
  "summary_csf_median": 404.44931178353727,
  "summary_csf_n": 1942.0,
  "summary_csf_p05": 202.90056156460196,
  "summary_csf_p95": 737.5930063985287,
  "summary_csf_stdv": 160.9247148785044,
  "summary_gm_k": 1.2446666505195232,
  "summary_gm_mad": 72.41789184664759,
  "summary_gm_mean": 591.9062546149781,
  "summary_gm_median": 583.7101940065622,
  "summary_gm_n": 22122.0,
  "summary_gm_p05": 481.8405113229528,
  "summary_gm_p95": 730.0267529673874,
  "summary_gm_stdv": 76.96674285394752,
  "summary_wm_k": 3.1386716768011746,
  "summary_wm_mad": 143.89856856735548,
  "summary_wm_mean": 1062.8752791619077,
  "summary_wm_median": 1000.0972642563283,
  "summary_wm_n": 141520.0,
  "summary_wm_p05": 839.9222076870501,
  "summary_wm_p95": 1527.4033729964863,
  "summary_wm_stdv": 214.72018071193503,
  "tpm_overlap_csf": 0.12522374093532562,
  "tpm_overlap_gm": 0.3950802981853485,
  "tpm_overlap_wm": 0.4291616976261139,
  "wm2max": 0.34204224180941295
}