{
  "aor": 0.0027867582417582418,
  "aqi": 0.003882038846153846,
  "bids_meta": {
    "AcquisitionDateTime": "20180918105007.382500",
    "ConversionSoftware": "dicm2nii.m 20180808",
    "DeviceSerialNumber": "167032",
    "EchoTime": 0.03,
    "EchoTime1": 0.03,
    "EchoTime2": 0.03,
    "EffectiveEchoSpacing": 0.00048611111,
    "FlipAngle": 90,
    "ImageType": [
      "ORIGINAL",
      "PRIMARY",
      "M",
      "ND",
      "MOSAIC"
    ],
    "InstitutionAddress": "Queen Square 12,London,Southeast,GB,WC1N 3BG",
    "InstitutionName": "Functional Imaging Laboratory",
    "MRAcquisitionType": "2D",
    "Manufacturer": "SIEMENS",
    "Modality": "MR",
    "PatientName": "MP02360",
    "PatientPosition": "HFS",
    "PhaseEncodingDirection": "j-",
    "RepetitionTime": 3.36,
    "ScanOptions": "FS",
    "ScanningSequence": "RM",
    "SequenceName": "ep2d_2i2d1",
    "SequenceVariant": "SP\\OSP",
    "SeriesDescription": "nc_epi2d_v2i_3mm_OFC_64ch",
    "SeriesNumber": 8,
    "SliceThickness": 2.5,
    "SliceTiming": [
      0,
      0,
      0,
      0,
      0,
      0,
      0,
      0,
      0,
      0,
      0,
      0,
      0,
      0,
      0,
      0,
      0,
      0,
      0,
      0,
      0,
      0,
      0,
      0,
      0,
      0,
      0,
      0,
      0,
      0,
      0,
      0,
      0,
      0,
      0,
      0,
      0,
      0,
      0,
      0,
      0,
      0,
      0,
      0,
      0,
      0,
      0,
      0
    ],
    "SoftwareVersion": "syngo MR E11",
    "TaskName": "visual detection and discrimination",
    "TotalReadoutTime": 0.030625,
    "dataset": "ds003669",
    "deltaTE": 0,
    "modality": "bold",
    "run_id": 3,
    "subject_id": "MP02360",
    "task_id": "detectdiscrim"
  },
  "dummy_trs": 2,
  "dvars_nstd": 29.881984615635353,
  "dvars_std": 1.372647756132597,
  "dvars_vstd": 1.0017869614364638,
  "efc": 0.5922047651952297,
  "fber": 176.52362060546875,
  "fd_mean": 0.09787356265379907,
  "fd_num": 14,
  "fd_perc": 7.6923076923076925,
  "fwhm_avg": 2.5468855555555554,
  "fwhm_x": 2.3087433333333336,
  "fwhm_y": 2.6207333333333334,
  "fwhm_z": 2.71118,
  "gcor": 0.0174236,
  "gsr_x": 0.015635719522833824,
  "gsr_y": 0.025266248732805252,
  "provenance": {
    "md5sum": "6e6619823b55886beacbe896c7f32fc7",
    "settings": {
      "fd_thres": 0.2,
      "testing": false
    },
    "software": "mriqc",
    "version": "21.0.0rc2",
    "webapi_port": null,
    "webapi_url": "https://mriqc.nimh.nih.gov/api/v1"
  },
  "size_t": 182,
  "size_x": 64,
  "size_y": 64,
  "size_z": 48,
  "snr": 2.484408823293075,
  "spacing_tr": 0.07000000029802322,
  "spacing_x": 3.0,
  "spacing_y": 3.0,
  "spacing_z": 3.0,
  "summary_bg_k": 42.43945042122632,
  "summary_bg_mad": 10.500412121996153,
  "summary_bg_mean": 94.46955871582031,
  "summary_bg_median": 55.54945373535156,
  "summary_bg_n": 112502.0,
  "summary_bg_p05": 47.38461685180664,
  "summary_bg_p95": 282.25137329101557,
  "summary_bg_stdv": 110.2615966796875,
  "summary_fg_k": 0.6288599859198962,
  "summary_fg_mad": 287.0424312275928,
  "summary_fg_mean": 824.0824584960938,
  "summary_fg_median": 761.8956298828125,
  "summary_fg_n": 39064.0,
  "summary_fg_p05": 440.621159362793,
  "summary_fg_p95": 1422.9046936035156,
  "summary_fg_stdv": 306.6668701171875,
  "tsnr": 69.32348600542173
}