{
  "bids_meta": {
    "AcquisitionDateTime": "20180919101440.372500",
    "ConversionSoftware": "dicm2nii.m 20180808",
    "DeviceSerialNumber": "167032",
    "EchoTime": 0.00334,
    "FlipAngle": 7,
    "ImageType": [
      "ORIGINAL",
      "PRIMARY",
      "M",
      "ND"
    ],
    "InstitutionAddress": "Queen Square 12,London,Southeast,GB,WC1N 3BG",
    "InstitutionName": "FIL",
    "InversionTime": 1.1,
    "MRAcquisitionType": "3D",
    "Manufacturer": "SIEMENS",
    "Modality": "MR",
    "PatientName": "MP02363",
    "PatientPosition": "HFS",
    "PhaseEncodingDirection": "j-",
    "RepetitionTime": 2.53,
    "ScanOptions": "IR",
    "ScanningSequence": "GR\\IR",
    "SequenceName": "*tfl3d1_16ns",
    "SequenceVariant": "SK\\SP\\MP",
    "SeriesDescription": "MPRAGE_64ch_Head",
    "SeriesNumber": 2,
    "SliceThickness": 1,
    "SoftwareVersion": "syngo MR E11",
    "dataset": "ds003669",
    "modality": "T1w",
    "subject_id": "MP02363"
  },
  "cjv": 0.5774076969945008,
  "cnr": 1.5349531607781697,
  "efc": 0.6750182422766886,
  "fber": 17.65607756471373,
  "fwhm_avg": 3.787736666666666,
  "fwhm_x": 4.02518,
  "fwhm_y": 3.80861,
  "fwhm_z": 3.52942,
  "icvs_csf": 0.17668369632532133,
  "icvs_gm": 0.439440753575859,
  "icvs_wm": 0.3838755500988197,
  "inu_med": 1.2338857650756836,
  "inu_range": 0.36771063804626447,
  "provenance": {
    "md5sum": "269605f33bc1bfa9e9046e36de5bbcfa",
    "settings": {
      "testing": false
    },
    "software": "mriqc",
    "version": "21.0.0rc2",
    "warnings": {
      "large_rot_frame": true,
      "small_air_mask": false
    },
    "webapi_port": null,
    "webapi_url": "https://mriqc.nimh.nih.gov/api/v1"
  },
  "qi_1": 0.0,
  "qi_2": 0.0023905944064919237,
  "rpve_csf": 37.14466825948732,
  "rpve_gm": 15.246748546681125,
  "rpve_wm": 19.21791294173814,
  "size_x": 176,
  "size_y": 256,
  "size_z": 256,
  "snr_csf": 2.8489820578292764,
  "snr_gm": 6.459642780233711,
  "snr_total": 4.337361149460477,
  "snr_wm": 3.7034586103184455,
  "snrd_csf": 18.774628980674365,
  "snrd_gm": 28.353246378248613,
  "snrd_total": 32.46850422313236,
  "snrd_wm": 50.277637310474105,
  "spacing_x": 1.0,
  "spacing_y": 1.0,
  "spacing_z": 1.0,
  "summary_bg_k": 2.125947295185666,
  "summary_bg_mad": 13.030373581292038,
  "summary_bg_mean": 162.65150881278396,
  "summary_bg_median": 162.27224488556385,
  "summary_bg_n": 3240538.0,
  "summary_bg_p05": 141.58628500252962,
  "summary_bg_p95": 184.78028413653374,
  "summary_bg_stdv": 13.332835208706598,
  "summary_csf_k": 5.093824468201319,
  "summary_csf_mad": 115.76374578013719,
  "summary_csf_mean": 382.27081520326385,
  "summary_csf_median": 373.41908928751945,
  "summary_csf_n": 1709.0,
  "summary_csf_p05": 199.14255680143833,
  "summary_csf_p95": 592.7009821616113,
  "summary_csf_stdv": 131.0327039504258,
  "summary_gm_k": 4.5303417972457,
  "summary_gm_mad": 67.53547282986727,
  "summary_gm_mean": 580.6108769121807,
  "summary_gm_median": 563.933564376086,
  "summary_gm_n": 19598.0,
  "summary_gm_p05": 472.7224148400128,
  "summary_gm_p95": 753.2234949482604,
  "summary_gm_stdv": 87.29881757388985,
  "summary_wm_k": 1.672208801620675,
  "summary_wm_mad": 184.2526605793673,
  "summary_wm_mean": 1086.5333873648794,
  "summary_wm_median": 1000.000029578805,
  "summary_wm_n": 94290.0,
  "summary_wm_p05": 807.3955222740769,
  "summary_wm_p95": 1678.0279167294502,
  "summary_wm_stdv": 270.01644462534864,
  "tpm_overlap_csf": 0.1179318055510521,
  "tpm_overlap_gm": 0.3888034522533417,
  "tpm_overlap_wm": 0.40267008543014526,
  "wm2max": 0.33564874305076065
}