{
  "aor": 0.0041964835164835165,
  "aqi": 0.004295410274725275,
  "bids_meta": {
    "AcquisitionDateTime": "20180823111824.085000",
    "ConversionSoftware": "dicm2nii.m 20180808",
    "DeviceSerialNumber": "167032",
    "EchoTime": 0.03,
    "EchoTime1": 0.03,
    "EchoTime2": 0.03,
    "EffectiveEchoSpacing": 0.00048611111,
    "FlipAngle": 90,
    "ImageType": [
      "ORIGINAL",
      "PRIMARY",
      "M",
      "ND",
      "MOSAIC"
    ],
    "InstitutionAddress": "Queen Square 12,London,Southeast,GB,WC1N 3BG",
    "InstitutionName": "Functional Imaging Laboratory",
    "MRAcquisitionType": "2D",
    "Manufacturer": "SIEMENS",
    "Modality": "MR",
    "PatientName": "MP02324",
    "PatientPosition": "HFS",
    "PhaseEncodingDirection": "j-",
    "RepetitionTime": 3.36,
    "ScanOptions": "FS",
    "ScanningSequence": "RM",
    "SequenceName": "ep2d_2i2d1",
    "SequenceVariant": "SP\\OSP",
    "SeriesDescription": "nc_epi2d_v2i_3mm_OFC_64ch",
    "SeriesNumber": 10,
    "SliceThickness": 2.5,
    "SliceTiming": [
      0,
      0,
      0,
      0,
      0,
      0,
      0,
      0,
      0,
      0,
      0,
      0,
      0,
      0,
      0,
      0,
      0,
      0,
      0,
      0,
      0,
      0,
      0,
      0,
      0,
      0,
      0,
      0,
      0,
      0,
      0,
      0,
      0,
      0,
      0,
      0,
      0,
      0,
      0,
      0,
      0,
      0,
      0,
      0,
      0,
      0,
      0,
      0
    ],
    "SoftwareVersion": "syngo MR E11",
    "TaskName": "visual detection and discrimination",
    "TotalReadoutTime": 0.030625,
    "dataset": "ds003669",
    "deltaTE": 0,
    "modality": "bold",
    "run_id": 5,
    "subject_id": "MP02324",
    "task_id": "detectdiscrim"
  },
  "dummy_trs": 2,
  "dvars_nstd": 32.22940266856352,
  "dvars_std": 1.4012910432596688,
  "dvars_vstd": 1.0416363043093924,
  "efc": 0.6268115629931881,
  "fber": 160.4075927734375,
  "fd_mean": 0.11127597908637521,
  "fd_num": 15,
  "fd_perc": 8.241758241758241,
  "fwhm_avg": 2.6100655555555554,
  "fwhm_x": 2.3696066666666664,
  "fwhm_y": 2.6280233333333336,
  "fwhm_z": 2.8325666666666667,
  "gcor": 0.0371108,
  "gsr_x": 0.015731412917375565,
  "gsr_y": 0.0754033699631691,
  "provenance": {
    "md5sum": "e832ad9d18490a94d1f4ad1ed8865fff",
    "settings": {
      "fd_thres": 0.2,
      "testing": false
    },
    "software": "mriqc",
    "version": "21.0.0rc2",
    "webapi_port": null,
    "webapi_url": "https://mriqc.nimh.nih.gov/api/v1"
  },
  "size_t": 182,
  "size_x": 64,
  "size_y": 64,
  "size_z": 48,
  "snr": 2.4819706997677837,
  "spacing_tr": 0.07000000029802322,
  "spacing_x": 3.0,
  "spacing_y": 3.0,
  "spacing_z": 3.0,
  "summary_bg_k": 20.337308781864007,
  "summary_bg_mad": 9.718378815257706,
  "summary_bg_mean": 104.85270690917969,
  "summary_bg_median": 55.642860412597656,
  "summary_bg_n": 103038.0,
  "summary_bg_p05": 48.362640380859375,
  "summary_bg_p95": 361.2827148437499,
  "summary_bg_stdv": 131.58731079101562,
  "summary_fg_k": 1.4645705216686817,
  "summary_fg_mad": 277.41773307314486,
  "summary_fg_mean": 779.6881103515625,
  "summary_fg_median": 731.3297119140625,
  "summary_fg_n": 46314.0,
  "summary_fg_p05": 402.355224609375,
  "summary_fg_p95": 1333.6415710449219,
  "summary_fg_stdv": 294.6536865234375,
  "tsnr": 65.25824866374023
}