{
  "aor": 0.003746593406593407,
  "aqi": 0.006169439725274725,
  "bids_meta": {
    "AcquisitionDateTime": "20180823125116.157500",
    "ConversionSoftware": "dicm2nii.m 20180808",
    "DeviceSerialNumber": "167032",
    "EchoTime": 0.03,
    "EchoTime1": 0.03,
    "EchoTime2": 0.03,
    "EffectiveEchoSpacing": 0.00048611111,
    "FlipAngle": 90,
    "ImageType": [
      "ORIGINAL",
      "PRIMARY",
      "M",
      "ND",
      "MOSAIC"
    ],
    "InstitutionAddress": "Queen Square 12,London,Southeast,GB,WC1N 3BG",
    "InstitutionName": "Functional Imaging Laboratory",
    "MRAcquisitionType": "2D",
    "Manufacturer": "SIEMENS",
    "Modality": "MR",
    "PatientName": "MP02325",
    "PatientPosition": "HFS",
    "PhaseEncodingDirection": "j-",
    "RepetitionTime": 3.36,
    "ScanOptions": "FS",
    "ScanningSequence": "RM",
    "SequenceName": "ep2d_2i2d1",
    "SequenceVariant": "SP\\OSP",
    "SeriesDescription": "nc_epi2d_v2i_3mm_OFC_64ch",
    "SeriesNumber": 11,
    "SliceThickness": 2.5,
    "SliceTiming": [
      0,
      0.07,
      0.14,
      0.21,
      0.28,
      0.35,
      0.42,
      0.49,
      0.56,
      0.63,
      0.7,
      0.77,
      0.84,
      0.91,
      0.98,
      1.05,
      1.12,
      1.19,
      1.26,
      1.33,
      1.4,
      1.47,
      1.54,
      1.61,
      1.68,
      1.75,
      1.82,
      1.89,
      1.96,
      2.03,
      2.1,
      2.17,
      2.24,
      2.31,
      2.38,
      2.45,
      2.52,
      2.59,
      2.66,
      2.73,
      2.8,
      2.87,
      2.94,
      3.01,
      3.08,
      3.15,
      3.22,
      3.29
    ],
    "SoftwareVersion": "syngo MR E11",
    "TaskName": "visual detection and discrimination",
    "TotalReadoutTime": 0.030625,
    "dataset": "ds003669",
    "deltaTE": 0,
    "modality": "bold",
    "run_id": 5,
    "subject_id": "MP02325",
    "task_id": "detectdiscrim"
  },
  "dummy_trs": 2,
  "dvars_nstd": 26.841110303480672,
  "dvars_std": 1.1152383331491704,
  "dvars_vstd": 0.9338613075690606,
  "efc": 0.5861066353250407,
  "fber": 171.0354766845703,
  "fd_mean": 0.13574087514556754,
  "fd_num": 25,
  "fd_perc": 13.736263736263735,
  "fwhm_avg": 2.4776855555555555,
  "fwhm_x": 2.34884,
  "fwhm_y": 2.5226633333333335,
  "fwhm_z": 2.5615533333333333,
  "gcor": 0.0131125,
  "gsr_x": -0.0031758092809468508,
  "gsr_y": 0.03733082115650177,
  "provenance": {
    "md5sum": "48e719c58e0445c085ce5734e45c1fef",
    "settings": {
      "fd_thres": 0.2,
      "testing": false
    },
    "software": "mriqc",
    "version": "21.0.0rc2",
    "webapi_port": null,
    "webapi_url": "https://mriqc.nimh.nih.gov/api/v1"
  },
  "size_t": 182,
  "size_x": 64,
  "size_y": 64,
  "size_z": 48,
  "snr": 2.413130398362357,
  "spacing_tr": 0.07000000029802322,
  "spacing_x": 3.0,
  "spacing_y": 3.0,
  "spacing_z": 3.0,
  "summary_bg_k": 36.178048158640244,
  "summary_bg_mad": 9.661352607642074,
  "summary_bg_mean": 91.9597396850586,
  "summary_bg_median": 54.60439682006836,
  "summary_bg_n": 115749.0,
  "summary_bg_p05": 47.05494689941406,
  "summary_bg_p95": 274.48022460937455,
  "summary_bg_stdv": 105.76427459716797,
  "summary_fg_k": 1.738131137470079,
  "summary_fg_mad": 266.216684171238,
  "summary_fg_mean": 789.0697021484375,
  "summary_fg_median": 727.1868286132812,
  "summary_fg_n": 38339.0,
  "summary_fg_p05": 422.49835205078125,
  "summary_fg_p95": 1380.7451171874998,
  "summary_fg_stdv": 301.3419189453125,
  "tsnr": 49.72915837308392
}