{
  "bids_meta": {
    "AcquisitionDateTime": "20180823101649.820000",
    "ConversionSoftware": "dicm2nii.m 20180808",
    "DeviceSerialNumber": "167032",
    "EchoTime": 0.00334,
    "FlipAngle": 7,
    "ImageType": [
      "ORIGINAL",
      "PRIMARY",
      "M",
      "ND"
    ],
    "InstitutionAddress": "Queen Square 12,London,Southeast,GB,WC1N 3BG",
    "InstitutionName": "Functional Imaging Laboratory",
    "InversionTime": 1.1,
    "MRAcquisitionType": "3D",
    "Manufacturer": "SIEMENS",
    "Modality": "MR",
    "PatientName": "MP02324",
    "PatientPosition": "HFS",
    "PhaseEncodingDirection": "j-",
    "RepetitionTime": 2.53,
    "ScanOptions": "IR",
    "ScanningSequence": "GR\\IR",
    "SequenceName": "*tfl3d1_16ns",
    "SequenceVariant": "SK\\SP\\MP",
    "SeriesDescription": "MPRAGE_64ch_Head",
    "SeriesNumber": 2,
    "SliceThickness": 1,
    "SoftwareVersion": "syngo MR E11",
    "dataset": "ds003669",
    "modality": "T1w",
    "subject_id": "MP02324"
  },
  "cjv": 0.5143494940138243,
  "cnr": 1.713054530671733,
  "efc": 0.6999907064617495,
  "fber": 18.59480417681476,
  "fwhm_avg": 3.65916,
  "fwhm_x": 3.72562,
  "fwhm_y": 3.72288,
  "fwhm_z": 3.52898,
  "icvs_csf": 0.18106516182866753,
  "icvs_gm": 0.44679189533382857,
  "icvs_wm": 0.37214294283750393,
  "inu_med": 1.1137990951538086,
  "inu_range": 0.3251756489276887,
  "provenance": {
    "md5sum": "b65674d40c1ad88ea2ce75be4192663b",
    "settings": {
      "testing": false
    },
    "software": "mriqc",
    "version": "21.0.0rc2",
    "warnings": {
      "large_rot_frame": true,
      "small_air_mask": false
    },
    "webapi_port": null,
    "webapi_url": "https://mriqc.nimh.nih.gov/api/v1"
  },
  "qi_1": 0.0,
  "qi_2": 0.0026727450246100603,
  "rpve_csf": 27.627759034283702,
  "rpve_gm": 11.545862132240504,
  "rpve_wm": 15.415280125271735,
  "size_x": 176,
  "size_y": 256,
  "size_z": 256,
  "snr_csf": 2.3878075863801,
  "snr_gm": 6.877913078911273,
  "snr_total": 4.497425275313895,
  "snr_wm": 4.226555160650315,
  "snrd_csf": 16.5409654581458,
  "snrd_gm": 28.552632506918233,
  "snrd_total": 31.730236665625938,
  "snrd_wm": 50.09711203181378,
  "spacing_x": 1.0,
  "spacing_y": 1.0,
  "spacing_z": 1.0,
  "summary_bg_k": 3.218242112895271,
  "summary_bg_mad": 13.078031842126158,
  "summary_bg_mean": 162.0240100628732,
  "summary_bg_median": 161.68244683742523,
  "summary_bg_n": 2446280.0,
  "summary_bg_p05": 140.92082858085632,
  "summary_bg_p95": 184.2190220952034,
  "summary_bg_stdv": 13.362542331810825,
  "summary_csf_k": 1.3378534327166065,
  "summary_csf_mad": 138.9939603708896,
  "summary_csf_mean": 355.91376441310206,
  "summary_csf_median": 330.1957888007164,
  "summary_csf_n": 2241.0,
  "summary_csf_p05": 185.5636864900589,
  "summary_csf_p95": 609.2405440211296,
  "summary_csf_stdv": 138.2532290018717,
  "summary_gm_k": 1.0598345871644979,
  "summary_gm_mad": 77.35177370038033,
  "summary_gm_mean": 578.3873644411746,
  "summary_gm_median": 569.976343691349,
  "summary_gm_n": 20964.0,
  "summary_gm_p05": 460.41308879852295,
  "summary_gm_p95": 731.957306024432,
  "summary_gm_stdv": 82.86855952094069,
  "summary_wm_k": 3.7815675102781876,
  "summary_wm_mad": 143.85835026338773,
  "summary_wm_mean": 1062.50402482127,
  "summary_wm_median": 1000.0538037419319,
  "summary_wm_n": 117881.0,
  "summary_wm_p05": 808.8963133692741,
  "summary_wm_p95": 1593.6962407827377,
  "summary_wm_stdv": 236.6110281133076,
  "tpm_overlap_csf": 0.12496186792850494,
  "tpm_overlap_gm": 0.4122348129749298,
  "tpm_overlap_wm": 0.4019714593887329,
  "wm2max": 0.33612336394533227
}