{
  "aor": 0.004399450549450549,
  "aqi": 0.014894357582417583,
  "bids_meta": {
    "AcquisitionDateTime": "20180824105102.917500",
    "ConversionSoftware": "dicm2nii.m 20180808",
    "DeviceSerialNumber": "167032",
    "EchoTime": 0.03,
    "EchoTime1": 0.03,
    "EchoTime2": 0.03,
    "EffectiveEchoSpacing": 0.00048611111,
    "FlipAngle": 90,
    "ImageType": [
      "ORIGINAL",
      "PRIMARY",
      "M",
      "ND",
      "MOSAIC"
    ],
    "InstitutionAddress": "Queen Square 12,London,Southeast,GB,WC1N 3BG",
    "InstitutionName": "Functional Imaging Laboratory",
    "MRAcquisitionType": "2D",
    "Manufacturer": "SIEMENS",
    "Modality": "MR",
    "PatientName": "MP02327",
    "PatientPosition": "HFS",
    "PhaseEncodingDirection": "j-",
    "RepetitionTime": 3.36,
    "ScanOptions": "FS",
    "ScanningSequence": "RM",
    "SequenceName": "ep2d_2i2d1",
    "SequenceVariant": "SP\\OSP",
    "SeriesDescription": "nc_epi2d_v2i_3mm_OFC_64ch",
    "SeriesNumber": 8,
    "SliceThickness": 2.5,
    "SliceTiming": [
      0,
      0.07,
      0.14,
      0.21,
      0.28,
      0.35,
      0.42,
      0.49,
      0.56,
      0.63,
      0.7,
      0.77,
      0.84,
      0.91,
      0.98,
      1.05,
      1.12,
      1.19,
      1.26,
      1.33,
      1.4,
      1.47,
      1.54,
      1.61,
      1.68,
      1.75,
      1.82,
      1.89,
      1.96,
      2.03,
      2.1,
      2.17,
      2.24,
      2.31,
      2.38,
      2.45,
      2.52,
      2.59,
      2.66,
      2.73,
      2.8,
      2.87,
      2.94,
      3.01,
      3.08,
      3.15,
      3.22,
      3.29
    ],
    "SoftwareVersion": "syngo MR E11",
    "TaskName": "visual detection and discrimination",
    "TotalReadoutTime": 0.030625,
    "dataset": "ds003669",
    "deltaTE": 0,
    "modality": "bold",
    "run_id": 3,
    "subject_id": "MP02327",
    "task_id": "detectdiscrim"
  },
  "dummy_trs": 2,
  "dvars_nstd": 28.239909461767954,
  "dvars_std": 0.9388029656353591,
  "dvars_vstd": 0.8537772756906078,
  "efc": 0.5718807825191311,
  "fber": 190.19644165039062,
  "fd_mean": 0.15439555231656046,
  "fd_num": 40,
  "fd_perc": 21.978021978021978,
  "fwhm_avg": 2.5631355555555557,
  "fwhm_x": 2.3955066666666665,
  "fwhm_y": 2.62758,
  "fwhm_z": 2.6663200000000002,
  "gcor": 0.00909361,
  "gsr_x": 0.00998624786734581,
  "gsr_y": 0.032030198723077774,
  "provenance": {
    "md5sum": "2f6caa7990f01f6568d7e4beb14fd617",
    "settings": {
      "fd_thres": 0.2,
      "testing": false
    },
    "software": "mriqc",
    "version": "21.0.0rc2",
    "webapi_port": null,
    "webapi_url": "https://mriqc.nimh.nih.gov/api/v1"
  },
  "size_t": 182,
  "size_x": 64,
  "size_y": 64,
  "size_z": 48,
  "snr": 2.427625650813373,
  "spacing_tr": 0.07000000029802322,
  "spacing_x": 3.0,
  "spacing_y": 3.0,
  "spacing_z": 3.0,
  "summary_bg_k": 39.2096308669163,
  "summary_bg_mad": 8.504596657664388,
  "summary_bg_mean": 81.76573944091797,
  "summary_bg_median": 52.56044006347656,
  "summary_bg_n": 117719.0,
  "summary_bg_p05": 44.763736724853516,
  "summary_bg_p95": 233.17473297118957,
  "summary_bg_stdv": 91.41820526123047,
  "summary_fg_k": 1.5152723346802563,
  "summary_fg_mad": 276.51350317394946,
  "summary_fg_mean": 806.2671508789062,
  "summary_fg_median": 743.5577392578125,
  "summary_fg_n": 36238.0,
  "summary_fg_p05": 433.074462890625,
  "summary_fg_p95": 1397.4719848632812,
  "summary_fg_stdv": 306.285888671875,
  "tsnr": 33.19169338326901
}