{
  "bids_meta": {
    "AcquisitionDateTime": "20180821120619.977500",
    "ConversionSoftware": "dicm2nii.m 20180808",
    "DeviceSerialNumber": "167032",
    "EchoTime": 0.00334,
    "FlipAngle": 7,
    "ImageType": [
      "ORIGINAL",
      "PRIMARY",
      "M",
      "ND"
    ],
    "InstitutionAddress": "Queen Square 12,London,Southeast,GB,WC1N 3BG",
    "InstitutionName": "Functional Imaging Laboratory",
    "InversionTime": 1.1,
    "MRAcquisitionType": "3D",
    "Manufacturer": "SIEMENS",
    "Modality": "MR",
    "PatientName": "MP02320",
    "PatientPosition": "HFS",
    "PhaseEncodingDirection": "j-",
    "RepetitionTime": 2.53,
    "ScanOptions": "IR",
    "ScanningSequence": "GR\\IR",
    "SequenceName": "*tfl3d1_16ns",
    "SequenceVariant": "SK\\SP\\MP",
    "SeriesDescription": "MPRAGE_64ch_Head",
    "SeriesNumber": 2,
    "SliceThickness": 1,
    "SoftwareVersion": "syngo MR E11",
    "dataset": "ds003669",
    "modality": "T1w",
    "subject_id": "MP02320"
  },
  "cjv": 0.5522275672023037,
  "cnr": 1.349894127739594,
  "efc": 0.6479580057011434,
  "fber": 21.751667142960958,
  "fwhm_avg": 4.2404866666666665,
  "fwhm_x": 4.29689,
  "fwhm_y": 4.37633,
  "fwhm_z": 4.04824,
  "icvs_csf": 0.2148804020770066,
  "icvs_gm": 0.41663906398943606,
  "icvs_wm": 0.36848053393355734,
  "inu_med": 1.0836554765701294,
  "inu_range": 0.33527344465255726,
  "provenance": {
    "md5sum": "a6ea12cfd956f57d73ae7bc964f177be",
    "settings": {
      "testing": false
    },
    "software": "mriqc",
    "version": "21.0.0rc2",
    "warnings": {
      "large_rot_frame": true,
      "small_air_mask": false
    },
    "webapi_port": null,
    "webapi_url": "https://mriqc.nimh.nih.gov/api/v1"
  },
  "qi_1": 0.0,
  "qi_2": 0.0025445691022674597,
  "rpve_csf": 27.100153415628508,
  "rpve_gm": 13.29924202862665,
  "rpve_wm": 17.389633846402198,
  "size_x": 176,
  "size_y": 256,
  "size_z": 256,
  "snr_csf": 4.000238594265307,
  "snr_gm": 8.434216581027009,
  "snr_total": 5.419208968630389,
  "snr_wm": 3.8231717305988515,
  "snrd_csf": 24.81423133232272,
  "snrd_gm": 33.5222325388352,
  "snrd_total": 37.11727081673907,
  "snrd_wm": 53.015348579059285,
  "spacing_x": 1.0,
  "spacing_y": 1.0,
  "spacing_z": 1.0,
  "summary_bg_k": 0.5356884330344864,
  "summary_bg_mad": 12.35871915529852,
  "summary_bg_mean": 153.81974977901473,
  "summary_bg_median": 153.43915905803442,
  "summary_bg_n": 2843555.0,
  "summary_bg_p05": 133.9223369397223,
  "summary_bg_p95": 174.9026718735695,
  "summary_bg_stdv": 12.561084353897192,
  "summary_csf_k": 2.5967591198625337,
  "summary_csf_mad": 83.55086183432353,
  "summary_csf_mean": 460.64628603181495,
  "summary_csf_median": 468.10423996299505,
  "summary_csf_n": 12449.0,
  "summary_csf_p05": 258.7701003216207,
  "summary_csf_p95": 653.2894319295883,
  "summary_csf_stdv": 117.01437993705825,
  "summary_gm_k": 1.3459167102102798,
  "summary_gm_mad": 67.41792305674822,
  "summary_gm_mean": 640.9552802748611,
  "summary_gm_median": 632.3749857209623,
  "summary_gm_n": 18489.0,
  "summary_gm_p05": 533.9123685583472,
  "summary_gm_p95": 777.6280608214438,
  "summary_gm_stdv": 74.97529593062661,
  "summary_wm_k": 6.550496913830262,
  "summary_wm_mad": 135.6498934830071,
  "summary_wm_mean": 1078.6466562227233,
  "summary_wm_median": 1000.0998669117689,
  "summary_wm_n": 112162.0,
  "summary_wm_p05": 842.3705010479316,
  "summary_wm_p95": 1655.3334937812758,
  "summary_wm_stdv": 261.5878854236607,
  "tpm_overlap_csf": 0.13598975539207458,
  "tpm_overlap_gm": 0.38741323351860046,
  "tpm_overlap_wm": 0.4153122007846832,
  "wm2max": 0.33666028161441003
}