{
  "aor": 0.007976830601092897,
  "aqi": 0.004658570218579235,
  "bids_meta": {
    "AcquisitionDateTime": "20180920124019.287500",
    "ConversionSoftware": "dicm2nii.m 20180808",
    "DeviceSerialNumber": "167032",
    "EchoTime": 0.03,
    "EchoTime1": 0.03,
    "EchoTime2": 0.03,
    "EffectiveEchoSpacing": 0.00048611111,
    "FlipAngle": 90,
    "ImageType": [
      "ORIGINAL",
      "PRIMARY",
      "M",
      "ND",
      "MOSAIC"
    ],
    "InstitutionAddress": "Queen Square 12,London,Southeast,GB,WC1N 3BG",
    "InstitutionName": "FIL",
    "MRAcquisitionType": "2D",
    "Manufacturer": "SIEMENS",
    "Modality": "MR",
    "PatientName": "MP02368",
    "PatientPosition": "HFS",
    "PhaseEncodingDirection": "j-",
    "RepetitionTime": 3.36,
    "ScanOptions": "FS",
    "ScanningSequence": "RM",
    "SequenceName": "ep2d_2i2d1",
    "SequenceVariant": "SP\\OSP",
    "SeriesDescription": "nc_epi2d_v2i_3mm_OFC_64ch",
    "SeriesNumber": 9,
    "SliceThickness": 2.5,
    "SliceTiming": [
      0,
      0,
      0,
      0,
      0,
      0,
      0,
      0,
      0,
      0,
      0,
      0,
      0,
      0,
      0,
      0,
      0,
      0,
      0,
      0,
      0,
      0,
      0,
      0,
      0,
      0,
      0,
      0,
      0,
      0,
      0,
      0,
      0,
      0,
      0,
      0,
      0,
      0,
      0,
      0,
      0,
      0,
      0,
      0,
      0,
      0,
      0,
      0
    ],
    "SoftwareVersion": "syngo MR E11",
    "TaskName": "visual detection and discrimination",
    "TotalReadoutTime": 0.030625,
    "dataset": "ds003669",
    "deltaTE": 0,
    "modality": "bold",
    "run_id": 4,
    "subject_id": "MP02368",
    "task_id": "detectdiscrim"
  },
  "dummy_trs": 1,
  "dvars_nstd": 23.477756426703305,
  "dvars_std": 1.2954797710439565,
  "dvars_vstd": 1.0348346958241754,
  "efc": 0.5805068466678264,
  "fber": 188.4623260498047,
  "fd_mean": 0.09312251916002139,
  "fd_num": 19,
  "fd_perc": 10.382513661202186,
  "fwhm_avg": 2.7836366666666663,
  "fwhm_x": 2.58226,
  "fwhm_y": 2.838703333333333,
  "fwhm_z": 2.9299466666666665,
  "gcor": 0.0185729,
  "gsr_x": 0.006583804730325937,
  "gsr_y": 0.03496396169066429,
  "provenance": {
    "md5sum": "175bfbc8601afbd700c972542bfdf457",
    "settings": {
      "fd_thres": 0.2,
      "testing": false
    },
    "software": "mriqc",
    "version": "21.0.0rc2",
    "webapi_port": null,
    "webapi_url": "https://mriqc.nimh.nih.gov/api/v1"
  },
  "size_t": 183,
  "size_x": 64,
  "size_y": 64,
  "size_z": 48,
  "snr": 2.3130519116543016,
  "spacing_tr": 0.07000000029802322,
  "spacing_x": 3.0,
  "spacing_y": 3.0,
  "spacing_z": 3.0,
  "summary_bg_k": 33.48686101001942,
  "summary_bg_mad": 11.180275594302747,
  "summary_bg_mean": 93.58173370361328,
  "summary_bg_median": 55.56830596923828,
  "summary_bg_n": 114035.0,
  "summary_bg_p05": 46.28415298461914,
  "summary_bg_p95": 289.595065307617,
  "summary_bg_stdv": 105.90972900390625,
  "summary_fg_k": 1.188746830429709,
  "summary_fg_mad": 304.75167313225484,
  "summary_fg_mean": 848.342529296875,
  "summary_fg_median": 777.9343872070312,
  "summary_fg_n": 39937.0,
  "summary_fg_p05": 438.6863220214844,
  "summary_fg_p95": 1518.4371337890623,
  "summary_fg_stdv": 336.319580078125,
  "tsnr": 62.30529307737015
}