{
  "aor": 0.007710384615384616,
  "aqi": 0.004702151593406593,
  "bids_meta": {
    "AcquisitionDateTime": "20180920125143.352500",
    "ConversionSoftware": "dicm2nii.m 20180808",
    "DeviceSerialNumber": "167032",
    "EchoTime": 0.03,
    "EchoTime1": 0.03,
    "EchoTime2": 0.03,
    "EffectiveEchoSpacing": 0.00052083333,
    "FlipAngle": 90,
    "ImageType": [
      "ORIGINAL",
      "PRIMARY",
      "M",
      "ND",
      "MOSAIC"
    ],
    "InstitutionAddress": "Queen Square 12,London,Southeast,GB,WC1N 3BG",
    "InstitutionName": "FIL",
    "MRAcquisitionType": "2D",
    "Manufacturer": "SIEMENS",
    "Modality": "MR",
    "PatientName": "MP02368",
    "PatientPosition": "HFS",
    "PhaseEncodingDirection": "j-",
    "RepetitionTime": 3.36,
    "ScanOptions": "FS",
    "ScanningSequence": "RM",
    "SequenceName": "ep2d_2i2d1",
    "SequenceVariant": "SP\\OSP",
    "SeriesDescription": "nc_epi2d_v2i_3mm_OFC_64ch",
    "SeriesNumber": 10,
    "SliceThickness": 2.5,
    "SliceTiming": [
      0,
      0,
      0,
      0,
      0,
      0,
      0,
      0,
      0,
      0,
      0,
      0,
      0,
      0,
      0,
      0,
      0,
      0,
      0,
      0,
      0,
      0,
      0,
      0,
      0,
      0,
      0,
      0,
      0,
      0,
      0,
      0,
      0,
      0,
      0,
      0,
      0,
      0,
      0,
      0,
      0,
      0,
      0,
      0,
      0,
      0,
      0,
      0
    ],
    "SoftwareVersion": "syngo MR E11",
    "TaskName": "visual detection and discrimination",
    "TotalReadoutTime": 0.0328125,
    "dataset": "ds003669",
    "deltaTE": 0,
    "modality": "bold",
    "run_id": 5,
    "subject_id": "MP02368",
    "task_id": "detectdiscrim"
  },
  "dummy_trs": 2,
  "dvars_nstd": 25.07662342154696,
  "dvars_std": 1.2972546961325966,
  "dvars_vstd": 1.0080703837569056,
  "efc": 0.5800528195166654,
  "fber": 191.22935485839844,
  "fd_mean": 0.08573202327307552,
  "fd_num": 10,
  "fd_perc": 5.4945054945054945,
  "fwhm_avg": 2.8203255555555558,
  "fwhm_x": 2.601156666666667,
  "fwhm_y": 2.8769033333333334,
  "fwhm_z": 2.9829166666666667,
  "gcor": 0.0258028,
  "gsr_x": 0.0056139319203794,
  "gsr_y": 0.03533080592751503,
  "provenance": {
    "md5sum": "4452d0a34d0e801008a73baef2ce52b9",
    "settings": {
      "fd_thres": 0.2,
      "testing": false
    },
    "software": "mriqc",
    "version": "21.0.0rc2",
    "webapi_port": null,
    "webapi_url": "https://mriqc.nimh.nih.gov/api/v1"
  },
  "size_t": 182,
  "size_x": 64,
  "size_y": 64,
  "size_z": 48,
  "snr": 2.313155622631822,
  "spacing_tr": 0.07000000029802322,
  "spacing_x": 3.0,
  "spacing_y": 3.0,
  "spacing_z": 3.0,
  "summary_bg_k": 34.17231175466134,
  "summary_bg_mad": 10.133828000303962,
  "summary_bg_mean": 93.68080139160156,
  "summary_bg_median": 55.42307662963867,
  "summary_bg_n": 114119.0,
  "summary_bg_p05": 47.835166931152344,
  "summary_bg_p95": 290.6912231445304,
  "summary_bg_stdv": 105.70038604736328,
  "summary_fg_k": 1.2257250007890628,
  "summary_fg_mad": 305.31832688544586,
  "summary_fg_mean": 850.8007202148438,
  "summary_fg_median": 779.9505615234375,
  "summary_fg_n": 39788.0,
  "summary_fg_p05": 440.10467529296875,
  "summary_fg_p95": 1523.3794250488284,
  "summary_fg_stdv": 337.17608642578125,
  "tsnr": 65.63579636625946
}