{
  "aor": 0.00180989010989011,
  "aqi": 0.0038448551648351645,
  "bids_meta": {
    "AcquisitionDateTime": "20180920120324.385000",
    "ConversionSoftware": "dicm2nii.m 20180808",
    "DeviceSerialNumber": "167032",
    "EchoTime": 0.03,
    "EchoTime1": 0.03,
    "EchoTime2": 0.03,
    "EffectiveEchoSpacing": 0.00052083333,
    "FlipAngle": 90,
    "ImageType": [
      "ORIGINAL",
      "PRIMARY",
      "M",
      "ND",
      "MOSAIC"
    ],
    "InstitutionAddress": "Queen Square 12,London,Southeast,GB,WC1N 3BG",
    "InstitutionName": "FIL",
    "MRAcquisitionType": "2D",
    "Manufacturer": "SIEMENS",
    "Modality": "MR",
    "PatientName": "MP02368",
    "PatientPosition": "HFS",
    "PhaseEncodingDirection": "j-",
    "RepetitionTime": 3.36,
    "ScanOptions": "FS",
    "ScanningSequence": "RM",
    "SequenceName": "ep2d_2i2d1",
    "SequenceVariant": "SP\\OSP",
    "SeriesDescription": "nc_epi2d_v2i_3mm_OFC_64ch",
    "SeriesNumber": 6,
    "SliceThickness": 2.5,
    "SliceTiming": [
      0,
      0.07,
      0.14,
      0.21,
      0.28,
      0.35,
      0.42,
      0.49,
      0.56,
      0.63,
      0.7,
      0.77,
      0.84,
      0.91,
      0.98,
      1.05,
      1.12,
      1.19,
      1.26,
      1.33,
      1.4,
      1.47,
      1.54,
      1.61,
      1.68,
      1.75,
      1.82,
      1.89,
      1.96,
      2.03,
      2.1,
      2.17,
      2.24,
      2.31,
      2.38,
      2.45,
      2.52,
      2.59,
      2.66,
      2.73,
      2.8,
      2.87,
      2.94,
      3.01,
      3.08,
      3.15,
      3.22,
      3.29
    ],
    "SoftwareVersion": "syngo MR E11",
    "TaskName": "visual detection and discrimination",
    "TotalReadoutTime": 0.0328125,
    "dataset": "ds003669",
    "deltaTE": 0,
    "modality": "bold",
    "run_id": 1,
    "subject_id": "MP02368",
    "task_id": "detectdiscrim"
  },
  "dummy_trs": 2,
  "dvars_nstd": 21.69075284585634,
  "dvars_std": 1.2602779639779003,
  "dvars_vstd": 0.9717073657458564,
  "efc": 0.5802146268249391,
  "fber": 191.90696716308594,
  "fd_mean": 0.05914133750963745,
  "fd_num": 3,
  "fd_perc": 1.6483516483516483,
  "fwhm_avg": 2.7805311111111113,
  "fwhm_x": 2.5760333333333336,
  "fwhm_y": 2.84534,
  "fwhm_z": 2.92022,
  "gcor": 0.0119341,
  "gsr_x": 0.005636055953800678,
  "gsr_y": 0.03531097620725632,
  "provenance": {
    "md5sum": "b2ab20dceeda9b21eb04f2d8e517be26",
    "settings": {
      "fd_thres": 0.2,
      "testing": false
    },
    "software": "mriqc",
    "version": "21.0.0rc2",
    "webapi_port": null,
    "webapi_url": "https://mriqc.nimh.nih.gov/api/v1"
  },
  "size_t": 182,
  "size_x": 64,
  "size_y": 64,
  "size_z": 48,
  "snr": 2.3124050297078598,
  "spacing_tr": 0.07000000029802322,
  "spacing_x": 3.0,
  "spacing_y": 3.0,
  "spacing_z": 3.0,
  "summary_bg_k": 35.133557742223594,
  "summary_bg_mad": 10.51670047644751,
  "summary_bg_mean": 93.13645935058594,
  "summary_bg_median": 55.115386962890625,
  "summary_bg_n": 114110.0,
  "summary_bg_p05": 46.5134620666504,
  "summary_bg_p95": 288.0475463867186,
  "summary_bg_stdv": 106.47628784179688,
  "summary_fg_k": 1.2032973526957145,
  "summary_fg_mad": 303.9741756797768,
  "summary_fg_mean": 845.9494018554688,
  "summary_fg_median": 775.6264038085938,
  "summary_fg_n": 39939.0,
  "summary_fg_p05": 437.40276794433595,
  "summary_fg_p95": 1516.2978515624998,
  "summary_fg_stdv": 335.41558837890625,
  "tsnr": 70.45674663688987
}