{
  "aor": 0.003593516483516484,
  "aqi": 0.002757830659340659,
  "bids_meta": {
    "AcquisitionDateTime": "20180920121452.750000",
    "ConversionSoftware": "dicm2nii.m 20180808",
    "DeviceSerialNumber": "167032",
    "EchoTime": 0.03,
    "EchoTime1": 0.03,
    "EchoTime2": 0.03,
    "EffectiveEchoSpacing": 0.00048611111,
    "FlipAngle": 90,
    "ImageType": [
      "ORIGINAL",
      "PRIMARY",
      "M",
      "ND",
      "MOSAIC"
    ],
    "InstitutionAddress": "Queen Square 12,London,Southeast,GB,WC1N 3BG",
    "InstitutionName": "FIL",
    "MRAcquisitionType": "2D",
    "Manufacturer": "SIEMENS",
    "Modality": "MR",
    "PatientName": "MP02368",
    "PatientPosition": "HFS",
    "PhaseEncodingDirection": "j-",
    "RepetitionTime": 3.36,
    "ScanOptions": "FS",
    "ScanningSequence": "RM",
    "SequenceName": "ep2d_2i2d1",
    "SequenceVariant": "SP\\OSP",
    "SeriesDescription": "nc_epi2d_v2i_3mm_OFC_64ch",
    "SeriesNumber": 7,
    "SliceThickness": 2.5,
    "SliceTiming": [
      0,
      0.07,
      0.14,
      0.21,
      0.28,
      0.35,
      0.42,
      0.49,
      0.56,
      0.63,
      0.7,
      0.77,
      0.84,
      0.91,
      0.98,
      1.05,
      1.12,
      1.19,
      1.26,
      1.33,
      1.4,
      1.47,
      1.54,
      1.61,
      1.68,
      1.75,
      1.82,
      1.89,
      1.96,
      2.03,
      2.1,
      2.17,
      2.24,
      2.31,
      2.38,
      2.45,
      2.52,
      2.59,
      2.66,
      2.73,
      2.8,
      2.87,
      2.94,
      3.01,
      3.08,
      3.15,
      3.22,
      3.29
    ],
    "SoftwareVersion": "syngo MR E11",
    "TaskName": "visual detection and discrimination",
    "TotalReadoutTime": 0.030625,
    "dataset": "ds003669",
    "deltaTE": 0,
    "modality": "bold",
    "run_id": 2,
    "subject_id": "MP02368",
    "task_id": "detectdiscrim"
  },
  "dummy_trs": 2,
  "dvars_nstd": 20.170435109558007,
  "dvars_std": 1.3180966467403312,
  "dvars_vstd": 1.0287478046408833,
  "efc": 0.5805274904254704,
  "fber": 191.92442321777344,
  "fd_mean": 0.04850382178784947,
  "fd_num": 3,
  "fd_perc": 1.6483516483516483,
  "fwhm_avg": 2.785222222222222,
  "fwhm_x": 2.5843833333333333,
  "fwhm_y": 2.8454099999999998,
  "fwhm_z": 2.9258733333333335,
  "gcor": 0.02129,
  "gsr_x": 0.005778979975730181,
  "gsr_y": 0.034839533269405365,
  "provenance": {
    "md5sum": "45898e1f1d8b1844ea880b06f6f049f4",
    "settings": {
      "fd_thres": 0.2,
      "testing": false
    },
    "software": "mriqc",
    "version": "21.0.0rc2",
    "webapi_port": null,
    "webapi_url": "https://mriqc.nimh.nih.gov/api/v1"
  },
  "size_t": 182,
  "size_x": 64,
  "size_y": 64,
  "size_z": 48,
  "snr": 2.3153957439459356,
  "spacing_tr": 0.07000000029802322,
  "spacing_x": 3.0,
  "spacing_y": 3.0,
  "spacing_z": 3.0,
  "summary_bg_k": 34.97229277227967,
  "summary_bg_mad": 9.79983755455037,
  "summary_bg_mean": 93.36012268066406,
  "summary_bg_median": 55.02198028564453,
  "summary_bg_n": 114025.0,
  "summary_bg_p05": 47.763736724853516,
  "summary_bg_p95": 288.528588867186,
  "summary_bg_stdv": 106.7062759399414,
  "summary_fg_k": 1.2269598599330251,
  "summary_fg_mad": 303.9619594139383,
  "summary_fg_mean": 846.165283203125,
  "summary_fg_median": 776.3846435546875,
  "summary_fg_n": 39912.0,
  "summary_fg_p05": 437.0909423828125,
  "summary_fg_p95": 1516.963470458984,
  "summary_fg_stdv": 335.309814453125,
  "tsnr": 85.00745496805757
}