{
  "aor": 0.0015186813186813186,
  "aqi": 0.0066886643406593406,
  "bids_meta": {
    "AcquisitionDateTime": "20180831124355.442500",
    "ConversionSoftware": "dicm2nii.m 20180808",
    "DeviceSerialNumber": "167032",
    "EchoTime": 0.03,
    "EchoTime1": 0.03,
    "EchoTime2": 0.03,
    "EffectiveEchoSpacing": 0.00052083333,
    "FlipAngle": 90,
    "ImageType": [
      "ORIGINAL",
      "PRIMARY",
      "M",
      "ND",
      "MOSAIC"
    ],
    "InstitutionAddress": "Queen Square 12,London,Southeast,GB,WC1N 3BG",
    "InstitutionName": "Functional Imaging Laboratory",
    "MRAcquisitionType": "2D",
    "Manufacturer": "SIEMENS",
    "Modality": "MR",
    "PatientName": "MP02341",
    "PatientPosition": "HFS",
    "PhaseEncodingDirection": "j-",
    "RepetitionTime": 3.36,
    "ScanOptions": "FS",
    "ScanningSequence": "RM",
    "SequenceName": "ep2d_2i2d1",
    "SequenceVariant": "SP\\OSP",
    "SeriesDescription": "nc_epi2d_v2i_3mm_OFC_64ch",
    "SeriesNumber": 10,
    "SliceThickness": 2.5,
    "SliceTiming": [
      0,
      0.07,
      0.14,
      0.21,
      0.28,
      0.35,
      0.42,
      0.49,
      0.56,
      0.63,
      0.7,
      0.77,
      0.84,
      0.91,
      0.98,
      1.05,
      1.12,
      1.19,
      1.26,
      1.33,
      1.4,
      1.47,
      1.54,
      1.61,
      1.68,
      1.75,
      1.82,
      1.89,
      1.96,
      2.03,
      2.1,
      2.17,
      2.24,
      2.31,
      2.38,
      2.45,
      2.52,
      2.59,
      2.66,
      2.73,
      2.8,
      2.87,
      2.94,
      3.01,
      3.08,
      3.15,
      3.22,
      3.29
    ],
    "SoftwareVersion": "syngo MR E11",
    "TaskName": "visual detection and discrimination",
    "TotalReadoutTime": 0.0328125,
    "dataset": "ds003669",
    "deltaTE": 0,
    "modality": "bold",
    "run_id": 5,
    "subject_id": "MP02341",
    "task_id": "detectdiscrim"
  },
  "dummy_trs": 2,
  "dvars_nstd": 28.77665190950276,
  "dvars_std": 1.1273947605524857,
  "dvars_vstd": 0.9098535860773476,
  "efc": 0.5833876672367385,
  "fber": 173.91456604003906,
  "fd_mean": 0.08108232535446666,
  "fd_num": 7,
  "fd_perc": 3.8461538461538463,
  "fwhm_avg": 2.7072977777777774,
  "fwhm_x": 2.5672333333333333,
  "fwhm_y": 2.774646666666667,
  "fwhm_z": 2.7800133333333332,
  "gcor": 0.0140379,
  "gsr_x": -0.01184466015547514,
  "gsr_y": 0.051502861082553864,
  "provenance": {
    "md5sum": "e47e633a5f810a193f982a359f0d8bdc",
    "settings": {
      "fd_thres": 0.2,
      "testing": false
    },
    "software": "mriqc",
    "version": "21.0.0rc2",
    "webapi_port": null,
    "webapi_url": "https://mriqc.nimh.nih.gov/api/v1"
  },
  "size_t": 182,
  "size_x": 64,
  "size_y": 64,
  "size_z": 48,
  "snr": 2.129386185050213,
  "spacing_tr": 0.07000000029802322,
  "spacing_x": 3.0,
  "spacing_y": 3.0,
  "spacing_z": 3.0,
  "summary_bg_k": 29.311191204145466,
  "summary_bg_mad": 11.836379560689153,
  "summary_bg_mean": 92.16962432861328,
  "summary_bg_median": 56.615386962890625,
  "summary_bg_n": 108192.0,
  "summary_bg_p05": 46.835166931152344,
  "summary_bg_p95": 264.28764190673826,
  "summary_bg_stdv": 95.7137222290039,
  "summary_fg_k": 2.4583254093486984,
  "summary_fg_mad": 313.6599551634173,
  "summary_fg_mean": 851.2681274414062,
  "summary_fg_median": 771.64013671875,
  "summary_fg_n": 42484.0,
  "summary_fg_p05": 423.18023681640625,
  "summary_fg_p95": 1548.8285949707022,
  "summary_fg_stdv": 362.3725280761719,
  "tsnr": 44.34064928814769
}