{
  "aor": 0.005313681318681319,
  "aqi": 0.005968120714285715,
  "bids_meta": {
    "AcquisitionDateTime": "20180831115638.145000",
    "ConversionSoftware": "dicm2nii.m 20180808",
    "DeviceSerialNumber": "167032",
    "EchoTime": 0.03,
    "EchoTime1": 0.03,
    "EchoTime2": 0.03,
    "EffectiveEchoSpacing": 0.00048611111,
    "FlipAngle": 90,
    "ImageType": [
      "ORIGINAL",
      "PRIMARY",
      "M",
      "ND",
      "MOSAIC"
    ],
    "InstitutionAddress": "Queen Square 12,London,Southeast,GB,WC1N 3BG",
    "InstitutionName": "Functional Imaging Laboratory",
    "MRAcquisitionType": "2D",
    "Manufacturer": "SIEMENS",
    "Modality": "MR",
    "PatientName": "MP02341",
    "PatientPosition": "HFS",
    "PhaseEncodingDirection": "j-",
    "RepetitionTime": 3.36,
    "ScanOptions": "FS",
    "ScanningSequence": "RM",
    "SequenceName": "ep2d_2i2d1",
    "SequenceVariant": "SP\\OSP",
    "SeriesDescription": "nc_epi2d_v2i_3mm_OFC_64ch",
    "SeriesNumber": 6,
    "SliceThickness": 2.5,
    "SliceTiming": [
      0,
      0,
      0,
      0,
      0,
      0,
      0,
      0,
      0,
      0,
      0,
      0,
      0,
      0,
      0,
      0,
      0,
      0,
      0,
      0,
      0,
      0,
      0,
      0,
      0,
      0,
      0,
      0,
      0,
      0,
      0,
      0,
      0,
      0,
      0,
      0,
      0,
      0,
      0,
      0,
      0,
      0,
      0,
      0,
      0,
      0,
      0,
      0
    ],
    "SoftwareVersion": "syngo MR E11",
    "TaskName": "visual detection and discrimination",
    "TotalReadoutTime": 0.030625,
    "dataset": "ds003669",
    "deltaTE": 0,
    "modality": "bold",
    "run_id": 1,
    "subject_id": "MP02341",
    "task_id": "detectdiscrim"
  },
  "dummy_trs": 2,
  "dvars_nstd": 32.81408719856353,
  "dvars_std": 1.196320625635359,
  "dvars_vstd": 0.9719910101657459,
  "efc": 0.582649189884517,
  "fber": 178.66578674316406,
  "fd_mean": 0.1416600110349679,
  "fd_num": 33,
  "fd_perc": 18.13186813186813,
  "fwhm_avg": 2.6974377777777776,
  "fwhm_x": 2.554116666666667,
  "fwhm_y": 2.7386166666666667,
  "fwhm_z": 2.79958,
  "gcor": 0.0337384,
  "gsr_x": -0.010594642721116543,
  "gsr_y": 0.04630504548549652,
  "provenance": {
    "md5sum": "96564905e9158fe34f6ead482cfa0348",
    "settings": {
      "fd_thres": 0.2,
      "testing": false
    },
    "software": "mriqc",
    "version": "21.0.0rc2",
    "webapi_port": null,
    "webapi_url": "https://mriqc.nimh.nih.gov/api/v1"
  },
  "size_t": 182,
  "size_x": 64,
  "size_y": 64,
  "size_z": 48,
  "snr": 2.1549993642664655,
  "spacing_tr": 0.07000000029802322,
  "spacing_x": 3.0,
  "spacing_y": 3.0,
  "spacing_z": 3.0,
  "summary_bg_k": 32.24926383532515,
  "summary_bg_mad": 9.759111012743352,
  "summary_bg_mean": 90.14512634277344,
  "summary_bg_median": 55.34615707397461,
  "summary_bg_n": 108724.0,
  "summary_bg_p05": 47.93406677246094,
  "summary_bg_p95": 259.28463287353475,
  "summary_bg_stdv": 95.18204498291016,
  "summary_fg_k": 2.211850369116103,
  "summary_fg_mad": 309.6032047510201,
  "summary_fg_mean": 845.6826171875,
  "summary_fg_median": 766.3736572265625,
  "summary_fg_n": 42058.0,
  "summary_fg_p05": 422.021174621582,
  "summary_fg_p95": 1535.2393493652346,
  "summary_fg_stdv": 355.6217041015625,
  "tsnr": 44.98120712605305
}