{
  "aor": 0.008690437158469946,
  "aqi": 0.006285952950819672,
  "bids_meta": {
    "AcquisitionDateTime": "20180831120846.840000",
    "ConversionSoftware": "dicm2nii.m 20180808",
    "DeviceSerialNumber": "167032",
    "EchoTime": 0.03,
    "EchoTime1": 0.03,
    "EchoTime2": 0.03,
    "EffectiveEchoSpacing": 0.00048611111,
    "FlipAngle": 90,
    "ImageType": [
      "ORIGINAL",
      "PRIMARY",
      "M",
      "ND",
      "MOSAIC"
    ],
    "InstitutionAddress": "Queen Square 12,London,Southeast,GB,WC1N 3BG",
    "InstitutionName": "Functional Imaging Laboratory",
    "MRAcquisitionType": "2D",
    "Manufacturer": "SIEMENS",
    "Modality": "MR",
    "PatientName": "MP02341",
    "PatientPosition": "HFS",
    "PhaseEncodingDirection": "j-",
    "RepetitionTime": 3.36,
    "ScanOptions": "FS",
    "ScanningSequence": "RM",
    "SequenceName": "ep2d_2i2d1",
    "SequenceVariant": "SP\\OSP",
    "SeriesDescription": "nc_epi2d_v2i_3mm_OFC_64ch",
    "SeriesNumber": 7,
    "SliceThickness": 2.5,
    "SliceTiming": [
      0,
      0.07,
      0.14,
      0.21,
      0.28,
      0.35,
      0.42,
      0.49,
      0.56,
      0.63,
      0.7,
      0.77,
      0.84,
      0.91,
      0.98,
      1.05,
      1.12,
      1.19,
      1.26,
      1.33,
      1.4,
      1.47,
      1.54,
      1.61,
      1.68,
      1.75,
      1.82,
      1.89,
      1.96,
      2.03,
      2.1,
      2.17,
      2.24,
      2.31,
      2.38,
      2.45,
      2.52,
      2.59,
      2.66,
      2.73,
      2.8,
      2.87,
      2.94,
      3.01,
      3.08,
      3.15,
      3.22,
      3.29
    ],
    "SoftwareVersion": "syngo MR E11",
    "TaskName": "visual detection and discrimination",
    "TotalReadoutTime": 0.030625,
    "dataset": "ds003669",
    "deltaTE": 0,
    "modality": "bold",
    "run_id": 2,
    "subject_id": "MP02341",
    "task_id": "detectdiscrim"
  },
  "dummy_trs": 1,
  "dvars_nstd": 38.515386707252716,
  "dvars_std": 1.2647366744505504,
  "dvars_vstd": 1.0263496343406593,
  "efc": 0.5841784993266175,
  "fber": 176.9995880126953,
  "fd_mean": 0.2160531451120994,
  "fd_num": 56,
  "fd_perc": 30.601092896174862,
  "fwhm_avg": 2.6471844444444446,
  "fwhm_x": 2.528636666666667,
  "fwhm_y": 2.71423,
  "fwhm_z": 2.6986866666666667,
  "gcor": 0.0309179,
  "gsr_x": -0.008714694529771805,
  "gsr_y": 0.04534747824072838,
  "provenance": {
    "md5sum": "9e124987557551f7af8dcc6f98c72567",
    "settings": {
      "fd_thres": 0.2,
      "testing": false
    },
    "software": "mriqc",
    "version": "21.0.0rc2",
    "webapi_port": null,
    "webapi_url": "https://mriqc.nimh.nih.gov/api/v1"
  },
  "size_t": 183,
  "size_x": 64,
  "size_y": 64,
  "size_z": 48,
  "snr": 2.172857815337172,
  "spacing_tr": 0.07000000029802322,
  "spacing_x": 3.0,
  "spacing_y": 3.0,
  "spacing_z": 3.0,
  "summary_bg_k": 29.474900763553038,
  "summary_bg_mad": 10.645570769686602,
  "summary_bg_mean": 91.2848892211914,
  "summary_bg_median": 55.6994514465332,
  "summary_bg_n": 108772.0,
  "summary_bg_p05": 46.83060073852539,
  "summary_bg_p95": 263.4081817626952,
  "summary_bg_stdv": 97.00446319580078,
  "summary_fg_k": 2.2671782811388654,
  "summary_fg_mad": 307.14171767541706,
  "summary_fg_mean": 843.528076171875,
  "summary_fg_median": 765.85791015625,
  "summary_fg_n": 42167.0,
  "summary_fg_p05": 423.9120208740234,
  "summary_fg_p95": 1527.9283569335937,
  "summary_fg_stdv": 352.4615478515625,
  "tsnr": 41.58775833807886
}