{
  "bids_meta": {
    "AcquisitionDateTime": "20180824114828.270000",
    "ConversionSoftware": "dicm2nii.m 20180808",
    "DeviceSerialNumber": "167032",
    "EchoTime": 0.00334,
    "FlipAngle": 7,
    "ImageType": [
      "ORIGINAL",
      "PRIMARY",
      "M",
      "ND"
    ],
    "InstitutionAddress": "Queen Square 12,London,Southeast,GB,WC1N 3BG",
    "InstitutionName": "Functional Imaging Laboratory",
    "InversionTime": 1.1,
    "MRAcquisitionType": "3D",
    "Manufacturer": "SIEMENS",
    "Modality": "MR",
    "PatientName": "MP02328",
    "PatientPosition": "HFS",
    "PhaseEncodingDirection": "j-",
    "RepetitionTime": 2.53,
    "ScanOptions": "IR",
    "ScanningSequence": "GR\\IR",
    "SequenceName": "*tfl3d1_16ns",
    "SequenceVariant": "SK\\SP\\MP",
    "SeriesDescription": "MPRAGE_64ch_Head",
    "SeriesNumber": 3,
    "SliceThickness": 1,
    "SoftwareVersion": "syngo MR E11",
    "dataset": "ds003669",
    "modality": "T1w",
    "subject_id": "MP02328"
  },
  "cjv": 0.4513959510410756,
  "cnr": 2.7672855976910715,
  "efc": 0.6782746419922768,
  "fber": 20.83466175593866,
  "fwhm_avg": 3.4606866666666662,
  "fwhm_x": 3.56852,
  "fwhm_y": 3.51173,
  "fwhm_z": 3.30181,
  "icvs_csf": 0.2052935612786151,
  "icvs_gm": 0.41806236512374334,
  "icvs_wm": 0.37664407359764157,
  "inu_med": 1.1103579998016357,
  "inu_range": 0.28863957226276404,
  "provenance": {
    "md5sum": "81e71aa7f9eec1484c183ac07908dff6",
    "settings": {
      "testing": false
    },
    "software": "mriqc",
    "version": "21.0.0rc2",
    "warnings": {
      "large_rot_frame": true,
      "small_air_mask": false
    },
    "webapi_port": null,
    "webapi_url": "https://mriqc.nimh.nih.gov/api/v1"
  },
  "qi_1": 6.846271536821693e-06,
  "qi_2": 0.0017382735621194402,
  "rpve_csf": 28.818242656770867,
  "rpve_gm": 13.660846535368613,
  "rpve_wm": 17.460340962745306,
  "size_x": 176,
  "size_y": 256,
  "size_z": 256,
  "snr_csf": 4.771536497993054,
  "snr_gm": 8.566824837100029,
  "snr_total": 7.465699049692435,
  "snr_wm": 9.05873581398422,
  "snrd_csf": 24.04731272680435,
  "snrd_gm": 32.32280960408344,
  "snrd_total": 35.87355992299181,
  "snrd_wm": 51.25055743808764,
  "spacing_x": 1.0,
  "spacing_y": 1.0,
  "spacing_z": 1.0,
  "summary_bg_k": 50.75734595220004,
  "summary_bg_mad": 12.784313942937766,
  "summary_bg_mean": 154.96600030414646,
  "summary_bg_median": 154.29358273744583,
  "summary_bg_n": 2849285.0,
  "summary_bg_p05": 134.2415397427976,
  "summary_bg_p95": 176.998822260648,
  "summary_bg_stdv": 14.34036780210321,
  "summary_csf_k": 0.5956947296722266,
  "summary_csf_mad": 91.23007464605294,
  "summary_csf_mean": 462.4710714365752,
  "summary_csf_median": 469.2586244828999,
  "summary_csf_n": 12408.0,
  "summary_csf_p05": 287.894783702679,
  "summary_csf_p95": 608.8218641858548,
  "summary_csf_stdv": 98.34142833869477,
  "summary_gm_k": 0.40756796236682247,
  "summary_gm_mad": 73.83130419116722,
  "summary_gm_mean": 635.8778871396672,
  "summary_gm_median": 630.7464516535401,
  "summary_gm_n": 26061.0,
  "summary_gm_p05": 526.7105339281261,
  "summary_gm_p95": 763.7124161422253,
  "summary_gm_stdv": 73.62521846578703,
  "summary_wm_k": 1.4818973413655332,
  "summary_wm_mad": 92.89430486347679,
  "summary_wm_mean": 1025.0457329407895,
  "summary_wm_median": 1000.1020222343504,
  "summary_wm_n": 132993.0,
  "summary_wm_p05": 891.0658495128155,
  "summary_wm_p95": 1245.216563064605,
  "summary_wm_stdv": 110.4015265246472,
  "tpm_overlap_csf": 0.12615378201007843,
  "tpm_overlap_gm": 0.37708380818367004,
  "tpm_overlap_wm": 0.40508678555488586,
  "wm2max": 0.36346049212171405
}