{
  "aor": 0.0027603846153846155,
  "aqi": 0.0056952373626373625,
  "bids_meta": {
    "AcquisitionDateTime": "20180831122028.595000",
    "ConversionSoftware": "dicm2nii.m 20180808",
    "DeviceSerialNumber": "167032",
    "EchoTime": 0.03,
    "EchoTime1": 0.03,
    "EchoTime2": 0.03,
    "EffectiveEchoSpacing": 0.00048611111,
    "FlipAngle": 90,
    "ImageType": [
      "ORIGINAL",
      "PRIMARY",
      "M",
      "ND",
      "MOSAIC"
    ],
    "InstitutionAddress": "Queen Square 12,London,Southeast,GB,WC1N 3BG",
    "InstitutionName": "Functional Imaging Laboratory",
    "MRAcquisitionType": "2D",
    "Manufacturer": "SIEMENS",
    "Modality": "MR",
    "PatientName": "MP02341",
    "PatientPosition": "HFS",
    "PhaseEncodingDirection": "j-",
    "RepetitionTime": 3.36,
    "ScanOptions": "FS",
    "ScanningSequence": "RM",
    "SequenceName": "ep2d_2i2d1",
    "SequenceVariant": "SP\\OSP",
    "SeriesDescription": "nc_epi2d_v2i_3mm_OFC_64ch",
    "SeriesNumber": 8,
    "SliceThickness": 2.5,
    "SliceTiming": [
      0,
      0.07,
      0.14,
      0.21,
      0.28,
      0.35,
      0.42,
      0.49,
      0.56,
      0.63,
      0.7,
      0.77,
      0.84,
      0.91,
      0.98,
      1.05,
      1.12,
      1.19,
      1.26,
      1.33,
      1.4,
      1.47,
      1.54,
      1.61,
      1.68,
      1.75,
      1.82,
      1.89,
      1.96,
      2.03,
      2.1,
      2.17,
      2.24,
      2.31,
      2.38,
      2.45,
      2.52,
      2.59,
      2.66,
      2.73,
      2.8,
      2.87,
      2.94,
      3.01,
      3.08,
      3.15,
      3.22,
      3.29
    ],
    "SoftwareVersion": "syngo MR E11",
    "TaskName": "visual detection and discrimination",
    "TotalReadoutTime": 0.030625,
    "dataset": "ds003669",
    "deltaTE": 0,
    "modality": "bold",
    "run_id": 3,
    "subject_id": "MP02341",
    "task_id": "detectdiscrim"
  },
  "dummy_trs": 2,
  "dvars_nstd": 30.044675131546953,
  "dvars_std": 1.2220331755248612,
  "dvars_vstd": 0.9746434683977899,
  "efc": 0.584168967963679,
  "fber": 175.44032287597656,
  "fd_mean": 0.09862995200614552,
  "fd_num": 13,
  "fd_perc": 7.142857142857143,
  "fwhm_avg": 2.6624044444444444,
  "fwhm_x": 2.5333566666666667,
  "fwhm_y": 2.7045733333333337,
  "fwhm_z": 2.749283333333333,
  "gcor": 0.0220883,
  "gsr_x": -0.011585752479732037,
  "gsr_y": 0.05290685594081879,
  "provenance": {
    "md5sum": "98a55cf377aa23918c38053ee5e66115",
    "settings": {
      "fd_thres": 0.2,
      "testing": false
    },
    "software": "mriqc",
    "version": "21.0.0rc2",
    "webapi_port": null,
    "webapi_url": "https://mriqc.nimh.nih.gov/api/v1"
  },
  "size_t": 182,
  "size_x": 64,
  "size_y": 64,
  "size_z": 48,
  "snr": 2.147281807945283,
  "spacing_tr": 0.07000000029802322,
  "spacing_x": 3.0,
  "spacing_y": 3.0,
  "spacing_z": 3.0,
  "summary_bg_k": 30.20698304219959,
  "summary_bg_mad": 10.94844367162375,
  "summary_bg_mean": 91.6997299194336,
  "summary_bg_median": 55.96703338623047,
  "summary_bg_n": 108423.0,
  "summary_bg_p05": 46.873626708984375,
  "summary_bg_p95": 264.9555053710937,
  "summary_bg_stdv": 97.27987670898438,
  "summary_fg_k": 2.5069508678763555,
  "summary_fg_mad": 307.8069612184678,
  "summary_fg_mean": 846.7337646484375,
  "summary_fg_median": 765.7527465820312,
  "summary_fg_n": 42050.0,
  "summary_fg_p05": 426.8928665161133,
  "summary_fg_p95": 1538.7898864746091,
  "summary_fg_stdv": 356.6106872558594,
  "tsnr": 47.98924714908935
}