{
  "aor": 0.0016602747252747253,
  "aqi": 0.003392197417582418,
  "bids_meta": {
    "AcquisitionDateTime": "20180829151229.077500",
    "ConversionSoftware": "dicm2nii.m 20180808",
    "DeviceSerialNumber": "167032",
    "EchoTime": 0.03,
    "EchoTime1": 0.03,
    "EchoTime2": 0.03,
    "EffectiveEchoSpacing": 0.00048611111,
    "FlipAngle": 90,
    "ImageType": [
      "ORIGINAL",
      "PRIMARY",
      "M",
      "ND",
      "MOSAIC"
    ],
    "InstitutionAddress": "Queen Square 12,London,Southeast,GB,WC1N 3BG",
    "InstitutionName": "Functional Imaging Laboratory",
    "MRAcquisitionType": "2D",
    "Manufacturer": "SIEMENS",
    "Modality": "MR",
    "PatientName": "MP02336",
    "PatientPosition": "HFS",
    "PhaseEncodingDirection": "j-",
    "RepetitionTime": 3.36,
    "ScanOptions": "FS",
    "ScanningSequence": "RM",
    "SequenceName": "ep2d_2i2d1",
    "SequenceVariant": "SP\\OSP",
    "SeriesDescription": "nc_epi2d_v2i_3mm_OFC_64ch",
    "SeriesNumber": 10,
    "SliceThickness": 2.5,
    "SliceTiming": [
      0,
      0,
      0,
      0,
      0,
      0,
      0,
      0,
      0,
      0,
      0,
      0,
      0,
      0,
      0,
      0,
      0,
      0,
      0,
      0,
      0,
      0,
      0,
      0,
      0,
      0,
      0,
      0,
      0,
      0,
      0,
      0,
      0,
      0,
      0,
      0,
      0,
      0,
      0,
      0,
      0,
      0,
      0,
      0,
      0,
      0,
      0,
      0
    ],
    "SoftwareVersion": "syngo MR E11",
    "TaskName": "visual detection and discrimination",
    "TotalReadoutTime": 0.030625,
    "dataset": "ds003669",
    "deltaTE": 0,
    "modality": "bold",
    "run_id": 5,
    "subject_id": "MP02336",
    "task_id": "detectdiscrim"
  },
  "dummy_trs": 2,
  "dvars_nstd": 26.559220119005538,
  "dvars_std": 1.336354385359116,
  "dvars_vstd": 1.0050386141988945,
  "efc": 0.6027388184804024,
  "fber": 145.5578155517578,
  "fd_mean": 0.08764518644793597,
  "fd_num": 9,
  "fd_perc": 4.945054945054945,
  "fwhm_avg": 2.63081,
  "fwhm_x": 2.43968,
  "fwhm_y": 2.6773000000000002,
  "fwhm_z": 2.7754499999999998,
  "gcor": 0.0261963,
  "gsr_x": 0.01860274188220501,
  "gsr_y": 0.030983733013272285,
  "provenance": {
    "md5sum": "a51e924af6d29ff474456c1d3c469924",
    "settings": {
      "fd_thres": 0.2,
      "testing": false
    },
    "software": "mriqc",
    "version": "21.0.0rc2",
    "webapi_port": null,
    "webapi_url": "https://mriqc.nimh.nih.gov/api/v1"
  },
  "size_t": 182,
  "size_x": 64,
  "size_y": 64,
  "size_z": 48,
  "snr": 2.4498930171400737,
  "spacing_tr": 0.07000000029802322,
  "spacing_x": 3.0,
  "spacing_y": 3.0,
  "spacing_z": 3.0,
  "summary_bg_k": 43.47807873524596,
  "summary_bg_mad": 13.033862052473857,
  "summary_bg_mean": 100.50142669677734,
  "summary_bg_median": 58.03296661376953,
  "summary_bg_n": 112993.0,
  "summary_bg_p05": 48.620880126953125,
  "summary_bg_p95": 301.3571472167969,
  "summary_bg_stdv": 120.5083236694336,
  "summary_fg_k": 1.3918069477976784,
  "summary_fg_mad": 265.23105774521486,
  "summary_fg_mean": 771.181884765625,
  "summary_fg_median": 714.6593627929688,
  "summary_fg_n": 40298.0,
  "summary_fg_p05": 409.0156555175781,
  "summary_fg_p95": 1338.8486633300781,
  "summary_fg_stdv": 291.7068176269531,
  "tsnr": 77.57415103935637
}