{
  "aor": 0.0016946448087431691,
  "aqi": 0.004068471475409836,
  "bids_meta": {
    "AcquisitionDateTime": "20180829143646.560000",
    "ConversionSoftware": "dicm2nii.m 20180808",
    "DeviceSerialNumber": "167032",
    "EchoTime": 0.03,
    "EchoTime1": 0.03,
    "EchoTime2": 0.03,
    "EffectiveEchoSpacing": 0.00052083333,
    "FlipAngle": 90,
    "ImageType": [
      "ORIGINAL",
      "PRIMARY",
      "M",
      "ND",
      "MOSAIC"
    ],
    "InstitutionAddress": "Queen Square 12,London,Southeast,GB,WC1N 3BG",
    "InstitutionName": "Functional Imaging Laboratory",
    "MRAcquisitionType": "2D",
    "Manufacturer": "SIEMENS",
    "Modality": "MR",
    "PatientName": "MP02336",
    "PatientPosition": "HFS",
    "PhaseEncodingDirection": "j-",
    "RepetitionTime": 3.36,
    "ScanOptions": "FS",
    "ScanningSequence": "RM",
    "SequenceName": "ep2d_2i2d1",
    "SequenceVariant": "SP\\OSP",
    "SeriesDescription": "nc_epi2d_v2i_3mm_OFC_64ch",
    "SeriesNumber": 7,
    "SliceThickness": 2.5,
    "SliceTiming": [
      0,
      0,
      0,
      0,
      0,
      0,
      0,
      0,
      0,
      0,
      0,
      0,
      0,
      0,
      0,
      0,
      0,
      0,
      0,
      0,
      0,
      0,
      0,
      0,
      0,
      0,
      0,
      0,
      0,
      0,
      0,
      0,
      0,
      0,
      0,
      0,
      0,
      0,
      0,
      0,
      0,
      0,
      0,
      0,
      0,
      0,
      0,
      0
    ],
    "SoftwareVersion": "syngo MR E11",
    "TaskName": "visual detection and discrimination",
    "TotalReadoutTime": 0.0328125,
    "dataset": "ds003669",
    "deltaTE": 0,
    "modality": "bold",
    "run_id": 2,
    "subject_id": "MP02336",
    "task_id": "detectdiscrim"
  },
  "dummy_trs": 1,
  "dvars_nstd": 25.21101585851649,
  "dvars_std": 1.3105036702197796,
  "dvars_vstd": 1.0025739398351654,
  "efc": 0.6021294436650446,
  "fber": 146.2849578857422,
  "fd_mean": 0.07549154810534514,
  "fd_num": 2,
  "fd_perc": 1.092896174863388,
  "fwhm_avg": 2.6375333333333333,
  "fwhm_x": 2.4248166666666666,
  "fwhm_y": 2.70566,
  "fwhm_z": 2.7821233333333333,
  "gcor": 0.0229195,
  "gsr_x": 0.01488420832902193,
  "gsr_y": 0.034311383962631226,
  "provenance": {
    "md5sum": "b66a4fa9904d81d5d2cf688beba6dfe7",
    "settings": {
      "fd_thres": 0.2,
      "testing": false
    },
    "software": "mriqc",
    "version": "21.0.0rc2",
    "webapi_port": null,
    "webapi_url": "https://mriqc.nimh.nih.gov/api/v1"
  },
  "size_t": 183,
  "size_x": 64,
  "size_y": 64,
  "size_z": 48,
  "snr": 2.4537820418717122,
  "spacing_tr": 0.07000000029802322,
  "spacing_x": 3.0,
  "spacing_y": 3.0,
  "spacing_z": 3.0,
  "summary_bg_k": 47.22169968804471,
  "summary_bg_mad": 12.978843610771502,
  "summary_bg_mean": 98.9818115234375,
  "summary_bg_median": 57.650272369384766,
  "summary_bg_n": 112503.0,
  "summary_bg_p05": 48.10928726196289,
  "summary_bg_p95": 288.3961639404295,
  "summary_bg_stdv": 119.70781707763672,
  "summary_fg_k": 1.4647746996997073,
  "summary_fg_mad": 263.3158187343097,
  "summary_fg_mean": 769.6015625,
  "summary_fg_median": 714.2486572265625,
  "summary_fg_n": 40342.0,
  "summary_fg_p05": 408.39397888183595,
  "summary_fg_p95": 1338.5499694824218,
  "summary_fg_stdv": 291.0771179199219,
  "tsnr": 73.15221197437495
}