{
  "bids_meta": {
    "AcquisitionDateTime": "20180925101917.237500",
    "ConversionSoftware": "dicm2nii.m 20180808",
    "DeviceSerialNumber": "167032",
    "EchoTime": 0.00334,
    "FlipAngle": 7,
    "ImageType": [
      "ORIGINAL",
      "PRIMARY",
      "M",
      "ND"
    ],
    "InstitutionAddress": "Queen Square 12,London,Southeast,GB,WC1N 3BG",
    "InstitutionName": "FIL",
    "InversionTime": 1.1,
    "MRAcquisitionType": "3D",
    "Manufacturer": "SIEMENS",
    "Modality": "MR",
    "PatientName": "MP02377",
    "PatientPosition": "HFS",
    "PhaseEncodingDirection": "j-",
    "RepetitionTime": 2.53,
    "ScanOptions": "IR",
    "ScanningSequence": "GR\\IR",
    "SequenceName": "*tfl3d1_16ns",
    "SequenceVariant": "SK\\SP\\MP",
    "SeriesDescription": "MPRAGE_64ch_Head",
    "SeriesNumber": 2,
    "SliceThickness": 1,
    "SoftwareVersion": "syngo MR E11",
    "dataset": "ds003669",
    "modality": "T1w",
    "subject_id": "MP02377"
  },
  "cjv": 0.508128893207003,
  "cnr": 1.96947488534436,
  "efc": 0.6669840497272841,
  "fber": 17.574286436613985,
  "fwhm_avg": 3.5856766666666666,
  "fwhm_x": 3.73005,
  "fwhm_y": 3.64626,
  "fwhm_z": 3.38072,
  "icvs_csf": 0.1882878589757405,
  "icvs_gm": 0.44849033183178666,
  "icvs_wm": 0.3632218091924728,
  "inu_med": 1.0164417028427124,
  "inu_range": 0.3156532764434814,
  "provenance": {
    "md5sum": "794356ae199e286ba0049d3d4bfec85a",
    "settings": {
      "testing": false
    },
    "software": "mriqc",
    "version": "21.0.0rc2",
    "warnings": {
      "large_rot_frame": true,
      "small_air_mask": false
    },
    "webapi_port": null,
    "webapi_url": "https://mriqc.nimh.nih.gov/api/v1"
  },
  "qi_1": 0.0,
  "qi_2": 0.001061009381176196,
  "rpve_csf": 30.369433523069215,
  "rpve_gm": 13.075735032264086,
  "rpve_wm": 17.67360456750296,
  "size_x": 176,
  "size_y": 256,
  "size_z": 256,
  "snr_csf": 3.714810823533261,
  "snr_gm": 7.677303243613302,
  "snr_total": 5.478221696846577,
  "snr_wm": 5.042551023393169,
  "snrd_csf": 19.170722053508648,
  "snrd_gm": 26.969828147422053,
  "snrd_total": 30.98422078475008,
  "snrd_wm": 46.81211215331953,
  "spacing_x": 1.0,
  "spacing_y": 1.0,
  "spacing_z": 1.0,
  "summary_bg_k": 4772.691650500436,
  "summary_bg_mad": 13.996511184965302,
  "summary_bg_mean": 163.18397155395914,
  "summary_bg_median": 161.76862490549684,
  "summary_bg_n": 2133205.0,
  "summary_bg_p05": 140.0074646808207,
  "summary_bg_p95": 187.69000693783164,
  "summary_bg_stdv": 36.89685665452559,
  "summary_csf_k": 1.8249446533751437,
  "summary_csf_mad": 99.47802864794548,
  "summary_csf_mean": 400.66645260827505,
  "summary_csf_median": 409.56850334629416,
  "summary_csf_n": 4767.0,
  "summary_csf_p05": 209.05114583484828,
  "summary_csf_p95": 559.99785701707,
  "summary_csf_stdv": 110.24129136584419,
  "summary_gm_k": 2.191295156829721,
  "summary_gm_mad": 66.42412087780143,
  "summary_gm_mean": 580.4474956071897,
  "summary_gm_median": 576.1907203607261,
  "summary_gm_n": 23034.0,
  "summary_gm_p05": 473.03855400159955,
  "summary_gm_p95": 713.4433714983984,
  "summary_gm_stdv": 75.0495577087256,
  "summary_wm_k": 1.438500323246613,
  "summary_wm_mad": 148.97981396878322,
  "summary_wm_mean": 1059.5938594784416,
  "summary_wm_median": 1000.1066553257406,
  "summary_wm_n": 104527.0,
  "summary_wm_p05": 838.7647198364139,
  "summary_wm_p95": 1473.945251982659,
  "summary_wm_stdv": 198.33252389741077,
  "tpm_overlap_csf": 0.1222003847360611,
  "tpm_overlap_gm": 0.3890697658061981,
  "tpm_overlap_wm": 0.3822210729122162,
  "wm2max": 0.3244744562022349
}