{
  "aor": 0.006804725274725276,
  "aqi": 0.005560229285714285,
  "bids_meta": {
    "AcquisitionDateTime": "20180912121348.110000",
    "ConversionSoftware": "dicm2nii.m 20180808",
    "DeviceSerialNumber": "167032",
    "EchoTime": 0.03,
    "EchoTime1": 0.03,
    "EchoTime2": 0.03,
    "EffectiveEchoSpacing": 0.00048611111,
    "FlipAngle": 90,
    "ImageType": [
      "ORIGINAL",
      "PRIMARY",
      "M",
      "ND",
      "MOSAIC"
    ],
    "InstitutionAddress": "Queen Square 12,London,Southeast,GB,WC1N 3BG",
    "InstitutionName": "Functional Imaging Laboratory",
    "MRAcquisitionType": "2D",
    "Manufacturer": "SIEMENS",
    "Modality": "MR",
    "PatientName": "MP02351",
    "PatientPosition": "HFS",
    "PhaseEncodingDirection": "j-",
    "RepetitionTime": 3.36,
    "ScanOptions": "FS",
    "ScanningSequence": "RM",
    "SequenceName": "ep2d_2i2d1",
    "SequenceVariant": "SP\\OSP",
    "SeriesDescription": "nc_epi2d_v2i_3mm_OFC_64ch",
    "SeriesNumber": 7,
    "SliceThickness": 2.5,
    "SliceTiming": [
      0,
      0.07,
      0.14,
      0.21,
      0.28,
      0.35,
      0.42,
      0.49,
      0.56,
      0.63,
      0.7,
      0.77,
      0.84,
      0.91,
      0.98,
      1.05,
      1.12,
      1.19,
      1.26,
      1.33,
      1.4,
      1.47,
      1.54,
      1.61,
      1.68,
      1.75,
      1.82,
      1.89,
      1.96,
      2.03,
      2.1,
      2.17,
      2.24,
      2.31,
      2.38,
      2.45,
      2.52,
      2.59,
      2.66,
      2.73,
      2.8,
      2.87,
      2.94,
      3.01,
      3.08,
      3.15,
      3.22,
      3.29
    ],
    "SoftwareVersion": "syngo MR E11",
    "TaskName": "visual detection and discrimination",
    "TotalReadoutTime": 0.030625,
    "dataset": "ds003669",
    "deltaTE": 0,
    "modality": "bold",
    "run_id": 2,
    "subject_id": "MP02351",
    "task_id": "detectdiscrim"
  },
  "dummy_trs": 2,
  "dvars_nstd": 30.642827155414377,
  "dvars_std": 1.391549565469613,
  "dvars_vstd": 0.9917217281767955,
  "efc": 0.5834549288453424,
  "fber": 193.50445556640625,
  "fd_mean": 0.07207511313007632,
  "fd_num": 11,
  "fd_perc": 6.043956043956044,
  "fwhm_avg": 2.539121111111111,
  "fwhm_x": 2.4770366666666668,
  "fwhm_y": 2.60187,
  "fwhm_z": 2.538456666666667,
  "gcor": 0.00918109,
  "gsr_x": -0.007041567470878363,
  "gsr_y": 0.046696245670318604,
  "provenance": {
    "md5sum": "c876c4e96fed6217eb34905f26ef8489",
    "settings": {
      "fd_thres": 0.2,
      "testing": false
    },
    "software": "mriqc",
    "version": "21.0.0rc2",
    "webapi_port": null,
    "webapi_url": "https://mriqc.nimh.nih.gov/api/v1"
  },
  "size_t": 182,
  "size_x": 64,
  "size_y": 64,
  "size_z": 48,
  "snr": 2.2781135702290682,
  "spacing_tr": 0.07000000029802322,
  "spacing_x": 3.0,
  "spacing_y": 3.0,
  "spacing_z": 3.0,
  "summary_bg_k": 28.396633104705007,
  "summary_bg_mad": 8.748984186899639,
  "summary_bg_mean": 89.48413848876953,
  "summary_bg_median": 53.52747344970703,
  "summary_bg_n": 111885.0,
  "summary_bg_p05": 45.64285659790039,
  "summary_bg_p95": 282.66815185546864,
  "summary_bg_stdv": 98.85469055175781,
  "summary_fg_k": 2.0052270233031377,
  "summary_fg_mad": 296.911454698811,
  "summary_fg_mean": 812.9642944335938,
  "summary_fg_median": 747.5879516601562,
  "summary_fg_n": 43165.0,
  "summary_fg_p05": 403.8637390136719,
  "summary_fg_p95": 1438.3406982421873,
  "summary_fg_stdv": 328.15716552734375,
  "tsnr": 53.85176774079446
}