{
  "aor": 0.0019852747252747252,
  "aqi": 0.0035907114835164837,
  "bids_meta": {
    "AcquisitionDateTime": "20180912124739.357500",
    "ConversionSoftware": "dicm2nii.m 20180808",
    "DeviceSerialNumber": "167032",
    "EchoTime": 0.03,
    "EchoTime1": 0.03,
    "EchoTime2": 0.03,
    "EffectiveEchoSpacing": 0.00048611111,
    "FlipAngle": 90,
    "ImageType": [
      "ORIGINAL",
      "PRIMARY",
      "M",
      "ND",
      "MOSAIC"
    ],
    "InstitutionAddress": "Queen Square 12,London,Southeast,GB,WC1N 3BG",
    "InstitutionName": "Functional Imaging Laboratory",
    "MRAcquisitionType": "2D",
    "Manufacturer": "SIEMENS",
    "Modality": "MR",
    "PatientName": "MP02351",
    "PatientPosition": "HFS",
    "PhaseEncodingDirection": "j-",
    "RepetitionTime": 3.36,
    "ScanOptions": "FS",
    "ScanningSequence": "RM",
    "SequenceName": "ep2d_2i2d1",
    "SequenceVariant": "SP\\OSP",
    "SeriesDescription": "nc_epi2d_v2i_3mm_OFC_64ch",
    "SeriesNumber": 10,
    "SliceThickness": 2.5,
    "SliceTiming": [
      0,
      0.07,
      0.14,
      0.21,
      0.28,
      0.35,
      0.42,
      0.49,
      0.56,
      0.63,
      0.7,
      0.77,
      0.84,
      0.91,
      0.98,
      1.05,
      1.12,
      1.19,
      1.26,
      1.33,
      1.4,
      1.47,
      1.54,
      1.61,
      1.68,
      1.75,
      1.82,
      1.89,
      1.96,
      2.03,
      2.1,
      2.17,
      2.24,
      2.31,
      2.38,
      2.45,
      2.52,
      2.59,
      2.66,
      2.73,
      2.8,
      2.87,
      2.94,
      3.01,
      3.08,
      3.15,
      3.22,
      3.29
    ],
    "SoftwareVersion": "syngo MR E11",
    "TaskName": "visual detection and discrimination",
    "TotalReadoutTime": 0.030625,
    "dataset": "ds003669",
    "deltaTE": 0,
    "modality": "bold",
    "run_id": 5,
    "subject_id": "MP02351",
    "task_id": "detectdiscrim"
  },
  "dummy_trs": 2,
  "dvars_nstd": 28.562080351657464,
  "dvars_std": 1.4321676141988948,
  "dvars_vstd": 0.9924724131491716,
  "efc": 0.5872970619009579,
  "fber": 190.4071807861328,
  "fd_mean": 0.05301580794813628,
  "fd_num": 4,
  "fd_perc": 2.197802197802198,
  "fwhm_avg": 2.5572777777777778,
  "fwhm_x": 2.4373733333333334,
  "fwhm_y": 2.5848366666666664,
  "fwhm_z": 2.6496233333333334,
  "gcor": 0.0150242,
  "gsr_x": -0.0019497459288686514,
  "gsr_y": 0.045916009694337845,
  "provenance": {
    "md5sum": "ea71ad50e8820b561b74b1aca67edd13",
    "settings": {
      "fd_thres": 0.2,
      "testing": false
    },
    "software": "mriqc",
    "version": "21.0.0rc2",
    "webapi_port": null,
    "webapi_url": "https://mriqc.nimh.nih.gov/api/v1"
  },
  "size_t": 182,
  "size_x": 64,
  "size_y": 64,
  "size_z": 48,
  "snr": 2.403008656619235,
  "spacing_tr": 0.07000000029802322,
  "spacing_x": 3.0,
  "spacing_y": 3.0,
  "spacing_z": 3.0,
  "summary_bg_k": 23.6134841210078,
  "summary_bg_mad": 8.18689456636215,
  "summary_bg_mean": 88.96759796142578,
  "summary_bg_median": 53.653846740722656,
  "summary_bg_n": 111845.0,
  "summary_bg_p05": 46.873626708984375,
  "summary_bg_p95": 283.40990600585894,
  "summary_bg_stdv": 96.95030975341797,
  "summary_fg_k": 1.7300197909461206,
  "summary_fg_mad": 285.58018945215133,
  "summary_fg_mean": 813.4722290039062,
  "summary_fg_median": 748.9368286132812,
  "summary_fg_n": 41692.0,
  "summary_fg_p05": 432.78489837646487,
  "summary_fg_p95": 1413.7052917480469,
  "summary_fg_stdv": 311.6625671386719,
  "tsnr": 73.18507501808926
}