{
  "aor": 0.01206445054945055,
  "aqi": 0.004411303956043956,
  "bids_meta": {
    "AcquisitionDateTime": "20180912120218.427500",
    "ConversionSoftware": "dicm2nii.m 20180808",
    "DeviceSerialNumber": "167032",
    "EchoTime": 0.03,
    "EchoTime1": 0.03,
    "EchoTime2": 0.03,
    "EffectiveEchoSpacing": 0.00048611111,
    "FlipAngle": 90,
    "ImageType": [
      "ORIGINAL",
      "PRIMARY",
      "M",
      "ND",
      "MOSAIC"
    ],
    "InstitutionAddress": "Queen Square 12,London,Southeast,GB,WC1N 3BG",
    "InstitutionName": "Functional Imaging Laboratory",
    "MRAcquisitionType": "2D",
    "Manufacturer": "SIEMENS",
    "Modality": "MR",
    "PatientName": "MP02351",
    "PatientPosition": "HFS",
    "PhaseEncodingDirection": "j-",
    "RepetitionTime": 3.36,
    "ScanOptions": "FS",
    "ScanningSequence": "RM",
    "SequenceName": "ep2d_2i2d1",
    "SequenceVariant": "SP\\OSP",
    "SeriesDescription": "nc_epi2d_v2i_3mm_OFC_64ch",
    "SeriesNumber": 6,
    "SliceThickness": 2.5,
    "SliceTiming": [
      0,
      0,
      0,
      0,
      0,
      0,
      0,
      0,
      0,
      0,
      0,
      0,
      0,
      0,
      0,
      0,
      0,
      0,
      0,
      0,
      0,
      0,
      0,
      0,
      0,
      0,
      0,
      0,
      0,
      0,
      0,
      0,
      0,
      0,
      0,
      0,
      0,
      0,
      0,
      0,
      0,
      0,
      0,
      0,
      0,
      0,
      0,
      0
    ],
    "SoftwareVersion": "syngo MR E11",
    "TaskName": "visual detection and discrimination",
    "TotalReadoutTime": 0.030625,
    "dataset": "ds003669",
    "deltaTE": 0,
    "modality": "bold",
    "run_id": 1,
    "subject_id": "MP02351",
    "task_id": "detectdiscrim"
  },
  "dummy_trs": 2,
  "dvars_nstd": 31.231623475635377,
  "dvars_std": 1.5226782241436452,
  "dvars_vstd": 1.0675217474585637,
  "efc": 0.5804412564356618,
  "fber": 193.2295379638672,
  "fd_mean": 0.06670939581959531,
  "fd_num": 11,
  "fd_perc": 6.043956043956044,
  "fwhm_avg": 2.5095577777777778,
  "fwhm_x": 2.437933333333333,
  "fwhm_y": 2.58287,
  "fwhm_z": 2.50787,
  "gcor": 0.0109871,
  "gsr_x": -0.010669461451470852,
  "gsr_y": 0.03974595665931702,
  "provenance": {
    "md5sum": "c5fd1e2376a88d82473d22b92c0e1773",
    "settings": {
      "fd_thres": 0.2,
      "testing": false
    },
    "software": "mriqc",
    "version": "21.0.0rc2",
    "webapi_port": null,
    "webapi_url": "https://mriqc.nimh.nih.gov/api/v1"
  },
  "size_t": 182,
  "size_x": 64,
  "size_y": 64,
  "size_z": 48,
  "snr": 2.3292428117197836,
  "spacing_tr": 0.07000000029802322,
  "spacing_x": 3.0,
  "spacing_y": 3.0,
  "spacing_z": 3.0,
  "summary_bg_k": 36.93463974228441,
  "summary_bg_mad": 11.706038791006536,
  "summary_bg_mean": 88.89707946777344,
  "summary_bg_median": 54.406593322753906,
  "summary_bg_n": 111428.0,
  "summary_bg_p05": 41.63187026977539,
  "summary_bg_p95": 277.3013809204099,
  "summary_bg_stdv": 98.45671081542969,
  "summary_fg_k": 2.3975705146748787,
  "summary_fg_mad": 296.9604102530231,
  "summary_fg_mean": 844.8060302734375,
  "summary_fg_median": 773.0549926757812,
  "summary_fg_n": 41497.0,
  "summary_fg_p05": 449.947265625,
  "summary_fg_p95": 1476.9230957031248,
  "summary_fg_stdv": 331.8871154785156,
  "tsnr": 58.053057002834976
}