{
  "aor": 0.004840824175824176,
  "aqi": 0.008097218351648353,
  "bids_meta": {
    "AcquisitionDateTime": "20180911105716.645000",
    "ConversionSoftware": "dicm2nii.m 20180808",
    "DeviceSerialNumber": "167032",
    "EchoTime": 0.03,
    "EchoTime1": 0.03,
    "EchoTime2": 0.03,
    "EffectiveEchoSpacing": 0.00048611111,
    "FlipAngle": 90,
    "ImageType": [
      "ORIGINAL",
      "PRIMARY",
      "M",
      "ND",
      "MOSAIC"
    ],
    "InstitutionAddress": "Queen Square 12,London,Southeast,GB,WC1N 3BG",
    "InstitutionName": "Functional Imaging Laboratory",
    "MRAcquisitionType": "2D",
    "Manufacturer": "SIEMENS",
    "Modality": "MR",
    "PatientName": "MP02348",
    "PatientPosition": "HFS",
    "PhaseEncodingDirection": "j-",
    "RepetitionTime": 3.36,
    "ScanOptions": "FS",
    "ScanningSequence": "RM",
    "SequenceName": "ep2d_2i2d1",
    "SequenceVariant": "SP\\OSP",
    "SeriesDescription": "nc_epi2d_v2i_3mm_OFC_64ch",
    "SeriesNumber": 8,
    "SliceThickness": 2.5,
    "SliceTiming": [
      0,
      0,
      0,
      0,
      0,
      0,
      0,
      0,
      0,
      0,
      0,
      0,
      0,
      0,
      0,
      0,
      0,
      0,
      0,
      0,
      0,
      0,
      0,
      0,
      0,
      0,
      0,
      0,
      0,
      0,
      0,
      0,
      0,
      0,
      0,
      0,
      0,
      0,
      0,
      0,
      0,
      0,
      0,
      0,
      0,
      0,
      0,
      0
    ],
    "SoftwareVersion": "syngo MR E11",
    "TaskName": "visual detection and discrimination",
    "TotalReadoutTime": 0.030625,
    "dataset": "ds003669",
    "deltaTE": 0,
    "modality": "bold",
    "run_id": 3,
    "subject_id": "MP02348",
    "task_id": "detectdiscrim"
  },
  "dummy_trs": 2,
  "dvars_nstd": 28.68554895060771,
  "dvars_std": 1.26034944961326,
  "dvars_vstd": 0.9479046293922648,
  "efc": 0.6232515311771507,
  "fber": 144.0438690185547,
  "fd_mean": 0.04414924084353683,
  "fd_num": 0,
  "fd_perc": 0.0,
  "fwhm_avg": 2.38534,
  "fwhm_x": 2.211183333333333,
  "fwhm_y": 2.44828,
  "fwhm_z": 2.4965566666666668,
  "gcor": 0.00721291,
  "gsr_x": 0.02613857574760914,
  "gsr_y": 0.07102634757757187,
  "provenance": {
    "md5sum": "a865c57cd7c0092169b014aeb19bb6c4",
    "settings": {
      "fd_thres": 0.2,
      "testing": false
    },
    "software": "mriqc",
    "version": "21.0.0rc2",
    "webapi_port": null,
    "webapi_url": "https://mriqc.nimh.nih.gov/api/v1"
  },
  "size_t": 182,
  "size_x": 64,
  "size_y": 64,
  "size_z": 48,
  "snr": 2.3368842752817094,
  "spacing_tr": 0.07000000029802322,
  "spacing_x": 3.0,
  "spacing_y": 3.0,
  "spacing_z": 3.0,
  "summary_bg_k": 17.831761384956785,
  "summary_bg_mad": 14.524614103883767,
  "summary_bg_mean": 114.59113311767578,
  "summary_bg_median": 59.087913513183594,
  "summary_bg_n": 103569.0,
  "summary_bg_p05": 47.13736343383789,
  "summary_bg_p95": 404.7329711914058,
  "summary_bg_stdv": 145.02674865722656,
  "summary_fg_k": 1.2155210364212836,
  "summary_fg_mad": 300.491725498077,
  "summary_fg_mean": 810.2047119140625,
  "summary_fg_median": 746.6264038085938,
  "summary_fg_n": 44320.0,
  "summary_fg_p05": 415.0546875,
  "summary_fg_p95": 1416.662170410155,
  "summary_fg_stdv": 319.492919921875,
  "tsnr": 47.18548497185111
}