{
  "aor": 0.0012197252747252747,
  "aqi": 0.0024050720329670335,
  "bids_meta": {
    "AcquisitionDateTime": "20180911112038.705000",
    "ConversionSoftware": "dicm2nii.m 20180808",
    "DeviceSerialNumber": "167032",
    "EchoTime": 0.03,
    "EchoTime1": 0.03,
    "EchoTime2": 0.03,
    "EffectiveEchoSpacing": 0.00048611111,
    "FlipAngle": 90,
    "ImageType": [
      "ORIGINAL",
      "PRIMARY",
      "M",
      "ND",
      "MOSAIC"
    ],
    "InstitutionAddress": "Queen Square 12,London,Southeast,GB,WC1N 3BG",
    "InstitutionName": "Functional Imaging Laboratory",
    "MRAcquisitionType": "2D",
    "Manufacturer": "SIEMENS",
    "Modality": "MR",
    "PatientName": "MP02348",
    "PatientPosition": "HFS",
    "PhaseEncodingDirection": "j-",
    "RepetitionTime": 3.36,
    "ScanOptions": "FS",
    "ScanningSequence": "RM",
    "SequenceName": "ep2d_2i2d1",
    "SequenceVariant": "SP\\OSP",
    "SeriesDescription": "nc_epi2d_v2i_3mm_OFC_64ch",
    "SeriesNumber": 10,
    "SliceThickness": 2.5,
    "SliceTiming": [
      0,
      0.07,
      0.14,
      0.21,
      0.28,
      0.35,
      0.42,
      0.49,
      0.56,
      0.63,
      0.7,
      0.77,
      0.84,
      0.91,
      0.98,
      1.05,
      1.12,
      1.19,
      1.26,
      1.33,
      1.4,
      1.47,
      1.54,
      1.61,
      1.68,
      1.75,
      1.82,
      1.89,
      1.96,
      2.03,
      2.1,
      2.17,
      2.24,
      2.31,
      2.38,
      2.45,
      2.52,
      2.59,
      2.66,
      2.73,
      2.8,
      2.87,
      2.94,
      3.01,
      3.08,
      3.15,
      3.22,
      3.29
    ],
    "SoftwareVersion": "syngo MR E11",
    "TaskName": "visual detection and discrimination",
    "TotalReadoutTime": 0.030625,
    "dataset": "ds003669",
    "deltaTE": 0,
    "modality": "bold",
    "run_id": 5,
    "subject_id": "MP02348",
    "task_id": "detectdiscrim"
  },
  "dummy_trs": 2,
  "dvars_nstd": 28.72887109790054,
  "dvars_std": 1.4124850435359118,
  "dvars_vstd": 1.0087001000000004,
  "efc": 0.6237907081820514,
  "fber": 142.0319366455078,
  "fd_mean": 0.03925402293093087,
  "fd_num": 1,
  "fd_perc": 0.5494505494505495,
  "fwhm_avg": 2.4139755555555555,
  "fwhm_x": 2.2179033333333336,
  "fwhm_y": 2.4627666666666665,
  "fwhm_z": 2.5612566666666665,
  "gcor": 0.0227892,
  "gsr_x": 0.023430287837982178,
  "gsr_y": 0.07325229048728943,
  "provenance": {
    "md5sum": "09644f8c7d2da9af4f9db08360150103",
    "settings": {
      "fd_thres": 0.2,
      "testing": false
    },
    "software": "mriqc",
    "version": "21.0.0rc2",
    "webapi_port": null,
    "webapi_url": "https://mriqc.nimh.nih.gov/api/v1"
  },
  "size_t": 182,
  "size_x": 64,
  "size_y": 64,
  "size_z": 48,
  "snr": 2.3316478018372457,
  "spacing_tr": 0.07000000029802322,
  "spacing_x": 3.0,
  "spacing_y": 3.0,
  "spacing_z": 3.0,
  "summary_bg_k": 18.261106520580576,
  "summary_bg_mad": 13.815901014890935,
  "summary_bg_mean": 116.87005615234375,
  "summary_bg_median": 59.362640380859375,
  "summary_bg_n": 103727.0,
  "summary_bg_p05": 49.29121017456055,
  "summary_bg_p95": 415.7879333496093,
  "summary_bg_stdv": 149.2718963623047,
  "summary_fg_k": 1.2470609999924758,
  "summary_fg_mad": 300.33291404217624,
  "summary_fg_mean": 811.1167602539062,
  "summary_fg_median": 747.5824584960938,
  "summary_fg_n": 44057.0,
  "summary_fg_p05": 414.9296875,
  "summary_fg_p95": 1424.418701171875,
  "summary_fg_stdv": 320.6204528808594,
  "tsnr": 82.72804783657193
}