{
  "aor": 0.002661153846153846,
  "aqi": 0.0034826293406593403,
  "bids_meta": {
    "AcquisitionDateTime": "20180911103329.630000",
    "ConversionSoftware": "dicm2nii.m 20180808",
    "DeviceSerialNumber": "167032",
    "EchoTime": 0.03,
    "EchoTime1": 0.03,
    "EchoTime2": 0.03,
    "EffectiveEchoSpacing": 0.00048611111,
    "FlipAngle": 90,
    "ImageType": [
      "ORIGINAL",
      "PRIMARY",
      "M",
      "ND",
      "MOSAIC"
    ],
    "InstitutionAddress": "Queen Square 12,London,Southeast,GB,WC1N 3BG",
    "InstitutionName": "Functional Imaging Laboratory",
    "MRAcquisitionType": "2D",
    "Manufacturer": "SIEMENS",
    "Modality": "MR",
    "PatientName": "MP02348",
    "PatientPosition": "HFS",
    "PhaseEncodingDirection": "j-",
    "RepetitionTime": 3.36,
    "ScanOptions": "FS",
    "ScanningSequence": "RM",
    "SequenceName": "ep2d_2i2d1",
    "SequenceVariant": "SP\\OSP",
    "SeriesDescription": "nc_epi2d_v2i_3mm_OFC_64ch",
    "SeriesNumber": 6,
    "SliceThickness": 2.5,
    "SliceTiming": [
      0,
      0,
      0,
      0,
      0,
      0,
      0,
      0,
      0,
      0,
      0,
      0,
      0,
      0,
      0,
      0,
      0,
      0,
      0,
      0,
      0,
      0,
      0,
      0,
      0,
      0,
      0,
      0,
      0,
      0,
      0,
      0,
      0,
      0,
      0,
      0,
      0,
      0,
      0,
      0,
      0,
      0,
      0,
      0,
      0,
      0,
      0,
      0
    ],
    "SoftwareVersion": "syngo MR E11",
    "TaskName": "visual detection and discrimination",
    "TotalReadoutTime": 0.030625,
    "dataset": "ds003669",
    "deltaTE": 0,
    "modality": "bold",
    "run_id": 1,
    "subject_id": "MP02348",
    "task_id": "detectdiscrim"
  },
  "dummy_trs": 2,
  "dvars_nstd": 28.46510359215469,
  "dvars_std": 1.3949799140883976,
  "dvars_vstd": 1.0093075451933697,
  "efc": 0.6223916757575559,
  "fber": 146.0280303955078,
  "fd_mean": 0.04276036979907665,
  "fd_num": 3,
  "fd_perc": 1.6483516483516483,
  "fwhm_avg": 2.415658888888889,
  "fwhm_x": 2.22677,
  "fwhm_y": 2.45257,
  "fwhm_z": 2.5676366666666666,
  "gcor": 0.017329,
  "gsr_x": 0.023897778242826462,
  "gsr_y": 0.07182817906141281,
  "provenance": {
    "md5sum": "0043f97e0d6c2d29c280d5950f110812",
    "settings": {
      "fd_thres": 0.2,
      "testing": false
    },
    "software": "mriqc",
    "version": "21.0.0rc2",
    "webapi_port": null,
    "webapi_url": "https://mriqc.nimh.nih.gov/api/v1"
  },
  "size_t": 182,
  "size_x": 64,
  "size_y": 64,
  "size_z": 48,
  "snr": 2.337273923736227,
  "spacing_tr": 0.07000000029802322,
  "spacing_x": 3.0,
  "spacing_y": 3.0,
  "spacing_z": 3.0,
  "summary_bg_k": 17.881431946028442,
  "summary_bg_mad": 13.498198923588697,
  "summary_bg_mean": 113.92764282226562,
  "summary_bg_median": 58.615386962890625,
  "summary_bg_n": 103582.0,
  "summary_bg_p05": 48.42857360839844,
  "summary_bg_p95": 401.9725341796875,
  "summary_bg_stdv": 144.22691345214844,
  "summary_fg_k": 1.0699788642493626,
  "summary_fg_mad": 302.08427410912924,
  "summary_fg_mean": 808.4114379882812,
  "summary_fg_median": 746.0824584960938,
  "summary_fg_n": 44399.0,
  "summary_fg_p05": 413.3280334472656,
  "summary_fg_p95": 1418.0906494140625,
  "summary_fg_stdv": 319.2069396972656,
  "tsnr": 67.74701695516706
}