{
  "aor": 0.0012398351648351647,
  "aqi": 0.007369376758241758,
  "bids_meta": {
    "AcquisitionDateTime": "20180911104527.702500",
    "ConversionSoftware": "dicm2nii.m 20180808",
    "DeviceSerialNumber": "167032",
    "EchoTime": 0.03,
    "EchoTime1": 0.03,
    "EchoTime2": 0.03,
    "EffectiveEchoSpacing": 0.00048611111,
    "FlipAngle": 90,
    "ImageType": [
      "ORIGINAL",
      "PRIMARY",
      "M",
      "ND",
      "MOSAIC"
    ],
    "InstitutionAddress": "Queen Square 12,London,Southeast,GB,WC1N 3BG",
    "InstitutionName": "Functional Imaging Laboratory",
    "MRAcquisitionType": "2D",
    "Manufacturer": "SIEMENS",
    "Modality": "MR",
    "PatientName": "MP02348",
    "PatientPosition": "HFS",
    "PhaseEncodingDirection": "j-",
    "RepetitionTime": 3.36,
    "ScanOptions": "FS",
    "ScanningSequence": "RM",
    "SequenceName": "ep2d_2i2d1",
    "SequenceVariant": "SP\\OSP",
    "SeriesDescription": "nc_epi2d_v2i_3mm_OFC_64ch",
    "SeriesNumber": 7,
    "SliceThickness": 2.5,
    "SliceTiming": [
      0,
      0.07,
      0.14,
      0.21,
      0.28,
      0.35,
      0.42,
      0.49,
      0.56,
      0.63,
      0.7,
      0.77,
      0.84,
      0.91,
      0.98,
      1.05,
      1.12,
      1.19,
      1.26,
      1.33,
      1.4,
      1.47,
      1.54,
      1.61,
      1.68,
      1.75,
      1.82,
      1.89,
      1.96,
      2.03,
      2.1,
      2.17,
      2.24,
      2.31,
      2.38,
      2.45,
      2.52,
      2.59,
      2.66,
      2.73,
      2.8,
      2.87,
      2.94,
      3.01,
      3.08,
      3.15,
      3.22,
      3.29
    ],
    "SoftwareVersion": "syngo MR E11",
    "TaskName": "visual detection and discrimination",
    "TotalReadoutTime": 0.030625,
    "dataset": "ds003669",
    "deltaTE": 0,
    "modality": "bold",
    "run_id": 2,
    "subject_id": "MP02348",
    "task_id": "detectdiscrim"
  },
  "dummy_trs": 2,
  "dvars_nstd": 29.447943060110482,
  "dvars_std": 1.2103237474585635,
  "dvars_vstd": 0.9015526055801109,
  "efc": 0.6230024960876721,
  "fber": 143.00364685058594,
  "fd_mean": 0.04737232220223128,
  "fd_num": 2,
  "fd_perc": 1.098901098901099,
  "fwhm_avg": 2.406094444444444,
  "fwhm_x": 2.2266066666666666,
  "fwhm_y": 2.46873,
  "fwhm_z": 2.5229466666666664,
  "gcor": 0.0100776,
  "gsr_x": 0.024759894236922264,
  "gsr_y": 0.07067399471998215,
  "provenance": {
    "md5sum": "e9f2df720688d121162129ac7878b3b1",
    "settings": {
      "fd_thres": 0.2,
      "testing": false
    },
    "software": "mriqc",
    "version": "21.0.0rc2",
    "webapi_port": null,
    "webapi_url": "https://mriqc.nimh.nih.gov/api/v1"
  },
  "size_t": 182,
  "size_x": 64,
  "size_y": 64,
  "size_z": 48,
  "snr": 2.3307189548828253,
  "spacing_tr": 0.07000000029802322,
  "spacing_x": 3.0,
  "spacing_y": 3.0,
  "spacing_z": 3.0,
  "summary_bg_k": 17.789386365895695,
  "summary_bg_mad": 15.306647410622213,
  "summary_bg_mean": 115.21634674072266,
  "summary_bg_median": 59.41209030151367,
  "summary_bg_n": 103502.0,
  "summary_bg_p05": 46.69780349731445,
  "summary_bg_p95": 403.085723876953,
  "summary_bg_stdv": 145.62107849121094,
  "summary_fg_k": 1.3166344488470623,
  "summary_fg_mad": 300.95196200218584,
  "summary_fg_mean": 813.858154296875,
  "summary_fg_median": 749.2802124023438,
  "summary_fg_n": 44173.0,
  "summary_fg_p05": 417.68572998046875,
  "summary_fg_p95": 1427.2703857421875,
  "summary_fg_stdv": 321.4766540527344,
  "tsnr": 47.85789342876524
}