{
  "aor": 0.007470219780219783,
  "aqi": 0.014133959450549453,
  "bids_meta": {
    "AcquisitionDateTime": "20190123171504.977500",
    "ConversionSoftware": "dicm2nii.m 20180808",
    "DeviceSerialNumber": "167032",
    "EchoTime": 0.03,
    "EchoTime1": 0.03,
    "EchoTime2": 0.03,
    "EffectiveEchoSpacing": 0.00048611111,
    "FlipAngle": 90,
    "ImageType": [
      "ORIGINAL",
      "PRIMARY",
      "M",
      "ND",
      "MOSAIC"
    ],
    "InstitutionAddress": "Queen Square 12,London,Southeast,GB,WC1N 3BG",
    "InstitutionName": "FIL",
    "MRAcquisitionType": "2D",
    "Manufacturer": "SIEMENS",
    "Modality": "MR",
    "PatientName": "MP02552",
    "PatientPosition": "HFS",
    "PhaseEncodingDirection": "j-",
    "RepetitionTime": 3.36,
    "ScanOptions": "FS",
    "ScanningSequence": "RM",
    "SequenceName": "ep2d_2i2d1",
    "SequenceVariant": "SP\\OSP",
    "SeriesDescription": "nc_epi2d_v2i_3mm_OFC_64ch",
    "SeriesNumber": 9,
    "SliceThickness": 2.5,
    "SliceTiming": [
      0,
      0.07,
      0.14,
      0.21,
      0.28,
      0.35,
      0.42,
      0.49,
      0.56,
      0.63,
      0.7,
      0.77,
      0.84,
      0.91,
      0.98,
      1.05,
      1.12,
      1.19,
      1.26,
      1.33,
      1.4,
      1.47,
      1.54,
      1.61,
      1.68,
      1.75,
      1.82,
      1.89,
      1.96,
      2.03,
      2.1,
      2.17,
      2.24,
      2.31,
      2.38,
      2.45,
      2.52,
      2.59,
      2.66,
      2.73,
      2.8,
      2.87,
      2.94,
      3.01,
      3.08,
      3.15,
      3.22,
      3.29
    ],
    "SoftwareVersion": "syngo MR E11",
    "TaskName": "visual detection and discrimination",
    "TotalReadoutTime": 0.030625,
    "dataset": "ds003669",
    "deltaTE": 0,
    "modality": "bold",
    "run_id": 4,
    "subject_id": "MP02552",
    "task_id": "detectdiscrim"
  },
  "dummy_trs": 2,
  "dvars_nstd": 28.996398957624308,
  "dvars_std": 1.0356440897790054,
  "dvars_vstd": 0.8765974245303862,
  "efc": 0.6257042083435455,
  "fber": 145.97291564941406,
  "fd_mean": 0.09976349921118921,
  "fd_num": 15,
  "fd_perc": 8.241758241758241,
  "fwhm_avg": 2.5128388888888886,
  "fwhm_x": 2.2562599999999997,
  "fwhm_y": 2.617426666666667,
  "fwhm_z": 2.66483,
  "gcor": 0.00625129,
  "gsr_x": 0.008917110972106457,
  "gsr_y": 0.0539700984954834,
  "provenance": {
    "md5sum": "240cac9aa2f99612e89e2cbd64866688",
    "settings": {
      "fd_thres": 0.2,
      "testing": false
    },
    "software": "mriqc",
    "version": "21.0.0rc2",
    "webapi_port": null,
    "webapi_url": "https://mriqc.nimh.nih.gov/api/v1"
  },
  "size_t": 182,
  "size_x": 64,
  "size_y": 64,
  "size_z": 48,
  "snr": 2.368022974046732,
  "spacing_tr": 0.07000000029802322,
  "spacing_x": 3.0,
  "spacing_y": 3.0,
  "spacing_z": 3.0,
  "summary_bg_k": 21.074808706091815,
  "summary_bg_mad": 14.597934321629381,
  "summary_bg_mean": 105.18716430664062,
  "summary_bg_median": 60.26923370361328,
  "summary_bg_n": 101802.0,
  "summary_bg_p05": 48.68681335449219,
  "summary_bg_p95": 333.00384521484364,
  "summary_bg_stdv": 114.48910522460938,
  "summary_fg_k": 0.36879578654178635,
  "summary_fg_mad": 325.4923135366013,
  "summary_fg_mean": 834.6735229492188,
  "summary_fg_median": 774.0797119140625,
  "summary_fg_n": 46328.0,
  "summary_fg_p05": 410.5901184082031,
  "summary_fg_p95": 1443.268737792969,
  "summary_fg_stdv": 326.88507080078125,
  "tsnr": 31.972905269125476
}