{
  "aor": 0.013776519337016574,
  "aqi": 0.009865097679558012,
  "bids_meta": {
    "AcquisitionDateTime": "20190123163839.705000",
    "ConversionSoftware": "dicm2nii.m 20180808",
    "DeviceSerialNumber": "167032",
    "EchoTime": 0.03,
    "EchoTime1": 0.03,
    "EchoTime2": 0.03,
    "EffectiveEchoSpacing": 0.00048611111,
    "FlipAngle": 90,
    "ImageType": [
      "ORIGINAL",
      "PRIMARY",
      "M",
      "ND",
      "MOSAIC"
    ],
    "InstitutionAddress": "Queen Square 12,London,Southeast,GB,WC1N 3BG",
    "InstitutionName": "FIL",
    "MRAcquisitionType": "2D",
    "Manufacturer": "SIEMENS",
    "Modality": "MR",
    "PatientName": "MP02552",
    "PatientPosition": "HFS",
    "PhaseEncodingDirection": "j-",
    "RepetitionTime": 3.36,
    "ScanOptions": "FS",
    "ScanningSequence": "RM",
    "SequenceName": "ep2d_2i2d1",
    "SequenceVariant": "SP\\OSP",
    "SeriesDescription": "nc_epi2d_v2i_3mm_OFC_64ch",
    "SeriesNumber": 6,
    "SliceThickness": 2.5,
    "SliceTiming": [
      0,
      0,
      0,
      0,
      0,
      0,
      0,
      0,
      0,
      0,
      0,
      0,
      0,
      0,
      0,
      0,
      0,
      0,
      0,
      0,
      0,
      0,
      0,
      0,
      0,
      0,
      0,
      0,
      0,
      0,
      0,
      0,
      0,
      0,
      0,
      0,
      0,
      0,
      0,
      0,
      0,
      0,
      0,
      0,
      0,
      0,
      0,
      0
    ],
    "SoftwareVersion": "syngo MR E11",
    "TaskName": "visual detection and discrimination",
    "TotalReadoutTime": 0.030625,
    "dataset": "ds003669",
    "deltaTE": 0,
    "modality": "bold",
    "run_id": 1,
    "subject_id": "MP02552",
    "task_id": "detectdiscrim"
  },
  "dummy_trs": 3,
  "dvars_nstd": 30.141604259388902,
  "dvars_std": 1.1303283767777774,
  "dvars_vstd": 0.996610387388889,
  "efc": 0.6221518106523262,
  "fber": 150.48495483398438,
  "fd_mean": 0.15676752971302915,
  "fd_num": 38,
  "fd_perc": 20.994475138121548,
  "fwhm_avg": 2.4611244444444442,
  "fwhm_x": 2.2065433333333333,
  "fwhm_y": 2.5816333333333334,
  "fwhm_z": 2.595196666666667,
  "gcor": 0.0110022,
  "gsr_x": 0.006698274053633213,
  "gsr_y": 0.05110634118318558,
  "provenance": {
    "md5sum": "948bd53e56dd5adf1d133a00f7bf6cda",
    "settings": {
      "fd_thres": 0.2,
      "testing": false
    },
    "software": "mriqc",
    "version": "21.0.0rc2",
    "webapi_port": null,
    "webapi_url": "https://mriqc.nimh.nih.gov/api/v1"
  },
  "size_t": 181,
  "size_x": 64,
  "size_y": 64,
  "size_z": 48,
  "snr": 2.331835265147847,
  "spacing_tr": 0.07000000029802322,
  "spacing_x": 3.0,
  "spacing_y": 3.0,
  "spacing_z": 3.0,
  "summary_bg_k": 21.830576871948363,
  "summary_bg_mad": 14.883359454996242,
  "summary_bg_mean": 101.54716491699219,
  "summary_bg_median": 59.06077575683594,
  "summary_bg_n": 101529.0,
  "summary_bg_p05": 45.19558181762696,
  "summary_bg_p95": 321.6508422851561,
  "summary_bg_stdv": 110.67912292480469,
  "summary_fg_k": 0.3779067693378475,
  "summary_fg_mad": 324.60799162617974,
  "summary_fg_mean": 830.46044921875,
  "summary_fg_median": 768.674072265625,
  "summary_fg_n": 46773.0,
  "summary_fg_p05": 404.93150634765624,
  "summary_fg_p95": 1451.245361328125,
  "summary_fg_stdv": 329.6398620605469,
  "tsnr": 35.608997085364535
}