{
  "aor": 0.002246448087431694,
  "aqi": 0.005888597213114754,
  "bids_meta": {
    "AcquisitionDateTime": "20181213162354.682500",
    "ConversionSoftware": "dicm2nii.m 20180808",
    "DeviceSerialNumber": "167032",
    "EchoTime": 0.03,
    "EchoTime1": 0.03,
    "EchoTime2": 0.03,
    "EffectiveEchoSpacing": 0.00048611111,
    "FlipAngle": 90,
    "ImageType": [
      "ORIGINAL",
      "PRIMARY",
      "M",
      "ND",
      "MOSAIC"
    ],
    "InstitutionAddress": "Queen Square 12,London,Southeast,GB,WC1N 3BG",
    "InstitutionName": "Functional Imaging Laboratory",
    "MRAcquisitionType": "2D",
    "Manufacturer": "SIEMENS",
    "Modality": "MR",
    "PatientName": "MP02506",
    "PatientPosition": "HFS",
    "PhaseEncodingDirection": "j-",
    "RepetitionTime": 3.36,
    "ScanOptions": "FS",
    "ScanningSequence": "RM",
    "SequenceName": "ep2d_2i2d1",
    "SequenceVariant": "SP\\OSP",
    "SeriesDescription": "nc_epi2d_v2i_3mm_OFC_64ch",
    "SeriesNumber": 8,
    "SliceThickness": 2.5,
    "SliceTiming": [
      0,
      0,
      0,
      0,
      0,
      0,
      0,
      0,
      0,
      0,
      0,
      0,
      0,
      0,
      0,
      0,
      0,
      0,
      0,
      0,
      0,
      0,
      0,
      0,
      0,
      0,
      0,
      0,
      0,
      0,
      0,
      0,
      0,
      0,
      0,
      0,
      0,
      0,
      0,
      0,
      0,
      0,
      0,
      0,
      0,
      0,
      0,
      0
    ],
    "SoftwareVersion": "syngo MR E11",
    "TaskName": "visual detection and discrimination",
    "TotalReadoutTime": 0.030625,
    "dataset": "ds003669",
    "deltaTE": 0,
    "modality": "bold",
    "run_id": 2,
    "subject_id": "MP02506",
    "task_id": "detectdiscrim"
  },
  "dummy_trs": 1,
  "dvars_nstd": 31.215610985989006,
  "dvars_std": 1.247863850604395,
  "dvars_vstd": 0.9618308742857147,
  "efc": 0.6032490851901341,
  "fber": 156.50436401367188,
  "fd_mean": 0.1180233514924909,
  "fd_num": 19,
  "fd_perc": 10.382513661202186,
  "fwhm_avg": 2.637446666666667,
  "fwhm_x": 2.4150199999999997,
  "fwhm_y": 2.6536566666666666,
  "fwhm_z": 2.843663333333333,
  "gcor": 0.0178893,
  "gsr_x": 0.023884223774075508,
  "gsr_y": 0.04310879111289978,
  "provenance": {
    "md5sum": "88932d507789b2bd9617295c88eac1f6",
    "settings": {
      "fd_thres": 0.2,
      "testing": false
    },
    "software": "mriqc",
    "version": "21.0.0rc2",
    "webapi_port": null,
    "webapi_url": "https://mriqc.nimh.nih.gov/api/v1"
  },
  "size_t": 183,
  "size_x": 64,
  "size_y": 64,
  "size_z": 48,
  "snr": 2.2423181195041035,
  "spacing_tr": 0.07000000029802322,
  "spacing_x": 3.0,
  "spacing_y": 3.0,
  "spacing_z": 3.0,
  "summary_bg_k": 29.276589658399175,
  "summary_bg_mad": 14.137381099517306,
  "summary_bg_mean": 105.50568389892578,
  "summary_bg_median": 58.759559631347656,
  "summary_bg_n": 107602.0,
  "summary_bg_p05": 47.6721305847168,
  "summary_bg_p95": 335.8030090332031,
  "summary_bg_stdv": 132.1779327392578,
  "summary_fg_k": 1.7833856449696288,
  "summary_fg_mad": 296.8687430138052,
  "summary_fg_mean": 831.7549438476562,
  "summary_fg_median": 759.0272827148438,
  "summary_fg_n": 42667.0,
  "summary_fg_p05": 431.9671936035156,
  "summary_fg_p95": 1497.0229248046871,
  "summary_fg_stdv": 338.4971923828125,
  "tsnr": 52.34910947037861
}