{
  "bids_meta": {
    "AcquisitionDateTime": "20190123162719.980000",
    "ConversionSoftware": "dicm2nii.m 20180808",
    "DeviceSerialNumber": "167032",
    "EchoTime": 0.00334,
    "FlipAngle": 7,
    "ImageType": [
      "ORIGINAL",
      "PRIMARY",
      "M",
      "ND"
    ],
    "InstitutionAddress": "Queen Square 12,London,Southeast,GB,WC1N 3BG",
    "InstitutionName": "FIL",
    "InversionTime": 1.1,
    "MRAcquisitionType": "3D",
    "Manufacturer": "SIEMENS",
    "Modality": "MR",
    "PatientName": "MP02552",
    "PatientPosition": "HFS",
    "PhaseEncodingDirection": "j-",
    "RepetitionTime": 2.53,
    "ScanOptions": "IR",
    "ScanningSequence": "GR\\IR",
    "SequenceName": "*tfl3d1_16ns",
    "SequenceVariant": "SK\\SP\\MP",
    "SeriesDescription": "MPRAGE_64ch_Head",
    "SeriesNumber": 2,
    "SliceThickness": 1,
    "SoftwareVersion": "syngo MR E11",
    "dataset": "ds003669",
    "modality": "T1w",
    "subject_id": "MP02552"
  },
  "cjv": 0.4774909060650013,
  "cnr": 2.306660621006352,
  "efc": 0.6948080509252504,
  "fber": 21.878911327374265,
  "fwhm_avg": 3.734056666666667,
  "fwhm_x": 3.80168,
  "fwhm_y": 3.81762,
  "fwhm_z": 3.58287,
  "icvs_csf": 0.19799540998949983,
  "icvs_gm": 0.43084188078108415,
  "icvs_wm": 0.371162709229416,
  "inu_med": 1.0293649435043335,
  "inu_range": 0.27340883016586304,
  "provenance": {
    "md5sum": "e531e33c46cc82fcf44f717ab92773b6",
    "settings": {
      "testing": false
    },
    "software": "mriqc",
    "version": "21.0.0rc2",
    "warnings": {
      "large_rot_frame": true,
      "small_air_mask": false
    },
    "webapi_port": null,
    "webapi_url": "https://mriqc.nimh.nih.gov/api/v1"
  },
  "qi_1": 0.0,
  "qi_2": 0.0030337307621445455,
  "rpve_csf": 25.289225165811732,
  "rpve_gm": 11.496416267655787,
  "rpve_wm": 15.044289772952098,
  "size_x": 176,
  "size_y": 256,
  "size_z": 256,
  "snr_csf": 3.9690866800805913,
  "snr_gm": 6.108893346271388,
  "snr_total": 5.26855120107902,
  "snr_wm": 5.7276735768850795,
  "snrd_csf": 20.980543206637538,
  "snrd_gm": 30.610540161133642,
  "snrd_total": 35.86276555706991,
  "snrd_wm": 55.99721330343856,
  "spacing_x": 1.0,
  "spacing_y": 1.0,
  "spacing_z": 1.0,
  "summary_bg_k": 0.22122103363296342,
  "summary_bg_mad": 11.699976963956052,
  "summary_bg_mean": 144.88226725933157,
  "summary_bg_median": 144.5417059659958,
  "summary_bg_n": 2307659.0,
  "summary_bg_p05": 126.03746497631073,
  "summary_bg_p95": 164.81473469734192,
  "summary_bg_stdv": 11.831833078348593,
  "summary_csf_k": 0.3445961951950025,
  "summary_csf_mad": 91.78430204482765,
  "summary_csf_mean": 373.4986445873571,
  "summary_csf_median": 374.6882032752037,
  "summary_csf_n": 7656.0,
  "summary_csf_p05": 208.88702926039696,
  "summary_csf_p95": 522.1098585128784,
  "summary_csf_stdv": 94.39545226454432,
  "summary_gm_k": 1.08771158752414,
  "summary_gm_mad": 85.09379797635853,
  "summary_gm_mean": 560.8529253614079,
  "summary_gm_median": 546.6687960028648,
  "summary_gm_n": 36602.0,
  "summary_gm_p05": 445.41703617572784,
  "summary_gm_p95": 734.2691450953481,
  "summary_gm_stdv": 89.48614703523013,
  "summary_wm_k": 2.6010744239804326,
  "summary_wm_mad": 131.38939648028807,
  "summary_wm_mean": 1041.0544900683408,
  "summary_wm_median": 1000.0453770160675,
  "summary_wm_n": 143012.0,
  "summary_wm_p05": 839.1763995885849,
  "summary_wm_p95": 1402.487674099206,
  "summary_wm_stdv": 174.59826703061862,
  "tpm_overlap_csf": 0.13168857991695404,
  "tpm_overlap_gm": 0.38852640986442566,
  "tpm_overlap_wm": 0.4062712788581848,
  "wm2max": 0.37856135782146544
}