{
  "bids_meta": {
    "AcquisitionDateTime": "20181009120628.225000",
    "ConversionSoftware": "dicm2nii.m 20180808",
    "DeviceSerialNumber": "167032",
    "EchoTime": 0.00334,
    "FlipAngle": 7,
    "ImageType": [
      "ORIGINAL",
      "PRIMARY",
      "M",
      "ND"
    ],
    "InstitutionAddress": "Queen Square 12,London,Southeast,GB,WC1N 3BG",
    "InstitutionName": "FIL",
    "InversionTime": 1.1,
    "MRAcquisitionType": "3D",
    "Manufacturer": "SIEMENS",
    "Modality": "MR",
    "PatientName": "MP02399",
    "PatientPosition": "HFS",
    "PhaseEncodingDirection": "j-",
    "RepetitionTime": 2.53,
    "ScanOptions": "IR",
    "ScanningSequence": "GR\\IR",
    "SequenceName": "*tfl3d1_16ns",
    "SequenceVariant": "SK\\SP\\MP",
    "SeriesDescription": "MPRAGE_64ch_Head",
    "SeriesNumber": 2,
    "SliceThickness": 1,
    "SoftwareVersion": "syngo MR E11",
    "dataset": "ds003669",
    "modality": "T1w",
    "subject_id": "MP02399"
  },
  "cjv": 0.5294567833920822,
  "cnr": 1.5954802993391695,
  "efc": 0.6579216555753555,
  "fber": 18.744201069647257,
  "fwhm_avg": 4.04545,
  "fwhm_x": 4.15225,
  "fwhm_y": 4.16365,
  "fwhm_z": 3.82045,
  "icvs_csf": 0.1658797947846124,
  "icvs_gm": 0.42700888788016605,
  "icvs_wm": 0.40711131733522155,
  "inu_med": 1.1807379722595215,
  "inu_range": 0.37765309810638414,
  "provenance": {
    "md5sum": "97bbad76d8401d2ae0354966cc061f9b",
    "settings": {
      "testing": false
    },
    "software": "mriqc",
    "version": "21.0.0rc2",
    "warnings": {
      "large_rot_frame": true,
      "small_air_mask": false
    },
    "webapi_port": null,
    "webapi_url": "https://mriqc.nimh.nih.gov/api/v1"
  },
  "qi_1": 0.0,
  "qi_2": 0.0023242341296103655,
  "rpve_csf": 37.91616707097013,
  "rpve_gm": 15.059086377483943,
  "rpve_wm": 18.198643708491225,
  "size_x": 176,
  "size_y": 256,
  "size_z": 256,
  "snr_csf": 2.4091218379240806,
  "snr_gm": 7.892701230412352,
  "snr_total": 4.91636532679933,
  "snr_wm": 4.447272912061555,
  "snrd_csf": 13.558127676137941,
  "snrd_gm": 31.090554292470877,
  "snrd_total": 31.61358120581656,
  "snrd_wm": 50.19206164884086,
  "spacing_x": 1.0,
  "spacing_y": 1.0,
  "spacing_z": 1.0,
  "summary_bg_k": 0.5883869292570911,
  "summary_bg_mad": 13.05327777075895,
  "summary_bg_mean": 163.2756735046598,
  "summary_bg_median": 162.90594834834337,
  "summary_bg_n": 3794094.0,
  "summary_bg_p05": 142.13412192463875,
  "summary_bg_p95": 185.4702674075961,
  "summary_bg_stdv": 13.297697450313866,
  "summary_csf_k": 0.17714225943870154,
  "summary_csf_mad": 115.75990645804792,
  "summary_csf_mean": 299.237459483149,
  "summary_csf_median": 270.13918425142765,
  "summary_csf_n": 4928.0,
  "summary_csf_p05": 169.02151145786047,
  "summary_csf_p95": 499.96046429593105,
  "summary_csf_stdv": 112.12042911507066,
  "summary_gm_k": 0.5345311334473171,
  "summary_gm_mad": 72.06659942898054,
  "summary_gm_mean": 624.2578640579508,
  "summary_gm_median": 619.464366696775,
  "summary_gm_n": 19417.0,
  "summary_gm_p05": 504.16491393372416,
  "summary_gm_p95": 764.8882398113609,
  "summary_gm_stdv": 78.4837024498352,
  "summary_wm_k": 3.8928107941545864,
  "summary_wm_mad": 129.43849094836418,
  "summary_wm_mean": 1066.3294718673892,
  "summary_wm_median": 1000.0527295209467,
  "summary_wm_n": 126059.0,
  "summary_wm_p05": 837.9323147099466,
  "summary_wm_p95": 1570.4344302266836,
  "summary_wm_stdv": 224.86786457268911,
  "tpm_overlap_csf": 0.16171547770500183,
  "tpm_overlap_gm": 0.4198702573776245,
  "tpm_overlap_wm": 0.4449952244758606,
  "wm2max": 0.3388844441830089
}