{
  "aor": 0.005829726775956284,
  "aqi": 0.00825507169398907,
  "bids_meta": {
    "AcquisitionDateTime": "20180824120127.875000",
    "ConversionSoftware": "dicm2nii.m 20180808",
    "DeviceSerialNumber": "167032",
    "EchoTime": 0.03,
    "EchoTime1": 0.03,
    "EchoTime2": 0.03,
    "EffectiveEchoSpacing": 0.00048611111,
    "FlipAngle": 90,
    "ImageType": [
      "ORIGINAL",
      "PRIMARY",
      "M",
      "ND",
      "MOSAIC"
    ],
    "InstitutionAddress": "Queen Square 12,London,Southeast,GB,WC1N 3BG",
    "InstitutionName": "Functional Imaging Laboratory",
    "MRAcquisitionType": "2D",
    "Manufacturer": "SIEMENS",
    "Modality": "MR",
    "PatientName": "MP02328",
    "PatientPosition": "HFS",
    "PhaseEncodingDirection": "j-",
    "RepetitionTime": 3.36,
    "ScanOptions": "FS",
    "ScanningSequence": "RM",
    "SequenceName": "ep2d_2i2d1",
    "SequenceVariant": "SP\\OSP",
    "SeriesDescription": "nc_epi2d_v2i_3mm_OFC_64ch",
    "SeriesNumber": 9,
    "SliceThickness": 2.5,
    "SliceTiming": [
      0,
      0.07,
      0.14,
      0.21,
      0.28,
      0.35,
      0.42,
      0.49,
      0.56,
      0.63,
      0.7,
      0.77,
      0.84,
      0.91,
      0.98,
      1.05,
      1.12,
      1.19,
      1.26,
      1.33,
      1.4,
      1.47,
      1.54,
      1.61,
      1.68,
      1.75,
      1.82,
      1.89,
      1.96,
      2.03,
      2.1,
      2.17,
      2.24,
      2.31,
      2.38,
      2.45,
      2.52,
      2.59,
      2.66,
      2.73,
      2.8,
      2.87,
      2.94,
      3.01,
      3.08,
      3.15,
      3.22,
      3.29
    ],
    "SoftwareVersion": "syngo MR E11",
    "TaskName": "visual detection and discrimination",
    "TotalReadoutTime": 0.030625,
    "dataset": "ds003669",
    "deltaTE": 0,
    "modality": "bold",
    "run_id": 1,
    "subject_id": "MP02328",
    "task_id": "detectdiscrim"
  },
  "dummy_trs": 1,
  "dvars_nstd": 30.123402752692297,
  "dvars_std": 1.236481717417582,
  "dvars_vstd": 0.9495045328021978,
  "efc": 0.6109787043269114,
  "fber": 146.08038330078125,
  "fd_mean": 0.06017267875750627,
  "fd_num": 4,
  "fd_perc": 2.185792349726776,
  "fwhm_avg": 2.5126744444444444,
  "fwhm_x": 2.3807199999999997,
  "fwhm_y": 2.4925866666666665,
  "fwhm_z": 2.6647166666666666,
  "gcor": 0.00976519,
  "gsr_x": 0.0010514449095353484,
  "gsr_y": 0.03421368449926376,
  "provenance": {
    "md5sum": "f07d0111ff3d1d89e08db63c286c18e7",
    "settings": {
      "fd_thres": 0.2,
      "testing": false
    },
    "software": "mriqc",
    "version": "21.0.0rc2",
    "webapi_port": null,
    "webapi_url": "https://mriqc.nimh.nih.gov/api/v1"
  },
  "size_t": 183,
  "size_x": 64,
  "size_y": 64,
  "size_z": 48,
  "snr": 2.607739074775202,
  "spacing_tr": 0.07000000029802322,
  "spacing_x": 3.0,
  "spacing_y": 3.0,
  "spacing_z": 3.0,
  "summary_bg_k": 23.39159233021821,
  "summary_bg_mad": 9.9893310670131,
  "summary_bg_mean": 87.12274932861328,
  "summary_bg_median": 55.0437126159668,
  "summary_bg_n": 109827.0,
  "summary_bg_p05": 46.63934326171875,
  "summary_bg_p95": 243.31748199462885,
  "summary_bg_stdv": 84.32828521728516,
  "summary_fg_k": 0.798777963919945,
  "summary_fg_mad": 261.3349738513087,
  "summary_fg_mean": 731.4755249023438,
  "summary_fg_median": 691.7786865234375,
  "summary_fg_n": 41514.0,
  "summary_fg_p05": 373.97593383789064,
  "summary_fg_p95": 1215.6794921875,
  "summary_fg_stdv": 265.2759094238281,
  "tsnr": 47.138370014727116
}