{
  "aor": 0.001409065934065934,
  "aqi": 0.0039711141208791205,
  "bids_meta": {
    "AcquisitionDateTime": "20180824122426.290000",
    "ConversionSoftware": "dicm2nii.m 20180808",
    "DeviceSerialNumber": "167032",
    "EchoTime": 0.03,
    "EchoTime1": 0.03,
    "EchoTime2": 0.03,
    "EffectiveEchoSpacing": 0.00048611111,
    "FlipAngle": 90,
    "ImageType": [
      "ORIGINAL",
      "PRIMARY",
      "M",
      "ND",
      "MOSAIC"
    ],
    "InstitutionAddress": "Queen Square 12,London,Southeast,GB,WC1N 3BG",
    "InstitutionName": "Functional Imaging Laboratory",
    "MRAcquisitionType": "2D",
    "Manufacturer": "SIEMENS",
    "Modality": "MR",
    "PatientName": "MP02328",
    "PatientPosition": "HFS",
    "PhaseEncodingDirection": "j-",
    "RepetitionTime": 3.36,
    "ScanOptions": "FS",
    "ScanningSequence": "RM",
    "SequenceName": "ep2d_2i2d1",
    "SequenceVariant": "SP\\OSP",
    "SeriesDescription": "nc_epi2d_v2i_3mm_OFC_64ch",
    "SeriesNumber": 11,
    "SliceThickness": 2.5,
    "SliceTiming": [
      0,
      0,
      0,
      0,
      0,
      0,
      0,
      0,
      0,
      0,
      0,
      0,
      0,
      0,
      0,
      0,
      0,
      0,
      0,
      0,
      0,
      0,
      0,
      0,
      0,
      0,
      0,
      0,
      0,
      0,
      0,
      0,
      0,
      0,
      0,
      0,
      0,
      0,
      0,
      0,
      0,
      0,
      0,
      0,
      0,
      0,
      0,
      0
    ],
    "SoftwareVersion": "syngo MR E11",
    "TaskName": "visual detection and discrimination",
    "TotalReadoutTime": 0.030625,
    "dataset": "ds003669",
    "deltaTE": 0,
    "modality": "bold",
    "run_id": 3,
    "subject_id": "MP02328",
    "task_id": "detectdiscrim"
  },
  "dummy_trs": 2,
  "dvars_nstd": 27.614921327458564,
  "dvars_std": 1.3060770091160223,
  "dvars_vstd": 0.9759105526519333,
  "efc": 0.6110539162666868,
  "fber": 145.72210693359375,
  "fd_mean": 0.039851400444040896,
  "fd_num": 1,
  "fd_perc": 0.5494505494505495,
  "fwhm_avg": 2.4999000000000002,
  "fwhm_x": 2.3625000000000003,
  "fwhm_y": 2.4991733333333332,
  "fwhm_z": 2.6380266666666667,
  "gcor": 0.00970055,
  "gsr_x": -0.00023674235853832215,
  "gsr_y": 0.03338741883635521,
  "provenance": {
    "md5sum": "a83467fe839cbaf2ffb416245de69706",
    "settings": {
      "fd_thres": 0.2,
      "testing": false
    },
    "software": "mriqc",
    "version": "21.0.0rc2",
    "webapi_port": null,
    "webapi_url": "https://mriqc.nimh.nih.gov/api/v1"
  },
  "size_t": 182,
  "size_x": 64,
  "size_y": 64,
  "size_z": 48,
  "snr": 2.6203892680898426,
  "spacing_tr": 0.07000000029802322,
  "spacing_x": 3.0,
  "spacing_y": 3.0,
  "spacing_z": 3.0,
  "summary_bg_k": 26.53350231255608,
  "summary_bg_mad": 9.783549200099015,
  "summary_bg_mean": 88.69792175292969,
  "summary_bg_median": 55.472530364990234,
  "summary_bg_n": 110270.0,
  "summary_bg_p05": 48.082420349121094,
  "summary_bg_p95": 252.846710205078,
  "summary_bg_stdv": 88.10722351074219,
  "summary_fg_k": 0.6496124076322696,
  "summary_fg_mad": 263.09664987608085,
  "summary_fg_mean": 736.1358032226562,
  "summary_fg_median": 697.2911987304688,
  "summary_fg_n": 41127.0,
  "summary_fg_p05": 377.0324401855469,
  "summary_fg_p95": 1225.0076904296875,
  "summary_fg_stdv": 266.0989074707031,
  "tsnr": 70.55503722815774
}