{
  "aor": 0.0026986263736263733,
  "aqi": 0.011252935,
  "bids_meta": {
    "AcquisitionDateTime": "20181213100154.222500",
    "ConversionSoftware": "dicm2nii.m 20180808",
    "DeviceSerialNumber": "167032",
    "EchoTime": 0.03,
    "EchoTime1": 0.03,
    "EchoTime2": 0.03,
    "EffectiveEchoSpacing": 0.00048611111,
    "FlipAngle": 90,
    "ImageType": [
      "ORIGINAL",
      "PRIMARY",
      "M",
      "ND",
      "MOSAIC"
    ],
    "InstitutionAddress": "Queen Square 12,London,Southeast,GB,WC1N 3BG",
    "InstitutionName": "Functional Imaging Laboratory",
    "MRAcquisitionType": "2D",
    "Manufacturer": "SIEMENS",
    "Modality": "MR",
    "PatientName": "MP02504",
    "PatientPosition": "HFS",
    "PhaseEncodingDirection": "j-",
    "RepetitionTime": 3.36,
    "ScanOptions": "FS",
    "ScanningSequence": "RM",
    "SequenceName": "ep2d_2i2d1",
    "SequenceVariant": "SP\\OSP",
    "SeriesDescription": "nc_epi2d_v2i_3mm_OFC_64ch",
    "SeriesNumber": 9,
    "SliceThickness": 2.5,
    "SliceTiming": [
      0,
      0,
      0,
      0,
      0,
      0,
      0,
      0,
      0,
      0,
      0,
      0,
      0,
      0,
      0,
      0,
      0,
      0,
      0,
      0,
      0,
      0,
      0,
      0,
      0,
      0,
      0,
      0,
      0,
      0,
      0,
      0,
      0,
      0,
      0,
      0,
      0,
      0,
      0,
      0,
      0,
      0,
      0,
      0,
      0,
      0,
      0,
      0
    ],
    "SoftwareVersion": "syngo MR E11",
    "TaskName": "visual detection and discrimination",
    "TotalReadoutTime": 0.030625,
    "dataset": "ds003669",
    "deltaTE": 0,
    "modality": "bold",
    "run_id": 4,
    "subject_id": "MP02504",
    "task_id": "detectdiscrim"
  },
  "dummy_trs": 2,
  "dvars_nstd": 29.607488937734804,
  "dvars_std": 1.0125398227624312,
  "dvars_vstd": 0.8759755978453044,
  "efc": 0.5974568172083653,
  "fber": 163.8379669189453,
  "fd_mean": 0.1581855633824851,
  "fd_num": 39,
  "fd_perc": 21.428571428571427,
  "fwhm_avg": 2.466005555555556,
  "fwhm_x": 2.3205566666666666,
  "fwhm_y": 2.4073066666666665,
  "fwhm_z": 2.6701533333333334,
  "gcor": 0.0104114,
  "gsr_x": 0.01081888284534216,
  "gsr_y": 0.020783284679055214,
  "provenance": {
    "md5sum": "0f81ea415a4bff4bad0cf71851254952",
    "settings": {
      "fd_thres": 0.2,
      "testing": false
    },
    "software": "mriqc",
    "version": "21.0.0rc2",
    "webapi_port": null,
    "webapi_url": "https://mriqc.nimh.nih.gov/api/v1"
  },
  "size_t": 182,
  "size_x": 64,
  "size_y": 64,
  "size_z": 48,
  "snr": 2.6322734788262756,
  "spacing_tr": 0.07000000029802322,
  "spacing_x": 3.0,
  "spacing_y": 3.0,
  "spacing_z": 3.0,
  "summary_bg_k": 24.810209821574265,
  "summary_bg_mad": 11.763064998622166,
  "summary_bg_mean": 88.3342056274414,
  "summary_bg_median": 55.60988998413086,
  "summary_bg_n": 114213.0,
  "summary_bg_p05": 46.010990142822266,
  "summary_bg_p95": 245.39341735839832,
  "summary_bg_stdv": 86.90909576416016,
  "summary_fg_k": 1.1363467662397424,
  "summary_fg_mad": 261.32900145467653,
  "summary_fg_mean": 761.8770751953125,
  "summary_fg_median": 717.5164794921875,
  "summary_fg_n": 40221.0,
  "summary_fg_p05": 404.8516540527344,
  "summary_fg_p95": 1266.7967529296875,
  "summary_fg_stdv": 272.5809326171875,
  "tsnr": 38.557035863399506
}