{
  "bids_meta": {
    "AcquisitionDateTime": "20180918114744.472500",
    "ConversionSoftware": "dicm2nii.m 20180808",
    "DeviceSerialNumber": "167032",
    "EchoTime": 0.00334,
    "FlipAngle": 7,
    "ImageType": [
      "ORIGINAL",
      "PRIMARY",
      "M",
      "ND"
    ],
    "InstitutionAddress": "Queen Square 12,London,Southeast,GB,WC1N 3BG",
    "InstitutionName": "FIL",
    "InversionTime": 1.1,
    "MRAcquisitionType": "3D",
    "Manufacturer": "SIEMENS",
    "Modality": "MR",
    "PatientName": "MP02361",
    "PatientPosition": "HFS",
    "PhaseEncodingDirection": "j-",
    "RepetitionTime": 2.53,
    "ScanOptions": "IR",
    "ScanningSequence": "GR\\IR",
    "SequenceName": "*tfl3d1_16ns",
    "SequenceVariant": "SK\\SP\\MP",
    "SeriesDescription": "MPRAGE_64ch_Head",
    "SeriesNumber": 2,
    "SliceThickness": 1,
    "SoftwareVersion": "syngo MR E11",
    "dataset": "ds003669",
    "modality": "T1w",
    "subject_id": "MP02361"
  },
  "cjv": 0.5444768488591539,
  "cnr": 1.580825016417229,
  "efc": 0.6431748188192591,
  "fber": 18.27388723643334,
  "fwhm_avg": 3.777193333333333,
  "fwhm_x": 3.98198,
  "fwhm_y": 3.72565,
  "fwhm_z": 3.62395,
  "icvs_csf": 0.1810008915302149,
  "icvs_gm": 0.42737895503524514,
  "icvs_wm": 0.39162015343453993,
  "inu_med": 1.153477430343628,
  "inu_range": 0.3409131646156309,
  "provenance": {
    "md5sum": "a91118f87ceae8634bf09b3a75fd089c",
    "settings": {
      "testing": false
    },
    "software": "mriqc",
    "version": "21.0.0rc2",
    "warnings": {
      "large_rot_frame": true,
      "small_air_mask": false
    },
    "webapi_port": null,
    "webapi_url": "https://mriqc.nimh.nih.gov/api/v1"
  },
  "qi_1": 0.0,
  "qi_2": 0.0022845692435995895,
  "rpve_csf": 32.39616738917871,
  "rpve_gm": 13.653853693265523,
  "rpve_wm": 16.998416515858654,
  "size_x": 176,
  "size_y": 256,
  "size_z": 256,
  "snr_csf": 2.1433585526050005,
  "snr_gm": 7.443902252404136,
  "snr_total": 4.589419592965086,
  "snr_wm": 4.1809979738861225,
  "snrd_csf": 19.132471910442423,
  "snrd_gm": 30.574079390566776,
  "snrd_total": 33.5427600746818,
  "snrd_wm": 50.9217289230362,
  "spacing_x": 1.0,
  "spacing_y": 1.0,
  "spacing_z": 1.0,
  "summary_bg_k": 626.7350766135389,
  "summary_bg_mad": 12.866885387292562,
  "summary_bg_mean": 158.43851820415057,
  "summary_bg_median": 158.0225195735693,
  "summary_bg_n": 2731880.0,
  "summary_bg_p05": 137.72083595395088,
  "summary_bg_p95": 180.44219054281712,
  "summary_bg_stdv": 13.508283748648426,
  "summary_csf_k": 9.259623191684684,
  "summary_csf_mad": 144.9056378140329,
  "summary_csf_mean": 400.2207580258097,
  "summary_csf_median": 375.7619507610798,
  "summary_csf_n": 3807.0,
  "summary_csf_p05": 179.6466538310051,
  "summary_csf_p95": 720.3843216598032,
  "summary_csf_stdv": 175.2915281541717,
  "summary_gm_k": 1.106184111406722,
  "summary_gm_mad": 69.92539499165541,
  "summary_gm_mean": 612.6947043127066,
  "summary_gm_median": 600.4752427339554,
  "summary_gm_n": 19699.0,
  "summary_gm_p05": 501.5497360378504,
  "summary_gm_p95": 768.379981331527,
  "summary_gm_stdv": 80.66468109310978,
  "summary_wm_k": 3.001343054577478,
  "summary_wm_mad": 147.6628275398813,
  "summary_wm_mean": 1079.9070345093112,
  "summary_wm_median": 1000.1032948493958,
  "summary_wm_n": 116941.0,
  "summary_wm_p05": 844.0954461693764,
  "summary_wm_p95": 1593.2947274297476,
  "summary_wm_stdv": 239.2010292721238,
  "tpm_overlap_csf": 0.1362626701593399,
  "tpm_overlap_gm": 0.40380626916885376,
  "tpm_overlap_wm": 0.4293190836906433,
  "wm2max": 0.3297283488035425
}