{
  "aor": 0.0028389560439560447,
  "aqi": 0.006887699670329671,
  "bids_meta": {
    "AcquisitionDateTime": "20181029100623.462500",
    "ConversionSoftware": "dicm2nii.m 20180808",
    "DeviceSerialNumber": "167032",
    "EchoTime": 0.03,
    "EchoTime1": 0.03,
    "EchoTime2": 0.03,
    "EffectiveEchoSpacing": 0.00048611111,
    "FlipAngle": 90,
    "ImageType": [
      "ORIGINAL",
      "PRIMARY",
      "M",
      "ND",
      "MOSAIC"
    ],
    "InstitutionAddress": "Queen Square 12,London,Southeast,GB,WC1N 3BG",
    "InstitutionName": "FIL",
    "MRAcquisitionType": "2D",
    "Manufacturer": "SIEMENS",
    "Modality": "MR",
    "PatientName": "MP02440",
    "PatientPosition": "HFS",
    "PhaseEncodingDirection": "j-",
    "RepetitionTime": 3.36,
    "ScanOptions": "FS",
    "ScanningSequence": "RM",
    "SequenceName": "ep2d_2i2d1",
    "SequenceVariant": "SP\\OSP",
    "SeriesDescription": "nc_epi2d_v2i_3mm_OFC_64ch",
    "SeriesNumber": 7,
    "SliceThickness": 2.5,
    "SliceTiming": [
      0,
      0,
      0,
      0,
      0,
      0,
      0,
      0,
      0,
      0,
      0,
      0,
      0,
      0,
      0,
      0,
      0,
      0,
      0,
      0,
      0,
      0,
      0,
      0,
      0,
      0,
      0,
      0,
      0,
      0,
      0,
      0,
      0,
      0,
      0,
      0,
      0,
      0,
      0,
      0,
      0,
      0,
      0,
      0,
      0,
      0,
      0,
      0
    ],
    "SoftwareVersion": "syngo MR E11",
    "TaskName": "visual detection and discrimination",
    "TotalReadoutTime": 0.030625,
    "dataset": "ds003669",
    "deltaTE": 0,
    "modality": "bold",
    "run_id": 1,
    "subject_id": "MP02440",
    "task_id": "detectdiscrim"
  },
  "dummy_trs": 2,
  "dvars_nstd": 29.41275352143647,
  "dvars_std": 1.215266032154697,
  "dvars_vstd": 0.9762625543093918,
  "efc": 0.6092430024807063,
  "fber": 137.51625061035156,
  "fd_mean": 0.09150582446655933,
  "fd_num": 8,
  "fd_perc": 4.395604395604396,
  "fwhm_avg": 2.7187099999999997,
  "fwhm_x": 2.57955,
  "fwhm_y": 2.7529833333333333,
  "fwhm_z": 2.8235966666666665,
  "gcor": 0.0200252,
  "gsr_x": 0.016235172748565674,
  "gsr_y": 0.04538000747561455,
  "provenance": {
    "md5sum": "b3dd3759527213dfe3e9c3f985c0d1e4",
    "settings": {
      "fd_thres": 0.2,
      "testing": false
    },
    "software": "mriqc",
    "version": "21.0.0rc2",
    "webapi_port": null,
    "webapi_url": "https://mriqc.nimh.nih.gov/api/v1"
  },
  "size_t": 182,
  "size_x": 64,
  "size_y": 64,
  "size_z": 48,
  "snr": 2.0028962722612436,
  "spacing_tr": 0.07000000029802322,
  "spacing_x": 3.0,
  "spacing_y": 3.0,
  "spacing_z": 3.0,
  "summary_bg_k": 23.144896988274493,
  "summary_bg_mad": 18.744332895973937,
  "summary_bg_mean": 121.34854125976562,
  "summary_bg_median": 62.835166931152344,
  "summary_bg_n": 103683.0,
  "summary_bg_p05": 48.02747344970703,
  "summary_bg_p95": 419.67913818359364,
  "summary_bg_stdv": 150.85499572753906,
  "summary_fg_k": 1.8559911813877576,
  "summary_fg_mad": 333.7199685788422,
  "summary_fg_mean": 863.3833618164062,
  "summary_fg_median": 766.989013671875,
  "summary_fg_n": 45290.0,
  "summary_fg_p05": 423.08489990234375,
  "summary_fg_p95": 1623.2640686035154,
  "summary_fg_stdv": 382.93572998046875,
  "tsnr": 51.92377032455988
}