{
  "bids_meta": {
    "AcquisitionDateTime": "20180914115012.147500",
    "ConversionSoftware": "dicm2nii.m 20180808",
    "DeviceSerialNumber": "167032",
    "EchoTime": 0.00334,
    "FlipAngle": 7,
    "ImageType": [
      "ORIGINAL",
      "PRIMARY",
      "M",
      "ND"
    ],
    "InstitutionAddress": "Queen Square 12,London,Southeast,GB,WC1N 3BG",
    "InstitutionName": "Functional Imaging Laboratory",
    "InversionTime": 1.1,
    "MRAcquisitionType": "3D",
    "Manufacturer": "SIEMENS",
    "Modality": "MR",
    "PatientName": "MP02354",
    "PatientPosition": "HFS",
    "PhaseEncodingDirection": "j-",
    "RepetitionTime": 2.53,
    "ScanOptions": "IR",
    "ScanningSequence": "GR\\IR",
    "SequenceName": "*tfl3d1_16ns",
    "SequenceVariant": "SK\\SP\\MP",
    "SeriesDescription": "MPRAGE_64ch_Head",
    "SeriesNumber": 3,
    "SliceThickness": 1,
    "SoftwareVersion": "syngo MR E11",
    "dataset": "ds003669",
    "modality": "T1w",
    "subject_id": "MP02354"
  },
  "cjv": 0.601374950899752,
  "cnr": 1.7844858623066189,
  "efc": 0.6660134911836116,
  "fber": 21.855403716243295,
  "fwhm_avg": 4.269276666666667,
  "fwhm_x": 4.49476,
  "fwhm_y": 4.27529,
  "fwhm_z": 4.03778,
  "icvs_csf": 0.21845095582084317,
  "icvs_gm": 0.430313194434519,
  "icvs_wm": 0.3512358497446379,
  "inu_med": 1.051127314567566,
  "inu_range": 0.3626973301172255,
  "provenance": {
    "md5sum": "cfae0d1f53190d600c4c1468a8d86b48",
    "settings": {
      "testing": false
    },
    "software": "mriqc",
    "version": "21.0.0rc2",
    "warnings": {
      "large_rot_frame": true,
      "small_air_mask": false
    },
    "webapi_port": null,
    "webapi_url": "https://mriqc.nimh.nih.gov/api/v1"
  },
  "qi_1": 0.0,
  "qi_2": 0.002311279032008511,
  "rpve_csf": 24.47884958157071,
  "rpve_gm": 12.081063658340048,
  "rpve_wm": 16.291291895812275,
  "size_x": 176,
  "size_y": 256,
  "size_z": 256,
  "snr_csf": 5.269117663223883,
  "snr_gm": 6.308141003722344,
  "snr_total": 5.29654656724045,
  "snr_wm": 4.312381034775123,
  "snrd_csf": 23.625490946117417,
  "snrd_gm": 30.68037795550301,
  "snrd_total": 36.490882447034416,
  "snrd_wm": 55.16677843948281,
  "spacing_x": 1.0,
  "spacing_y": 1.0,
  "spacing_z": 1.0,
  "summary_bg_k": 9152.025661153237,
  "summary_bg_mad": 11.877200271754592,
  "summary_bg_mean": 145.3607126005065,
  "summary_bg_median": 144.8434644266963,
  "summary_bg_n": 2599410.0,
  "summary_bg_p05": 126.15101478993893,
  "summary_bg_p95": 165.60773729905486,
  "summary_bg_stdv": 17.98200396692249,
  "summary_csf_k": 1.8304946861579907,
  "summary_csf_mad": 73.03795569412307,
  "summary_csf_mean": 418.8017628362065,
  "summary_csf_median": 428.31492357328534,
  "summary_csf_n": 15181.0,
  "summary_csf_p05": 269.1068180464208,
  "summary_csf_p95": 531.3075586408377,
  "summary_csf_stdv": 81.28511143145352,
  "summary_gm_k": 0.4538397523721116,
  "summary_gm_mad": 97.47495395439975,
  "summary_gm_mean": 566.1074429415361,
  "summary_gm_median": 556.2154779843986,
  "summary_gm_n": 35605.0,
  "summary_gm_p05": 446.6942976988852,
  "summary_gm_p95": 715.4235835112631,
  "summary_gm_stdv": 88.17299211974529,
  "summary_wm_k": 1.4773805322440356,
  "summary_wm_mad": 169.48901307337158,
  "summary_wm_mean": 1073.3668676077834,
  "summary_wm_median": 1000.1381365992129,
  "summary_wm_n": 122048.0,
  "summary_wm_p05": 818.784542709589,
  "summary_wm_p95": 1563.1814231578255,
  "summary_wm_stdv": 231.9215373620719,
  "tpm_overlap_csf": 0.11622203141450882,
  "tpm_overlap_gm": 0.3617817461490631,
  "tpm_overlap_wm": 0.3653605580329895,
  "wm2max": 0.3634016573226674
}