{
  "aor": 0.0028535714285714284,
  "aqi": 0.004710667307692307,
  "bids_meta": {
    "AcquisitionDateTime": "20180815112648.495000",
    "ConversionSoftware": "dicm2nii.m 20180808",
    "DeviceSerialNumber": "167032",
    "EchoTime": 0.03,
    "EchoTime1": 0.03,
    "EchoTime2": 0.03,
    "EffectiveEchoSpacing": 0.00048611111,
    "FlipAngle": 90,
    "ImageType": [
      "ORIGINAL",
      "PRIMARY",
      "M",
      "ND",
      "MOSAIC"
    ],
    "InstitutionAddress": "Queen Square 12,London,Southeast,GB,WC1N 3BG",
    "InstitutionName": "FIL",
    "MRAcquisitionType": "2D",
    "Manufacturer": "SIEMENS",
    "Modality": "MR",
    "PatientName": "MP02313",
    "PatientPosition": "HFS",
    "PhaseEncodingDirection": "j-",
    "RepetitionTime": 3.36,
    "ScanOptions": "FS",
    "ScanningSequence": "RM",
    "SequenceName": "ep2d_2i2d1",
    "SequenceVariant": "SP\\OSP",
    "SeriesDescription": "nc_epi2d_v2i_3mm_OFC_64ch",
    "SeriesNumber": 10,
    "SliceThickness": 2.5,
    "SliceTiming": [
      0,
      0.07,
      0.14,
      0.21,
      0.28,
      0.35,
      0.42,
      0.49,
      0.56,
      0.63,
      0.7,
      0.77,
      0.84,
      0.91,
      0.98,
      1.05,
      1.12,
      1.19,
      1.26,
      1.33,
      1.4,
      1.47,
      1.54,
      1.61,
      1.68,
      1.75,
      1.82,
      1.89,
      1.96,
      2.03,
      2.1,
      2.17,
      2.24,
      2.31,
      2.38,
      2.45,
      2.52,
      2.59,
      2.66,
      2.73,
      2.8,
      2.87,
      2.94,
      3.01,
      3.08,
      3.15,
      3.22,
      3.29
    ],
    "SoftwareVersion": "syngo MR E11",
    "TaskName": "visual detection and discrimination",
    "TotalReadoutTime": 0.030625,
    "dataset": "ds003669",
    "deltaTE": 0,
    "modality": "bold",
    "run_id": 5,
    "subject_id": "MP02313",
    "task_id": "detectdiscrim"
  },
  "dummy_trs": 2,
  "dvars_nstd": 31.17339310182322,
  "dvars_std": 1.2828357859668504,
  "dvars_vstd": 1.0074358146408844,
  "efc": 0.5850691622795018,
  "fber": 169.5817108154297,
  "fd_mean": 0.1578051537226538,
  "fd_num": 31,
  "fd_perc": 17.032967032967033,
  "fwhm_avg": 2.5496733333333332,
  "fwhm_x": 2.39258,
  "fwhm_y": 2.6070266666666666,
  "fwhm_z": 2.6494133333333334,
  "gcor": 0.0286794,
  "gsr_x": 0.01944129355251789,
  "gsr_y": 0.029002588242292404,
  "provenance": {
    "md5sum": "e8c8eff348e908b4c1fadfb07f234c43",
    "settings": {
      "fd_thres": 0.2,
      "testing": false
    },
    "software": "mriqc",
    "version": "21.0.0rc2",
    "webapi_port": null,
    "webapi_url": "https://mriqc.nimh.nih.gov/api/v1"
  },
  "size_t": 182,
  "size_x": 64,
  "size_y": 64,
  "size_z": 48,
  "snr": 2.56294983867531,
  "spacing_tr": 0.07000000029802322,
  "spacing_x": 3.0,
  "spacing_y": 3.0,
  "spacing_z": 3.0,
  "summary_bg_k": 28.544798391428778,
  "summary_bg_mad": 8.260209128429137,
  "summary_bg_mean": 86.22895812988281,
  "summary_bg_median": 53.29670333862305,
  "summary_bg_n": 118078.0,
  "summary_bg_p05": 46.88461685180664,
  "summary_bg_p95": 253.4766540527342,
  "summary_bg_stdv": 95.21095275878906,
  "summary_fg_k": 0.9165828500961966,
  "summary_fg_mad": 251.77357405207593,
  "summary_fg_mean": 752.5623779296875,
  "summary_fg_median": 702.3021850585938,
  "summary_fg_n": 37258.0,
  "summary_fg_p05": 402.43463134765625,
  "summary_fg_p95": 1291.9420471191406,
  "summary_fg_stdv": 274.0173645019531,
  "tsnr": 60.254344874527305
}