{
  "aor": 0.012216721311475408,
  "aqi": 0.006980854863387978,
  "bids_meta": {
    "AcquisitionDateTime": "20180815104054.590000",
    "ConversionSoftware": "dicm2nii.m 20180808",
    "DeviceSerialNumber": "167032",
    "EchoTime": 0.03,
    "EchoTime1": 0.03,
    "EchoTime2": 0.03,
    "EffectiveEchoSpacing": 0.00052083333,
    "FlipAngle": 90,
    "ImageType": [
      "ORIGINAL",
      "PRIMARY",
      "M",
      "ND",
      "MOSAIC"
    ],
    "InstitutionAddress": "Queen Square 12,London,Southeast,GB,WC1N 3BG",
    "InstitutionName": "FIL",
    "MRAcquisitionType": "2D",
    "Manufacturer": "SIEMENS",
    "Modality": "MR",
    "PatientName": "MP02313",
    "PatientPosition": "HFS",
    "PhaseEncodingDirection": "j-",
    "RepetitionTime": 3.36,
    "ScanOptions": "FS",
    "ScanningSequence": "RM",
    "SequenceName": "ep2d_2i2d1",
    "SequenceVariant": "SP\\OSP",
    "SeriesDescription": "nc_epi2d_v2i_3mm_OFC_64ch",
    "SeriesNumber": 6,
    "SliceThickness": 2.5,
    "SliceTiming": [
      0,
      0.07,
      0.14,
      0.21,
      0.28,
      0.35,
      0.42,
      0.49,
      0.56,
      0.63,
      0.7,
      0.77,
      0.84,
      0.91,
      0.98,
      1.05,
      1.12,
      1.19,
      1.26,
      1.33,
      1.4,
      1.47,
      1.54,
      1.61,
      1.68,
      1.75,
      1.82,
      1.89,
      1.96,
      2.03,
      2.1,
      2.17,
      2.24,
      2.31,
      2.38,
      2.45,
      2.52,
      2.59,
      2.66,
      2.73,
      2.8,
      2.87,
      2.94,
      3.01,
      3.08,
      3.15,
      3.22,
      3.29
    ],
    "SoftwareVersion": "syngo MR E11",
    "TaskName": "visual detection and discrimination",
    "TotalReadoutTime": 0.0328125,
    "dataset": "ds003669",
    "deltaTE": 0,
    "modality": "bold",
    "run_id": 1,
    "subject_id": "MP02313",
    "task_id": "detectdiscrim"
  },
  "dummy_trs": 1,
  "dvars_nstd": 28.122561318296693,
  "dvars_std": 1.1898673863186813,
  "dvars_vstd": 0.9841114317032966,
  "efc": 0.5839578776366096,
  "fber": 168.03858947753906,
  "fd_mean": 0.121352513744305,
  "fd_num": 21,
  "fd_perc": 11.475409836065573,
  "fwhm_avg": 2.5236033333333334,
  "fwhm_x": 2.361683333333333,
  "fwhm_y": 2.6021533333333333,
  "fwhm_z": 2.6069733333333334,
  "gcor": 0.0176762,
  "gsr_x": 0.01851915940642357,
  "gsr_y": 0.02926812507212162,
  "provenance": {
    "md5sum": "6b54e49831108eb637f8964fc758bb66",
    "settings": {
      "fd_thres": 0.2,
      "testing": false
    },
    "software": "mriqc",
    "version": "21.0.0rc2",
    "webapi_port": null,
    "webapi_url": "https://mriqc.nimh.nih.gov/api/v1"
  },
  "size_t": 183,
  "size_x": 64,
  "size_y": 64,
  "size_z": 48,
  "snr": 2.5491895499527275,
  "spacing_tr": 0.07000000029802322,
  "spacing_x": 3.0,
  "spacing_y": 3.0,
  "spacing_z": 3.0,
  "summary_bg_k": 29.608725726335344,
  "summary_bg_mad": 10.021743761235573,
  "summary_bg_mean": 86.13577270507812,
  "summary_bg_median": 53.61748504638672,
  "summary_bg_n": 117771.0,
  "summary_bg_p05": 44.04371643066406,
  "summary_bg_p95": 256.03004455566406,
  "summary_bg_stdv": 94.87447357177734,
  "summary_fg_k": 0.9436936497465842,
  "summary_fg_mad": 254.53766255704193,
  "summary_fg_mean": 756.9695434570312,
  "summary_fg_median": 706.5464477539062,
  "summary_fg_n": 37557.0,
  "summary_fg_p05": 403.2360473632813,
  "summary_fg_p95": 1302.7627929687499,
  "summary_fg_stdv": 277.16143798828125,
  "tsnr": 48.06466793571599
}