{
  "aor": 0.008106978021978023,
  "aqi": 0.004472523736263736,
  "bids_meta": {
    "AcquisitionDateTime": "20180814163432.837500",
    "ConversionSoftware": "dicm2nii.m 20180808",
    "DeviceSerialNumber": "167032",
    "EchoTime": 0.03,
    "EchoTime1": 0.03,
    "EchoTime2": 0.03,
    "EffectiveEchoSpacing": 0.00048611111,
    "FlipAngle": 90,
    "ImageType": [
      "ORIGINAL",
      "PRIMARY",
      "M",
      "ND",
      "MOSAIC"
    ],
    "InstitutionAddress": "Queen Square 12,London,Southeast,GB,WC1N 3BG",
    "InstitutionName": "FIL",
    "MRAcquisitionType": "2D",
    "Manufacturer": "SIEMENS",
    "Modality": "MR",
    "PatientName": "MP02312",
    "PatientPosition": "HFS",
    "PhaseEncodingDirection": "j-",
    "RepetitionTime": 3.36,
    "ScanOptions": "FS",
    "ScanningSequence": "RM",
    "SequenceName": "ep2d_2i2d1",
    "SequenceVariant": "SP\\OSP",
    "SeriesDescription": "nc_epi2d_v2i_3mm_OFC_64ch",
    "SeriesNumber": 9,
    "SliceThickness": 2.5,
    "SliceTiming": [
      0,
      0,
      0,
      0,
      0,
      0,
      0,
      0,
      0,
      0,
      0,
      0,
      0,
      0,
      0,
      0,
      0,
      0,
      0,
      0,
      0,
      0,
      0,
      0,
      0,
      0,
      0,
      0,
      0,
      0,
      0,
      0,
      0,
      0,
      0,
      0,
      0,
      0,
      0,
      0,
      0,
      0,
      0,
      0,
      0,
      0,
      0,
      0
    ],
    "SoftwareVersion": "syngo MR E11",
    "TaskName": "visual detection and discrimination",
    "TotalReadoutTime": 0.030625,
    "dataset": "ds003669",
    "deltaTE": 0,
    "modality": "bold",
    "run_id": 4,
    "subject_id": "MP02312",
    "task_id": "detectdiscrim"
  },
  "dummy_trs": 2,
  "dvars_nstd": 31.647825303977903,
  "dvars_std": 1.3761389308839773,
  "dvars_vstd": 1.0443678930939233,
  "efc": 0.5985526980846128,
  "fber": 162.09701538085938,
  "fd_mean": 0.10169105928821813,
  "fd_num": 19,
  "fd_perc": 10.43956043956044,
  "fwhm_avg": 2.473456666666667,
  "fwhm_x": 2.331446666666667,
  "fwhm_y": 2.4713766666666666,
  "fwhm_z": 2.6175466666666667,
  "gcor": 0.0415682,
  "gsr_x": 0.012601306661963463,
  "gsr_y": 0.025804512202739716,
  "provenance": {
    "md5sum": "8c1342753ea9c81f3c54653939550d40",
    "settings": {
      "fd_thres": 0.2,
      "testing": false
    },
    "software": "mriqc",
    "version": "21.0.0rc2",
    "webapi_port": null,
    "webapi_url": "https://mriqc.nimh.nih.gov/api/v1"
  },
  "size_t": 182,
  "size_x": 64,
  "size_y": 64,
  "size_z": 48,
  "snr": 2.3072601373725794,
  "spacing_tr": 0.07000000029802322,
  "spacing_x": 3.0,
  "spacing_y": 3.0,
  "spacing_z": 3.0,
  "summary_bg_k": 43.85170641289188,
  "summary_bg_mad": 13.595951673011346,
  "summary_bg_mean": 99.58194732666016,
  "summary_bg_median": 57.76923370361328,
  "summary_bg_n": 109520.0,
  "summary_bg_p05": 47.120880126953125,
  "summary_bg_p95": 298.6263732910156,
  "summary_bg_stdv": 121.86715698242188,
  "summary_fg_k": 1.7455109595446334,
  "summary_fg_mad": 300.0680925460547,
  "summary_fg_mean": 821.9511108398438,
  "summary_fg_median": 755.32421875,
  "summary_fg_n": 41906.0,
  "summary_fg_p05": 426.5851745605469,
  "summary_fg_p95": 1461.0481567382812,
  "summary_fg_stdv": 327.36456298828125,
  "tsnr": 60.27415457298048
}