{
  "aor": 0.0037465384615384613,
  "aqi": 0.00418563010989011,
  "bids_meta": {
    "AcquisitionDateTime": "20180814162228.310000",
    "ConversionSoftware": "dicm2nii.m 20180808",
    "DeviceSerialNumber": "167032",
    "EchoTime": 0.03,
    "EchoTime1": 0.03,
    "EchoTime2": 0.03,
    "EffectiveEchoSpacing": 0.00048611111,
    "FlipAngle": 90,
    "ImageType": [
      "ORIGINAL",
      "PRIMARY",
      "M",
      "ND",
      "MOSAIC"
    ],
    "InstitutionAddress": "Queen Square 12,London,Southeast,GB,WC1N 3BG",
    "InstitutionName": "FIL",
    "MRAcquisitionType": "2D",
    "Manufacturer": "SIEMENS",
    "Modality": "MR",
    "PatientName": "MP02312",
    "PatientPosition": "HFS",
    "PhaseEncodingDirection": "j-",
    "RepetitionTime": 3.36,
    "ScanOptions": "FS",
    "ScanningSequence": "RM",
    "SequenceName": "ep2d_2i2d1",
    "SequenceVariant": "SP\\OSP",
    "SeriesDescription": "nc_epi2d_v2i_3mm_OFC_64ch",
    "SeriesNumber": 8,
    "SliceThickness": 2.5,
    "SliceTiming": [
      0,
      0,
      0,
      0,
      0,
      0,
      0,
      0,
      0,
      0,
      0,
      0,
      0,
      0,
      0,
      0,
      0,
      0,
      0,
      0,
      0,
      0,
      0,
      0,
      0,
      0,
      0,
      0,
      0,
      0,
      0,
      0,
      0,
      0,
      0,
      0,
      0,
      0,
      0,
      0,
      0,
      0,
      0,
      0,
      0,
      0,
      0,
      0
    ],
    "SoftwareVersion": "syngo MR E11",
    "TaskName": "visual detection and discrimination",
    "TotalReadoutTime": 0.030625,
    "dataset": "ds003669",
    "deltaTE": 0,
    "modality": "bold",
    "run_id": 3,
    "subject_id": "MP02312",
    "task_id": "detectdiscrim"
  },
  "dummy_trs": 2,
  "dvars_nstd": 30.552982130110472,
  "dvars_std": 1.3648376637569062,
  "dvars_vstd": 1.0222245209944747,
  "efc": 0.5986881699208809,
  "fber": 161.9160919189453,
  "fd_mean": 0.08746949379022313,
  "fd_num": 15,
  "fd_perc": 8.241758241758241,
  "fwhm_avg": 2.4656155555555554,
  "fwhm_x": 2.3149833333333336,
  "fwhm_y": 2.46256,
  "fwhm_z": 2.6193033333333333,
  "gcor": 0.0298868,
  "gsr_x": 0.012178299017250538,
  "gsr_y": 0.02623336762189865,
  "provenance": {
    "md5sum": "edf9224b3617dd6a135f153dbc8e96ee",
    "settings": {
      "fd_thres": 0.2,
      "testing": false
    },
    "software": "mriqc",
    "version": "21.0.0rc2",
    "webapi_port": null,
    "webapi_url": "https://mriqc.nimh.nih.gov/api/v1"
  },
  "size_t": 182,
  "size_x": 64,
  "size_y": 64,
  "size_z": 48,
  "snr": 2.3129863241269826,
  "spacing_tr": 0.07000000029802322,
  "spacing_x": 3.0,
  "spacing_y": 3.0,
  "spacing_z": 3.0,
  "summary_bg_k": 43.67143881021924,
  "summary_bg_mad": 13.139764634800814,
  "summary_bg_mean": 99.49784851074219,
  "summary_bg_median": 57.653846740722656,
  "summary_bg_n": 109547.0,
  "summary_bg_p05": 48.0,
  "summary_bg_p95": 298.77144470214824,
  "summary_bg_stdv": 122.02764129638672,
  "summary_fg_k": 1.6670329588615056,
  "summary_fg_mad": 299.56708991038835,
  "summary_fg_mean": 819.4097290039062,
  "summary_fg_median": 753.6758422851562,
  "summary_fg_n": 41877.0,
  "summary_fg_p05": 426.015380859375,
  "summary_fg_p95": 1455.3714599609368,
  "summary_fg_stdv": 325.8414611816406,
  "tsnr": 66.65540354512632
}