{
  "bids_meta": {
    "AcquisitionDateTime": "20180831114101.522500",
    "ConversionSoftware": "dicm2nii.m 20180808",
    "DeviceSerialNumber": "167032",
    "EchoTime": 0.00334,
    "FlipAngle": 7,
    "ImageType": [
      "ORIGINAL",
      "PRIMARY",
      "M",
      "ND"
    ],
    "InstitutionAddress": "Queen Square 12,London,Southeast,GB,WC1N 3BG",
    "InstitutionName": "Functional Imaging Laboratory",
    "InversionTime": 1.1,
    "MRAcquisitionType": "3D",
    "Manufacturer": "SIEMENS",
    "Modality": "MR",
    "PatientName": "MP02341",
    "PatientPosition": "HFS",
    "PhaseEncodingDirection": "j-",
    "RepetitionTime": 2.53,
    "ScanOptions": "IR",
    "ScanningSequence": "GR\\IR",
    "SequenceName": "*tfl3d1_16ns",
    "SequenceVariant": "SK\\SP\\MP",
    "SeriesDescription": "MPRAGE_64ch_Head",
    "SeriesNumber": 2,
    "SliceThickness": 1,
    "SoftwareVersion": "syngo MR E11",
    "dataset": "ds003669",
    "modality": "T1w",
    "subject_id": "MP02341"
  },
  "cjv": 0.5401617090672266,
  "cnr": 1.5981552014852811,
  "efc": 0.6796578851786395,
  "fber": 19.499404982449697,
  "fwhm_avg": 3.959543333333333,
  "fwhm_x": 4.03442,
  "fwhm_y": 4.0617,
  "fwhm_z": 3.78251,
  "icvs_csf": 0.17974049694367836,
  "icvs_gm": 0.4336328057427282,
  "icvs_wm": 0.38662669731359345,
  "inu_med": 1.031801700592041,
  "inu_range": 0.2957428991794586,
  "provenance": {
    "md5sum": "b5f24627b95882414d2544d6e6edbcb4",
    "settings": {
      "testing": false
    },
    "software": "mriqc",
    "version": "21.0.0rc2",
    "warnings": {
      "large_rot_frame": true,
      "small_air_mask": false
    },
    "webapi_port": null,
    "webapi_url": "https://mriqc.nimh.nih.gov/api/v1"
  },
  "qi_1": 0.0,
  "qi_2": 0.0025447372190956527,
  "rpve_csf": 30.052755874519477,
  "rpve_gm": 12.624590466984568,
  "rpve_wm": 16.191061095983663,
  "size_x": 176,
  "size_y": 256,
  "size_z": 256,
  "snr_csf": 3.6554275139766714,
  "snr_gm": 7.487659974728756,
  "snr_total": 5.057530507753438,
  "snr_wm": 4.029504034554886,
  "snrd_csf": 21.483300633268787,
  "snrd_gm": 29.946655365503894,
  "snrd_total": 34.24331549215765,
  "snrd_wm": 51.29999047770028,
  "spacing_x": 1.0,
  "spacing_y": 1.0,
  "spacing_z": 1.0,
  "summary_bg_k": 1.0637112161709448,
  "summary_bg_mad": 12.771338827523836,
  "summary_bg_mean": 156.49963008071052,
  "summary_bg_median": 156.06789633631706,
  "summary_bg_n": 1701329.0,
  "summary_bg_p05": 136.00202395021915,
  "summary_bg_p95": 178.36331009864807,
  "summary_bg_stdv": 13.050319877340339,
  "summary_csf_k": 1.0748627741979089,
  "summary_csf_mad": 92.93027135086463,
  "summary_csf_mean": 410.3534403460408,
  "summary_csf_median": 418.79907896742225,
  "summary_csf_n": 3535.0,
  "summary_csf_p05": 203.2683006990701,
  "summary_csf_p95": 593.6964656539261,
  "summary_csf_stdv": 114.55290444071,
  "summary_gm_k": 1.3885991180569892,
  "summary_gm_mad": 69.2657317586881,
  "summary_gm_mean": 593.8930213934502,
  "summary_gm_median": 583.7851408086717,
  "summary_gm_n": 22172.0,
  "summary_gm_p05": 485.0265921205282,
  "summary_gm_p95": 741.575864572078,
  "summary_gm_stdv": 77.96454135365451,
  "summary_wm_k": 3.6186209376220804,
  "summary_wm_mad": 155.58495712824626,
  "summary_wm_mean": 1074.3866017991072,
  "summary_wm_median": 1000.0506500303745,
  "summary_wm_n": 137728.0,
  "summary_wm_p05": 827.9705929011106,
  "summary_wm_p95": 1629.726339643262,
  "summary_wm_stdv": 248.1811684316902,
  "tpm_overlap_csf": 0.13252469897270203,
  "tpm_overlap_gm": 0.4088468849658966,
  "tpm_overlap_wm": 0.4264058768749237,
  "wm2max": 0.3280866919544583
}