{
  "bids_meta": {
    "AcquisitionDateTime": "20180830100813.550000",
    "ConversionSoftware": "dicm2nii.m 20180808",
    "DeviceSerialNumber": "167032",
    "EchoTime": 0.00334,
    "FlipAngle": 7,
    "ImageType": [
      "ORIGINAL",
      "PRIMARY",
      "M",
      "ND"
    ],
    "InstitutionAddress": "Queen Square 12,London,Southeast,GB,WC1N 3BG",
    "InstitutionName": "Functional Imaging Laboratory",
    "InversionTime": 1.1,
    "MRAcquisitionType": "3D",
    "Manufacturer": "SIEMENS",
    "Modality": "MR",
    "PatientName": "MP02338",
    "PatientPosition": "HFS",
    "PhaseEncodingDirection": "j-",
    "RepetitionTime": 2.53,
    "ScanOptions": "IR",
    "ScanningSequence": "GR\\IR",
    "SequenceName": "*tfl3d1_16ns",
    "SequenceVariant": "SK\\SP\\MP",
    "SeriesDescription": "MPRAGE_64ch_Head",
    "SeriesNumber": 2,
    "SliceThickness": 1,
    "SoftwareVersion": "syngo MR E11",
    "dataset": "ds003669",
    "modality": "T1w",
    "subject_id": "MP02338"
  },
  "cjv": 0.5433472345531601,
  "cnr": 1.5789166398339138,
  "efc": 0.6712117207352183,
  "fber": 17.03543710171634,
  "fwhm_avg": 3.60946,
  "fwhm_x": 3.68539,
  "fwhm_y": 3.76432,
  "fwhm_z": 3.37867,
  "icvs_csf": 0.17151525424388397,
  "icvs_gm": 0.4518895296596357,
  "icvs_wm": 0.37659521609648033,
  "inu_med": 1.0767353773117065,
  "inu_range": 0.21633591651916495,
  "provenance": {
    "md5sum": "b1bf729cf3beec916bafdc1108e26551",
    "settings": {
      "testing": false
    },
    "software": "mriqc",
    "version": "21.0.0rc2",
    "warnings": {
      "large_rot_frame": true,
      "small_air_mask": false
    },
    "webapi_port": null,
    "webapi_url": "https://mriqc.nimh.nih.gov/api/v1"
  },
  "qi_1": 0.0,
  "qi_2": 0.0025149375487231672,
  "rpve_csf": 33.62229045871936,
  "rpve_gm": 13.189673639039713,
  "rpve_wm": 17.476567436608686,
  "size_x": 176,
  "size_y": 256,
  "size_z": 256,
  "snr_csf": 2.6055126701432,
  "snr_gm": 6.079641417889427,
  "snr_total": 4.224555877501772,
  "snr_wm": 3.98851354447269,
  "snrd_csf": 16.425939934109557,
  "snrd_gm": 27.133706382750074,
  "snrd_total": 30.21636476590082,
  "snrd_wm": 47.08944798084283,
  "spacing_x": 1.0,
  "spacing_y": 1.0,
  "spacing_z": 1.0,
  "summary_bg_k": 0.21244007842716428,
  "summary_bg_mad": 13.913371466417018,
  "summary_bg_mean": 173.6365911998703,
  "summary_bg_median": 173.27673114091158,
  "summary_bg_n": 2839277.0,
  "summary_bg_p05": 151.21215705946088,
  "summary_bg_p95": 197.2405343838036,
  "summary_bg_stdv": 14.039786810385161,
  "summary_csf_k": 0.8213377436218829,
  "summary_csf_mad": 142.36360446887414,
  "summary_csf_mean": 364.5229096611786,
  "summary_csf_median": 348.8437092117965,
  "summary_csf_n": 3322.0,
  "summary_csf_p05": 184.67210610955954,
  "summary_csf_p95": 598.3521473120898,
  "summary_csf_stdv": 133.86662985103996,
  "summary_gm_k": 3.8368414422581303,
  "summary_gm_mad": 79.7120240263475,
  "summary_gm_mean": 591.6965215900716,
  "summary_gm_median": 576.2484714537859,
  "summary_gm_n": 19396.0,
  "summary_gm_p05": 469.1654625572264,
  "summary_gm_p95": 768.4755994481966,
  "summary_gm_stdv": 94.78085578191484,
  "summary_wm_k": 4.757693724919172,
  "summary_wm_mad": 150.56255551158415,
  "summary_wm_mean": 1070.1518892573063,
  "summary_wm_median": 1000.0558728612959,
  "summary_wm_n": 105604.0,
  "summary_wm_p05": 823.6509995721281,
  "summary_wm_p95": 1642.0986698387185,
  "summary_wm_stdv": 250.73279224594432,
  "tpm_overlap_csf": 0.1346936672925949,
  "tpm_overlap_gm": 0.41064661741256714,
  "tpm_overlap_wm": 0.41362395882606506,
  "wm2max": 0.30633790766914204
}