{
  "aor": 0.0015738461538461544,
  "aqi": 0.00440020521978022,
  "bids_meta": {
    "AcquisitionDateTime": "20181022114159.947500",
    "ConversionSoftware": "dicm2nii.m 20180808",
    "DeviceSerialNumber": "167032",
    "EchoTime": 0.03,
    "EchoTime1": 0.03,
    "EchoTime2": 0.03,
    "EffectiveEchoSpacing": 0.00052083333,
    "FlipAngle": 90,
    "ImageType": [
      "ORIGINAL",
      "PRIMARY",
      "M",
      "ND",
      "MOSAIC"
    ],
    "InstitutionAddress": "Queen Square 12,London,Southeast,GB,WC1N 3BG",
    "InstitutionName": "Functional Imaging Laboratory",
    "MRAcquisitionType": "2D",
    "Manufacturer": "SIEMENS",
    "Modality": "MR",
    "PatientName": "MP02425",
    "PatientPosition": "HFS",
    "PhaseEncodingDirection": "j-",
    "RepetitionTime": 3.36,
    "ScanOptions": "FS",
    "ScanningSequence": "RM",
    "SequenceName": "ep2d_2i2d1",
    "SequenceVariant": "SP\\OSP",
    "SeriesDescription": "nc_epi2d_v2i_3mm_OFC_64ch",
    "SeriesNumber": 9,
    "SliceThickness": 2.5,
    "SliceTiming": [
      0,
      0.07,
      0.14,
      0.21,
      0.28,
      0.35,
      0.42,
      0.49,
      0.56,
      0.63,
      0.7,
      0.77,
      0.84,
      0.91,
      0.98,
      1.05,
      1.12,
      1.19,
      1.26,
      1.33,
      1.4,
      1.47,
      1.54,
      1.61,
      1.68,
      1.75,
      1.82,
      1.89,
      1.96,
      2.03,
      2.1,
      2.17,
      2.24,
      2.31,
      2.38,
      2.45,
      2.52,
      2.59,
      2.66,
      2.73,
      2.8,
      2.87,
      2.94,
      3.01,
      3.08,
      3.15,
      3.22,
      3.29
    ],
    "SoftwareVersion": "syngo MR E11",
    "TaskName": "visual detection and discrimination",
    "TotalReadoutTime": 0.0328125,
    "dataset": "ds003669",
    "deltaTE": 0,
    "modality": "bold",
    "run_id": 4,
    "subject_id": "MP02425",
    "task_id": "detectdiscrim"
  },
  "dummy_trs": 2,
  "dvars_nstd": 25.336286734806613,
  "dvars_std": 1.284403324530386,
  "dvars_vstd": 0.94215925762431,
  "efc": 0.5679261251740377,
  "fber": 198.78396606445312,
  "fd_mean": 0.056708527526155565,
  "fd_num": 2,
  "fd_perc": 1.098901098901099,
  "fwhm_avg": 2.6179888888888887,
  "fwhm_x": 2.4915,
  "fwhm_y": 2.66113,
  "fwhm_z": 2.7013366666666667,
  "gcor": 0.00952512,
  "gsr_x": -0.008336520753800869,
  "gsr_y": 0.034386929124593735,
  "provenance": {
    "md5sum": "92f3326c6547b9a28387849d3747d6d0",
    "settings": {
      "fd_thres": 0.2,
      "testing": false
    },
    "software": "mriqc",
    "version": "21.0.0rc2",
    "webapi_port": null,
    "webapi_url": "https://mriqc.nimh.nih.gov/api/v1"
  },
  "size_t": 182,
  "size_x": 64,
  "size_y": 64,
  "size_z": 48,
  "snr": 2.6449740237711175,
  "spacing_tr": 0.07000000029802322,
  "spacing_x": 3.0,
  "spacing_y": 3.0,
  "spacing_z": 3.0,
  "summary_bg_k": 30.796912237989744,
  "summary_bg_mad": 8.879319300903628,
  "summary_bg_mean": 90.89713287353516,
  "summary_bg_median": 54.43406677246094,
  "summary_bg_n": 122552.0,
  "summary_bg_p05": 48.07143020629883,
  "summary_bg_p95": 269.8835144042968,
  "summary_bg_stdv": 97.73152923583984,
  "summary_fg_k": 0.8637715651910751,
  "summary_fg_mad": 293.4860137576909,
  "summary_fg_mean": 838.2960815429688,
  "summary_fg_median": 790.162109375,
  "summary_fg_n": 32816.0,
  "summary_fg_p05": 446.82281494140625,
  "summary_fg_p95": 1394.6896362304688,
  "summary_fg_stdv": 298.7364196777344,
  "tsnr": 66.85735550243407
}