{
  "aor": 0.000996923076923077,
  "aqi": 0.004133612472527473,
  "bids_meta": {
    "AcquisitionDateTime": "20181022113055.730000",
    "ConversionSoftware": "dicm2nii.m 20180808",
    "DeviceSerialNumber": "167032",
    "EchoTime": 0.03,
    "EchoTime1": 0.03,
    "EchoTime2": 0.03,
    "EffectiveEchoSpacing": 0.00048611111,
    "FlipAngle": 90,
    "ImageType": [
      "ORIGINAL",
      "PRIMARY",
      "M",
      "ND",
      "MOSAIC"
    ],
    "InstitutionAddress": "Queen Square 12,London,Southeast,GB,WC1N 3BG",
    "InstitutionName": "Functional Imaging Laboratory",
    "MRAcquisitionType": "2D",
    "Manufacturer": "SIEMENS",
    "Modality": "MR",
    "PatientName": "MP02425",
    "PatientPosition": "HFS",
    "PhaseEncodingDirection": "j-",
    "RepetitionTime": 3.36,
    "ScanOptions": "FS",
    "ScanningSequence": "RM",
    "SequenceName": "ep2d_2i2d1",
    "SequenceVariant": "SP\\OSP",
    "SeriesDescription": "nc_epi2d_v2i_3mm_OFC_64ch",
    "SeriesNumber": 8,
    "SliceThickness": 2.5,
    "SliceTiming": [
      0,
      0.07,
      0.14,
      0.21,
      0.28,
      0.35,
      0.42,
      0.49,
      0.56,
      0.63,
      0.7,
      0.77,
      0.84,
      0.91,
      0.98,
      1.05,
      1.12,
      1.19,
      1.26,
      1.33,
      1.4,
      1.47,
      1.54,
      1.61,
      1.68,
      1.75,
      1.82,
      1.89,
      1.96,
      2.03,
      2.1,
      2.17,
      2.24,
      2.31,
      2.38,
      2.45,
      2.52,
      2.59,
      2.66,
      2.73,
      2.8,
      2.87,
      2.94,
      3.01,
      3.08,
      3.15,
      3.22,
      3.29
    ],
    "SoftwareVersion": "syngo MR E11",
    "TaskName": "visual detection and discrimination",
    "TotalReadoutTime": 0.030625,
    "dataset": "ds003669",
    "deltaTE": 0,
    "modality": "bold",
    "run_id": 3,
    "subject_id": "MP02425",
    "task_id": "detectdiscrim"
  },
  "dummy_trs": 2,
  "dvars_nstd": 26.02348319215471,
  "dvars_std": 1.3522130530939223,
  "dvars_vstd": 0.9578407791160218,
  "efc": 0.5672353498088449,
  "fber": 198.83067321777344,
  "fd_mean": 0.059151769811321864,
  "fd_num": 2,
  "fd_perc": 1.098901098901099,
  "fwhm_avg": 2.631332222222222,
  "fwhm_x": 2.5000466666666665,
  "fwhm_y": 2.685513333333333,
  "fwhm_z": 2.708436666666667,
  "gcor": 0.0194114,
  "gsr_x": -0.008668256923556328,
  "gsr_y": 0.03432008624076843,
  "provenance": {
    "md5sum": "efd5afb008a4d29e7f612e93a7192c61",
    "settings": {
      "fd_thres": 0.2,
      "testing": false
    },
    "software": "mriqc",
    "version": "21.0.0rc2",
    "webapi_port": null,
    "webapi_url": "https://mriqc.nimh.nih.gov/api/v1"
  },
  "size_t": 182,
  "size_x": 64,
  "size_y": 64,
  "size_z": 48,
  "snr": 2.641865672998777,
  "spacing_tr": 0.07000000029802322,
  "spacing_x": 3.0,
  "spacing_y": 3.0,
  "spacing_z": 3.0,
  "summary_bg_k": 31.749849339160036,
  "summary_bg_mad": 9.52286766073378,
  "summary_bg_mean": 90.31973266601562,
  "summary_bg_median": 54.43955993652344,
  "summary_bg_n": 122478.0,
  "summary_bg_p05": 46.906593322753906,
  "summary_bg_p95": 266.58325195312494,
  "summary_bg_stdv": 96.90702819824219,
  "summary_fg_k": 0.8018896593344178,
  "summary_fg_mad": 292.8139381548564,
  "summary_fg_mean": 837.2568969726562,
  "summary_fg_median": 789.2252807617188,
  "summary_fg_n": 32852.0,
  "summary_fg_p05": 444.4316101074219,
  "summary_fg_p95": 1393.434631347656,
  "summary_fg_stdv": 298.7333068847656,
  "tsnr": 67.86817253381014
}