{
  "aor": 0.0020109340659340657,
  "aqi": 0.005438467307692308,
  "bids_meta": {
    "AcquisitionDateTime": "20180830122312.352500",
    "ConversionSoftware": "dicm2nii.m 20180808",
    "DeviceSerialNumber": "167032",
    "EchoTime": 0.03,
    "EchoTime1": 0.03,
    "EchoTime2": 0.03,
    "EffectiveEchoSpacing": 0.00048611111,
    "FlipAngle": 90,
    "ImageType": [
      "ORIGINAL",
      "PRIMARY",
      "M",
      "ND",
      "MOSAIC"
    ],
    "InstitutionAddress": "Queen Square 12,London,Southeast,GB,WC1N 3BG",
    "InstitutionName": "Functional Imaging Laboratory",
    "MRAcquisitionType": "2D",
    "Manufacturer": "SIEMENS",
    "Modality": "MR",
    "PatientName": "MP02339",
    "PatientPosition": "HFS",
    "PhaseEncodingDirection": "j-",
    "RepetitionTime": 3.36,
    "ScanOptions": "FS",
    "ScanningSequence": "RM",
    "SequenceName": "ep2d_2i2d1",
    "SequenceVariant": "SP\\OSP",
    "SeriesDescription": "nc_epi2d_v2i_3mm_OFC_64ch",
    "SeriesNumber": 8,
    "SliceThickness": 2.5,
    "SliceTiming": [
      0,
      0,
      0,
      0,
      0,
      0,
      0,
      0,
      0,
      0,
      0,
      0,
      0,
      0,
      0,
      0,
      0,
      0,
      0,
      0,
      0,
      0,
      0,
      0,
      0,
      0,
      0,
      0,
      0,
      0,
      0,
      0,
      0,
      0,
      0,
      0,
      0,
      0,
      0,
      0,
      0,
      0,
      0,
      0,
      0,
      0,
      0,
      0
    ],
    "SoftwareVersion": "syngo MR E11",
    "TaskName": "visual detection and discrimination",
    "TotalReadoutTime": 0.030625,
    "dataset": "ds003669",
    "deltaTE": 0,
    "modality": "bold",
    "run_id": 3,
    "subject_id": "MP02339",
    "task_id": "detectdiscrim"
  },
  "dummy_trs": 2,
  "dvars_nstd": 29.922752928453026,
  "dvars_std": 1.3253576282872925,
  "dvars_vstd": 0.9506439972928176,
  "efc": 0.6149541409466573,
  "fber": 151.8302459716797,
  "fd_mean": 0.07168393872522677,
  "fd_num": 2,
  "fd_perc": 1.098901098901099,
  "fwhm_avg": 2.525892222222222,
  "fwhm_x": 2.309833333333333,
  "fwhm_y": 2.604976666666667,
  "fwhm_z": 2.6628666666666665,
  "gcor": 0.0132803,
  "gsr_x": 0.03442838415503502,
  "gsr_y": 0.04302701726555824,
  "provenance": {
    "md5sum": "dbed3daaf2f7bb395dbfabaa7e2d046d",
    "settings": {
      "fd_thres": 0.2,
      "testing": false
    },
    "software": "mriqc",
    "version": "21.0.0rc2",
    "webapi_port": null,
    "webapi_url": "https://mriqc.nimh.nih.gov/api/v1"
  },
  "size_t": 182,
  "size_x": 64,
  "size_y": 64,
  "size_z": 48,
  "snr": 2.407301070904213,
  "spacing_tr": 0.07000000029802322,
  "spacing_x": 3.0,
  "spacing_y": 3.0,
  "spacing_z": 3.0,
  "summary_bg_k": 21.973142676557757,
  "summary_bg_mad": 13.970668660571956,
  "summary_bg_mean": 104.38445281982422,
  "summary_bg_median": 58.895606994628906,
  "summary_bg_n": 105368.0,
  "summary_bg_p05": 47.868133544921875,
  "summary_bg_p95": 319.44314575195307,
  "summary_bg_stdv": 117.77677154541016,
  "summary_fg_k": 1.2089744404743161,
  "summary_fg_mad": 292.89547041797124,
  "summary_fg_mean": 820.5469970703125,
  "summary_fg_median": 758.6099243164062,
  "summary_fg_n": 43431.0,
  "summary_fg_p05": 425.0961608886719,
  "summary_fg_p95": 1430.8654174804688,
  "summary_fg_stdv": 315.12518310546875,
  "tsnr": 56.149998251348734
}