{
  "aor": 0.009649010989010989,
  "aqi": 0.0050668363736263745,
  "bids_meta": {
    "AcquisitionDateTime": "20180830124621.525000",
    "ConversionSoftware": "dicm2nii.m 20180808",
    "DeviceSerialNumber": "167032",
    "EchoTime": 0.03,
    "EchoTime1": 0.03,
    "EchoTime2": 0.03,
    "EffectiveEchoSpacing": 0.00048611111,
    "FlipAngle": 90,
    "ImageType": [
      "ORIGINAL",
      "PRIMARY",
      "M",
      "ND",
      "MOSAIC"
    ],
    "InstitutionAddress": "Queen Square 12,London,Southeast,GB,WC1N 3BG",
    "InstitutionName": "Functional Imaging Laboratory",
    "MRAcquisitionType": "2D",
    "Manufacturer": "SIEMENS",
    "Modality": "MR",
    "PatientName": "MP02339",
    "PatientPosition": "HFS",
    "PhaseEncodingDirection": "j-",
    "RepetitionTime": 3.36,
    "ScanOptions": "FS",
    "ScanningSequence": "RM",
    "SequenceName": "ep2d_2i2d1",
    "SequenceVariant": "SP\\OSP",
    "SeriesDescription": "nc_epi2d_v2i_3mm_OFC_64ch",
    "SeriesNumber": 10,
    "SliceThickness": 2.5,
    "SliceTiming": [
      0,
      0,
      0,
      0,
      0,
      0,
      0,
      0,
      0,
      0,
      0,
      0,
      0,
      0,
      0,
      0,
      0,
      0,
      0,
      0,
      0,
      0,
      0,
      0,
      0,
      0,
      0,
      0,
      0,
      0,
      0,
      0,
      0,
      0,
      0,
      0,
      0,
      0,
      0,
      0,
      0,
      0,
      0,
      0,
      0,
      0,
      0,
      0
    ],
    "SoftwareVersion": "syngo MR E11",
    "TaskName": "visual detection and discrimination",
    "TotalReadoutTime": 0.030625,
    "dataset": "ds003669",
    "deltaTE": 0,
    "modality": "bold",
    "run_id": 5,
    "subject_id": "MP02339",
    "task_id": "detectdiscrim"
  },
  "dummy_trs": 2,
  "dvars_nstd": 30.218919732486164,
  "dvars_std": 1.3713829359668512,
  "dvars_vstd": 1.018040233867403,
  "efc": 0.6149887429561877,
  "fber": 151.52444458007812,
  "fd_mean": 0.07705658766847837,
  "fd_num": 8,
  "fd_perc": 4.395604395604396,
  "fwhm_avg": 2.523944444444444,
  "fwhm_x": 2.3195166666666664,
  "fwhm_y": 2.58983,
  "fwhm_z": 2.6624866666666667,
  "gcor": 0.0174663,
  "gsr_x": 0.03931039571762085,
  "gsr_y": 0.04365765303373337,
  "provenance": {
    "md5sum": "9f02a638a323cf43482711d8229c7f91",
    "settings": {
      "fd_thres": 0.2,
      "testing": false
    },
    "software": "mriqc",
    "version": "21.0.0rc2",
    "webapi_port": null,
    "webapi_url": "https://mriqc.nimh.nih.gov/api/v1"
  },
  "size_t": 182,
  "size_x": 64,
  "size_y": 64,
  "size_z": 48,
  "snr": 2.417020639739676,
  "spacing_tr": 0.07000000029802322,
  "spacing_x": 3.0,
  "spacing_y": 3.0,
  "spacing_z": 3.0,
  "summary_bg_k": 20.24763557562487,
  "summary_bg_mad": 15.086698068742626,
  "summary_bg_mean": 107.3095932006836,
  "summary_bg_median": 59.43406677246094,
  "summary_bg_n": 106084.0,
  "summary_bg_p05": 46.82417678833008,
  "summary_bg_p95": 334.15359039306605,
  "summary_bg_stdv": 123.71162414550781,
  "summary_fg_k": 1.2504143305350723,
  "summary_fg_mad": 292.37406209381174,
  "summary_fg_mean": 823.9970092773438,
  "summary_fg_median": 762.6154174804688,
  "summary_fg_n": 43233.0,
  "summary_fg_p05": 428.3901062011719,
  "summary_fg_p95": 1431.2890625000002,
  "summary_fg_stdv": 315.51513671875,
  "tsnr": 59.01890732999891
}