{
  "aor": 0.0020182967032967036,
  "aqi": 0.005179176098901099,
  "bids_meta": {
    "AcquisitionDateTime": "20180830115121.922500",
    "ConversionSoftware": "dicm2nii.m 20180808",
    "DeviceSerialNumber": "167032",
    "EchoTime": 0.03,
    "EchoTime1": 0.03,
    "EchoTime2": 0.03,
    "EffectiveEchoSpacing": 0.00048611111,
    "FlipAngle": 90,
    "ImageType": [
      "ORIGINAL",
      "PRIMARY",
      "M",
      "ND",
      "MOSAIC"
    ],
    "InstitutionAddress": "Queen Square 12,London,Southeast,GB,WC1N 3BG",
    "InstitutionName": "Functional Imaging Laboratory",
    "MRAcquisitionType": "2D",
    "Manufacturer": "SIEMENS",
    "Modality": "MR",
    "PatientName": "MP02339",
    "PatientPosition": "HFS",
    "PhaseEncodingDirection": "j-",
    "RepetitionTime": 3.36,
    "ScanOptions": "FS",
    "ScanningSequence": "RM",
    "SequenceName": "ep2d_2i2d1",
    "SequenceVariant": "SP\\OSP",
    "SeriesDescription": "nc_epi2d_v2i_3mm_OFC_64ch",
    "SeriesNumber": 6,
    "SliceThickness": 2.5,
    "SliceTiming": [
      0,
      0.07,
      0.14,
      0.21,
      0.28,
      0.35,
      0.42,
      0.49,
      0.56,
      0.63,
      0.7,
      0.77,
      0.84,
      0.91,
      0.98,
      1.05,
      1.12,
      1.19,
      1.26,
      1.33,
      1.4,
      1.47,
      1.54,
      1.61,
      1.68,
      1.75,
      1.82,
      1.89,
      1.96,
      2.03,
      2.1,
      2.17,
      2.24,
      2.31,
      2.38,
      2.45,
      2.52,
      2.59,
      2.66,
      2.73,
      2.8,
      2.87,
      2.94,
      3.01,
      3.08,
      3.15,
      3.22,
      3.29
    ],
    "SoftwareVersion": "syngo MR E11",
    "TaskName": "visual detection and discrimination",
    "TotalReadoutTime": 0.030625,
    "dataset": "ds003669",
    "deltaTE": 0,
    "modality": "bold",
    "run_id": 1,
    "subject_id": "MP02339",
    "task_id": "detectdiscrim"
  },
  "dummy_trs": 2,
  "dvars_nstd": 27.32719065165747,
  "dvars_std": 1.2692700183425414,
  "dvars_vstd": 0.9418699016574589,
  "efc": 0.61492021652217,
  "fber": 153.3021697998047,
  "fd_mean": 0.06471885509084661,
  "fd_num": 3,
  "fd_perc": 1.6483516483516483,
  "fwhm_avg": 2.53821,
  "fwhm_x": 2.3097233333333334,
  "fwhm_y": 2.605663333333333,
  "fwhm_z": 2.6992433333333334,
  "gcor": 0.0179459,
  "gsr_x": 0.03210143372416496,
  "gsr_y": 0.043562598526477814,
  "provenance": {
    "md5sum": "bb9753ba3215f8a7dd3b07e5bc5275c5",
    "settings": {
      "fd_thres": 0.2,
      "testing": false
    },
    "software": "mriqc",
    "version": "21.0.0rc2",
    "webapi_port": null,
    "webapi_url": "https://mriqc.nimh.nih.gov/api/v1"
  },
  "size_t": 182,
  "size_x": 64,
  "size_y": 64,
  "size_z": 48,
  "snr": 2.4081533764025425,
  "spacing_tr": 0.07000000029802322,
  "spacing_x": 3.0,
  "spacing_y": 3.0,
  "spacing_z": 3.0,
  "summary_bg_k": 21.755958637700083,
  "summary_bg_mad": 13.612240027462702,
  "summary_bg_mean": 104.80839538574219,
  "summary_bg_median": 58.81318664550781,
  "summary_bg_n": 105389.0,
  "summary_bg_p05": 48.46703338623047,
  "summary_bg_p95": 323.4494628906246,
  "summary_bg_stdv": 118.7030258178711,
  "summary_fg_k": 1.2329331685116403,
  "summary_fg_mad": 295.15185996377426,
  "summary_fg_mean": 824.3493041992188,
  "summary_fg_median": 762.0879516601562,
  "summary_fg_n": 43175.0,
  "summary_fg_p05": 427.22967529296875,
  "summary_fg_p95": 1440.2209472656243,
  "summary_fg_stdv": 316.4578857421875,
  "tsnr": 61.73109716665931
}