{
  "aor": 0.010469726775956284,
  "aqi": 0.007229666174863389,
  "bids_meta": {
    "AcquisitionDateTime": "20180821130419.912500",
    "ConversionSoftware": "dicm2nii.m 20180808",
    "DeviceSerialNumber": "167032",
    "EchoTime": 0.03,
    "EchoTime1": 0.03,
    "EchoTime2": 0.03,
    "EffectiveEchoSpacing": 0.00052083333,
    "FlipAngle": 90,
    "ImageType": [
      "ORIGINAL",
      "PRIMARY",
      "M",
      "ND",
      "MOSAIC"
    ],
    "InstitutionAddress": "Queen Square 12,London,Southeast,GB,WC1N 3BG",
    "InstitutionName": "Functional Imaging Laboratory",
    "MRAcquisitionType": "2D",
    "Manufacturer": "SIEMENS",
    "Modality": "MR",
    "PatientName": "MP02320",
    "PatientPosition": "HFS",
    "PhaseEncodingDirection": "j-",
    "RepetitionTime": 3.36,
    "ScanOptions": "FS",
    "ScanningSequence": "RM",
    "SequenceName": "ep2d_2i2d1",
    "SequenceVariant": "SP\\OSP",
    "SeriesDescription": "nc_epi2d_v2i_3mm_OFC_64ch",
    "SeriesNumber": 11,
    "SliceThickness": 2.5,
    "SliceTiming": [
      0,
      0.07,
      0.14,
      0.21,
      0.28,
      0.35,
      0.42,
      0.49,
      0.56,
      0.63,
      0.7,
      0.77,
      0.84,
      0.91,
      0.98,
      1.05,
      1.12,
      1.19,
      1.26,
      1.33,
      1.4,
      1.47,
      1.54,
      1.61,
      1.68,
      1.75,
      1.82,
      1.89,
      1.96,
      2.03,
      2.1,
      2.17,
      2.24,
      2.31,
      2.38,
      2.45,
      2.52,
      2.59,
      2.66,
      2.73,
      2.8,
      2.87,
      2.94,
      3.01,
      3.08,
      3.15,
      3.22,
      3.29
    ],
    "SoftwareVersion": "syngo MR E11",
    "TaskName": "visual detection and discrimination",
    "TotalReadoutTime": 0.0328125,
    "dataset": "ds003669",
    "deltaTE": 0,
    "modality": "bold",
    "run_id": 5,
    "subject_id": "MP02320",
    "task_id": "detectdiscrim"
  },
  "dummy_trs": 1,
  "dvars_nstd": 43.824304255659335,
  "dvars_std": 1.3020571865384611,
  "dvars_vstd": 1.036067262362637,
  "efc": 0.5979091729830868,
  "fber": 145.49534606933594,
  "fd_mean": 0.2760979753836904,
  "fd_num": 77,
  "fd_perc": 42.076502732240435,
  "fwhm_avg": 2.673273333333333,
  "fwhm_x": 2.5378866666666666,
  "fwhm_y": 2.756436666666667,
  "fwhm_z": 2.7254966666666665,
  "gcor": 0.0142612,
  "gsr_x": -0.011767659336328506,
  "gsr_y": 0.05198825150728226,
  "provenance": {
    "md5sum": "d68af94e92eee106151cf4bbf2e8fe7c",
    "settings": {
      "fd_thres": 0.2,
      "testing": false
    },
    "software": "mriqc",
    "version": "21.0.0rc2",
    "webapi_port": null,
    "webapi_url": "https://mriqc.nimh.nih.gov/api/v1"
  },
  "size_t": 183,
  "size_x": 64,
  "size_y": 64,
  "size_z": 48,
  "snr": 2.3392487978766967,
  "spacing_tr": 0.07000000029802322,
  "spacing_x": 3.0,
  "spacing_y": 3.0,
  "spacing_z": 3.0,
  "summary_bg_k": 30.78252492359544,
  "summary_bg_mad": 10.353907422792018,
  "summary_bg_mean": 88.06517791748047,
  "summary_bg_median": 54.13114547729492,
  "summary_bg_n": 111515.0,
  "summary_bg_p05": 44.24589920043945,
  "summary_bg_p95": 248.6508148193355,
  "summary_bg_stdv": 92.44092559814453,
  "summary_fg_k": 1.5711448110587396,
  "summary_fg_mad": 264.94827381376774,
  "summary_fg_mean": 728.5663452148438,
  "summary_fg_median": 674.3278198242188,
  "summary_fg_n": 40975.0,
  "summary_fg_p05": 370.0169342041016,
  "summary_fg_p95": 1290.8316284179687,
  "summary_fg_stdv": 288.2633056640625,
  "tsnr": 42.948413321748376
}