{
  "aor": 0.020390382513661202,
  "aqi": 0.008742415245901641,
  "bids_meta": {
    "AcquisitionDateTime": "20180821122840.700000",
    "ConversionSoftware": "dicm2nii.m 20180808",
    "DeviceSerialNumber": "167032",
    "EchoTime": 0.03,
    "EchoTime1": 0.03,
    "EchoTime2": 0.03,
    "EffectiveEchoSpacing": 0.00048611111,
    "FlipAngle": 90,
    "ImageType": [
      "ORIGINAL",
      "PRIMARY",
      "M",
      "ND",
      "MOSAIC"
    ],
    "InstitutionAddress": "Queen Square 12,London,Southeast,GB,WC1N 3BG",
    "InstitutionName": "Functional Imaging Laboratory",
    "MRAcquisitionType": "2D",
    "Manufacturer": "SIEMENS",
    "Modality": "MR",
    "PatientName": "MP02320",
    "PatientPosition": "HFS",
    "PhaseEncodingDirection": "j-",
    "RepetitionTime": 3.36,
    "ScanOptions": "FS",
    "ScanningSequence": "RM",
    "SequenceName": "ep2d_2i2d1",
    "SequenceVariant": "SP\\OSP",
    "SeriesDescription": "nc_epi2d_v2i_3mm_OFC_64ch",
    "SeriesNumber": 7,
    "SliceThickness": 2.5,
    "SliceTiming": [
      0,
      0.07,
      0.14,
      0.21,
      0.28,
      0.35,
      0.42,
      0.49,
      0.56,
      0.63,
      0.7,
      0.77,
      0.84,
      0.91,
      0.98,
      1.05,
      1.12,
      1.19,
      1.26,
      1.33,
      1.4,
      1.47,
      1.54,
      1.61,
      1.68,
      1.75,
      1.82,
      1.89,
      1.96,
      2.03,
      2.1,
      2.17,
      2.24,
      2.31,
      2.38,
      2.45,
      2.52,
      2.59,
      2.66,
      2.73,
      2.8,
      2.87,
      2.94,
      3.01,
      3.08,
      3.15,
      3.22,
      3.29
    ],
    "SoftwareVersion": "syngo MR E11",
    "TaskName": "visual detection and discrimination",
    "TotalReadoutTime": 0.030625,
    "dataset": "ds003669",
    "deltaTE": 0,
    "modality": "bold",
    "run_id": 2,
    "subject_id": "MP02320",
    "task_id": "detectdiscrim"
  },
  "dummy_trs": 1,
  "dvars_nstd": 36.04760971659341,
  "dvars_std": 1.297098026318681,
  "dvars_vstd": 1.0937181434065941,
  "efc": 0.5973841800917533,
  "fber": 146.67323303222656,
  "fd_mean": 0.2049262684991526,
  "fd_num": 37,
  "fd_perc": 20.218579234972676,
  "fwhm_avg": 2.591328888888889,
  "fwhm_x": 2.4669333333333334,
  "fwhm_y": 2.6461900000000003,
  "fwhm_z": 2.6608633333333334,
  "gcor": 0.0150167,
  "gsr_x": -0.007915225811302662,
  "gsr_y": 0.049437522888183594,
  "provenance": {
    "md5sum": "9b0ba6b90c9ec24856a02dfeed2228b2",
    "settings": {
      "fd_thres": 0.2,
      "testing": false
    },
    "software": "mriqc",
    "version": "21.0.0rc2",
    "webapi_port": null,
    "webapi_url": "https://mriqc.nimh.nih.gov/api/v1"
  },
  "size_t": 183,
  "size_x": 64,
  "size_y": 64,
  "size_z": 48,
  "snr": 2.3967622236974586,
  "spacing_tr": 0.07000000029802322,
  "spacing_x": 3.0,
  "spacing_y": 3.0,
  "spacing_z": 3.0,
  "summary_bg_k": 34.957748927590714,
  "summary_bg_mad": 11.650171997509839,
  "summary_bg_mean": 85.57219696044922,
  "summary_bg_median": 53.97814178466797,
  "summary_bg_n": 111857.0,
  "summary_bg_p05": 41.63387680053711,
  "summary_bg_p95": 239.5530029296875,
  "summary_bg_stdv": 89.61093139648438,
  "summary_fg_k": 1.5225342934188042,
  "summary_fg_mad": 260.2574539589225,
  "summary_fg_mean": 723.3798217773438,
  "summary_fg_median": 672.2185668945312,
  "summary_fg_n": 41131.0,
  "summary_fg_p05": 371.10108947753906,
  "summary_fg_p95": 1265.1174926757812,
  "summary_fg_stdv": 280.4660339355469,
  "tsnr": 38.29436250845902
}