{
  "aor": 0.007673736263736263,
  "aqi": 0.009403003461538462,
  "bids_meta": {
    "AcquisitionDateTime": "20180821125255.157500",
    "ConversionSoftware": "dicm2nii.m 20180808",
    "DeviceSerialNumber": "167032",
    "EchoTime": 0.03,
    "EchoTime1": 0.03,
    "EchoTime2": 0.03,
    "EffectiveEchoSpacing": 0.00048611111,
    "FlipAngle": 90,
    "ImageType": [
      "ORIGINAL",
      "PRIMARY",
      "M",
      "ND",
      "MOSAIC"
    ],
    "InstitutionAddress": "Queen Square 12,London,Southeast,GB,WC1N 3BG",
    "InstitutionName": "Functional Imaging Laboratory",
    "MRAcquisitionType": "2D",
    "Manufacturer": "SIEMENS",
    "Modality": "MR",
    "PatientName": "MP02320",
    "PatientPosition": "HFS",
    "PhaseEncodingDirection": "j-",
    "RepetitionTime": 3.36,
    "ScanOptions": "FS",
    "ScanningSequence": "RM",
    "SequenceName": "ep2d_2i2d1",
    "SequenceVariant": "SP\\OSP",
    "SeriesDescription": "nc_epi2d_v2i_3mm_OFC_64ch",
    "SeriesNumber": 10,
    "SliceThickness": 2.5,
    "SliceTiming": [
      0,
      0.07,
      0.14,
      0.21,
      0.28,
      0.35,
      0.42,
      0.49,
      0.56,
      0.63,
      0.7,
      0.77,
      0.84,
      0.91,
      0.98,
      1.05,
      1.12,
      1.19,
      1.26,
      1.33,
      1.4,
      1.47,
      1.54,
      1.61,
      1.68,
      1.75,
      1.82,
      1.89,
      1.96,
      2.03,
      2.1,
      2.17,
      2.24,
      2.31,
      2.38,
      2.45,
      2.52,
      2.59,
      2.66,
      2.73,
      2.8,
      2.87,
      2.94,
      3.01,
      3.08,
      3.15,
      3.22,
      3.29
    ],
    "SoftwareVersion": "syngo MR E11",
    "TaskName": "visual detection and discrimination",
    "TotalReadoutTime": 0.030625,
    "dataset": "ds003669",
    "deltaTE": 0,
    "modality": "bold",
    "run_id": 4,
    "subject_id": "MP02320",
    "task_id": "detectdiscrim"
  },
  "dummy_trs": 2,
  "dvars_nstd": 39.821648687071836,
  "dvars_std": 1.2499987335359115,
  "dvars_vstd": 1.009537574640884,
  "efc": 0.5969795714763968,
  "fber": 147.27960205078125,
  "fd_mean": 0.2413625149108581,
  "fd_num": 77,
  "fd_perc": 42.30769230769231,
  "fwhm_avg": 2.6807366666666668,
  "fwhm_x": 2.5724833333333335,
  "fwhm_y": 2.72613,
  "fwhm_z": 2.743596666666667,
  "gcor": 0.0120856,
  "gsr_x": -0.011571084149181843,
  "gsr_y": 0.055945150554180145,
  "provenance": {
    "md5sum": "c403ee2722bb1f00a3e89d239d655588",
    "settings": {
      "fd_thres": 0.2,
      "testing": false
    },
    "software": "mriqc",
    "version": "21.0.0rc2",
    "webapi_port": null,
    "webapi_url": "https://mriqc.nimh.nih.gov/api/v1"
  },
  "size_t": 182,
  "size_x": 64,
  "size_y": 64,
  "size_z": 48,
  "snr": 2.3680514261935333,
  "spacing_tr": 0.07000000029802322,
  "spacing_x": 3.0,
  "spacing_y": 3.0,
  "spacing_z": 3.0,
  "summary_bg_k": 25.089916221653283,
  "summary_bg_mad": 11.534971479516901,
  "summary_bg_mean": 88.86369323730469,
  "summary_bg_median": 54.81868362426758,
  "summary_bg_n": 112688.0,
  "summary_bg_p05": 44.21977996826172,
  "summary_bg_p95": 253.86593627929676,
  "summary_bg_stdv": 90.14143371582031,
  "summary_fg_k": 1.523609107333967,
  "summary_fg_mad": 267.00282350066107,
  "summary_fg_mean": 735.0899658203125,
  "summary_fg_median": 681.4368286132812,
  "summary_fg_n": 40452.0,
  "summary_fg_p05": 375.3406677246094,
  "summary_fg_p95": 1290.3645935058594,
  "summary_fg_stdv": 287.7591247558594,
  "tsnr": 37.758809231221676
}