{
  "bids_meta": {
    "AcquisitionDateTime": "20180821101431.417500",
    "ConversionSoftware": "dicm2nii.m 20180808",
    "DeviceSerialNumber": "167032",
    "EchoTime": 0.00334,
    "FlipAngle": 7,
    "ImageType": [
      "ORIGINAL",
      "PRIMARY",
      "M",
      "ND"
    ],
    "InstitutionAddress": "Queen Square 12,London,Southeast,GB,WC1N 3BG",
    "InstitutionName": "Functional Imaging Laboratory",
    "InversionTime": 1.1,
    "MRAcquisitionType": "3D",
    "Manufacturer": "SIEMENS",
    "Modality": "MR",
    "PatientName": "MP02319",
    "PatientPosition": "HFS",
    "PhaseEncodingDirection": "j-",
    "RepetitionTime": 2.53,
    "ScanOptions": "IR",
    "ScanningSequence": "GR\\IR",
    "SequenceName": "*tfl3d1_16ns",
    "SequenceVariant": "SK\\SP\\MP",
    "SeriesDescription": "MPRAGE_64ch_Head",
    "SeriesNumber": 2,
    "SliceThickness": 1,
    "SoftwareVersion": "syngo MR E11",
    "dataset": "ds003669",
    "modality": "T1w",
    "subject_id": "MP02319"
  },
  "cjv": 0.47298794673902617,
  "cnr": 1.5406166917596666,
  "efc": 0.6257933900150136,
  "fber": 23.907998472093155,
  "fwhm_avg": 3.9939066666666663,
  "fwhm_x": 4.07414,
  "fwhm_y": 4.04958,
  "fwhm_z": 3.858,
  "icvs_csf": 0.18222970063173324,
  "icvs_gm": 0.41610269248008463,
  "icvs_wm": 0.40166760688818215,
  "inu_med": 1.075650930404663,
  "inu_range": 0.3531568795442581,
  "provenance": {
    "md5sum": "ceaf47b5fda102748101fe2e0bab36ee",
    "settings": {
      "testing": false
    },
    "software": "mriqc",
    "version": "21.0.0rc2",
    "warnings": {
      "large_rot_frame": true,
      "small_air_mask": false
    },
    "webapi_port": null,
    "webapi_url": "https://mriqc.nimh.nih.gov/api/v1"
  },
  "qi_1": 0.0,
  "qi_2": 0.002666058699309535,
  "rpve_csf": 33.82138283873176,
  "rpve_gm": 14.780886966293304,
  "rpve_wm": 18.05178712386726,
  "size_x": 176,
  "size_y": 256,
  "size_z": 256,
  "snr_csf": 2.408520153596346,
  "snr_gm": 9.37938390992181,
  "snr_total": 5.37156864604506,
  "snr_wm": 4.326801874617025,
  "snrd_csf": 20.730768567351973,
  "snrd_gm": 35.4098986888666,
  "snrd_total": 37.48459218988831,
  "snrd_wm": 56.31310931344636,
  "spacing_x": 1.0,
  "spacing_y": 1.0,
  "spacing_z": 1.0,
  "summary_bg_k": 2.0531937667153057,
  "summary_bg_mad": 11.634929921512342,
  "summary_bg_mean": 145.84136818275053,
  "summary_bg_median": 145.46846687793732,
  "summary_bg_n": 3259242.0,
  "summary_bg_p05": 127.04565117135644,
  "summary_bg_p95": 165.7096384204924,
  "summary_bg_stdv": 11.956765794834489,
  "summary_csf_k": 0.31156276633644,
  "summary_csf_mad": 175.659063936979,
  "summary_csf_mean": 367.1609442682196,
  "summary_csf_median": 368.1692053154111,
  "summary_csf_n": 4615.0,
  "summary_csf_p05": 163.62331435605884,
  "summary_csf_p95": 649.1051819734276,
  "summary_csf_stdv": 152.8446063793272,
  "summary_gm_k": 0.7245410481224979,
  "summary_gm_mad": 63.85022517903115,
  "summary_gm_mean": 628.8138893961336,
  "summary_gm_median": 628.8640104308724,
  "summary_gm_n": 16319.0,
  "summary_gm_p05": 519.6143207173794,
  "summary_gm_p95": 738.5491485156117,
  "summary_gm_stdv": 67.0454209282192,
  "summary_wm_k": 3.5147826811992644,
  "summary_wm_mad": 111.73789406330451,
  "summary_wm_mean": 1079.60703326766,
  "summary_wm_median": 1000.095709785819,
  "summary_wm_n": 126059.0,
  "summary_wm_p05": 865.4895264543593,
  "summary_wm_p95": 1624.413830626756,
  "summary_wm_stdv": 231.13878841289957,
  "tpm_overlap_csf": 0.1514655351638794,
  "tpm_overlap_gm": 0.4096635580062866,
  "tpm_overlap_wm": 0.4497321546077728,
  "wm2max": 0.3509361094786332
}