{
  "bids_meta": {
    "AcquisitionDateTime": "20180911115337.890000",
    "ConversionSoftware": "dicm2nii.m 20180808",
    "DeviceSerialNumber": "167032",
    "EchoTime": 0.00334,
    "FlipAngle": 7,
    "ImageType": [
      "ORIGINAL",
      "PRIMARY",
      "M",
      "ND"
    ],
    "InstitutionAddress": "Queen Square 12,London,Southeast,GB,WC1N 3BG",
    "InstitutionName": "Functional Imaging Laboratory",
    "InversionTime": 1.1,
    "MRAcquisitionType": "3D",
    "Manufacturer": "SIEMENS",
    "Modality": "MR",
    "PatientName": "MP02349",
    "PatientPosition": "HFS",
    "PhaseEncodingDirection": "j-",
    "RepetitionTime": 2.53,
    "ScanOptions": "IR",
    "ScanningSequence": "GR\\IR",
    "SequenceName": "*tfl3d1_16ns",
    "SequenceVariant": "SK\\SP\\MP",
    "SeriesDescription": "MPRAGE_64ch_Head",
    "SeriesNumber": 2,
    "SliceThickness": 1,
    "SoftwareVersion": "syngo MR E11",
    "dataset": "ds003669",
    "modality": "T1w",
    "subject_id": "MP02349"
  },
  "cjv": 0.49590605606329546,
  "cnr": 1.4868071804726264,
  "efc": 0.6709478655735549,
  "fber": 20.201673282938756,
  "fwhm_avg": 4.132573333333333,
  "fwhm_x": 4.22993,
  "fwhm_y": 4.25485,
  "fwhm_z": 3.91294,
  "icvs_csf": 0.18588430529542302,
  "icvs_gm": 0.41196090013392983,
  "icvs_wm": 0.4021547945706471,
  "inu_med": 1.1329182386398315,
  "inu_range": 0.36074067354202266,
  "provenance": {
    "md5sum": "23af43d2bbaeb5c910f0bac6dca3e36f",
    "settings": {
      "testing": false
    },
    "software": "mriqc",
    "version": "21.0.0rc2",
    "warnings": {
      "large_rot_frame": true,
      "small_air_mask": false
    },
    "webapi_port": null,
    "webapi_url": "https://mriqc.nimh.nih.gov/api/v1"
  },
  "qi_1": 0.0,
  "qi_2": 0.0031522165695975065,
  "rpve_csf": 29.32930511274152,
  "rpve_gm": 12.91301806431324,
  "rpve_wm": 15.715010231369407,
  "size_x": 176,
  "size_y": 256,
  "size_z": 256,
  "snr_csf": 1.9170117971296978,
  "snr_gm": 7.467008697869283,
  "snr_total": 4.322184595453384,
  "snr_wm": 3.5825332913611723,
  "snrd_csf": 16.863417821557604,
  "snrd_gm": 30.60171290870185,
  "snrd_total": 33.73659610594273,
  "snrd_wm": 53.744657587568746,
  "spacing_x": 1.0,
  "spacing_y": 1.0,
  "spacing_z": 1.0,
  "summary_bg_k": 0.3206482652597824,
  "summary_bg_mad": 12.191002949382131,
  "summary_bg_mean": 151.69134288320737,
  "summary_bg_median": 151.3770552277565,
  "summary_bg_n": 2563763.0,
  "summary_bg_p05": 132.0586483106017,
  "summary_bg_p95": 172.33009657636285,
  "summary_bg_stdv": 12.302741331286805,
  "summary_csf_k": 1.1515142710343094,
  "summary_csf_mad": 165.3496574730956,
  "summary_csf_mean": 344.3222457804129,
  "summary_csf_median": 313.8002764619887,
  "summary_csf_n": 6512.0,
  "summary_csf_p05": 157.9651273302734,
  "summary_csf_p95": 681.6549415094778,
  "summary_csf_stdv": 163.67983859315444,
  "summary_gm_k": 1.6272844114548572,
  "summary_gm_mad": 66.53643778397718,
  "summary_gm_mean": 576.8188304857442,
  "summary_gm_median": 569.4471946656704,
  "summary_gm_n": 14453.0,
  "summary_gm_p05": 467.208241134882,
  "summary_gm_p95": 719.4571010962128,
  "summary_gm_stdv": 76.25911759312207,
  "summary_wm_k": 4.195976058103843,
  "summary_wm_mad": 147.02643316062063,
  "summary_wm_mean": 1086.7847985478534,
  "summary_wm_median": 1000.0990657880902,
  "summary_wm_n": 138796.0,
  "summary_wm_p05": 813.3544655889273,
  "summary_wm_p95": 1724.242118921131,
  "summary_wm_stdv": 279.1587353638941,
  "tpm_overlap_csf": 0.15126395225524902,
  "tpm_overlap_gm": 0.40586626529693604,
  "tpm_overlap_wm": 0.4389798641204834,
  "wm2max": 0.3551701087147732
}