{
  "bids_meta": {
    "AcquisitionDateTime": "20181011115153.265000",
    "ConversionSoftware": "dicm2nii.m 20180808",
    "DeviceSerialNumber": "167032",
    "EchoTime": 0.00334,
    "FlipAngle": 7,
    "ImageType": [
      "ORIGINAL",
      "PRIMARY",
      "M",
      "ND"
    ],
    "InstitutionAddress": "Queen Square 12,London,Southeast,GB,WC1N 3BG",
    "InstitutionName": "Functional Imaging Laboratory",
    "InversionTime": 1.1,
    "MRAcquisitionType": "3D",
    "Manufacturer": "SIEMENS",
    "Modality": "MR",
    "PatientName": "MP02408",
    "PatientPosition": "HFS",
    "PhaseEncodingDirection": "j-",
    "RepetitionTime": 2.53,
    "ScanOptions": "IR",
    "ScanningSequence": "GR\\IR",
    "SequenceName": "*tfl3d1_16ns",
    "SequenceVariant": "SK\\SP\\MP",
    "SeriesDescription": "MPRAGE_64ch_Head",
    "SeriesNumber": 2,
    "SliceThickness": 1,
    "SoftwareVersion": "syngo MR E11",
    "dataset": "ds003669",
    "modality": "T1w",
    "subject_id": "MP02408"
  },
  "cjv": 0.5405696959701579,
  "cnr": 1.7952080711735992,
  "efc": 0.6732811283428591,
  "fber": 16.65733385224697,
  "fwhm_avg": 3.6940166666666667,
  "fwhm_x": 3.93805,
  "fwhm_y": 3.73377,
  "fwhm_z": 3.41023,
  "icvs_csf": 0.2019503015981742,
  "icvs_gm": 0.4303910618682949,
  "icvs_wm": 0.36765863653353087,
  "inu_med": 1.1337900161743164,
  "inu_range": 0.28940696120262144,
  "provenance": {
    "md5sum": "ae9819efe038d9dff926974cf764075d",
    "settings": {
      "testing": false
    },
    "software": "mriqc",
    "version": "21.0.0rc2",
    "warnings": {
      "large_rot_frame": true,
      "small_air_mask": false
    },
    "webapi_port": null,
    "webapi_url": "https://mriqc.nimh.nih.gov/api/v1"
  },
  "qi_1": 0.0,
  "qi_2": 0.0025106226085615784,
  "rpve_csf": 30.493002163620833,
  "rpve_gm": 14.217573787400658,
  "rpve_wm": 18.799625070915862,
  "size_x": 176,
  "size_y": 256,
  "size_z": 256,
  "snr_csf": 3.5973219516372392,
  "snr_gm": 6.523871617259094,
  "snr_total": 4.886512317281176,
  "snr_wm": 4.538343382947194,
  "snrd_csf": 18.702201960962146,
  "snrd_gm": 27.591271427064743,
  "snrd_total": 31.47048338989155,
  "snrd_wm": 48.11797678164776,
  "spacing_x": 1.0,
  "spacing_y": 1.0,
  "spacing_z": 1.0,
  "summary_bg_k": 0.40789002499850335,
  "summary_bg_mad": 13.615210573246328,
  "summary_bg_mean": 168.50324295464964,
  "summary_bg_median": 168.12983935326338,
  "summary_bg_n": 2637465.0,
  "summary_bg_p05": 146.58657927811146,
  "summary_bg_p95": 191.7523416876793,
  "summary_bg_stdv": 13.806317211369986,
  "summary_csf_k": 3.331371136518711,
  "summary_csf_mad": 95.77744041620137,
  "summary_csf_mean": 383.88430701177253,
  "summary_csf_median": 388.67391065880656,
  "summary_csf_n": 4052.0,
  "summary_csf_p05": 204.75338148102165,
  "summary_csf_p95": 553.3614489383996,
  "summary_csf_stdv": 108.0320171991818,
  "summary_gm_k": 3.5684766539265294,
  "summary_gm_mad": 73.04260766653533,
  "summary_gm_mean": 586.1973644224246,
  "summary_gm_median": 573.4088097214699,
  "summary_gm_n": 21623.0,
  "summary_gm_p05": 477.24385523051023,
  "summary_gm_p95": 758.0455223441121,
  "summary_gm_stdv": 87.89191203851756,
  "summary_wm_k": 1.6195971226856871,
  "summary_wm_mad": 157.55966952687575,
  "summary_wm_mean": 1068.371145133841,
  "summary_wm_median": 1000.0000132471323,
  "summary_wm_n": 104343.0,
  "summary_wm_p05": 828.6935537755489,
  "summary_wm_p95": 1540.6030006557703,
  "summary_wm_stdv": 220.34366661297028,
  "tpm_overlap_csf": 0.1217757984995842,
  "tpm_overlap_gm": 0.3822055160999298,
  "tpm_overlap_wm": 0.3984142541885376,
  "wm2max": 0.31993151240858636
}