{
  "aor": 0.004439071038251366,
  "aqi": 0.010335307923497268,
  "bids_meta": {
    "AcquisitionDateTime": "20180824125013.042500",
    "ConversionSoftware": "dicm2nii.m 20180808",
    "DeviceSerialNumber": "167032",
    "EchoTime": 0.03,
    "EchoTime1": 0.03,
    "EchoTime2": 0.03,
    "EffectiveEchoSpacing": 0.00048611111,
    "FlipAngle": 90,
    "ImageType": [
      "ORIGINAL",
      "PRIMARY",
      "M",
      "ND",
      "MOSAIC"
    ],
    "InstitutionAddress": "Queen Square 12,London,Southeast,GB,WC1N 3BG",
    "InstitutionName": "Functional Imaging Laboratory",
    "MRAcquisitionType": "2D",
    "Manufacturer": "SIEMENS",
    "Modality": "MR",
    "PatientName": "MP02328",
    "PatientPosition": "HFS",
    "PhaseEncodingDirection": "j-",
    "RepetitionTime": 3.36,
    "ScanOptions": "FS",
    "ScanningSequence": "RM",
    "SequenceName": "ep2d_2i2d1",
    "SequenceVariant": "SP\\OSP",
    "SeriesDescription": "nc_epi2d_v2i_3mm_OFC_64ch",
    "SeriesNumber": 14,
    "SliceThickness": 2.5,
    "SliceTiming": [
      0,
      0.07,
      0.14,
      0.21,
      0.28,
      0.35,
      0.42,
      0.49,
      0.56,
      0.63,
      0.7,
      0.77,
      0.84,
      0.91,
      0.98,
      1.05,
      1.12,
      1.19,
      1.26,
      1.33,
      1.4,
      1.47,
      1.54,
      1.61,
      1.68,
      1.75,
      1.82,
      1.89,
      1.96,
      2.03,
      2.1,
      2.17,
      2.24,
      2.31,
      2.38,
      2.45,
      2.52,
      2.59,
      2.66,
      2.73,
      2.8,
      2.87,
      2.94,
      3.01,
      3.08,
      3.15,
      3.22,
      3.29
    ],
    "SoftwareVersion": "syngo MR E11",
    "TaskName": "visual detection and discrimination",
    "TotalReadoutTime": 0.030625,
    "dataset": "ds003669",
    "deltaTE": 0,
    "modality": "bold",
    "run_id": 5,
    "subject_id": "MP02328",
    "task_id": "detectdiscrim"
  },
  "dummy_trs": 1,
  "dvars_nstd": 29.925351824285727,
  "dvars_std": 1.171052780659341,
  "dvars_vstd": 0.9166443184615387,
  "efc": 0.6116964024044802,
  "fber": 144.2740478515625,
  "fd_mean": 0.08052940529131519,
  "fd_num": 5,
  "fd_perc": 2.73224043715847,
  "fwhm_avg": 2.5423733333333334,
  "fwhm_x": 2.4132233333333333,
  "fwhm_y": 2.5279933333333333,
  "fwhm_z": 2.6859033333333335,
  "gcor": 0.00677546,
  "gsr_x": -3.246075357310474e-05,
  "gsr_y": 0.03285679593682289,
  "provenance": {
    "md5sum": "bfa9320ffa7739a2ab1717bc7781320e",
    "settings": {
      "fd_thres": 0.2,
      "testing": false
    },
    "software": "mriqc",
    "version": "21.0.0rc2",
    "webapi_port": null,
    "webapi_url": "https://mriqc.nimh.nih.gov/api/v1"
  },
  "size_t": 183,
  "size_x": 64,
  "size_y": 64,
  "size_z": 48,
  "snr": 2.5918931704594255,
  "spacing_tr": 0.07000000029802322,
  "spacing_x": 3.0,
  "spacing_y": 3.0,
  "spacing_z": 3.0,
  "summary_bg_k": 24.3597275124882,
  "summary_bg_mad": 10.637471837889954,
  "summary_bg_mean": 88.93484497070312,
  "summary_bg_median": 55.71584701538086,
  "summary_bg_n": 109533.0,
  "summary_bg_p05": 46.928958892822266,
  "summary_bg_p95": 250.95737304687444,
  "summary_bg_stdv": 87.39826965332031,
  "summary_fg_k": 0.7122909696422912,
  "summary_fg_mad": 266.21618647151865,
  "summary_fg_mean": 737.7371826171875,
  "summary_fg_median": 698.41796875,
  "summary_fg_n": 41402.0,
  "summary_fg_p05": 374.69642944335936,
  "summary_fg_p95": 1232.629144287109,
  "summary_fg_stdv": 269.459228515625,
  "tsnr": 42.26599960180465
}