{
  "aor": 0.008331318681318681,
  "aqi": 0.013680578516483516,
  "bids_meta": {
    "AcquisitionDateTime": "20180824123701.560000",
    "ConversionSoftware": "dicm2nii.m 20180808",
    "DeviceSerialNumber": "167032",
    "EchoTime": 0.03,
    "EchoTime1": 0.03,
    "EchoTime2": 0.03,
    "EffectiveEchoSpacing": 0.00048611111,
    "FlipAngle": 90,
    "ImageType": [
      "ORIGINAL",
      "PRIMARY",
      "M",
      "ND",
      "MOSAIC"
    ],
    "InstitutionAddress": "Queen Square 12,London,Southeast,GB,WC1N 3BG",
    "InstitutionName": "Functional Imaging Laboratory",
    "MRAcquisitionType": "2D",
    "Manufacturer": "SIEMENS",
    "Modality": "MR",
    "PatientName": "MP02328",
    "PatientPosition": "HFS",
    "PhaseEncodingDirection": "j-",
    "RepetitionTime": 3.36,
    "ScanOptions": "FS",
    "ScanningSequence": "RM",
    "SequenceName": "ep2d_2i2d1",
    "SequenceVariant": "SP\\OSP",
    "SeriesDescription": "nc_epi2d_v2i_3mm_OFC_64ch",
    "SeriesNumber": 12,
    "SliceThickness": 2.5,
    "SliceTiming": [
      0,
      0.07,
      0.14,
      0.21,
      0.28,
      0.35,
      0.42,
      0.49,
      0.56,
      0.63,
      0.7,
      0.77,
      0.84,
      0.91,
      0.98,
      1.05,
      1.12,
      1.19,
      1.26,
      1.33,
      1.4,
      1.47,
      1.54,
      1.61,
      1.68,
      1.75,
      1.82,
      1.89,
      1.96,
      2.03,
      2.1,
      2.17,
      2.24,
      2.31,
      2.38,
      2.45,
      2.52,
      2.59,
      2.66,
      2.73,
      2.8,
      2.87,
      2.94,
      3.01,
      3.08,
      3.15,
      3.22,
      3.29
    ],
    "SoftwareVersion": "syngo MR E11",
    "TaskName": "visual detection and discrimination",
    "TotalReadoutTime": 0.030625,
    "dataset": "ds003669",
    "deltaTE": 0,
    "modality": "bold",
    "run_id": 4,
    "subject_id": "MP02328",
    "task_id": "detectdiscrim"
  },
  "dummy_trs": 2,
  "dvars_nstd": 28.119592013093918,
  "dvars_std": 1.1536425245856357,
  "dvars_vstd": 0.9228985874585632,
  "efc": 0.6107199120128132,
  "fber": 143.78501892089844,
  "fd_mean": 0.06803323695624781,
  "fd_num": 1,
  "fd_perc": 0.5494505494505495,
  "fwhm_avg": 2.57104,
  "fwhm_x": 2.4302466666666667,
  "fwhm_y": 2.58786,
  "fwhm_z": 2.6950133333333333,
  "gcor": 0.00403646,
  "gsr_x": 0.003027341328561306,
  "gsr_y": 0.03374373912811279,
  "provenance": {
    "md5sum": "e71d7ed3268151a7832dd6fffbedd4d7",
    "settings": {
      "fd_thres": 0.2,
      "testing": false
    },
    "software": "mriqc",
    "version": "21.0.0rc2",
    "webapi_port": null,
    "webapi_url": "https://mriqc.nimh.nih.gov/api/v1"
  },
  "size_t": 182,
  "size_x": 64,
  "size_y": 64,
  "size_z": 48,
  "snr": 2.608579340884272,
  "spacing_tr": 0.07000000029802322,
  "spacing_x": 3.0,
  "spacing_y": 3.0,
  "spacing_z": 3.0,
  "summary_bg_k": 20.723451693236672,
  "summary_bg_mad": 11.77935900875215,
  "summary_bg_mean": 90.39085388183594,
  "summary_bg_median": 56.087913513183594,
  "summary_bg_n": 110625.0,
  "summary_bg_p05": 46.010990142822266,
  "summary_bg_p95": 258.18572387695275,
  "summary_bg_stdv": 89.57943725585938,
  "summary_fg_k": 0.736012273690934,
  "summary_fg_mad": 263.4388863012755,
  "summary_fg_mean": 735.9492797851562,
  "summary_fg_median": 697.5411987304688,
  "summary_fg_n": 41264.0,
  "summary_fg_p05": 375.504948425293,
  "summary_fg_p95": 1224.7698364257812,
  "summary_fg_stdv": 267.39947509765625,
  "tsnr": 36.310763837303966
}