{
  "aor": 0.0019913186813186818,
  "aqi": 0.0041711331318681315,
  "bids_meta": {
    "AcquisitionDateTime": "20180918103850.575000",
    "ConversionSoftware": "dicm2nii.m 20180808",
    "DeviceSerialNumber": "167032",
    "EchoTime": 0.03,
    "EchoTime1": 0.03,
    "EchoTime2": 0.03,
    "EffectiveEchoSpacing": 0.00048611111,
    "FlipAngle": 90,
    "ImageType": [
      "ORIGINAL",
      "PRIMARY",
      "M",
      "ND",
      "MOSAIC"
    ],
    "InstitutionAddress": "Queen Square 12,London,Southeast,GB,WC1N 3BG",
    "InstitutionName": "Functional Imaging Laboratory",
    "MRAcquisitionType": "2D",
    "Manufacturer": "SIEMENS",
    "Modality": "MR",
    "PatientName": "MP02360",
    "PatientPosition": "HFS",
    "PhaseEncodingDirection": "j-",
    "RepetitionTime": 3.36,
    "ScanOptions": "FS",
    "ScanningSequence": "RM",
    "SequenceName": "ep2d_2i2d1",
    "SequenceVariant": "SP\\OSP",
    "SeriesDescription": "nc_epi2d_v2i_3mm_OFC_64ch",
    "SeriesNumber": 7,
    "SliceThickness": 2.5,
    "SliceTiming": [
      0,
      0.07,
      0.14,
      0.21,
      0.28,
      0.35,
      0.42,
      0.49,
      0.56,
      0.63,
      0.7,
      0.77,
      0.84,
      0.91,
      0.98,
      1.05,
      1.12,
      1.19,
      1.26,
      1.33,
      1.4,
      1.47,
      1.54,
      1.61,
      1.68,
      1.75,
      1.82,
      1.89,
      1.96,
      2.03,
      2.1,
      2.17,
      2.24,
      2.31,
      2.38,
      2.45,
      2.52,
      2.59,
      2.66,
      2.73,
      2.8,
      2.87,
      2.94,
      3.01,
      3.08,
      3.15,
      3.22,
      3.29
    ],
    "SoftwareVersion": "syngo MR E11",
    "TaskName": "visual detection and discrimination",
    "TotalReadoutTime": 0.030625,
    "dataset": "ds003669",
    "deltaTE": 0,
    "modality": "bold",
    "run_id": 2,
    "subject_id": "MP02360",
    "task_id": "detectdiscrim"
  },
  "dummy_trs": 2,
  "dvars_nstd": 28.18481075403316,
  "dvars_std": 1.2697140979005521,
  "dvars_vstd": 0.9676527838674034,
  "efc": 0.5915452942590246,
  "fber": 177.03431701660156,
  "fd_mean": 0.11626814127126232,
  "fd_num": 22,
  "fd_perc": 12.087912087912088,
  "fwhm_avg": 2.55521,
  "fwhm_x": 2.3125033333333334,
  "fwhm_y": 2.63068,
  "fwhm_z": 2.7224466666666665,
  "gcor": 0.0270141,
  "gsr_x": 0.014120347797870636,
  "gsr_y": 0.024248681962490082,
  "provenance": {
    "md5sum": "375068a24d0a30a32f54d90768993199",
    "settings": {
      "fd_thres": 0.2,
      "testing": false
    },
    "software": "mriqc",
    "version": "21.0.0rc2",
    "webapi_port": null,
    "webapi_url": "https://mriqc.nimh.nih.gov/api/v1"
  },
  "size_t": 182,
  "size_x": 64,
  "size_y": 64,
  "size_z": 48,
  "snr": 2.4832327875591953,
  "spacing_tr": 0.07000000029802322,
  "spacing_x": 3.0,
  "spacing_y": 3.0,
  "spacing_z": 3.0,
  "summary_bg_k": 42.89248005414894,
  "summary_bg_mad": 10.166416020563931,
  "summary_bg_mean": 94.1195297241211,
  "summary_bg_median": 55.41758346557617,
  "summary_bg_n": 112743.0,
  "summary_bg_p05": 47.74176025390625,
  "summary_bg_p95": 279.0406768798826,
  "summary_bg_stdv": 110.69641876220703,
  "summary_fg_k": 0.621830717598328,
  "summary_fg_mad": 286.3662835361454,
  "summary_fg_mean": 822.9437866210938,
  "summary_fg_median": 760.6154174804688,
  "summary_fg_n": 39076.0,
  "summary_fg_p05": 439.9574279785156,
  "summary_fg_p95": 1421.6553039550781,
  "summary_fg_stdv": 306.29656982421875,
  "tsnr": 65.43705101707019
}