{
  "aor": 0.002115464480874317,
  "aqi": 0.003334893114754098,
  "bids_meta": {
    "AcquisitionDateTime": "20180918110124.282500",
    "ConversionSoftware": "dicm2nii.m 20180808",
    "DeviceSerialNumber": "167032",
    "EchoTime": 0.03,
    "EchoTime1": 0.03,
    "EchoTime2": 0.03,
    "EffectiveEchoSpacing": 0.00048611111,
    "FlipAngle": 90,
    "ImageType": [
      "ORIGINAL",
      "PRIMARY",
      "M",
      "ND",
      "MOSAIC"
    ],
    "InstitutionAddress": "Queen Square 12,London,Southeast,GB,WC1N 3BG",
    "InstitutionName": "Functional Imaging Laboratory",
    "MRAcquisitionType": "2D",
    "Manufacturer": "SIEMENS",
    "Modality": "MR",
    "PatientName": "MP02360",
    "PatientPosition": "HFS",
    "PhaseEncodingDirection": "j-",
    "RepetitionTime": 3.36,
    "ScanOptions": "FS",
    "ScanningSequence": "RM",
    "SequenceName": "ep2d_2i2d1",
    "SequenceVariant": "SP\\OSP",
    "SeriesDescription": "nc_epi2d_v2i_3mm_OFC_64ch",
    "SeriesNumber": 9,
    "SliceThickness": 2.5,
    "SliceTiming": [
      0,
      0.07,
      0.14,
      0.21,
      0.28,
      0.35,
      0.42,
      0.49,
      0.56,
      0.63,
      0.7,
      0.77,
      0.84,
      0.91,
      0.98,
      1.05,
      1.12,
      1.19,
      1.26,
      1.33,
      1.4,
      1.47,
      1.54,
      1.61,
      1.68,
      1.75,
      1.82,
      1.89,
      1.96,
      2.03,
      2.1,
      2.17,
      2.24,
      2.31,
      2.38,
      2.45,
      2.52,
      2.59,
      2.66,
      2.73,
      2.8,
      2.87,
      2.94,
      3.01,
      3.08,
      3.15,
      3.22,
      3.29
    ],
    "SoftwareVersion": "syngo MR E11",
    "TaskName": "visual detection and discrimination",
    "TotalReadoutTime": 0.030625,
    "dataset": "ds003669",
    "deltaTE": 0,
    "modality": "bold",
    "run_id": 4,
    "subject_id": "MP02360",
    "task_id": "detectdiscrim"
  },
  "dummy_trs": 1,
  "dvars_nstd": 30.955092325714293,
  "dvars_std": 1.3810925933516487,
  "dvars_vstd": 0.9916567065934059,
  "efc": 0.5929800128291193,
  "fber": 176.48097229003906,
  "fd_mean": 0.10631351047654576,
  "fd_num": 21,
  "fd_perc": 11.475409836065573,
  "fwhm_avg": 2.5312311111111114,
  "fwhm_x": 2.297946666666667,
  "fwhm_y": 2.6137566666666667,
  "fwhm_z": 2.6819900000000003,
  "gcor": 0.0176075,
  "gsr_x": 0.015905654057860374,
  "gsr_y": 0.024807192385196686,
  "provenance": {
    "md5sum": "1359d96243777e984bb64e878de463b0",
    "settings": {
      "fd_thres": 0.2,
      "testing": false
    },
    "software": "mriqc",
    "version": "21.0.0rc2",
    "webapi_port": null,
    "webapi_url": "https://mriqc.nimh.nih.gov/api/v1"
  },
  "size_t": 183,
  "size_x": 64,
  "size_y": 64,
  "size_z": 48,
  "snr": 2.490825145261762,
  "spacing_tr": 0.07000000029802322,
  "spacing_x": 3.0,
  "spacing_y": 3.0,
  "spacing_z": 3.0,
  "summary_bg_k": 40.621752441196975,
  "summary_bg_mad": 10.305302520654882,
  "summary_bg_mean": 95.396240234375,
  "summary_bg_median": 55.628414154052734,
  "summary_bg_n": 112679.0,
  "summary_bg_p05": 47.96721267700195,
  "summary_bg_p95": 286.3683044433592,
  "summary_bg_stdv": 111.53450012207031,
  "summary_fg_k": 0.62573889488166,
  "summary_fg_mad": 286.79041418788705,
  "summary_fg_mean": 823.3305053710938,
  "summary_fg_median": 762.1420288085938,
  "summary_fg_n": 39135.0,
  "summary_fg_p05": 440.5027160644531,
  "summary_fg_p95": 1422.18740234375,
  "summary_fg_stdv": 305.975830078125,
  "tsnr": 74.41897403588519
}