{
  "aor": 0.010024890109890109,
  "aqi": 0.007149289175824176,
  "bids_meta": {
    "AcquisitionDateTime": "20180919111539.102500",
    "ConversionSoftware": "dicm2nii.m 20180808",
    "DeviceSerialNumber": "167032",
    "EchoTime": 0.03,
    "EchoTime1": 0.03,
    "EchoTime2": 0.03,
    "EffectiveEchoSpacing": 0.00052083333,
    "FlipAngle": 90,
    "ImageType": [
      "ORIGINAL",
      "PRIMARY",
      "M",
      "ND",
      "MOSAIC"
    ],
    "InstitutionAddress": "Queen Square 12,London,Southeast,GB,WC1N 3BG",
    "InstitutionName": "FIL",
    "MRAcquisitionType": "2D",
    "Manufacturer": "SIEMENS",
    "Modality": "MR",
    "PatientName": "MP02363",
    "PatientPosition": "HFS",
    "PhaseEncodingDirection": "j-",
    "RepetitionTime": 3.36,
    "ScanOptions": "FS",
    "ScanningSequence": "RM",
    "SequenceName": "ep2d_2i2d1",
    "SequenceVariant": "SP\\OSP",
    "SeriesDescription": "nc_epi2d_v2i_3mm_OFC_64ch",
    "SeriesNumber": 10,
    "SliceThickness": 2.5,
    "SliceTiming": [
      0,
      0,
      0,
      0,
      0,
      0,
      0,
      0,
      0,
      0,
      0,
      0,
      0,
      0,
      0,
      0,
      0,
      0,
      0,
      0,
      0,
      0,
      0,
      0,
      0,
      0,
      0,
      0,
      0,
      0,
      0,
      0,
      0,
      0,
      0,
      0,
      0,
      0,
      0,
      0,
      0,
      0,
      0,
      0,
      0,
      0,
      0,
      0
    ],
    "SoftwareVersion": "syngo MR E11",
    "TaskName": "visual detection and discrimination",
    "TotalReadoutTime": 0.0328125,
    "dataset": "ds003669",
    "deltaTE": 0,
    "modality": "bold",
    "run_id": 5,
    "subject_id": "MP02363",
    "task_id": "detectdiscrim"
  },
  "dummy_trs": 2,
  "dvars_nstd": 36.25934939099448,
  "dvars_std": 1.4105466284530388,
  "dvars_vstd": 1.0179475581767954,
  "efc": 0.5848216630494539,
  "fber": 165.960205078125,
  "fd_mean": 0.128018225569202,
  "fd_num": 24,
  "fd_perc": 13.186813186813186,
  "fwhm_avg": 2.5441655555555553,
  "fwhm_x": 2.3919866666666665,
  "fwhm_y": 2.6109033333333334,
  "fwhm_z": 2.6296066666666666,
  "gcor": 0.0133096,
  "gsr_x": 0.05674115940928459,
  "gsr_y": 0.03707084432244301,
  "provenance": {
    "md5sum": "93b5a85509144a4ffa7d73e11bea47bd",
    "settings": {
      "fd_thres": 0.2,
      "testing": false
    },
    "software": "mriqc",
    "version": "21.0.0rc2",
    "webapi_port": null,
    "webapi_url": "https://mriqc.nimh.nih.gov/api/v1"
  },
  "size_t": 182,
  "size_x": 64,
  "size_y": 64,
  "size_z": 48,
  "snr": 2.0705443829558288,
  "spacing_tr": 0.07000000029802322,
  "spacing_x": 3.0,
  "spacing_y": 3.0,
  "spacing_z": 3.0,
  "summary_bg_k": 28.499145051387533,
  "summary_bg_mad": 12.080761434245774,
  "summary_bg_mean": 107.5339584350586,
  "summary_bg_median": 57.28022003173828,
  "summary_bg_n": 111608.0,
  "summary_bg_p05": 47.60988998413086,
  "summary_bg_p95": 375.26538085937494,
  "summary_bg_stdv": 143.93690490722656,
  "summary_fg_k": 2.4760233878730444,
  "summary_fg_mad": 310.4096140326493,
  "summary_fg_mean": 848.4019165039062,
  "summary_fg_median": 762.9835205078125,
  "summary_fg_n": 40049.0,
  "summary_fg_p05": 426.0483703613281,
  "summary_fg_p95": 1570.782470703125,
  "summary_fg_stdv": 368.48956298828125,
  "tsnr": 48.26076843775809
}