{
  "aor": 0.0027934615384615385,
  "aqi": 0.005073489285714285,
  "bids_meta": {
    "AcquisitionDateTime": "20180912111326.192500",
    "ConversionSoftware": "dicm2nii.m 20180808",
    "DeviceSerialNumber": "167032",
    "EchoTime": 0.03,
    "FlipAngle": 90,
    "ImageType": [
      "ORIGINAL",
      "PRIMARY",
      "M",
      "ND",
      "MOSAIC"
    ],
    "InstitutionAddress": "Queen Square 12,London,Southeast,GB,WC1N 3BG",
    "InstitutionName": "Functional Imaging Laboratory",
    "MRAcquisitionType": "2D",
    "Manufacturer": "SIEMENS",
    "Modality": "MR",
    "PatientName": "MP02350",
    "PatientPosition": "HFS",
    "PhaseEncodingDirection": "j-",
    "RepetitionTime": 3.36,
    "ScanOptions": "FS",
    "ScanningSequence": "RM",
    "SequenceName": "ep2d_2i2d1",
    "SequenceVariant": "SP\\OSP",
    "SeriesDescription": "nc_epi2d_v2i_3mm_OFC_64ch",
    "SeriesNumber": 10,
    "SliceThickness": 2.5,
    "SliceTiming": [
      0,
      0.07,
      0.14,
      0.21,
      0.28,
      0.35,
      0.42,
      0.49,
      0.56,
      0.63,
      0.7,
      0.77,
      0.84,
      0.91,
      0.98,
      1.05,
      1.12,
      1.19,
      1.26,
      1.33,
      1.4,
      1.47,
      1.54,
      1.61,
      1.68,
      1.75,
      1.82,
      1.89,
      1.96,
      2.03,
      2.1,
      2.17,
      2.24,
      2.31,
      2.38,
      2.45,
      2.52,
      2.59,
      2.66,
      2.73,
      2.8,
      2.87,
      2.94,
      3.01,
      3.08,
      3.15,
      3.22,
      3.29
    ],
    "SoftwareVersion": "syngo MR E11",
    "TaskName": "visual detection and discrimination",
    "dataset": "ds003669",
    "modality": "bold",
    "run_id": 5,
    "subject_id": "MP02350",
    "task_id": "detectdiscrim"
  },
  "dummy_trs": 2,
  "dvars_nstd": 27.838018975801113,
  "dvars_std": 1.2338568137569066,
  "dvars_vstd": 1.0041248465745858,
  "efc": 0.6218046160762817,
  "fber": 115.09942626953125,
  "fd_mean": 0.09582778412799106,
  "fd_num": 20,
  "fd_perc": 10.989010989010989,
  "fwhm_avg": 2.449098888888889,
  "fwhm_x": 2.2543,
  "fwhm_y": 2.4901066666666667,
  "fwhm_z": 2.60289,
  "gcor": 0.0108579,
  "gsr_x": 0.022986900061368942,
  "gsr_y": 0.053343266248703,
  "provenance": {
    "md5sum": "aa4c06edc25f0870d96001aa4d91d355",
    "settings": {
      "fd_thres": 0.2,
      "testing": false
    },
    "software": "mriqc",
    "version": "21.0.0rc2",
    "webapi_port": null,
    "webapi_url": "https://mriqc.nimh.nih.gov/api/v1"
  },
  "size_t": 182,
  "size_x": 64,
  "size_y": 64,
  "size_z": 48,
  "snr": 2.37066186005238,
  "spacing_tr": 0.07000000029802322,
  "spacing_x": 3.0,
  "spacing_y": 3.0,
  "spacing_z": 3.0,
  "summary_bg_k": 19.08044917448498,
  "summary_bg_mad": 14.280226574648516,
  "summary_bg_mean": 111.87533569335938,
  "summary_bg_median": 59.21428680419922,
  "summary_bg_n": 112299.0,
  "summary_bg_p05": 48.615386962890625,
  "summary_bg_p95": 377.71813964843716,
  "summary_bg_stdv": 132.66159057617188,
  "summary_fg_k": 1.3732254661038512,
  "summary_fg_mad": 257.83836185032203,
  "summary_fg_mean": 709.2476806640625,
  "summary_fg_median": 658.7857055664062,
  "summary_fg_n": 39312.0,
  "summary_fg_p05": 356.4879318237305,
  "summary_fg_p95": 1244.3953552246091,
  "summary_fg_stdv": 277.88751220703125,
  "tsnr": 55.26314638718031
}