{
  "aor": 0.0016900000000000003,
  "aqi": 0.004738674010989011,
  "bids_meta": {
    "AcquisitionDateTime": "20180912110129.805000",
    "ConversionSoftware": "dicm2nii.m 20180808",
    "DeviceSerialNumber": "167032",
    "EchoTime": 0.03,
    "FlipAngle": 90,
    "ImageType": [
      "ORIGINAL",
      "PRIMARY",
      "M",
      "ND",
      "MOSAIC"
    ],
    "InstitutionAddress": "Queen Square 12,London,Southeast,GB,WC1N 3BG",
    "InstitutionName": "Functional Imaging Laboratory",
    "MRAcquisitionType": "2D",
    "Manufacturer": "SIEMENS",
    "Modality": "MR",
    "PatientName": "MP02350",
    "PatientPosition": "HFS",
    "PhaseEncodingDirection": "j-",
    "RepetitionTime": 3.36,
    "ScanOptions": "FS",
    "ScanningSequence": "RM",
    "SequenceName": "ep2d_2i2d1",
    "SequenceVariant": "SP\\OSP",
    "SeriesDescription": "nc_epi2d_v2i_3mm_OFC_64ch",
    "SeriesNumber": 9,
    "SliceThickness": 2.5,
    "SliceTiming": [
      0,
      0.07,
      0.14,
      0.21,
      0.28,
      0.35,
      0.42,
      0.49,
      0.56,
      0.63,
      0.7,
      0.77,
      0.84,
      0.91,
      0.98,
      1.05,
      1.12,
      1.19,
      1.26,
      1.33,
      1.4,
      1.47,
      1.54,
      1.61,
      1.68,
      1.75,
      1.82,
      1.89,
      1.96,
      2.03,
      2.1,
      2.17,
      2.24,
      2.31,
      2.38,
      2.45,
      2.52,
      2.59,
      2.66,
      2.73,
      2.8,
      2.87,
      2.94,
      3.01,
      3.08,
      3.15,
      3.22,
      3.29
    ],
    "SoftwareVersion": "syngo MR E11",
    "TaskName": "visual detection and discrimination",
    "dataset": "ds003669",
    "modality": "bold",
    "run_id": 4,
    "subject_id": "MP02350",
    "task_id": "detectdiscrim"
  },
  "dummy_trs": 2,
  "dvars_nstd": 27.25838802381217,
  "dvars_std": 1.1916823486187842,
  "dvars_vstd": 0.9690905507734806,
  "efc": 0.6211554444327304,
  "fber": 115.34558868408203,
  "fd_mean": 0.08349609117606643,
  "fd_num": 13,
  "fd_perc": 7.142857142857143,
  "fwhm_avg": 2.4269588888888887,
  "fwhm_x": 2.23005,
  "fwhm_y": 2.4653266666666664,
  "fwhm_z": 2.5855,
  "gcor": 0.00975807,
  "gsr_x": 0.02217131108045578,
  "gsr_y": 0.053982965648174286,
  "provenance": {
    "md5sum": "f4e182d7c44e8a0ea3292122ce9c27ad",
    "settings": {
      "fd_thres": 0.2,
      "testing": false
    },
    "software": "mriqc",
    "version": "21.0.0rc2",
    "webapi_port": null,
    "webapi_url": "https://mriqc.nimh.nih.gov/api/v1"
  },
  "size_t": 182,
  "size_x": 64,
  "size_y": 64,
  "size_z": 48,
  "snr": 2.363185052255605,
  "spacing_tr": 0.07000000029802322,
  "spacing_x": 3.0,
  "spacing_y": 3.0,
  "spacing_z": 3.0,
  "summary_bg_k": 19.7366323759385,
  "summary_bg_mad": 13.856627556697951,
  "summary_bg_mean": 110.42122650146484,
  "summary_bg_median": 59.07692337036133,
  "summary_bg_n": 111838.0,
  "summary_bg_p05": 48.901100158691406,
  "summary_bg_p95": 367.1241760253905,
  "summary_bg_stdv": 130.1543426513672,
  "summary_fg_k": 1.3947627236363882,
  "summary_fg_mad": 260.33514036056965,
  "summary_fg_mean": 712.4911499023438,
  "summary_fg_median": 661.7802124023438,
  "summary_fg_n": 39307.0,
  "summary_fg_p05": 358.1230865478516,
  "summary_fg_p95": 1251.055480957031,
  "summary_fg_stdv": 280.0338439941406,
  "tsnr": 57.529433380113915
}