{
  "bids_meta": {
    "AcquisitionDateTime": "20180918101624.602500",
    "ConversionSoftware": "dicm2nii.m 20180808",
    "DeviceSerialNumber": "167032",
    "EchoTime": 0.00334,
    "FlipAngle": 7,
    "ImageType": [
      "ORIGINAL",
      "PRIMARY",
      "M",
      "ND"
    ],
    "InstitutionAddress": "Queen Square 12,London,Southeast,GB,WC1N 3BG",
    "InstitutionName": "Functional Imaging Laboratory",
    "InversionTime": 1.1,
    "MRAcquisitionType": "3D",
    "Manufacturer": "SIEMENS",
    "Modality": "MR",
    "PatientName": "MP02360",
    "PatientPosition": "HFS",
    "PhaseEncodingDirection": "j-",
    "RepetitionTime": 2.53,
    "ScanOptions": "IR",
    "ScanningSequence": "GR\\IR",
    "SequenceName": "*tfl3d1_16ns",
    "SequenceVariant": "SK\\SP\\MP",
    "SeriesDescription": "MPRAGE_64ch_Head",
    "SeriesNumber": 2,
    "SliceThickness": 1,
    "SoftwareVersion": "syngo MR E11",
    "dataset": "ds003669",
    "modality": "T1w",
    "subject_id": "MP02360"
  },
  "cjv": 0.5248663634422184,
  "cnr": 1.55796876168117,
  "efc": 0.6749644865475537,
  "fber": 17.87445607164988,
  "fwhm_avg": 3.86654,
  "fwhm_x": 4.0769,
  "fwhm_y": 3.89043,
  "fwhm_z": 3.63229,
  "icvs_csf": 0.19035753933334876,
  "icvs_gm": 0.41777064175597833,
  "icvs_wm": 0.3918718189106729,
  "inu_med": 1.2065387964248657,
  "inu_range": 0.36680883169174194,
  "provenance": {
    "md5sum": "086b5df8dcc185746bdc86a5dd4826eb",
    "settings": {
      "testing": false
    },
    "software": "mriqc",
    "version": "21.0.0rc2",
    "warnings": {
      "large_rot_frame": true,
      "small_air_mask": false
    },
    "webapi_port": null,
    "webapi_url": "https://mriqc.nimh.nih.gov/api/v1"
  },
  "qi_1": 0.0,
  "qi_2": 0.0030353102036148037,
  "rpve_csf": 30.710364954896527,
  "rpve_gm": 13.753985112552543,
  "rpve_wm": 17.020155967376176,
  "size_x": 176,
  "size_y": 256,
  "size_z": 256,
  "snr_csf": 3.3793797448287988,
  "snr_gm": 9.710019864817239,
  "snr_total": 5.7502161721582254,
  "snr_wm": 4.161248906828639,
  "snrd_csf": 21.802655669687066,
  "snrd_gm": 32.19887955320612,
  "snrd_total": 35.525866405188765,
  "snrd_wm": 52.57606399267312,
  "spacing_x": 1.0,
  "spacing_y": 1.0,
  "spacing_z": 1.0,
  "summary_bg_k": 0.25599032924281806,
  "summary_bg_mad": 12.46262736528708,
  "summary_bg_mean": 155.5999804381527,
  "summary_bg_median": 155.2562265470624,
  "summary_bg_n": 2572706.0,
  "summary_bg_p05": 135.50739146769047,
  "summary_bg_p95": 176.7773929797113,
  "summary_bg_stdv": 12.606896514999452,
  "summary_csf_k": 1.425597030183944,
  "summary_csf_mad": 113.1771732118691,
  "summary_csf_mean": 419.9315092453778,
  "summary_csf_median": 414.75085568614304,
  "summary_csf_n": 6386.0,
  "summary_csf_p05": 219.27536692935973,
  "summary_csf_p95": 630.0384770706296,
  "summary_csf_stdv": 122.72026593137856,
  "summary_gm_k": 1.5592745960640686,
  "summary_gm_mad": 56.006747075326274,
  "summary_gm_mean": 614.7994505215411,
  "summary_gm_median": 612.5177156925201,
  "summary_gm_n": 19531.0,
  "summary_gm_p05": 517.0143747702241,
  "summary_gm_p95": 723.5669344849885,
  "summary_gm_stdv": 63.07938020362581,
  "summary_wm_k": 3.0755251518967546,
  "summary_wm_mad": 147.44939846640858,
  "summary_wm_mean": 1077.5070267471326,
  "summary_wm_median": 1000.1519016735256,
  "summary_wm_n": 131488.0,
  "summary_wm_p05": 842.6676014252007,
  "summary_wm_p95": 1608.0944705726577,
  "summary_wm_stdv": 240.3480591653727,
  "tpm_overlap_csf": 0.14134052395820618,
  "tpm_overlap_gm": 0.4064244329929352,
  "tpm_overlap_wm": 0.4471592307090759,
  "wm2max": 0.3400537171585
}