{
  "aor": 0.0016074175824175824,
  "aqi": 0.004383687252747253,
  "bids_meta": {
    "AcquisitionDateTime": "20180823120200.070000",
    "ConversionSoftware": "dicm2nii.m 20180808",
    "DeviceSerialNumber": "167032",
    "EchoTime": 0.03,
    "EchoTime1": 0.03,
    "EchoTime2": 0.03,
    "EffectiveEchoSpacing": 0.00048611111,
    "FlipAngle": 90,
    "ImageType": [
      "ORIGINAL",
      "PRIMARY",
      "M",
      "ND",
      "MOSAIC"
    ],
    "InstitutionAddress": "Queen Square 12,London,Southeast,GB,WC1N 3BG",
    "InstitutionName": "Functional Imaging Laboratory",
    "MRAcquisitionType": "2D",
    "Manufacturer": "SIEMENS",
    "Modality": "MR",
    "PatientName": "MP02325",
    "PatientPosition": "HFS",
    "PhaseEncodingDirection": "j-",
    "RepetitionTime": 3.36,
    "ScanOptions": "FS",
    "ScanningSequence": "RM",
    "SequenceName": "ep2d_2i2d1",
    "SequenceVariant": "SP\\OSP",
    "SeriesDescription": "nc_epi2d_v2i_3mm_OFC_64ch",
    "SeriesNumber": 7,
    "SliceThickness": 2.5,
    "SliceTiming": [
      0,
      0,
      0,
      0,
      0,
      0,
      0,
      0,
      0,
      0,
      0,
      0,
      0,
      0,
      0,
      0,
      0,
      0,
      0,
      0,
      0,
      0,
      0,
      0,
      0,
      0,
      0,
      0,
      0,
      0,
      0,
      0,
      0,
      0,
      0,
      0,
      0,
      0,
      0,
      0,
      0,
      0,
      0,
      0,
      0,
      0,
      0,
      0
    ],
    "SoftwareVersion": "syngo MR E11",
    "TaskName": "visual detection and discrimination",
    "TotalReadoutTime": 0.030625,
    "dataset": "ds003669",
    "deltaTE": 0,
    "modality": "bold",
    "run_id": 1,
    "subject_id": "MP02325",
    "task_id": "detectdiscrim"
  },
  "dummy_trs": 2,
  "dvars_nstd": 20.971797563922653,
  "dvars_std": 1.111537787127072,
  "dvars_vstd": 0.943485728784531,
  "efc": 0.5844401374978964,
  "fber": 174.91732788085938,
  "fd_mean": 0.07744623315722939,
  "fd_num": 8,
  "fd_perc": 4.395604395604396,
  "fwhm_avg": 2.5113944444444445,
  "fwhm_x": 2.380593333333333,
  "fwhm_y": 2.529663333333333,
  "fwhm_z": 2.6239266666666667,
  "gcor": 0.00704306,
  "gsr_x": -0.00497604813426733,
  "gsr_y": 0.03639966621994972,
  "provenance": {
    "md5sum": "aa28eda47c0f154db24757800c8b0fe2",
    "settings": {
      "fd_thres": 0.2,
      "testing": false
    },
    "software": "mriqc",
    "version": "21.0.0rc2",
    "webapi_port": null,
    "webapi_url": "https://mriqc.nimh.nih.gov/api/v1"
  },
  "size_t": 182,
  "size_x": 64,
  "size_y": 64,
  "size_z": 48,
  "snr": 2.4032287491485462,
  "spacing_tr": 0.07000000029802322,
  "spacing_x": 3.0,
  "spacing_y": 3.0,
  "spacing_z": 3.0,
  "summary_bg_k": 37.63248627720581,
  "summary_bg_mad": 9.254041944142866,
  "summary_bg_mean": 91.00154876708984,
  "summary_bg_median": 54.06044006347656,
  "summary_bg_n": 115609.0,
  "summary_bg_p05": 46.79670333862305,
  "summary_bg_p95": 272.01428222656244,
  "summary_bg_stdv": 105.57535552978516,
  "summary_fg_k": 1.5573768435628166,
  "summary_fg_mad": 267.5811958199713,
  "summary_fg_mean": 788.8511962890625,
  "summary_fg_median": 727.2554931640625,
  "summary_fg_n": 38618.0,
  "summary_fg_p05": 421.43050689697264,
  "summary_fg_p95": 1391.150360107422,
  "summary_fg_stdv": 302.6120910644531,
  "tsnr": 63.897525982931256
}