{
  "aor": 0.0036364285714285717,
  "aqi": 0.00821581467032967,
  "bids_meta": {
    "AcquisitionDateTime": "20180911122308.060000",
    "ConversionSoftware": "dicm2nii.m 20180808",
    "DeviceSerialNumber": "167032",
    "EchoTime": 0.03,
    "EchoTime1": 0.03,
    "EchoTime2": 0.03,
    "EffectiveEchoSpacing": 0.00048611111,
    "FlipAngle": 90,
    "ImageType": [
      "ORIGINAL",
      "PRIMARY",
      "M",
      "ND",
      "MOSAIC"
    ],
    "InstitutionAddress": "Queen Square 12,London,Southeast,GB,WC1N 3BG",
    "InstitutionName": "Functional Imaging Laboratory",
    "MRAcquisitionType": "2D",
    "Manufacturer": "SIEMENS",
    "Modality": "MR",
    "PatientName": "MP02349",
    "PatientPosition": "HFS",
    "PhaseEncodingDirection": "j-",
    "RepetitionTime": 3.36,
    "ScanOptions": "FS",
    "ScanningSequence": "RM",
    "SequenceName": "ep2d_2i2d1",
    "SequenceVariant": "SP\\OSP",
    "SeriesDescription": "nc_epi2d_v2i_3mm_OFC_64ch",
    "SeriesNumber": 7,
    "SliceThickness": 2.5,
    "SliceTiming": [
      0,
      0.07,
      0.14,
      0.21,
      0.28,
      0.35,
      0.42,
      0.49,
      0.56,
      0.63,
      0.7,
      0.77,
      0.84,
      0.91,
      0.98,
      1.05,
      1.12,
      1.19,
      1.26,
      1.33,
      1.4,
      1.47,
      1.54,
      1.61,
      1.68,
      1.75,
      1.82,
      1.89,
      1.96,
      2.03,
      2.1,
      2.17,
      2.24,
      2.31,
      2.38,
      2.45,
      2.52,
      2.59,
      2.66,
      2.73,
      2.8,
      2.87,
      2.94,
      3.01,
      3.08,
      3.15,
      3.22,
      3.29
    ],
    "SoftwareVersion": "syngo MR E11",
    "TaskName": "visual detection and discrimination",
    "TotalReadoutTime": 0.030625,
    "dataset": "ds003669",
    "deltaTE": 0,
    "modality": "bold",
    "run_id": 1,
    "subject_id": "MP02349",
    "task_id": "detectdiscrim"
  },
  "dummy_trs": 2,
  "dvars_nstd": 25.395720097292823,
  "dvars_std": 1.1592155794475136,
  "dvars_vstd": 0.9204381744751385,
  "efc": 0.5921711569770959,
  "fber": 173.02586364746094,
  "fd_mean": 0.06889351534678337,
  "fd_num": 7,
  "fd_perc": 3.8461538461538463,
  "fwhm_avg": 2.5871244444444446,
  "fwhm_x": 2.44273,
  "fwhm_y": 2.630526666666667,
  "fwhm_z": 2.6881166666666663,
  "gcor": 0.00533926,
  "gsr_x": 0.0031166989356279373,
  "gsr_y": 0.062335994094610214,
  "provenance": {
    "md5sum": "7351e09a9761a6871cc64fa2f12921d8",
    "settings": {
      "fd_thres": 0.2,
      "testing": false
    },
    "software": "mriqc",
    "version": "21.0.0rc2",
    "webapi_port": null,
    "webapi_url": "https://mriqc.nimh.nih.gov/api/v1"
  },
  "size_t": 182,
  "size_x": 64,
  "size_y": 64,
  "size_z": 48,
  "snr": 2.3203671131296413,
  "spacing_tr": 0.07000000029802322,
  "spacing_x": 3.0,
  "spacing_y": 3.0,
  "spacing_z": 3.0,
  "summary_bg_k": 24.162926610880735,
  "summary_bg_mad": 10.443385914380523,
  "summary_bg_mean": 93.514892578125,
  "summary_bg_median": 55.38461685180664,
  "summary_bg_n": 111561.0,
  "summary_bg_p05": 46.593406677246094,
  "summary_bg_p95": 282.5604553222656,
  "summary_bg_stdv": 102.57296752929688,
  "summary_fg_k": 1.784530653606585,
  "summary_fg_mad": 289.87321149495125,
  "summary_fg_mean": 812.7459716796875,
  "summary_fg_median": 746.7802124023438,
  "summary_fg_n": 41212.0,
  "summary_fg_p05": 417.9560546875,
  "summary_fg_p95": 1434.357727050781,
  "summary_fg_stdv": 321.83319091796875,
  "tsnr": 47.251606861827895
}