{
  "aor": 0.002218296703296703,
  "aqi": 0.0027099586263736263,
  "bids_meta": {
    "AcquisitionDateTime": "20180924123702.117500",
    "ConversionSoftware": "dicm2nii.m 20180808",
    "DeviceSerialNumber": "167032",
    "EchoTime": 0.03,
    "EchoTime1": 0.03,
    "EchoTime2": 0.03,
    "EffectiveEchoSpacing": 0.00048611111,
    "FlipAngle": 90,
    "ImageType": [
      "ORIGINAL",
      "PRIMARY",
      "M",
      "ND",
      "MOSAIC"
    ],
    "InstitutionAddress": "Queen Square 12,London,Southeast,GB,WC1N 3BG",
    "InstitutionName": "FIL",
    "MRAcquisitionType": "2D",
    "Manufacturer": "SIEMENS",
    "Modality": "MR",
    "PatientName": "MP02376",
    "PatientPosition": "HFS",
    "PhaseEncodingDirection": "j-",
    "RepetitionTime": 3.36,
    "ScanOptions": "FS",
    "ScanningSequence": "RM",
    "SequenceName": "ep2d_2i2d1",
    "SequenceVariant": "SP\\OSP",
    "SeriesDescription": "nc_epi2d_v2i_3mm_OFC_64ch",
    "SeriesNumber": 10,
    "SliceThickness": 2.5,
    "SliceTiming": [
      0,
      0,
      0,
      0,
      0,
      0,
      0,
      0,
      0,
      0,
      0,
      0,
      0,
      0,
      0,
      0,
      0,
      0,
      0,
      0,
      0,
      0,
      0,
      0,
      0,
      0,
      0,
      0,
      0,
      0,
      0,
      0,
      0,
      0,
      0,
      0,
      0,
      0,
      0,
      0,
      0,
      0,
      0,
      0,
      0,
      0,
      0,
      0
    ],
    "SoftwareVersion": "syngo MR E11",
    "TaskName": "visual detection and discrimination",
    "TotalReadoutTime": 0.030625,
    "dataset": "ds003669",
    "deltaTE": 0,
    "modality": "bold",
    "run_id": 5,
    "subject_id": "MP02376",
    "task_id": "detectdiscrim"
  },
  "dummy_trs": 2,
  "dvars_nstd": 27.975846295635368,
  "dvars_std": 1.3415109429834253,
  "dvars_vstd": 1.0221988297790066,
  "efc": 0.566946337201828,
  "fber": 204.65060424804688,
  "fd_mean": 0.09338642931609809,
  "fd_num": 9,
  "fd_perc": 4.945054945054945,
  "fwhm_avg": 2.7473177777777775,
  "fwhm_x": 2.6443233333333334,
  "fwhm_y": 2.792073333333333,
  "fwhm_z": 2.8055566666666665,
  "gcor": 0.0192411,
  "gsr_x": -0.0011962524149566889,
  "gsr_y": 0.05067620426416397,
  "provenance": {
    "md5sum": "00b917017e2262423a30f73ac1526dbb",
    "settings": {
      "fd_thres": 0.2,
      "testing": false
    },
    "software": "mriqc",
    "version": "21.0.0rc2",
    "webapi_port": null,
    "webapi_url": "https://mriqc.nimh.nih.gov/api/v1"
  },
  "size_t": 182,
  "size_x": 64,
  "size_y": 64,
  "size_z": 48,
  "snr": 2.21773511256127,
  "spacing_tr": 0.07000000029802322,
  "spacing_x": 3.0,
  "spacing_y": 3.0,
  "spacing_z": 3.0,
  "summary_bg_k": 16.523068798121805,
  "summary_bg_mad": 8.488308303213032,
  "summary_bg_mean": 91.2978744506836,
  "summary_bg_median": 54.648353576660156,
  "summary_bg_n": 115075.0,
  "summary_bg_p05": 48.46154022216797,
  "summary_bg_p95": 288.40989074707016,
  "summary_bg_stdv": 94.32872009277344,
  "summary_fg_k": 2.8871224777600615,
  "summary_fg_mad": 315.25254901989854,
  "summary_fg_mean": 880.7609252929688,
  "summary_fg_median": 804.8214721679688,
  "summary_fg_n": 38364.0,
  "summary_fg_p05": 447.10687255859375,
  "summary_fg_p95": 1575.2099426269529,
  "summary_fg_stdv": 362.897705078125,
  "tsnr": 77.18289202894084
}