{
  "bids_meta": {
    "AcquisitionDateTime": "20181017125440.352500",
    "ConversionSoftware": "dicm2nii.m 20180808",
    "DeviceSerialNumber": "167032",
    "EchoTime": 0.00334,
    "FlipAngle": 7,
    "ImageType": [
      "ORIGINAL",
      "PRIMARY",
      "M",
      "ND"
    ],
    "InstitutionAddress": "Queen Square 12,London,Southeast,GB,WC1N 3BG",
    "InstitutionName": "Functional Imaging Laboratory",
    "InversionTime": 1.1,
    "MRAcquisitionType": "3D",
    "Manufacturer": "SIEMENS",
    "Modality": "MR",
    "PatientName": "MP02417",
    "PatientPosition": "HFS",
    "PhaseEncodingDirection": "j-",
    "RepetitionTime": 2.53,
    "ScanOptions": "IR",
    "ScanningSequence": "GR\\IR",
    "SequenceName": "*tfl3d1_16ns",
    "SequenceVariant": "SK\\SP\\MP",
    "SeriesDescription": "MPRAGE_64ch_Head",
    "SeriesNumber": 11,
    "SliceThickness": 1,
    "SoftwareVersion": "syngo MR E11",
    "dataset": "ds003669",
    "modality": "T1w",
    "subject_id": "MP02417"
  },
  "cjv": 0.5722156758278708,
  "cnr": 1.4516406245350262,
  "efc": 0.680205463719438,
  "fber": 17.871694863315057,
  "fwhm_avg": 4.056853333333333,
  "fwhm_x": 4.21395,
  "fwhm_y": 4.0616,
  "fwhm_z": 3.89501,
  "icvs_csf": 0.1708711662729305,
  "icvs_gm": 0.4547899711410092,
  "icvs_wm": 0.3743388625860603,
  "inu_med": 1.172011375427246,
  "inu_range": 0.3824799776077268,
  "provenance": {
    "md5sum": "82c209f041513224bba07329bcc42d2d",
    "settings": {
      "testing": false
    },
    "software": "mriqc",
    "version": "21.0.0rc2",
    "warnings": {
      "large_rot_frame": true,
      "small_air_mask": false
    },
    "webapi_port": null,
    "webapi_url": "https://mriqc.nimh.nih.gov/api/v1"
  },
  "qi_1": 0.0,
  "qi_2": 0.002702076081143267,
  "rpve_csf": 32.76665551868145,
  "rpve_gm": 12.941261350800868,
  "rpve_wm": 17.169321481606175,
  "size_x": 176,
  "size_y": 256,
  "size_z": 256,
  "snr_csf": 2.0517759330025664,
  "snr_gm": 7.948935734459267,
  "snr_total": 4.571951928302763,
  "snr_wm": 3.715144117446456,
  "snrd_csf": 18.46044186189719,
  "snrd_gm": 29.86654090501426,
  "snrd_total": 32.868099771543434,
  "snrd_wm": 50.277316547718854,
  "spacing_x": 1.0,
  "spacing_y": 1.0,
  "spacing_z": 1.0,
  "summary_bg_k": 0.34483090092409663,
  "summary_bg_mad": 13.03181968971397,
  "summary_bg_mean": 162.23441262075497,
  "summary_bg_median": 161.87934719771147,
  "summary_bg_n": 2898708.0,
  "summary_bg_p05": 141.317426238209,
  "summary_bg_p95": 184.377123311162,
  "summary_bg_stdv": 13.166015104361643,
  "summary_csf_k": 2.5708878076144774,
  "summary_csf_mad": 177.7912543382406,
  "summary_csf_mean": 403.98689108633795,
  "summary_csf_median": 367.21079454012215,
  "summary_csf_n": 2854.0,
  "summary_csf_p05": 186.8701908269897,
  "summary_csf_p95": 723.6043444024398,
  "summary_csf_stdv": 178.94081431766375,
  "summary_gm_k": 0.7308839606284727,
  "summary_gm_mad": 70.82173438517175,
  "summary_gm_mean": 602.2969091278421,
  "summary_gm_median": 594.0982506237924,
  "summary_gm_n": 26719.0,
  "summary_gm_p05": 495.4219581820071,
  "summary_gm_p95": 741.1238335456699,
  "summary_gm_stdv": 74.73794641719077,
  "summary_wm_k": 3.4597996134833053,
  "summary_wm_mad": 161.50147972609813,
  "summary_wm_mean": 1084.7643922285492,
  "summary_wm_median": 1000.1046288572252,
  "summary_wm_n": 113836.0,
  "summary_wm_p05": 824.3080527149141,
  "summary_wm_p95": 1688.3142161881551,
  "summary_wm_stdv": 269.1955424845766,
  "tpm_overlap_csf": 0.1323482245206833,
  "tpm_overlap_gm": 0.41868776082992554,
  "tpm_overlap_wm": 0.4038999676704407,
  "wm2max": 0.33694694165344613
}