{
  "bids_meta": {
    "AcquisitionDateTime": "20180815102332.945000",
    "ConversionSoftware": "dicm2nii.m 20180808",
    "DeviceSerialNumber": "167032",
    "EchoTime": 0.00334,
    "FlipAngle": 7,
    "ImageType": [
      "ORIGINAL",
      "PRIMARY",
      "M",
      "ND"
    ],
    "InstitutionAddress": "Queen Square 12,London,Southeast,GB,WC1N 3BG",
    "InstitutionName": "FIL",
    "InversionTime": 1.1,
    "MRAcquisitionType": "3D",
    "Manufacturer": "SIEMENS",
    "Modality": "MR",
    "PatientName": "MP02313",
    "PatientPosition": "HFS",
    "PhaseEncodingDirection": "j-",
    "RepetitionTime": 2.53,
    "ScanOptions": "IR",
    "ScanningSequence": "GR\\IR",
    "SequenceName": "*tfl3d1_16ns",
    "SequenceVariant": "SK\\SP\\MP",
    "SeriesDescription": "MPRAGE_64ch_Head",
    "SeriesNumber": 2,
    "SliceThickness": 1,
    "SoftwareVersion": "syngo MR E11",
    "dataset": "ds003669",
    "modality": "T1w",
    "subject_id": "MP02313"
  },
  "cjv": 0.5542878902783702,
  "cnr": 1.4686294273186276,
  "efc": 0.6458671950955657,
  "fber": 21.45510252773071,
  "fwhm_avg": 4.064153333333333,
  "fwhm_x": 4.20313,
  "fwhm_y": 4.13219,
  "fwhm_z": 3.85714,
  "icvs_csf": 0.1560906229643334,
  "icvs_gm": 0.4376685067608187,
  "icvs_wm": 0.4062408702748479,
  "inu_med": 1.1319990158081055,
  "inu_range": 0.38456683456897733,
  "provenance": {
    "md5sum": "1eae800ca93cf4d5eea0067b51379484",
    "settings": {
      "testing": false
    },
    "software": "mriqc",
    "version": "21.0.0rc2",
    "warnings": {
      "large_rot_frame": true,
      "small_air_mask": false
    },
    "webapi_port": null,
    "webapi_url": "https://mriqc.nimh.nih.gov/api/v1"
  },
  "qi_1": 0.0,
  "qi_2": 0.002747324176773892,
  "rpve_csf": 37.477379972027244,
  "rpve_gm": 13.955648429709031,
  "rpve_wm": 17.101066329080588,
  "size_x": 176,
  "size_y": 256,
  "size_z": 256,
  "snr_csf": 2.3801669010222763,
  "snr_gm": 8.09245681840871,
  "snr_total": 4.928529668051869,
  "snr_wm": 4.31296528472462,
  "snrd_csf": 17.170301983965928,
  "snrd_gm": 33.71208747906865,
  "snrd_total": 34.52632281398605,
  "snrd_wm": 52.69657897892356,
  "spacing_x": 1.0,
  "spacing_y": 1.0,
  "spacing_z": 1.0,
  "summary_bg_k": 7.767492642134174,
  "summary_bg_mad": 12.43288530018719,
  "summary_bg_mean": 155.83246587408436,
  "summary_bg_median": 155.42476671934128,
  "summary_bg_n": 3202640.0,
  "summary_bg_p05": 135.78832668811083,
  "summary_bg_p95": 176.93630447238684,
  "summary_bg_stdv": 12.907719410257055,
  "summary_csf_k": 0.42286945775877527,
  "summary_csf_mad": 169.7359123590773,
  "summary_csf_mean": 335.7281348621232,
  "summary_csf_median": 325.85031521320343,
  "summary_csf_n": 3837.0,
  "summary_csf_p05": 169.37341032773256,
  "summary_csf_p95": 575.7487554833292,
  "summary_csf_stdv": 136.8844557525508,
  "summary_gm_k": 0.37765935806023254,
  "summary_gm_mad": 70.96783596814925,
  "summary_gm_mean": 647.3664665722931,
  "summary_gm_median": 639.7729254737496,
  "summary_gm_n": 18227.0,
  "summary_gm_p05": 529.2619577966631,
  "summary_gm_p95": 796.7602736279368,
  "summary_gm_stdv": 79.05576630750352,
  "summary_wm_k": 5.685649124064312,
  "summary_wm_mad": 128.73055773547856,
  "summary_wm_mean": 1070.7057675724766,
  "summary_wm_median": 1000.0521183013916,
  "summary_wm_n": 133292.0,
  "summary_wm_p05": 851.2709269825369,
  "summary_wm_p95": 1557.1879245933144,
  "summary_wm_stdv": 231.8702565211682,
  "tpm_overlap_csf": 0.15693704783916473,
  "tpm_overlap_gm": 0.43393245339393616,
  "tpm_overlap_wm": 0.45402517914772034,
  "wm2max": 0.3325952000709455
}