{
  "bids_meta": {
    "AcquisitionDateTime": "20181211154300.275000",
    "ConversionSoftware": "dicm2nii.m 20180808",
    "DeviceSerialNumber": "167032",
    "EchoTime": 0.00334,
    "FlipAngle": 7,
    "ImageType": [
      "ORIGINAL",
      "PRIMARY",
      "M",
      "ND"
    ],
    "InstitutionAddress": "Queen Square 12,London,Southeast,GB,WC1N 3BG",
    "InstitutionName": "Functional Imaging Laboratory",
    "InversionTime": 1.1,
    "MRAcquisitionType": "3D",
    "Manufacturer": "SIEMENS",
    "Modality": "MR",
    "PatientName": "MP02500",
    "PatientPosition": "HFS",
    "PhaseEncodingDirection": "j-",
    "RepetitionTime": 2.53,
    "ScanOptions": "IR",
    "ScanningSequence": "GR\\IR",
    "SequenceName": "*tfl3d1_16ns",
    "SequenceVariant": "SK\\SP\\MP",
    "SeriesDescription": "MPRAGE_64ch_Head",
    "SeriesNumber": 2,
    "SliceThickness": 1,
    "SoftwareVersion": "syngo MR E11",
    "dataset": "ds003669",
    "modality": "T1w",
    "subject_id": "MP02500"
  },
  "cjv": 0.6310324426804338,
  "cnr": 1.4251199546603592,
  "efc": 0.6591466267669825,
  "fber": 19.00350995728244,
  "fwhm_avg": 4.204406666666666,
  "fwhm_x": 4.42664,
  "fwhm_y": 4.28071,
  "fwhm_z": 3.90587,
  "icvs_csf": 0.15293980170579027,
  "icvs_gm": 0.44406190517216115,
  "icvs_wm": 0.40299829312204855,
  "inu_med": 1.0964990854263306,
  "inu_range": 0.34224112033844,
  "provenance": {
    "md5sum": "051a0b2da9c40c6a401fe109478d8388",
    "settings": {
      "testing": false
    },
    "software": "mriqc",
    "version": "21.0.0rc2",
    "warnings": {
      "large_rot_frame": true,
      "small_air_mask": false
    },
    "webapi_port": null,
    "webapi_url": "https://mriqc.nimh.nih.gov/api/v1"
  },
  "qi_1": 0.0,
  "qi_2": 0.0026252007022100005,
  "rpve_csf": 35.54823033533751,
  "rpve_gm": 13.061176362371581,
  "rpve_wm": 15.953201932599274,
  "size_x": 176,
  "size_y": 256,
  "size_z": 256,
  "snr_csf": 2.1539510445965058,
  "snr_gm": 6.845188028659944,
  "snr_total": 4.254557754479165,
  "snr_wm": 3.7645341901810427,
  "snrd_csf": 14.526896117868231,
  "snrd_gm": 30.43743766445357,
  "snrd_total": 31.87355667230366,
  "snrd_wm": 50.656336234589176,
  "spacing_x": 1.0,
  "spacing_y": 1.0,
  "spacing_z": 1.0,
  "summary_bg_k": 0.9782548794443802,
  "summary_bg_mad": 12.932960503974545,
  "summary_bg_mean": 161.96501372358955,
  "summary_bg_median": 161.5963407754898,
  "summary_bg_n": 2805224.0,
  "summary_bg_p05": 141.0969399213791,
  "summary_bg_p95": 184.05845022201538,
  "summary_bg_stdv": 13.185059006987114,
  "summary_csf_k": 7.0295695916689525,
  "summary_csf_mad": 133.53281720353718,
  "summary_csf_mean": 313.4426159202293,
  "summary_csf_median": 286.7735332250595,
  "summary_csf_n": 4157.0,
  "summary_csf_p05": 166.07785872817038,
  "summary_csf_p95": 533.8676410734654,
  "summary_csf_stdv": 133.12235624962761,
  "summary_gm_k": 2.782230519810656,
  "summary_gm_mad": 71.13128277186,
  "summary_gm_mean": 612.965538795416,
  "summary_gm_median": 600.8614276945591,
  "summary_gm_n": 30442.0,
  "summary_gm_p05": 495.85924398452045,
  "summary_gm_p95": 783.3279031693929,
  "summary_gm_stdv": 87.77721753490029,
  "summary_wm_k": 2.031574646762568,
  "summary_wm_mad": 180.73812304304428,
  "summary_wm_mean": 1086.9724671455551,
  "summary_wm_median": 1000.0000278353691,
  "summary_wm_n": 142233.0,
  "summary_wm_p05": 812.0706801116467,
  "summary_wm_p95": 1653.276678884029,
  "summary_wm_stdv": 265.636188158089,
  "tpm_overlap_csf": 0.14280188083648682,
  "tpm_overlap_gm": 0.40698400139808655,
  "tpm_overlap_wm": 0.4135129153728485,
  "wm2max": 0.3180905135036429
}