{
  "aor": 0.0024645604395604395,
  "aqi": 0.004835253461538461,
  "bids_meta": {
    "AcquisitionDateTime": "20180830120252.245000",
    "ConversionSoftware": "dicm2nii.m 20180808",
    "DeviceSerialNumber": "167032",
    "EchoTime": 0.03,
    "EchoTime1": 0.03,
    "EchoTime2": 0.03,
    "EffectiveEchoSpacing": 0.00048611111,
    "FlipAngle": 90,
    "ImageType": [
      "ORIGINAL",
      "PRIMARY",
      "M",
      "ND",
      "MOSAIC"
    ],
    "InstitutionAddress": "Queen Square 12,London,Southeast,GB,WC1N 3BG",
    "InstitutionName": "Functional Imaging Laboratory",
    "MRAcquisitionType": "2D",
    "Manufacturer": "SIEMENS",
    "Modality": "MR",
    "PatientName": "MP02339",
    "PatientPosition": "HFS",
    "PhaseEncodingDirection": "j-",
    "RepetitionTime": 3.36,
    "ScanOptions": "FS",
    "ScanningSequence": "RM",
    "SequenceName": "ep2d_2i2d1",
    "SequenceVariant": "SP\\OSP",
    "SeriesDescription": "nc_epi2d_v2i_3mm_OFC_64ch",
    "SeriesNumber": 7,
    "SliceThickness": 2.5,
    "SliceTiming": [
      0,
      0.07,
      0.14,
      0.21,
      0.28,
      0.35,
      0.42,
      0.49,
      0.56,
      0.63,
      0.7,
      0.77,
      0.84,
      0.91,
      0.98,
      1.05,
      1.12,
      1.19,
      1.26,
      1.33,
      1.4,
      1.47,
      1.54,
      1.61,
      1.68,
      1.75,
      1.82,
      1.89,
      1.96,
      2.03,
      2.1,
      2.17,
      2.24,
      2.31,
      2.38,
      2.45,
      2.52,
      2.59,
      2.66,
      2.73,
      2.8,
      2.87,
      2.94,
      3.01,
      3.08,
      3.15,
      3.22,
      3.29
    ],
    "SoftwareVersion": "syngo MR E11",
    "TaskName": "visual detection and discrimination",
    "TotalReadoutTime": 0.030625,
    "dataset": "ds003669",
    "deltaTE": 0,
    "modality": "bold",
    "run_id": 2,
    "subject_id": "MP02339",
    "task_id": "detectdiscrim"
  },
  "dummy_trs": 2,
  "dvars_nstd": 28.44902375259668,
  "dvars_std": 1.329958842651934,
  "dvars_vstd": 0.9626889269060773,
  "efc": 0.6151020803477172,
  "fber": 152.52272033691406,
  "fd_mean": 0.05427380326061429,
  "fd_num": 3,
  "fd_perc": 1.6483516483516483,
  "fwhm_avg": 2.536805555555555,
  "fwhm_x": 2.3205899999999997,
  "fwhm_y": 2.6017266666666665,
  "fwhm_z": 2.6881,
  "gcor": 0.0132816,
  "gsr_x": 0.03371180221438408,
  "gsr_y": 0.04367115721106529,
  "provenance": {
    "md5sum": "13f177f1897a0d34df7193df0fd49f01",
    "settings": {
      "fd_thres": 0.2,
      "testing": false
    },
    "software": "mriqc",
    "version": "21.0.0rc2",
    "webapi_port": null,
    "webapi_url": "https://mriqc.nimh.nih.gov/api/v1"
  },
  "size_t": 182,
  "size_x": 64,
  "size_y": 64,
  "size_z": 48,
  "snr": 2.406262143965032,
  "spacing_tr": 0.07000000029802322,
  "spacing_x": 3.0,
  "spacing_y": 3.0,
  "spacing_z": 3.0,
  "summary_bg_k": 21.945009289189304,
  "summary_bg_mad": 13.824039536437983,
  "summary_bg_mean": 105.04627990722656,
  "summary_bg_median": 58.983516693115234,
  "summary_bg_n": 105288.0,
  "summary_bg_p05": 48.225276947021484,
  "summary_bg_p95": 323.37142944335926,
  "summary_bg_stdv": 119.0856704711914,
  "summary_fg_k": 1.240186733688688,
  "summary_fg_mad": 294.3901984114573,
  "summary_fg_mean": 824.3439331054688,
  "summary_fg_median": 761.8846435546875,
  "summary_fg_n": 43314.0,
  "summary_fg_p05": 427.65742950439454,
  "summary_fg_p95": 1439.1344299316406,
  "summary_fg_stdv": 316.62213134765625,
  "tsnr": 62.180407476844266
}