{
  "aor": 0.0031014285714285714,
  "aqi": 0.003178459065934066,
  "bids_meta": {
    "AcquisitionDateTime": "20190102145804.707500",
    "ConversionSoftware": "dicm2nii.m 20180808",
    "DeviceSerialNumber": "167032",
    "EchoTime": 0.03,
    "EchoTime1": 0.03,
    "EchoTime2": 0.03,
    "EffectiveEchoSpacing": 0.00048611111,
    "FlipAngle": 90,
    "ImageType": [
      "ORIGINAL",
      "PRIMARY",
      "M",
      "ND",
      "MOSAIC"
    ],
    "InstitutionAddress": "Queen Square 12,London,Southeast,GB,WC1N 3BG",
    "InstitutionName": "Functional Imaging Laboratory",
    "MRAcquisitionType": "2D",
    "Manufacturer": "SIEMENS",
    "Modality": "MR",
    "PatientName": "MP02523",
    "PatientPosition": "HFS",
    "PhaseEncodingDirection": "j-",
    "RepetitionTime": 3.36,
    "ScanOptions": "FS",
    "ScanningSequence": "RM",
    "SequenceName": "ep2d_2i2d1",
    "SequenceVariant": "SP\\OSP",
    "SeriesDescription": "nc_epi2d_v2i_3mm_OFC_64ch",
    "SeriesNumber": 10,
    "SliceThickness": 2.5,
    "SliceTiming": [
      0,
      0,
      0,
      0,
      0,
      0,
      0,
      0,
      0,
      0,
      0,
      0,
      0,
      0,
      0,
      0,
      0,
      0,
      0,
      0,
      0,
      0,
      0,
      0,
      0,
      0,
      0,
      0,
      0,
      0,
      0,
      0,
      0,
      0,
      0,
      0,
      0,
      0,
      0,
      0,
      0,
      0,
      0,
      0,
      0,
      0,
      0,
      0
    ],
    "SoftwareVersion": "syngo MR E11",
    "TaskName": "visual detection and discrimination",
    "TotalReadoutTime": 0.030625,
    "dataset": "ds003669",
    "deltaTE": 0,
    "modality": "bold",
    "run_id": 4,
    "subject_id": "MP02523",
    "task_id": "detectdiscrim"
  },
  "dummy_trs": 2,
  "dvars_nstd": 21.870791171491707,
  "dvars_std": 1.2471521095580116,
  "dvars_vstd": 1.0187385825414366,
  "efc": 0.5931064050258109,
  "fber": 170.23049926757812,
  "fd_mean": 0.05503575460572028,
  "fd_num": 3,
  "fd_perc": 1.6483516483516483,
  "fwhm_avg": 2.636488888888889,
  "fwhm_x": 2.38668,
  "fwhm_y": 2.6801666666666666,
  "fwhm_z": 2.84262,
  "gcor": 0.0137123,
  "gsr_x": 0.03311280906200409,
  "gsr_y": 0.020715588703751564,
  "provenance": {
    "md5sum": "7d5ed36694128189a1dae7bc5add8ca5",
    "settings": {
      "fd_thres": 0.2,
      "testing": false
    },
    "software": "mriqc",
    "version": "21.0.0rc2",
    "webapi_port": null,
    "webapi_url": "https://mriqc.nimh.nih.gov/api/v1"
  },
  "size_t": 182,
  "size_x": 64,
  "size_y": 64,
  "size_z": 48,
  "snr": 2.161500798936345,
  "spacing_tr": 0.07000000029802322,
  "spacing_x": 3.0,
  "spacing_y": 3.0,
  "spacing_z": 3.0,
  "summary_bg_k": 25.986876049985423,
  "summary_bg_mad": 12.52880429523063,
  "summary_bg_mean": 99.30317687988281,
  "summary_bg_median": 57.5439567565918,
  "summary_bg_n": 108810.0,
  "summary_bg_p05": 48.17033004760742,
  "summary_bg_p95": 306.23379516601557,
  "summary_bg_stdv": 112.85842895507812,
  "summary_fg_k": 2.221884814379095,
  "summary_fg_mad": 306.1493044350392,
  "summary_fg_mean": 849.1472778320312,
  "summary_fg_median": 769.5494995117188,
  "summary_fg_n": 43192.0,
  "summary_fg_p05": 431.7838134765625,
  "summary_fg_p95": 1545.2813720703123,
  "summary_fg_stdv": 356.02142333984375,
  "tsnr": 74.22598137985915
}