{
  "aor": 0.004091263736263736,
  "aqi": 0.004674765494505494,
  "bids_meta": {
    "AcquisitionDateTime": "20180830105608.915000",
    "ConversionSoftware": "dicm2nii.m 20180808",
    "DeviceSerialNumber": "167032",
    "EchoTime": 0.03,
    "EchoTime1": 0.03,
    "EchoTime2": 0.03,
    "EffectiveEchoSpacing": 0.00048611111,
    "FlipAngle": 90,
    "ImageType": [
      "ORIGINAL",
      "PRIMARY",
      "M",
      "ND",
      "MOSAIC"
    ],
    "InstitutionAddress": "Queen Square 12,London,Southeast,GB,WC1N 3BG",
    "InstitutionName": "Functional Imaging Laboratory",
    "MRAcquisitionType": "2D",
    "Manufacturer": "SIEMENS",
    "Modality": "MR",
    "PatientName": "MP02338",
    "PatientPosition": "HFS",
    "PhaseEncodingDirection": "j-",
    "RepetitionTime": 3.36,
    "ScanOptions": "FS",
    "ScanningSequence": "RM",
    "SequenceName": "ep2d_2i2d1",
    "SequenceVariant": "SP\\OSP",
    "SeriesDescription": "nc_epi2d_v2i_3mm_OFC_64ch",
    "SeriesNumber": 9,
    "SliceThickness": 2.5,
    "SliceTiming": [
      0,
      0,
      0,
      0,
      0,
      0,
      0,
      0,
      0,
      0,
      0,
      0,
      0,
      0,
      0,
      0,
      0,
      0,
      0,
      0,
      0,
      0,
      0,
      0,
      0,
      0,
      0,
      0,
      0,
      0,
      0,
      0,
      0,
      0,
      0,
      0,
      0,
      0,
      0,
      0,
      0,
      0,
      0,
      0,
      0,
      0,
      0,
      0
    ],
    "SoftwareVersion": "syngo MR E11",
    "TaskName": "visual detection and discrimination",
    "TotalReadoutTime": 0.030625,
    "dataset": "ds003669",
    "deltaTE": 0,
    "modality": "bold",
    "run_id": 4,
    "subject_id": "MP02338",
    "task_id": "detectdiscrim"
  },
  "dummy_trs": 2,
  "dvars_nstd": 33.77986544381217,
  "dvars_std": 1.3261053341436464,
  "dvars_vstd": 1.0427637355801103,
  "efc": 0.6412909229498603,
  "fber": 118.40210723876953,
  "fd_mean": 0.12502959538994834,
  "fd_num": 29,
  "fd_perc": 15.934065934065934,
  "fwhm_avg": 2.3556777777777778,
  "fwhm_x": 2.0582966666666667,
  "fwhm_y": 2.4380966666666666,
  "fwhm_z": 2.57064,
  "gcor": 0.0233944,
  "gsr_x": -0.012403116561472416,
  "gsr_y": 0.0652424767613411,
  "provenance": {
    "md5sum": "099862c32812983ccbec6b2ef5687ad6",
    "settings": {
      "fd_thres": 0.2,
      "testing": false
    },
    "software": "mriqc",
    "version": "21.0.0rc2",
    "webapi_port": null,
    "webapi_url": "https://mriqc.nimh.nih.gov/api/v1"
  },
  "size_t": 182,
  "size_x": 64,
  "size_y": 64,
  "size_z": 48,
  "snr": 2.6255517988477086,
  "spacing_tr": 0.07000000029802322,
  "spacing_x": 3.0,
  "spacing_y": 3.0,
  "spacing_z": 3.0,
  "summary_bg_k": 35.07380333512621,
  "summary_bg_mad": 10.07680744836696,
  "summary_bg_mean": 106.43104553222656,
  "summary_bg_median": 56.07143020629883,
  "summary_bg_n": 103718.0,
  "summary_bg_p05": 48.0494499206543,
  "summary_bg_p95": 361.3148544311516,
  "summary_bg_stdv": 134.28579711914062,
  "summary_fg_k": 0.998291753240383,
  "summary_fg_mad": 236.67055935048882,
  "summary_fg_mean": 680.8181762695312,
  "summary_fg_median": 646.412109375,
  "summary_fg_n": 41043.0,
  "summary_fg_p05": 353.3258361816406,
  "summary_fg_p95": 1136.9505615234375,
  "summary_fg_stdv": 246.19747924804688,
  "tsnr": 57.1456218729727
}