{
  "aor": 0.0030917486338797816,
  "aqi": 0.004966468032786885,
  "bids_meta": {
    "AcquisitionDateTime": "20180830104327.140000",
    "ConversionSoftware": "dicm2nii.m 20180808",
    "DeviceSerialNumber": "167032",
    "EchoTime": 0.03,
    "EchoTime1": 0.03,
    "EchoTime2": 0.03,
    "EffectiveEchoSpacing": 0.00048611111,
    "FlipAngle": 90,
    "ImageType": [
      "ORIGINAL",
      "PRIMARY",
      "M",
      "ND",
      "MOSAIC"
    ],
    "InstitutionAddress": "Queen Square 12,London,Southeast,GB,WC1N 3BG",
    "InstitutionName": "Functional Imaging Laboratory",
    "MRAcquisitionType": "2D",
    "Manufacturer": "SIEMENS",
    "Modality": "MR",
    "PatientName": "MP02338",
    "PatientPosition": "HFS",
    "PhaseEncodingDirection": "j-",
    "RepetitionTime": 3.36,
    "ScanOptions": "FS",
    "ScanningSequence": "RM",
    "SequenceName": "ep2d_2i2d1",
    "SequenceVariant": "SP\\OSP",
    "SeriesDescription": "nc_epi2d_v2i_3mm_OFC_64ch",
    "SeriesNumber": 8,
    "SliceThickness": 2.5,
    "SliceTiming": [
      0,
      0.07,
      0.14,
      0.21,
      0.28,
      0.35,
      0.42,
      0.49,
      0.56,
      0.63,
      0.7,
      0.77,
      0.84,
      0.91,
      0.98,
      1.05,
      1.12,
      1.19,
      1.26,
      1.33,
      1.4,
      1.47,
      1.54,
      1.61,
      1.68,
      1.75,
      1.82,
      1.89,
      1.96,
      2.03,
      2.1,
      2.17,
      2.24,
      2.31,
      2.38,
      2.45,
      2.52,
      2.59,
      2.66,
      2.73,
      2.8,
      2.87,
      2.94,
      3.01,
      3.08,
      3.15,
      3.22,
      3.29
    ],
    "SoftwareVersion": "syngo MR E11",
    "TaskName": "visual detection and discrimination",
    "TotalReadoutTime": 0.030625,
    "dataset": "ds003669",
    "deltaTE": 0,
    "modality": "bold",
    "run_id": 3,
    "subject_id": "MP02338",
    "task_id": "detectdiscrim"
  },
  "dummy_trs": 1,
  "dvars_nstd": 31.906690178461545,
  "dvars_std": 1.3070076907142854,
  "dvars_vstd": 1.010171897967033,
  "efc": 0.640372433837876,
  "fber": 120.46823120117188,
  "fd_mean": 0.09277791831889455,
  "fd_num": 11,
  "fd_perc": 6.0109289617486334,
  "fwhm_avg": 2.3709422222222223,
  "fwhm_x": 2.068416666666667,
  "fwhm_y": 2.45516,
  "fwhm_z": 2.5892500000000003,
  "gcor": 0.0193894,
  "gsr_x": -0.011886696331202984,
  "gsr_y": 0.06504703313112259,
  "provenance": {
    "md5sum": "2832f7ec7ac3ff2da90ae7ff02d475f6",
    "settings": {
      "fd_thres": 0.2,
      "testing": false
    },
    "software": "mriqc",
    "version": "21.0.0rc2",
    "webapi_port": null,
    "webapi_url": "https://mriqc.nimh.nih.gov/api/v1"
  },
  "size_t": 183,
  "size_x": 64,
  "size_y": 64,
  "size_z": 48,
  "snr": 2.6327508582691643,
  "spacing_tr": 0.07000000029802322,
  "spacing_x": 3.0,
  "spacing_y": 3.0,
  "spacing_z": 3.0,
  "summary_bg_k": 37.56097253693501,
  "summary_bg_mad": 9.252085079337252,
  "summary_bg_mean": 105.33708190917969,
  "summary_bg_median": 55.666664123535156,
  "summary_bg_n": 103909.0,
  "summary_bg_p05": 48.7923469543457,
  "summary_bg_p95": 353.660089111327,
  "summary_bg_stdv": 133.22259521484375,
  "summary_fg_k": 1.0040395003123388,
  "summary_fg_mad": 235.50689216122655,
  "summary_fg_mean": 679.9531860351562,
  "summary_fg_median": 645.57373046875,
  "summary_fg_n": 40952.0,
  "summary_fg_p05": 353.22758026123046,
  "summary_fg_p95": 1133.7663330078124,
  "summary_fg_stdv": 245.20582580566406,
  "tsnr": 55.94317785464227
}