{
  "aor": 0.0012442857142857143,
  "aqi": 0.002339386593406593,
  "bids_meta": {
    "AcquisitionDateTime": "20180920111336.147500",
    "ConversionSoftware": "dicm2nii.m 20180808",
    "DeviceSerialNumber": "167032",
    "EchoTime": 0.03,
    "EchoTime1": 0.03,
    "EchoTime2": 0.03,
    "EffectiveEchoSpacing": 0.00048611111,
    "FlipAngle": 90,
    "ImageType": [
      "ORIGINAL",
      "PRIMARY",
      "M",
      "ND",
      "MOSAIC"
    ],
    "InstitutionAddress": "Queen Square 12,London,Southeast,GB,WC1N 3BG",
    "InstitutionName": "FIL",
    "MRAcquisitionType": "2D",
    "Manufacturer": "SIEMENS",
    "Modality": "MR",
    "PatientName": "MP02367",
    "PatientPosition": "HFS",
    "PhaseEncodingDirection": "j-",
    "RepetitionTime": 3.36,
    "ScanOptions": "FS",
    "ScanningSequence": "RM",
    "SequenceName": "ep2d_2i2d1",
    "SequenceVariant": "SP\\OSP",
    "SeriesDescription": "nc_epi2d_v2i_3mm_OFC_64ch",
    "SeriesNumber": 10,
    "SliceThickness": 2.5,
    "SliceTiming": [
      0,
      0,
      0,
      0,
      0,
      0,
      0,
      0,
      0,
      0,
      0,
      0,
      0,
      0,
      0,
      0,
      0,
      0,
      0,
      0,
      0,
      0,
      0,
      0,
      0,
      0,
      0,
      0,
      0,
      0,
      0,
      0,
      0,
      0,
      0,
      0,
      0,
      0,
      0,
      0,
      0,
      0,
      0,
      0,
      0,
      0,
      0,
      0
    ],
    "SoftwareVersion": "syngo MR E11",
    "TaskName": "visual detection and discrimination",
    "TotalReadoutTime": 0.030625,
    "dataset": "ds003669",
    "deltaTE": 0,
    "modality": "bold",
    "run_id": 5,
    "subject_id": "MP02367",
    "task_id": "detectdiscrim"
  },
  "dummy_trs": 2,
  "dvars_nstd": 27.240311006243097,
  "dvars_std": 1.3344016105524863,
  "dvars_vstd": 1.0126425119337021,
  "efc": 0.5887559024985842,
  "fber": 183.49221801757812,
  "fd_mean": 0.07696604363210001,
  "fd_num": 6,
  "fd_perc": 3.2967032967032965,
  "fwhm_avg": 2.580481111111111,
  "fwhm_x": 2.4964766666666667,
  "fwhm_y": 2.5776233333333334,
  "fwhm_z": 2.667343333333333,
  "gcor": 0.0113256,
  "gsr_x": -0.004416607785969973,
  "gsr_y": 0.042886700481176376,
  "provenance": {
    "md5sum": "f805c8b62808b2ff0f20c5f15627bcb2",
    "settings": {
      "fd_thres": 0.2,
      "testing": false
    },
    "software": "mriqc",
    "version": "21.0.0rc2",
    "webapi_port": null,
    "webapi_url": "https://mriqc.nimh.nih.gov/api/v1"
  },
  "size_t": 182,
  "size_x": 64,
  "size_y": 64,
  "size_z": 48,
  "snr": 2.086908631718882,
  "spacing_tr": 0.07000000029802322,
  "spacing_x": 3.0,
  "spacing_y": 3.0,
  "spacing_z": 3.0,
  "summary_bg_k": 47.251926402700335,
  "summary_bg_mad": 11.0624932590157,
  "summary_bg_mean": 97.53703308105469,
  "summary_bg_median": 56.362640380859375,
  "summary_bg_n": 106470.0,
  "summary_bg_p05": 48.32417678833008,
  "summary_bg_p95": 297.92364501953114,
  "summary_bg_stdv": 116.19226837158203,
  "summary_fg_k": 1.96862456549764,
  "summary_fg_mad": 334.78296468850925,
  "summary_fg_mean": 870.8040771484375,
  "summary_fg_median": 785.2307739257812,
  "summary_fg_n": 44334.0,
  "summary_fg_p05": 433.7085266113281,
  "summary_fg_p95": 1600.901947021484,
  "summary_fg_stdv": 376.26080322265625,
  "tsnr": 82.75716429948807
}