{
  "aor": 0.0008922527472527473,
  "aqi": 0.002692387307692308,
  "bids_meta": {
    "AcquisitionDateTime": "20180920103850.792500",
    "ConversionSoftware": "dicm2nii.m 20180808",
    "DeviceSerialNumber": "167032",
    "EchoTime": 0.03,
    "EchoTime1": 0.03,
    "EchoTime2": 0.03,
    "EffectiveEchoSpacing": 0.00048611111,
    "FlipAngle": 90,
    "ImageType": [
      "ORIGINAL",
      "PRIMARY",
      "M",
      "ND",
      "MOSAIC"
    ],
    "InstitutionAddress": "Queen Square 12,London,Southeast,GB,WC1N 3BG",
    "InstitutionName": "FIL",
    "MRAcquisitionType": "2D",
    "Manufacturer": "SIEMENS",
    "Modality": "MR",
    "PatientName": "MP02367",
    "PatientPosition": "HFS",
    "PhaseEncodingDirection": "j-",
    "RepetitionTime": 3.36,
    "ScanOptions": "FS",
    "ScanningSequence": "RM",
    "SequenceName": "ep2d_2i2d1",
    "SequenceVariant": "SP\\OSP",
    "SeriesDescription": "nc_epi2d_v2i_3mm_OFC_64ch",
    "SeriesNumber": 7,
    "SliceThickness": 2.5,
    "SliceTiming": [
      0,
      0.07,
      0.14,
      0.21,
      0.28,
      0.35,
      0.42,
      0.49,
      0.56,
      0.63,
      0.7,
      0.77,
      0.84,
      0.91,
      0.98,
      1.05,
      1.12,
      1.19,
      1.26,
      1.33,
      1.4,
      1.47,
      1.54,
      1.61,
      1.68,
      1.75,
      1.82,
      1.89,
      1.96,
      2.03,
      2.1,
      2.17,
      2.24,
      2.31,
      2.38,
      2.45,
      2.52,
      2.59,
      2.66,
      2.73,
      2.8,
      2.87,
      2.94,
      3.01,
      3.08,
      3.15,
      3.22,
      3.29
    ],
    "SoftwareVersion": "syngo MR E11",
    "TaskName": "visual detection and discrimination",
    "TotalReadoutTime": 0.030625,
    "dataset": "ds003669",
    "deltaTE": 0,
    "modality": "bold",
    "run_id": 2,
    "subject_id": "MP02367",
    "task_id": "detectdiscrim"
  },
  "dummy_trs": 2,
  "dvars_nstd": 27.66228981441989,
  "dvars_std": 1.3436882668508285,
  "dvars_vstd": 0.9824686165745854,
  "efc": 0.5886542195697947,
  "fber": 188.3608856201172,
  "fd_mean": 0.05781905428866227,
  "fd_num": 3,
  "fd_perc": 1.6483516483516483,
  "fwhm_avg": 2.5318255555555553,
  "fwhm_x": 2.44865,
  "fwhm_y": 2.5242166666666668,
  "fwhm_z": 2.62261,
  "gcor": 0.0161247,
  "gsr_x": -0.0038790549151599407,
  "gsr_y": 0.043636612594127655,
  "provenance": {
    "md5sum": "e68058d0792ce61e4109c220a626b96f",
    "settings": {
      "fd_thres": 0.2,
      "testing": false
    },
    "software": "mriqc",
    "version": "21.0.0rc2",
    "webapi_port": null,
    "webapi_url": "https://mriqc.nimh.nih.gov/api/v1"
  },
  "size_t": 182,
  "size_x": 64,
  "size_y": 64,
  "size_z": 48,
  "snr": 2.1579315063086977,
  "spacing_tr": 0.07000000029802322,
  "spacing_x": 3.0,
  "spacing_y": 3.0,
  "spacing_z": 3.0,
  "summary_bg_k": 53.20645183870753,
  "summary_bg_mad": 10.858835099426779,
  "summary_bg_mean": 96.10688781738281,
  "summary_bg_median": 55.92307662963867,
  "summary_bg_n": 106620.0,
  "summary_bg_p05": 47.79121017456055,
  "summary_bg_p95": 293.01675415039057,
  "summary_bg_stdv": 114.7793960571289,
  "summary_fg_k": 1.8318080076458187,
  "summary_fg_mad": 334.7096670934782,
  "summary_fg_mean": 879.2831420898438,
  "summary_fg_median": 797.0769653320312,
  "summary_fg_n": 43053.0,
  "summary_fg_p05": 447.3175964355469,
  "summary_fg_p95": 1600.8011474609375,
  "summary_fg_stdv": 369.3665466308594,
  "tsnr": 74.84531638864428
}