{
  "aor": 0.0007588461538461539,
  "aqi": 0.002968980879120879,
  "bids_meta": {
    "AcquisitionDateTime": "20180920102640.962500",
    "ConversionSoftware": "dicm2nii.m 20180808",
    "DeviceSerialNumber": "167032",
    "EchoTime": 0.03,
    "EchoTime1": 0.03,
    "EchoTime2": 0.03,
    "EffectiveEchoSpacing": 0.00048611111,
    "FlipAngle": 90,
    "ImageType": [
      "ORIGINAL",
      "PRIMARY",
      "M",
      "ND",
      "MOSAIC"
    ],
    "InstitutionAddress": "Queen Square 12,London,Southeast,GB,WC1N 3BG",
    "InstitutionName": "FIL",
    "MRAcquisitionType": "2D",
    "Manufacturer": "SIEMENS",
    "Modality": "MR",
    "PatientName": "MP02367",
    "PatientPosition": "HFS",
    "PhaseEncodingDirection": "j-",
    "RepetitionTime": 3.36,
    "ScanOptions": "FS",
    "ScanningSequence": "RM",
    "SequenceName": "ep2d_2i2d1",
    "SequenceVariant": "SP\\OSP",
    "SeriesDescription": "nc_epi2d_v2i_3mm_OFC_64ch",
    "SeriesNumber": 6,
    "SliceThickness": 2.5,
    "SliceTiming": [
      0,
      0,
      0,
      0,
      0,
      0,
      0,
      0,
      0,
      0,
      0,
      0,
      0,
      0,
      0,
      0,
      0,
      0,
      0,
      0,
      0,
      0,
      0,
      0,
      0,
      0,
      0,
      0,
      0,
      0,
      0,
      0,
      0,
      0,
      0,
      0,
      0,
      0,
      0,
      0,
      0,
      0,
      0,
      0,
      0,
      0,
      0,
      0
    ],
    "SoftwareVersion": "syngo MR E11",
    "TaskName": "visual detection and discrimination",
    "TotalReadoutTime": 0.030625,
    "dataset": "ds003669",
    "deltaTE": 0,
    "modality": "bold",
    "run_id": 1,
    "subject_id": "MP02367",
    "task_id": "detectdiscrim"
  },
  "dummy_trs": 2,
  "dvars_nstd": 29.16444242038674,
  "dvars_std": 1.3358497009944754,
  "dvars_vstd": 0.9694712681767953,
  "efc": 0.5880801695213465,
  "fber": 189.60818481445312,
  "fd_mean": 0.06003831325641011,
  "fd_num": 3,
  "fd_perc": 1.6483516483516483,
  "fwhm_avg": 2.539254444444445,
  "fwhm_x": 2.4534833333333332,
  "fwhm_y": 2.5288666666666666,
  "fwhm_z": 2.6354133333333336,
  "gcor": 0.0109196,
  "gsr_x": -0.005427172407507896,
  "gsr_y": 0.04316570609807968,
  "provenance": {
    "md5sum": "0bd8af26d0e32ee84d419520c67767f5",
    "settings": {
      "fd_thres": 0.2,
      "testing": false
    },
    "software": "mriqc",
    "version": "21.0.0rc2",
    "webapi_port": null,
    "webapi_url": "https://mriqc.nimh.nih.gov/api/v1"
  },
  "size_t": 182,
  "size_x": 64,
  "size_y": 64,
  "size_z": 48,
  "snr": 2.163689935520503,
  "spacing_tr": 0.07000000029802322,
  "spacing_x": 3.0,
  "spacing_y": 3.0,
  "spacing_z": 3.0,
  "summary_bg_k": 50.82662002378001,
  "summary_bg_mad": 11.03805789949935,
  "summary_bg_mean": 95.7740249633789,
  "summary_bg_median": 55.78571701049805,
  "summary_bg_n": 107007.0,
  "summary_bg_p05": 47.225276947021484,
  "summary_bg_p95": 294.0005493164062,
  "summary_bg_stdv": 113.8641357421875,
  "summary_fg_k": 1.8110717343376326,
  "summary_fg_mad": 334.1842319261349,
  "summary_fg_mean": 877.8748779296875,
  "summary_fg_median": 796.7197875976562,
  "summary_fg_n": 43092.0,
  "summary_fg_p05": 446.2667709350586,
  "summary_fg_p95": 1595.7931823730464,
  "summary_fg_stdv": 368.21844482421875,
  "tsnr": 69.91308002825826
}