{
  "aor": 0.0009555494505494506,
  "aqi": 0.0025203329120879123,
  "bids_meta": {
    "AcquisitionDateTime": "20180920110239.415000",
    "ConversionSoftware": "dicm2nii.m 20180808",
    "DeviceSerialNumber": "167032",
    "EchoTime": 0.03,
    "EchoTime1": 0.03,
    "EchoTime2": 0.03,
    "EffectiveEchoSpacing": 0.00048611111,
    "FlipAngle": 90,
    "ImageType": [
      "ORIGINAL",
      "PRIMARY",
      "M",
      "ND",
      "MOSAIC"
    ],
    "InstitutionAddress": "Queen Square 12,London,Southeast,GB,WC1N 3BG",
    "InstitutionName": "FIL",
    "MRAcquisitionType": "2D",
    "Manufacturer": "SIEMENS",
    "Modality": "MR",
    "PatientName": "MP02367",
    "PatientPosition": "HFS",
    "PhaseEncodingDirection": "j-",
    "RepetitionTime": 3.36,
    "ScanOptions": "FS",
    "ScanningSequence": "RM",
    "SequenceName": "ep2d_2i2d1",
    "SequenceVariant": "SP\\OSP",
    "SeriesDescription": "nc_epi2d_v2i_3mm_OFC_64ch",
    "SeriesNumber": 9,
    "SliceThickness": 2.5,
    "SliceTiming": [
      0,
      0,
      0,
      0,
      0,
      0,
      0,
      0,
      0,
      0,
      0,
      0,
      0,
      0,
      0,
      0,
      0,
      0,
      0,
      0,
      0,
      0,
      0,
      0,
      0,
      0,
      0,
      0,
      0,
      0,
      0,
      0,
      0,
      0,
      0,
      0,
      0,
      0,
      0,
      0,
      0,
      0,
      0,
      0,
      0,
      0,
      0,
      0
    ],
    "SoftwareVersion": "syngo MR E11",
    "TaskName": "visual detection and discrimination",
    "TotalReadoutTime": 0.030625,
    "dataset": "ds003669",
    "deltaTE": 0,
    "modality": "bold",
    "run_id": 4,
    "subject_id": "MP02367",
    "task_id": "detectdiscrim"
  },
  "dummy_trs": 2,
  "dvars_nstd": 26.516946834751373,
  "dvars_std": 1.3081364461878449,
  "dvars_vstd": 0.9959479264088399,
  "efc": 0.5889039322443164,
  "fber": 185.10470581054688,
  "fd_mean": 0.07923189909504355,
  "fd_num": 7,
  "fd_perc": 3.8461538461538463,
  "fwhm_avg": 2.564583333333333,
  "fwhm_x": 2.47182,
  "fwhm_y": 2.562936666666667,
  "fwhm_z": 2.6589933333333335,
  "gcor": 0.00732747,
  "gsr_x": -0.005223182495683432,
  "gsr_y": 0.04499369487166405,
  "provenance": {
    "md5sum": "7fa35a9063b5e096420937d3b44439d8",
    "settings": {
      "fd_thres": 0.2,
      "testing": false
    },
    "software": "mriqc",
    "version": "21.0.0rc2",
    "webapi_port": null,
    "webapi_url": "https://mriqc.nimh.nih.gov/api/v1"
  },
  "size_t": 182,
  "size_x": 64,
  "size_y": 64,
  "size_z": 48,
  "snr": 2.127020098911273,
  "spacing_tr": 0.07000000029802322,
  "spacing_x": 3.0,
  "spacing_y": 3.0,
  "spacing_z": 3.0,
  "summary_bg_k": 47.381090374720266,
  "summary_bg_mad": 11.127660816017693,
  "summary_bg_mean": 97.41476440429688,
  "summary_bg_median": 56.29121017456055,
  "summary_bg_n": 106463.0,
  "summary_bg_p05": 48.02198028564453,
  "summary_bg_p95": 298.00988769531244,
  "summary_bg_stdv": 115.6666259765625,
  "summary_fg_k": 1.9640538821817008,
  "summary_fg_mad": 333.37366006503476,
  "summary_fg_mean": 880.6044311523438,
  "summary_fg_median": 795.532958984375,
  "summary_fg_n": 43227.0,
  "summary_fg_p05": 445.2857360839844,
  "summary_fg_p95": 1607.1571899414057,
  "summary_fg_stdv": 374.0085754394531,
  "tsnr": 79.969502822496
}