{
  "aor": 0.016297252747252747,
  "aqi": 0.009901861703296704,
  "bids_meta": {
    "AcquisitionDateTime": "20181017115523.697500",
    "ConversionSoftware": "dicm2nii.m 20180808",
    "DeviceSerialNumber": "167032",
    "EchoTime": 0.03,
    "FlipAngle": 90,
    "ImageType": [
      "ORIGINAL",
      "PRIMARY",
      "M",
      "ND",
      "MOSAIC"
    ],
    "InstitutionAddress": "Queen Square 12,London,Southeast,GB,WC1N 3BG",
    "InstitutionName": "Functional Imaging Laboratory",
    "MRAcquisitionType": "2D",
    "Manufacturer": "SIEMENS",
    "Modality": "MR",
    "PatientName": "MP02417",
    "PatientPosition": "HFS",
    "PhaseEncodingDirection": "j-",
    "RepetitionTime": 3.36,
    "ScanOptions": "FS",
    "ScanningSequence": "RM",
    "SequenceName": "ep2d_2i2d1",
    "SequenceVariant": "SP\\OSP",
    "SeriesDescription": "nc_epi2d_v2i_3mm_OFC_64ch",
    "SeriesNumber": 6,
    "SliceThickness": 2.5,
    "SliceTiming": [
      0,
      0.07,
      0.14,
      0.21,
      0.28,
      0.35,
      0.42,
      0.49,
      0.56,
      0.63,
      0.7,
      0.77,
      0.84,
      0.91,
      0.98,
      1.05,
      1.12,
      1.19,
      1.26,
      1.33,
      1.4,
      1.47,
      1.54,
      1.61,
      1.68,
      1.75,
      1.82,
      1.89,
      1.96,
      2.03,
      2.1,
      2.17,
      2.24,
      2.31,
      2.38,
      2.45,
      2.52,
      2.59,
      2.66,
      2.73,
      2.8,
      2.87,
      2.94,
      3.01,
      3.08,
      3.15,
      3.22,
      3.29
    ],
    "SoftwareVersion": "syngo MR E11",
    "TaskName": "visual detection and discrimination",
    "dataset": "ds003669",
    "modality": "bold",
    "run_id": 1,
    "subject_id": "MP02417",
    "task_id": "detectdiscrim"
  },
  "dummy_trs": 2,
  "dvars_nstd": 33.831195694143624,
  "dvars_std": 1.0636189827071825,
  "dvars_vstd": 0.9240771481215465,
  "efc": 0.5846934639593142,
  "fber": 190.9507598876953,
  "fd_mean": 0.21584592815704082,
  "fd_num": 30,
  "fd_perc": 16.483516483516482,
  "fwhm_avg": 2.639685555555556,
  "fwhm_x": 2.494006666666667,
  "fwhm_y": 2.6447766666666666,
  "fwhm_z": 2.7802733333333336,
  "gcor": 0.0287053,
  "gsr_x": 0.008432385511696339,
  "gsr_y": 0.030756965279579163,
  "provenance": {
    "md5sum": "89b8347b4070f3569cd4697c68a98798",
    "settings": {
      "fd_thres": 0.2,
      "testing": false
    },
    "software": "mriqc",
    "version": "21.0.0rc2",
    "webapi_port": null,
    "webapi_url": "https://mriqc.nimh.nih.gov/api/v1"
  },
  "size_t": 182,
  "size_x": 64,
  "size_y": 64,
  "size_z": 48,
  "snr": 2.3454146045414737,
  "spacing_tr": 0.07000000029802322,
  "spacing_x": 3.0,
  "spacing_y": 3.0,
  "spacing_z": 3.0,
  "summary_bg_k": 29.591386806214196,
  "summary_bg_mad": 13.253811394353447,
  "summary_bg_mean": 93.20645904541016,
  "summary_bg_median": 55.736263275146484,
  "summary_bg_n": 111827.0,
  "summary_bg_p05": 42.0384635925293,
  "summary_bg_p95": 287.1664947509764,
  "summary_bg_stdv": 105.61277770996094,
  "summary_fg_k": 1.4684837000657147,
  "summary_fg_mad": 298.0152621854645,
  "summary_fg_mean": 858.316162109375,
  "summary_fg_median": 785.3626708984375,
  "summary_fg_n": 41234.0,
  "summary_fg_p05": 453.8296813964844,
  "summary_fg_p95": 1525.175354003906,
  "summary_fg_stdv": 334.84619140625,
  "tsnr": 37.77316025644541
}