{
  "aor": 0.008739615384615386,
  "aqi": 0.004219365549450549,
  "bids_meta": {
    "AcquisitionDateTime": "20180814164637.837500",
    "ConversionSoftware": "dicm2nii.m 20180808",
    "DeviceSerialNumber": "167032",
    "EchoTime": 0.03,
    "EchoTime1": 0.03,
    "EchoTime2": 0.03,
    "EffectiveEchoSpacing": 0.00048611111,
    "FlipAngle": 90,
    "ImageType": [
      "ORIGINAL",
      "PRIMARY",
      "M",
      "ND",
      "MOSAIC"
    ],
    "InstitutionAddress": "Queen Square 12,London,Southeast,GB,WC1N 3BG",
    "InstitutionName": "FIL",
    "MRAcquisitionType": "2D",
    "Manufacturer": "SIEMENS",
    "Modality": "MR",
    "PatientName": "MP02312",
    "PatientPosition": "HFS",
    "PhaseEncodingDirection": "j-",
    "RepetitionTime": 3.36,
    "ScanOptions": "FS",
    "ScanningSequence": "RM",
    "SequenceName": "ep2d_2i2d1",
    "SequenceVariant": "SP\\OSP",
    "SeriesDescription": "nc_epi2d_v2i_3mm_OFC_64ch",
    "SeriesNumber": 10,
    "SliceThickness": 2.5,
    "SliceTiming": [
      0,
      0,
      0,
      0,
      0,
      0,
      0,
      0,
      0,
      0,
      0,
      0,
      0,
      0,
      0,
      0,
      0,
      0,
      0,
      0,
      0,
      0,
      0,
      0,
      0,
      0,
      0,
      0,
      0,
      0,
      0,
      0,
      0,
      0,
      0,
      0,
      0,
      0,
      0,
      0,
      0,
      0,
      0,
      0,
      0,
      0,
      0,
      0
    ],
    "SoftwareVersion": "syngo MR E11",
    "TaskName": "visual detection and discrimination",
    "TotalReadoutTime": 0.030625,
    "dataset": "ds003669",
    "deltaTE": 0,
    "modality": "bold",
    "run_id": 5,
    "subject_id": "MP02312",
    "task_id": "detectdiscrim"
  },
  "dummy_trs": 2,
  "dvars_nstd": 30.061510897348054,
  "dvars_std": 1.4226548988397796,
  "dvars_vstd": 1.0762756366298343,
  "efc": 0.5994230334862064,
  "fber": 160.83758544921875,
  "fd_mean": 0.08743891012614044,
  "fd_num": 13,
  "fd_perc": 7.142857142857143,
  "fwhm_avg": 2.457316666666667,
  "fwhm_x": 2.3083966666666664,
  "fwhm_y": 2.4574866666666666,
  "fwhm_z": 2.6060666666666665,
  "gcor": 0.0259989,
  "gsr_x": 0.012438776902854443,
  "gsr_y": 0.026132630184292793,
  "provenance": {
    "md5sum": "7520c36670968a2a8857c0ec7ebe91b7",
    "settings": {
      "fd_thres": 0.2,
      "testing": false
    },
    "software": "mriqc",
    "version": "21.0.0rc2",
    "webapi_port": null,
    "webapi_url": "https://mriqc.nimh.nih.gov/api/v1"
  },
  "size_t": 182,
  "size_x": 64,
  "size_y": 64,
  "size_z": 48,
  "snr": 2.31934108391409,
  "spacing_tr": 0.07000000029802322,
  "spacing_x": 3.0,
  "spacing_y": 3.0,
  "spacing_z": 3.0,
  "summary_bg_k": 42.14779252873546,
  "summary_bg_mad": 13.587807495785668,
  "summary_bg_mean": 100.48358917236328,
  "summary_bg_median": 57.95604705810547,
  "summary_bg_n": 109639.0,
  "summary_bg_p05": 47.87912368774414,
  "summary_bg_p95": 303.72033691406244,
  "summary_bg_stdv": 122.93599700927734,
  "summary_fg_k": 1.6409517952216746,
  "summary_fg_mad": 299.95810090807896,
  "summary_fg_mean": 820.9210815429688,
  "summary_fg_median": 754.7692260742188,
  "summary_fg_n": 41899.0,
  "summary_fg_p05": 427.67803955078125,
  "summary_fg_p95": 1452.2769775390623,
  "summary_fg_stdv": 325.42010498046875,
  "tsnr": 66.267826795578
}