{
  "aor": 0.0025779670329670336,
  "aqi": 0.004170708956043956,
  "bids_meta": {
    "AcquisitionDateTime": "20180814161036.575000",
    "ConversionSoftware": "dicm2nii.m 20180808",
    "DeviceSerialNumber": "167032",
    "EchoTime": 0.03,
    "EchoTime1": 0.03,
    "EchoTime2": 0.03,
    "EffectiveEchoSpacing": 0.00048611111,
    "FlipAngle": 90,
    "ImageType": [
      "ORIGINAL",
      "PRIMARY",
      "M",
      "ND",
      "MOSAIC"
    ],
    "InstitutionAddress": "Queen Square 12,London,Southeast,GB,WC1N 3BG",
    "InstitutionName": "FIL",
    "MRAcquisitionType": "2D",
    "Manufacturer": "SIEMENS",
    "Modality": "MR",
    "PatientName": "MP02312",
    "PatientPosition": "HFS",
    "PhaseEncodingDirection": "j-",
    "RepetitionTime": 3.36,
    "ScanOptions": "FS",
    "ScanningSequence": "RM",
    "SequenceName": "ep2d_2i2d1",
    "SequenceVariant": "SP\\OSP",
    "SeriesDescription": "nc_epi2d_v2i_3mm_OFC_64ch",
    "SeriesNumber": 7,
    "SliceThickness": 2.5,
    "SliceTiming": [
      0,
      0,
      0,
      0,
      0,
      0,
      0,
      0,
      0,
      0,
      0,
      0,
      0,
      0,
      0,
      0,
      0,
      0,
      0,
      0,
      0,
      0,
      0,
      0,
      0,
      0,
      0,
      0,
      0,
      0,
      0,
      0,
      0,
      0,
      0,
      0,
      0,
      0,
      0,
      0,
      0,
      0,
      0,
      0,
      0,
      0,
      0,
      0
    ],
    "SoftwareVersion": "syngo MR E11",
    "TaskName": "visual detection and discrimination",
    "TotalReadoutTime": 0.030625,
    "dataset": "ds003669",
    "deltaTE": 0,
    "modality": "bold",
    "run_id": 2,
    "subject_id": "MP02312",
    "task_id": "detectdiscrim"
  },
  "dummy_trs": 2,
  "dvars_nstd": 29.303564377292822,
  "dvars_std": 1.3346925521546964,
  "dvars_vstd": 0.9972871819337021,
  "efc": 0.5983321667392772,
  "fber": 163.89747619628906,
  "fd_mean": 0.0695688242035451,
  "fd_num": 7,
  "fd_perc": 3.8461538461538463,
  "fwhm_avg": 2.4553366666666663,
  "fwhm_x": 2.315193333333333,
  "fwhm_y": 2.447076666666667,
  "fwhm_z": 2.6037399999999997,
  "gcor": 0.0343166,
  "gsr_x": 0.012921486049890518,
  "gsr_y": 0.024570176377892494,
  "provenance": {
    "md5sum": "03855a40b9b61e9e33964fb3c704cef8",
    "settings": {
      "fd_thres": 0.2,
      "testing": false
    },
    "software": "mriqc",
    "version": "21.0.0rc2",
    "webapi_port": null,
    "webapi_url": "https://mriqc.nimh.nih.gov/api/v1"
  },
  "size_t": 182,
  "size_x": 64,
  "size_y": 64,
  "size_z": 48,
  "snr": 2.3224662435774084,
  "spacing_tr": 0.07000000029802322,
  "spacing_x": 3.0,
  "spacing_y": 3.0,
  "spacing_z": 3.0,
  "summary_bg_k": 42.22834776937173,
  "summary_bg_mad": 13.082744082863812,
  "summary_bg_mean": 100.02141571044922,
  "summary_bg_median": 57.5384635925293,
  "summary_bg_n": 109872.0,
  "summary_bg_p05": 48.02747344970703,
  "summary_bg_p95": 304.28105010986314,
  "summary_bg_stdv": 123.11148834228516,
  "summary_fg_k": 1.6026601346902307,
  "summary_fg_mad": 298.93166310506933,
  "summary_fg_mean": 820.4033813476562,
  "summary_fg_median": 755.260986328125,
  "summary_fg_n": 41774.0,
  "summary_fg_p05": 427.4870910644531,
  "summary_fg_p95": 1455.4000244140623,
  "summary_fg_stdv": 325.1939392089844,
  "tsnr": 69.2128085156437
}