{
  "bids_meta": {
    "AcquisitionDateTime": "20180924113906.192500",
    "ConversionSoftware": "dicm2nii.m 20180808",
    "DeviceSerialNumber": "167032",
    "EchoTime": 0.00334,
    "FlipAngle": 7,
    "ImageType": [
      "ORIGINAL",
      "PRIMARY",
      "M",
      "ND"
    ],
    "InstitutionAddress": "Queen Square 12,London,Southeast,GB,WC1N 3BG",
    "InstitutionName": "FIL",
    "InversionTime": 1.1,
    "MRAcquisitionType": "3D",
    "Manufacturer": "SIEMENS",
    "Modality": "MR",
    "PatientName": "MP02376",
    "PatientPosition": "HFS",
    "PhaseEncodingDirection": "j-",
    "RepetitionTime": 2.53,
    "ScanOptions": "IR",
    "ScanningSequence": "GR\\IR",
    "SequenceName": "*tfl3d1_16ns",
    "SequenceVariant": "SK\\SP\\MP",
    "SeriesDescription": "MPRAGE_64ch_Head",
    "SeriesNumber": 2,
    "SliceThickness": 1,
    "SoftwareVersion": "syngo MR E11",
    "dataset": "ds003669",
    "modality": "T1w",
    "subject_id": "MP02376"
  },
  "cjv": 0.5180262542422249,
  "cnr": 1.5361186844556909,
  "efc": 0.6746494322007283,
  "fber": 2.3561034976086215,
  "fwhm_avg": 3.70619,
  "fwhm_x": 3.81136,
  "fwhm_y": 3.79102,
  "fwhm_z": 3.51619,
  "icvs_csf": 0.17550581886757824,
  "icvs_gm": 0.43267643159207825,
  "icvs_wm": 0.3918177495403435,
  "inu_med": 1.1631475687026978,
  "inu_range": 0.3610075116157532,
  "provenance": {
    "md5sum": "99aa3cefaa3ca5fbdaecadf45e99b680",
    "settings": {
      "testing": false
    },
    "software": "mriqc",
    "version": "21.0.0rc2",
    "warnings": {
      "large_rot_frame": true,
      "small_air_mask": false
    },
    "webapi_port": null,
    "webapi_url": "https://mriqc.nimh.nih.gov/api/v1"
  },
  "qi_1": 0.0,
  "qi_2": 0.0034180054295912814,
  "rpve_csf": 34.64377556631078,
  "rpve_gm": 14.141699986684438,
  "rpve_wm": 17.71404391192814,
  "size_x": 176,
  "size_y": 256,
  "size_z": 256,
  "snr_csf": 3.504854215464245,
  "snr_gm": 8.302372756579453,
  "snr_total": 5.20156218968027,
  "snr_wm": 3.7974595969971103,
  "snrd_csf": 28.170704426756437,
  "snrd_gm": 31.19204399117159,
  "snrd_total": 37.68247958902169,
  "snrd_wm": 53.68469034913705,
  "spacing_x": 1.0,
  "spacing_y": 1.0,
  "spacing_z": 1.0,
  "summary_bg_k": 0.13147542912547472,
  "summary_bg_mad": 12.204644667160087,
  "summary_bg_mean": 153.34853995363034,
  "summary_bg_median": 153.02257932722569,
  "summary_bg_n": 1892174.0,
  "summary_bg_p05": 133.68012128025293,
  "summary_bg_p95": 174.03161992132664,
  "summary_bg_stdv": 12.300981000124622,
  "summary_csf_k": 0.06440058393716352,
  "summary_csf_mad": 139.56722490543808,
  "summary_csf_mean": 513.807356269874,
  "summary_csf_median": 524.7967435903847,
  "summary_csf_n": 4462.0,
  "summary_csf_p05": 229.642449368909,
  "summary_csf_p95": 746.9319961220026,
  "summary_csf_stdv": 149.71747772994573,
  "summary_gm_k": 0.7597046023482714,
  "summary_gm_mad": 66.03985641984784,
  "summary_gm_mean": 583.8071426896378,
  "summary_gm_median": 581.0817814320326,
  "summary_gm_n": 18193.0,
  "summary_gm_p05": 474.4710009172559,
  "summary_gm_p95": 702.4392923638225,
  "summary_gm_stdv": 69.98792132340827,
  "summary_wm_k": 3.304514123808951,
  "summary_wm_mad": 151.0231183660239,
  "summary_wm_mean": 1085.5283761370004,
  "summary_wm_median": 1000.1010357812047,
  "summary_wm_n": 113873.0,
  "summary_wm_p05": 828.5440384298563,
  "summary_wm_p95": 1680.0566145092243,
  "summary_wm_stdv": 263.35939038358407,
  "tpm_overlap_csf": 0.13314443826675415,
  "tpm_overlap_gm": 0.4123735725879669,
  "tpm_overlap_wm": 0.425152450799942,
  "wm2max": 0.3465455690886182
}