{
  "aor": 0.0018874175824175822,
  "aqi": 0.003971109285714286,
  "bids_meta": {
    "AcquisitionDateTime": "20190121100550.127500",
    "ConversionSoftware": "dicm2nii.m 20180808",
    "DeviceSerialNumber": "167032",
    "EchoTime": 0.03,
    "EchoTime1": 0.03,
    "EchoTime2": 0.03,
    "EffectiveEchoSpacing": 0.00052083333,
    "FlipAngle": 90,
    "ImageType": [
      "ORIGINAL",
      "PRIMARY",
      "M",
      "ND",
      "MOSAIC"
    ],
    "InstitutionAddress": "Queen Square 12,London,Southeast,GB,WC1N 3BG",
    "InstitutionName": "FIL",
    "MRAcquisitionType": "2D",
    "Manufacturer": "SIEMENS",
    "Modality": "MR",
    "PatientName": "MP02546",
    "PatientPosition": "HFS",
    "PhaseEncodingDirection": "j-",
    "RepetitionTime": 3.36,
    "ScanOptions": "FS",
    "ScanningSequence": "RM",
    "SequenceName": "ep2d_2i2d1",
    "SequenceVariant": "SP\\OSP",
    "SeriesDescription": "nc_epi2d_v2i_3mm_OFC_64ch",
    "SeriesNumber": 8,
    "SliceThickness": 2.5,
    "SliceTiming": [
      0,
      0.07,
      0.14,
      0.21,
      0.28,
      0.35,
      0.42,
      0.49,
      0.56,
      0.63,
      0.7,
      0.77,
      0.84,
      0.91,
      0.98,
      1.05,
      1.12,
      1.19,
      1.26,
      1.33,
      1.4,
      1.47,
      1.54,
      1.61,
      1.68,
      1.75,
      1.82,
      1.89,
      1.96,
      2.03,
      2.1,
      2.17,
      2.24,
      2.31,
      2.38,
      2.45,
      2.52,
      2.59,
      2.66,
      2.73,
      2.8,
      2.87,
      2.94,
      3.01,
      3.08,
      3.15,
      3.22,
      3.29
    ],
    "SoftwareVersion": "syngo MR E11",
    "TaskName": "visual detection and discrimination",
    "TotalReadoutTime": 0.0328125,
    "dataset": "ds003669",
    "deltaTE": 0,
    "modality": "bold",
    "run_id": 3,
    "subject_id": "MP02546",
    "task_id": "detectdiscrim"
  },
  "dummy_trs": 2,
  "dvars_nstd": 29.521472867734786,
  "dvars_std": 1.3733741788950264,
  "dvars_vstd": 0.9956554111049726,
  "efc": 0.6272722756501068,
  "fber": 129.5981903076172,
  "fd_mean": 0.07025087759179105,
  "fd_num": 1,
  "fd_perc": 0.5494505494505495,
  "fwhm_avg": 2.579597777777778,
  "fwhm_x": 2.4420366666666666,
  "fwhm_y": 2.5951333333333335,
  "fwhm_z": 2.7016233333333335,
  "gcor": 0.0127493,
  "gsr_x": 0.00899830274283886,
  "gsr_y": 0.04806976020336151,
  "provenance": {
    "md5sum": "aea1a84d24bd458c587c1a574e6db517",
    "settings": {
      "fd_thres": 0.2,
      "testing": false
    },
    "software": "mriqc",
    "version": "21.0.0rc2",
    "webapi_port": null,
    "webapi_url": "https://mriqc.nimh.nih.gov/api/v1"
  },
  "size_t": 182,
  "size_x": 64,
  "size_y": 64,
  "size_z": 48,
  "snr": 2.0869726677259357,
  "spacing_tr": 0.07000000029802322,
  "spacing_x": 3.0,
  "spacing_y": 3.0,
  "spacing_z": 3.0,
  "summary_bg_k": 23.519627755111905,
  "summary_bg_mad": 20.605729846331613,
  "summary_bg_mean": 122.25933837890625,
  "summary_bg_median": 65.73626708984375,
  "summary_bg_n": 97884.0,
  "summary_bg_p05": 50.17033004760742,
  "summary_bg_p95": 395.1906738281249,
  "summary_bg_stdv": 143.77626037597656,
  "summary_fg_k": 2.8541103013638063,
  "summary_fg_mad": 331.58972328917906,
  "summary_fg_mean": 875.1845092773438,
  "summary_fg_median": 792.2417602539062,
  "summary_fg_n": 49081.0,
  "summary_fg_p05": 431.21978759765625,
  "summary_fg_p95": 1602.32421875,
  "summary_fg_stdv": 379.6090393066406,
  "tsnr": 66.81839301553555
}