{
  "aor": 0.0021826373626373627,
  "aqi": 0.0036922583516483523,
  "bids_meta": {
    "AcquisitionDateTime": "20190121095341.860000",
    "ConversionSoftware": "dicm2nii.m 20180808",
    "DeviceSerialNumber": "167032",
    "EchoTime": 0.03,
    "EchoTime1": 0.03,
    "EchoTime2": 0.03,
    "EffectiveEchoSpacing": 0.00048611111,
    "FlipAngle": 90,
    "ImageType": [
      "ORIGINAL",
      "PRIMARY",
      "M",
      "ND",
      "MOSAIC"
    ],
    "InstitutionAddress": "Queen Square 12,London,Southeast,GB,WC1N 3BG",
    "InstitutionName": "FIL",
    "MRAcquisitionType": "2D",
    "Manufacturer": "SIEMENS",
    "Modality": "MR",
    "PatientName": "MP02546",
    "PatientPosition": "HFS",
    "PhaseEncodingDirection": "j-",
    "RepetitionTime": 3.36,
    "ScanOptions": "FS",
    "ScanningSequence": "RM",
    "SequenceName": "ep2d_2i2d1",
    "SequenceVariant": "SP\\OSP",
    "SeriesDescription": "nc_epi2d_v2i_3mm_OFC_64ch",
    "SeriesNumber": 7,
    "SliceThickness": 2.5,
    "SliceTiming": [
      0,
      0.07,
      0.14,
      0.21,
      0.28,
      0.35,
      0.42,
      0.49,
      0.56,
      0.63,
      0.7,
      0.77,
      0.84,
      0.91,
      0.98,
      1.05,
      1.12,
      1.19,
      1.26,
      1.33,
      1.4,
      1.47,
      1.54,
      1.61,
      1.68,
      1.75,
      1.82,
      1.89,
      1.96,
      2.03,
      2.1,
      2.17,
      2.24,
      2.31,
      2.38,
      2.45,
      2.52,
      2.59,
      2.66,
      2.73,
      2.8,
      2.87,
      2.94,
      3.01,
      3.08,
      3.15,
      3.22,
      3.29
    ],
    "SoftwareVersion": "syngo MR E11",
    "TaskName": "visual detection and discrimination",
    "TotalReadoutTime": 0.030625,
    "dataset": "ds003669",
    "deltaTE": 0,
    "modality": "bold",
    "run_id": 2,
    "subject_id": "MP02546",
    "task_id": "detectdiscrim"
  },
  "dummy_trs": 2,
  "dvars_nstd": 29.353156073812134,
  "dvars_std": 1.414331197127072,
  "dvars_vstd": 1.0098280758563531,
  "efc": 0.6261262534806757,
  "fber": 130.8529052734375,
  "fd_mean": 0.06305887289998095,
  "fd_num": 6,
  "fd_perc": 3.2967032967032965,
  "fwhm_avg": 2.568873333333333,
  "fwhm_x": 2.434563333333333,
  "fwhm_y": 2.5916099999999997,
  "fwhm_z": 2.6804466666666666,
  "gcor": 0.020282,
  "gsr_x": 0.006592229939997196,
  "gsr_y": 0.04935276135802269,
  "provenance": {
    "md5sum": "2e9566ff020fec3ad11f5b1d64305f3f",
    "settings": {
      "fd_thres": 0.2,
      "testing": false
    },
    "software": "mriqc",
    "version": "21.0.0rc2",
    "webapi_port": null,
    "webapi_url": "https://mriqc.nimh.nih.gov/api/v1"
  },
  "size_t": 182,
  "size_x": 64,
  "size_y": 64,
  "size_z": 48,
  "snr": 2.0833469119287926,
  "spacing_tr": 0.07000000029802322,
  "spacing_x": 3.0,
  "spacing_y": 3.0,
  "spacing_z": 3.0,
  "summary_bg_k": 24.08622614289533,
  "summary_bg_mad": 20.03956248150266,
  "summary_bg_mean": 121.35591888427734,
  "summary_bg_median": 65.4120864868164,
  "summary_bg_n": 98157.0,
  "summary_bg_p05": 50.472530364990234,
  "summary_bg_p95": 393.08462524414057,
  "summary_bg_stdv": 142.59303283691406,
  "summary_fg_k": 2.9389436961484137,
  "summary_fg_mad": 331.31273077264797,
  "summary_fg_mean": 875.3088989257812,
  "summary_fg_median": 792.2582397460938,
  "summary_fg_n": 48897.0,
  "summary_fg_p05": 431.1087951660156,
  "summary_fg_p95": 1603.7077636718748,
  "summary_fg_stdv": 380.277587890625,
  "tsnr": 73.0796801361721
}