{
  "bids_meta": {
    "AcquisitionDateTime": "20180925120321.882500",
    "ConversionSoftware": "dicm2nii.m 20180808",
    "DeviceSerialNumber": "167032",
    "EchoTime": 0.00334,
    "FlipAngle": 7,
    "ImageType": [
      "ORIGINAL",
      "PRIMARY",
      "M",
      "ND"
    ],
    "InstitutionAddress": "Queen Square 12,London,Southeast,GB,WC1N 3BG",
    "InstitutionName": "FIL",
    "InversionTime": 1.1,
    "MRAcquisitionType": "3D",
    "Manufacturer": "SIEMENS",
    "Modality": "MR",
    "PatientName": "MP02378",
    "PatientPosition": "HFS",
    "PhaseEncodingDirection": "j-",
    "RepetitionTime": 2.53,
    "ScanOptions": "IR",
    "ScanningSequence": "GR\\IR",
    "SequenceName": "*tfl3d1_16ns",
    "SequenceVariant": "SK\\SP\\MP",
    "SeriesDescription": "MPRAGE_64ch_Head",
    "SeriesNumber": 3,
    "SliceThickness": 1,
    "SoftwareVersion": "syngo MR E11",
    "dataset": "ds003669",
    "modality": "T1w",
    "subject_id": "MP02378"
  },
  "cjv": 0.5127293746627754,
  "cnr": 1.8008230553487352,
  "efc": 0.6800326280637,
  "fber": 5.773620675634456,
  "fwhm_avg": 4.3051466666666665,
  "fwhm_x": 4.25229,
  "fwhm_y": 4.26721,
  "fwhm_z": 4.39594,
  "icvs_csf": 0.20666039280682416,
  "icvs_gm": 0.4129148050029639,
  "icvs_wm": 0.38042480219021196,
  "inu_med": 1.1650118827819824,
  "inu_range": 0.3663686096668244,
  "provenance": {
    "md5sum": "a6fc3df514f29364831c78ddf178a6fa",
    "settings": {
      "testing": false
    },
    "software": "mriqc",
    "version": "21.0.0rc2",
    "warnings": {
      "large_rot_frame": true,
      "small_air_mask": false
    },
    "webapi_port": null,
    "webapi_url": "https://mriqc.nimh.nih.gov/api/v1"
  },
  "qi_1": 0.0,
  "qi_2": 0.0029877664501102145,
  "rpve_csf": 27.575719342178132,
  "rpve_gm": 13.139616302673176,
  "rpve_wm": 16.41499378015546,
  "size_x": 176,
  "size_y": 256,
  "size_z": 256,
  "snr_csf": 2.890159444304353,
  "snr_gm": 8.455831953671563,
  "snr_total": 5.196588242722773,
  "snr_wm": 4.243773330192402,
  "snrd_csf": 18.74056397606575,
  "snrd_gm": 31.71560988398608,
  "snrd_total": 35.73902265994705,
  "snrd_wm": 56.76089411978931,
  "spacing_x": 1.0,
  "spacing_y": 1.0,
  "spacing_z": 1.0,
  "summary_bg_k": 52.97664758879553,
  "summary_bg_mad": 11.543107438334571,
  "summary_bg_mean": 144.3689087467134,
  "summary_bg_median": 143.98924807459116,
  "summary_bg_n": 2441160.0,
  "summary_bg_p05": 125.77625338733196,
  "summary_bg_p95": 164.1023261770606,
  "summary_bg_stdv": 12.008278915573408,
  "summary_csf_k": 1.7148202065965066,
  "summary_csf_mad": 105.05601948341403,
  "summary_csf_mean": 339.9670823302994,
  "summary_csf_median": 330.19742276519537,
  "summary_csf_n": 7494.0,
  "summary_csf_p05": 175.17610500790178,
  "summary_csf_p95": 549.7010835450141,
  "summary_csf_stdv": 114.24123741502565,
  "summary_gm_k": 2.4829025034297993,
  "summary_gm_mad": 62.525165290978926,
  "summary_gm_mean": 563.6517355315762,
  "summary_gm_median": 558.8098980635405,
  "summary_gm_n": 21703.0,
  "summary_gm_p05": 466.8690325163305,
  "summary_gm_p95": 676.3740836173293,
  "summary_gm_stdv": 66.08421583500404,
  "summary_wm_k": 2.474788545217991,
  "summary_wm_mad": 163.73348229494812,
  "summary_wm_mean": 1067.7243022259618,
  "summary_wm_median": 1000.0926853716373,
  "summary_wm_n": 126082.0,
  "summary_wm_p05": 816.248029075563,
  "summary_wm_p95": 1572.4812283292413,
  "summary_wm_stdv": 235.6602583384769,
  "tpm_overlap_csf": 0.13128970563411713,
  "tpm_overlap_gm": 0.39098697900772095,
  "tpm_overlap_wm": 0.3932819664478302,
  "wm2max": 0.3796488512015763
}