{
  "aor": 0.010159560439560436,
  "aqi": 0.010985116263736263,
  "bids_meta": {
    "AcquisitionDateTime": "20180821105112.402500",
    "ConversionSoftware": "dicm2nii.m 20180808",
    "DeviceSerialNumber": "167032",
    "EchoTime": 0.03,
    "EchoTime1": 0.03,
    "EchoTime2": 0.03,
    "EffectiveEchoSpacing": 0.00048611111,
    "FlipAngle": 90,
    "ImageType": [
      "ORIGINAL",
      "PRIMARY",
      "M",
      "ND",
      "MOSAIC"
    ],
    "InstitutionAddress": "Queen Square 12,London,Southeast,GB,WC1N 3BG",
    "InstitutionName": "Functional Imaging Laboratory",
    "MRAcquisitionType": "2D",
    "Manufacturer": "SIEMENS",
    "Modality": "MR",
    "PatientName": "MP02319",
    "PatientPosition": "HFS",
    "PhaseEncodingDirection": "j-",
    "RepetitionTime": 3.36,
    "ScanOptions": "FS",
    "ScanningSequence": "RM",
    "SequenceName": "ep2d_2i2d1",
    "SequenceVariant": "SP\\OSP",
    "SeriesDescription": "nc_epi2d_v2i_3mm_OFC_64ch",
    "SeriesNumber": 8,
    "SliceThickness": 2.5,
    "SliceTiming": [
      0,
      0.07,
      0.14,
      0.21,
      0.28,
      0.35,
      0.42,
      0.49,
      0.56,
      0.63,
      0.7,
      0.77,
      0.84,
      0.91,
      0.98,
      1.05,
      1.12,
      1.19,
      1.26,
      1.33,
      1.4,
      1.47,
      1.54,
      1.61,
      1.68,
      1.75,
      1.82,
      1.89,
      1.96,
      2.03,
      2.1,
      2.17,
      2.24,
      2.31,
      2.38,
      2.45,
      2.52,
      2.59,
      2.66,
      2.73,
      2.8,
      2.87,
      2.94,
      3.01,
      3.08,
      3.15,
      3.22,
      3.29
    ],
    "SoftwareVersion": "syngo MR E11",
    "TaskName": "visual detection and discrimination",
    "TotalReadoutTime": 0.030625,
    "dataset": "ds003669",
    "deltaTE": 0,
    "modality": "bold",
    "run_id": 3,
    "subject_id": "MP02319",
    "task_id": "detectdiscrim"
  },
  "dummy_trs": 2,
  "dvars_nstd": 32.90479042535912,
  "dvars_std": 1.1288111369613263,
  "dvars_vstd": 0.9393410919337024,
  "efc": 0.562446449758783,
  "fber": 199.355224609375,
  "fd_mean": 0.1755396682386646,
  "fd_num": 38,
  "fd_perc": 20.87912087912088,
  "fwhm_avg": 2.675013333333333,
  "fwhm_x": 2.54115,
  "fwhm_y": 2.7526266666666666,
  "fwhm_z": 2.731263333333333,
  "gcor": 0.028382,
  "gsr_x": -0.009091720916330814,
  "gsr_y": 0.03249598294496536,
  "provenance": {
    "md5sum": "d7c15e7bb0e400ff7ad449ea9ef17220",
    "settings": {
      "fd_thres": 0.2,
      "testing": false
    },
    "software": "mriqc",
    "version": "21.0.0rc2",
    "webapi_port": null,
    "webapi_url": "https://mriqc.nimh.nih.gov/api/v1"
  },
  "size_t": 182,
  "size_x": 64,
  "size_y": 64,
  "size_z": 48,
  "snr": 2.3437424230326225,
  "spacing_tr": 0.07000000029802322,
  "spacing_x": 3.0,
  "spacing_y": 3.0,
  "spacing_z": 3.0,
  "summary_bg_k": 29.377920854483413,
  "summary_bg_mad": 7.062726636644433,
  "summary_bg_mean": 82.21429443359375,
  "summary_bg_median": 52.80220031738281,
  "summary_bg_n": 119305.0,
  "summary_bg_p05": 47.03296661376953,
  "summary_bg_p95": 229.526382446289,
  "summary_bg_stdv": 84.6603012084961,
  "summary_fg_k": 2.398412578962371,
  "summary_fg_mad": 285.6859732652271,
  "summary_fg_mean": 821.3312377929688,
  "summary_fg_median": 758.2802124023438,
  "summary_fg_n": 36549.0,
  "summary_fg_p05": 432.8066101074219,
  "summary_fg_p95": 1453.0340576171875,
  "summary_fg_stdv": 323.5295104980469,
  "tsnr": 36.970908258575946
}