{
  "aor": 0.033362417582417585,
  "aqi": 0.018110413296703296,
  "bids_meta": {
    "AcquisitionDateTime": "20180821103909.617500",
    "ConversionSoftware": "dicm2nii.m 20180808",
    "DeviceSerialNumber": "167032",
    "EchoTime": 0.03,
    "EchoTime1": 0.03,
    "EchoTime2": 0.03,
    "EffectiveEchoSpacing": 0.00048611111,
    "FlipAngle": 90,
    "ImageType": [
      "ORIGINAL",
      "PRIMARY",
      "M",
      "ND",
      "MOSAIC"
    ],
    "InstitutionAddress": "Queen Square 12,London,Southeast,GB,WC1N 3BG",
    "InstitutionName": "Functional Imaging Laboratory",
    "MRAcquisitionType": "2D",
    "Manufacturer": "SIEMENS",
    "Modality": "MR",
    "PatientName": "MP02319",
    "PatientPosition": "HFS",
    "PhaseEncodingDirection": "j-",
    "RepetitionTime": 3.36,
    "ScanOptions": "FS",
    "ScanningSequence": "RM",
    "SequenceName": "ep2d_2i2d1",
    "SequenceVariant": "SP\\OSP",
    "SeriesDescription": "nc_epi2d_v2i_3mm_OFC_64ch",
    "SeriesNumber": 7,
    "SliceThickness": 2.5,
    "SliceTiming": [
      0,
      0,
      0,
      0,
      0,
      0,
      0,
      0,
      0,
      0,
      0,
      0,
      0,
      0,
      0,
      0,
      0,
      0,
      0,
      0,
      0,
      0,
      0,
      0,
      0,
      0,
      0,
      0,
      0,
      0,
      0,
      0,
      0,
      0,
      0,
      0,
      0,
      0,
      0,
      0,
      0,
      0,
      0,
      0,
      0,
      0,
      0,
      0
    ],
    "SoftwareVersion": "syngo MR E11",
    "TaskName": "visual detection and discrimination",
    "TotalReadoutTime": 0.030625,
    "dataset": "ds003669",
    "deltaTE": 0,
    "modality": "bold",
    "run_id": 2,
    "subject_id": "MP02319",
    "task_id": "detectdiscrim"
  },
  "dummy_trs": 2,
  "dvars_nstd": 40.57107554480664,
  "dvars_std": 1.1093310496685092,
  "dvars_vstd": 0.9909057464088402,
  "efc": 0.5618527949164234,
  "fber": 197.41220092773438,
  "fd_mean": 0.3622226520648358,
  "fd_num": 61,
  "fd_perc": 33.51648351648352,
  "fwhm_avg": 2.723135555555556,
  "fwhm_x": 2.5994733333333335,
  "fwhm_y": 2.8112766666666666,
  "fwhm_z": 2.7586566666666665,
  "gcor": 0.0227256,
  "gsr_x": -0.007740627508610487,
  "gsr_y": 0.033009566366672516,
  "provenance": {
    "md5sum": "ebedec88fe4bd0e4e3120190a8bbbd67",
    "settings": {
      "fd_thres": 0.2,
      "testing": false
    },
    "software": "mriqc",
    "version": "21.0.0rc2",
    "webapi_port": null,
    "webapi_url": "https://mriqc.nimh.nih.gov/api/v1"
  },
  "size_t": 182,
  "size_x": 64,
  "size_y": 64,
  "size_z": 48,
  "snr": 2.334046474619649,
  "spacing_tr": 0.07000000029802322,
  "spacing_x": 3.0,
  "spacing_y": 3.0,
  "spacing_z": 3.0,
  "summary_bg_k": 30.553979297282943,
  "summary_bg_mad": 8.276503138559121,
  "summary_bg_mean": 81.1702880859375,
  "summary_bg_median": 53.373626708984375,
  "summary_bg_n": 118985.0,
  "summary_bg_p05": 45.68681335449219,
  "summary_bg_p95": 222.50439453124994,
  "summary_bg_stdv": 79.85203552246094,
  "summary_fg_k": 2.6642728885884797,
  "summary_fg_mad": 286.3865534883515,
  "summary_fg_mean": 822.7643432617188,
  "summary_fg_median": 759.5879516601562,
  "summary_fg_n": 36799.0,
  "summary_fg_p05": 432.2763946533203,
  "summary_fg_p95": 1453.853344726562,
  "summary_fg_stdv": 325.4338073730469,
  "tsnr": 24.480709887924604
}