{
  "aor": 0.036944861878453035,
  "aqi": 0.009431486187845306,
  "bids_meta": {
    "AcquisitionDateTime": "20180821102655.540000",
    "ConversionSoftware": "dicm2nii.m 20180808",
    "DeviceSerialNumber": "167032",
    "EchoTime": 0.03,
    "EchoTime1": 0.03,
    "EchoTime2": 0.03,
    "EffectiveEchoSpacing": 0.00048611111,
    "FlipAngle": 90,
    "ImageType": [
      "ORIGINAL",
      "PRIMARY",
      "M",
      "ND",
      "MOSAIC"
    ],
    "InstitutionAddress": "Queen Square 12,London,Southeast,GB,WC1N 3BG",
    "InstitutionName": "Functional Imaging Laboratory",
    "MRAcquisitionType": "2D",
    "Manufacturer": "SIEMENS",
    "Modality": "MR",
    "PatientName": "MP02319",
    "PatientPosition": "HFS",
    "PhaseEncodingDirection": "j-",
    "RepetitionTime": 3.36,
    "ScanOptions": "FS",
    "ScanningSequence": "RM",
    "SequenceName": "ep2d_2i2d1",
    "SequenceVariant": "SP\\OSP",
    "SeriesDescription": "nc_epi2d_v2i_3mm_OFC_64ch",
    "SeriesNumber": 6,
    "SliceThickness": 2.5,
    "SliceTiming": [
      0,
      0,
      0,
      0,
      0,
      0,
      0,
      0,
      0,
      0,
      0,
      0,
      0,
      0,
      0,
      0,
      0,
      0,
      0,
      0,
      0,
      0,
      0,
      0,
      0,
      0,
      0,
      0,
      0,
      0,
      0,
      0,
      0,
      0,
      0,
      0,
      0,
      0,
      0,
      0,
      0,
      0,
      0,
      0,
      0,
      0,
      0,
      0
    ],
    "SoftwareVersion": "syngo MR E11",
    "TaskName": "visual detection and discrimination",
    "TotalReadoutTime": 0.030625,
    "dataset": "ds003669",
    "deltaTE": 0,
    "modality": "bold",
    "run_id": 1,
    "subject_id": "MP02319",
    "task_id": "detectdiscrim"
  },
  "dummy_trs": 3,
  "dvars_nstd": 36.768789524611094,
  "dvars_std": 1.3927226788888893,
  "dvars_vstd": 1.269302919944444,
  "efc": 0.5603958063845814,
  "fber": 203.01303100585938,
  "fd_mean": 0.21735045301661488,
  "fd_num": 50,
  "fd_perc": 27.624309392265193,
  "fwhm_avg": 2.7253088888888883,
  "fwhm_x": 2.59799,
  "fwhm_y": 2.8124633333333335,
  "fwhm_z": 2.765473333333333,
  "gcor": 0.0193811,
  "gsr_x": -0.010571409948170185,
  "gsr_y": 0.032495204359292984,
  "provenance": {
    "md5sum": "8af1a0ea4a3295e92f2bca7e4c10b271",
    "settings": {
      "fd_thres": 0.2,
      "testing": false
    },
    "software": "mriqc",
    "version": "21.0.0rc2",
    "webapi_port": null,
    "webapi_url": "https://mriqc.nimh.nih.gov/api/v1"
  },
  "size_t": 181,
  "size_x": 64,
  "size_y": 64,
  "size_z": 48,
  "snr": 2.3231821559730395,
  "spacing_tr": 0.07000000029802322,
  "spacing_x": 3.0,
  "spacing_y": 3.0,
  "spacing_z": 3.0,
  "summary_bg_k": 29.06053209529764,
  "summary_bg_mad": 7.240993627028712,
  "summary_bg_mean": 82.23016357421875,
  "summary_bg_median": 52.994476318359375,
  "summary_bg_n": 119544.0,
  "summary_bg_p05": 47.32596969604492,
  "summary_bg_p95": 229.4710006713865,
  "summary_bg_stdv": 82.5086441040039,
  "summary_fg_k": 2.821605380481188,
  "summary_fg_mad": 288.89450761956994,
  "summary_fg_mean": 830.164306640625,
  "summary_fg_median": 766.71826171875,
  "summary_fg_n": 36475.0,
  "summary_fg_p05": 434.2038848876953,
  "summary_fg_p95": 1464.302819824218,
  "summary_fg_stdv": 330.0248107910156,
  "tsnr": 36.27928527840413
}