{
  "aor": 0.000658956043956044,
  "aqi": 0.003292054120879121,
  "bids_meta": {
    "AcquisitionDateTime": "20180920104954.310000",
    "ConversionSoftware": "dicm2nii.m 20180808",
    "DeviceSerialNumber": "167032",
    "EchoTime": 0.03,
    "EchoTime1": 0.03,
    "EchoTime2": 0.03,
    "EffectiveEchoSpacing": 0.00048611111,
    "FlipAngle": 90,
    "ImageType": [
      "ORIGINAL",
      "PRIMARY",
      "M",
      "ND",
      "MOSAIC"
    ],
    "InstitutionAddress": "Queen Square 12,London,Southeast,GB,WC1N 3BG",
    "InstitutionName": "FIL",
    "MRAcquisitionType": "2D",
    "Manufacturer": "SIEMENS",
    "Modality": "MR",
    "PatientName": "MP02367",
    "PatientPosition": "HFS",
    "PhaseEncodingDirection": "j-",
    "RepetitionTime": 3.36,
    "ScanOptions": "FS",
    "ScanningSequence": "RM",
    "SequenceName": "ep2d_2i2d1",
    "SequenceVariant": "SP\\OSP",
    "SeriesDescription": "nc_epi2d_v2i_3mm_OFC_64ch",
    "SeriesNumber": 8,
    "SliceThickness": 2.5,
    "SliceTiming": [
      0,
      0.07,
      0.14,
      0.21,
      0.28,
      0.35,
      0.42,
      0.49,
      0.56,
      0.63,
      0.7,
      0.77,
      0.84,
      0.91,
      0.98,
      1.05,
      1.12,
      1.19,
      1.26,
      1.33,
      1.4,
      1.47,
      1.54,
      1.61,
      1.68,
      1.75,
      1.82,
      1.89,
      1.96,
      2.03,
      2.1,
      2.17,
      2.24,
      2.31,
      2.38,
      2.45,
      2.52,
      2.59,
      2.66,
      2.73,
      2.8,
      2.87,
      2.94,
      3.01,
      3.08,
      3.15,
      3.22,
      3.29
    ],
    "SoftwareVersion": "syngo MR E11",
    "TaskName": "visual detection and discrimination",
    "TotalReadoutTime": 0.030625,
    "dataset": "ds003669",
    "deltaTE": 0,
    "modality": "bold",
    "run_id": 3,
    "subject_id": "MP02367",
    "task_id": "detectdiscrim"
  },
  "dummy_trs": 2,
  "dvars_nstd": 28.109846652596712,
  "dvars_std": 1.2938437444751385,
  "dvars_vstd": 0.9642961367403317,
  "efc": 0.5884890243363059,
  "fber": 186.32171630859375,
  "fd_mean": 0.07345890805253665,
  "fd_num": 4,
  "fd_perc": 2.197802197802198,
  "fwhm_avg": 2.576502222222222,
  "fwhm_x": 2.4865233333333334,
  "fwhm_y": 2.5713833333333334,
  "fwhm_z": 2.6715999999999998,
  "gcor": 0.0106004,
  "gsr_x": -0.004334563389420509,
  "gsr_y": 0.04052627086639404,
  "provenance": {
    "md5sum": "6d111c177dafe9460f34d3178abf449d",
    "settings": {
      "fd_thres": 0.2,
      "testing": false
    },
    "software": "mriqc",
    "version": "21.0.0rc2",
    "webapi_port": null,
    "webapi_url": "https://mriqc.nimh.nih.gov/api/v1"
  },
  "size_t": 182,
  "size_x": 64,
  "size_y": 64,
  "size_z": 48,
  "snr": 2.113262818569352,
  "spacing_tr": 0.07000000029802322,
  "spacing_x": 3.0,
  "spacing_y": 3.0,
  "spacing_z": 3.0,
  "summary_bg_k": 54.830423799532525,
  "summary_bg_mad": 10.777376360134115,
  "summary_bg_mean": 96.6939697265625,
  "summary_bg_median": 56.07692337036133,
  "summary_bg_n": 106641.0,
  "summary_bg_p05": 48.07143020629883,
  "summary_bg_p95": 294.8681335449219,
  "summary_bg_stdv": 116.22338104248047,
  "summary_fg_k": 1.8983988311563467,
  "summary_fg_mad": 335.5894644609965,
  "summary_fg_mean": 869.8887939453125,
  "summary_fg_median": 785.813232421875,
  "summary_fg_n": 44210.0,
  "summary_fg_p05": 434.5653991699219,
  "summary_fg_p95": 1596.7374267578114,
  "summary_fg_stdv": 371.8441162109375,
  "tsnr": 70.60374405235052
}