{
  "aor": 0.0033889560439560435,
  "aqi": 0.006996753296703297,
  "bids_meta": {
    "AcquisitionDateTime": "20190102124109.222500",
    "ConversionSoftware": "dicm2nii.m 20180808",
    "DeviceSerialNumber": "167032",
    "EchoTime": 0.03,
    "EchoTime1": 0.03,
    "EchoTime2": 0.03,
    "EffectiveEchoSpacing": 0.00052083333,
    "FlipAngle": 90,
    "ImageType": [
      "ORIGINAL",
      "PRIMARY",
      "M",
      "ND",
      "MOSAIC"
    ],
    "InstitutionAddress": "Queen Square 12,London,Southeast,GB,WC1N 3BG",
    "InstitutionName": "Functional Imaging Laboratory",
    "MRAcquisitionType": "2D",
    "Manufacturer": "SIEMENS",
    "Modality": "MR",
    "PatientName": "MP02522",
    "PatientPosition": "HFS",
    "PhaseEncodingDirection": "j-",
    "RepetitionTime": 3.36,
    "ScanOptions": "FS",
    "ScanningSequence": "RM",
    "SequenceName": "ep2d_2i2d1",
    "SequenceVariant": "SP\\OSP",
    "SeriesDescription": "nc_epi2d_v2i_3mm_OFC_64ch",
    "SeriesNumber": 10,
    "SliceThickness": 2.5,
    "SliceTiming": [
      0,
      0,
      0,
      0,
      0,
      0,
      0,
      0,
      0,
      0,
      0,
      0,
      0,
      0,
      0,
      0,
      0,
      0,
      0,
      0,
      0,
      0,
      0,
      0,
      0,
      0,
      0,
      0,
      0,
      0,
      0,
      0,
      0,
      0,
      0,
      0,
      0,
      0,
      0,
      0,
      0,
      0,
      0,
      0,
      0,
      0,
      0,
      0
    ],
    "SoftwareVersion": "syngo MR E11",
    "TaskName": "visual detection and discrimination",
    "TotalReadoutTime": 0.0328125,
    "dataset": "ds003669",
    "deltaTE": 0,
    "modality": "bold",
    "run_id": 5,
    "subject_id": "MP02522",
    "task_id": "detectdiscrim"
  },
  "dummy_trs": 2,
  "dvars_nstd": 24.701816411160216,
  "dvars_std": 1.127912872707183,
  "dvars_vstd": 0.9806782156906085,
  "efc": 0.6175493368337677,
  "fber": 119.85730743408203,
  "fd_mean": 0.14712313266734495,
  "fd_num": 35,
  "fd_perc": 19.23076923076923,
  "fwhm_avg": 2.5341799999999997,
  "fwhm_x": 2.35778,
  "fwhm_y": 2.5580366666666667,
  "fwhm_z": 2.686723333333333,
  "gcor": 0.00654243,
  "gsr_x": 0.018052052706480026,
  "gsr_y": 0.04978816211223602,
  "provenance": {
    "md5sum": "a1e75cc0956104fe1b9221d836c51a9b",
    "settings": {
      "fd_thres": 0.2,
      "testing": false
    },
    "software": "mriqc",
    "version": "21.0.0rc2",
    "webapi_port": null,
    "webapi_url": "https://mriqc.nimh.nih.gov/api/v1"
  },
  "size_t": 182,
  "size_x": 64,
  "size_y": 64,
  "size_z": 48,
  "snr": 2.618898563368424,
  "spacing_tr": 0.07000000029802322,
  "spacing_x": 3.0,
  "spacing_y": 3.0,
  "spacing_z": 3.0,
  "summary_bg_k": 30.5556825374305,
  "summary_bg_mad": 16.642620504993843,
  "summary_bg_mean": 103.72718811035156,
  "summary_bg_median": 59.56593704223633,
  "summary_bg_n": 113716.0,
  "summary_bg_p05": 45.862640380859375,
  "summary_bg_p95": 305.06732177734375,
  "summary_bg_stdv": 122.12337493896484,
  "summary_fg_k": 0.6434779757063969,
  "summary_fg_mad": 247.9937482880663,
  "summary_fg_mean": 719.0455932617188,
  "summary_fg_median": 676.3709106445312,
  "summary_fg_n": 38486.0,
  "summary_fg_p05": 380.4327087402344,
  "summary_fg_p95": 1212.335205078125,
  "summary_fg_stdv": 258.2620544433594,
  "tsnr": 50.10007832944393
}