{
  "aor": 0.005093351648351647,
  "aqi": 0.004849735714285715,
  "bids_meta": {
    "AcquisitionDateTime": "20190102120715.492500",
    "ConversionSoftware": "dicm2nii.m 20180808",
    "DeviceSerialNumber": "167032",
    "EchoTime": 0.03,
    "EchoTime1": 0.03,
    "EchoTime2": 0.03,
    "EffectiveEchoSpacing": 0.00048611111,
    "FlipAngle": 90,
    "ImageType": [
      "ORIGINAL",
      "PRIMARY",
      "M",
      "ND",
      "MOSAIC"
    ],
    "InstitutionAddress": "Queen Square 12,London,Southeast,GB,WC1N 3BG",
    "InstitutionName": "Functional Imaging Laboratory",
    "MRAcquisitionType": "2D",
    "Manufacturer": "SIEMENS",
    "Modality": "MR",
    "PatientName": "MP02522",
    "PatientPosition": "HFS",
    "PhaseEncodingDirection": "j-",
    "RepetitionTime": 3.36,
    "ScanOptions": "FS",
    "ScanningSequence": "RM",
    "SequenceName": "ep2d_2i2d1",
    "SequenceVariant": "SP\\OSP",
    "SeriesDescription": "nc_epi2d_v2i_3mm_OFC_64ch",
    "SeriesNumber": 7,
    "SliceThickness": 2.5,
    "SliceTiming": [
      0,
      0,
      0,
      0,
      0,
      0,
      0,
      0,
      0,
      0,
      0,
      0,
      0,
      0,
      0,
      0,
      0,
      0,
      0,
      0,
      0,
      0,
      0,
      0,
      0,
      0,
      0,
      0,
      0,
      0,
      0,
      0,
      0,
      0,
      0,
      0,
      0,
      0,
      0,
      0,
      0,
      0,
      0,
      0,
      0,
      0,
      0,
      0
    ],
    "SoftwareVersion": "syngo MR E11",
    "TaskName": "visual detection and discrimination",
    "TotalReadoutTime": 0.030625,
    "dataset": "ds003669",
    "deltaTE": 0,
    "modality": "bold",
    "run_id": 2,
    "subject_id": "MP02522",
    "task_id": "detectdiscrim"
  },
  "dummy_trs": 2,
  "dvars_nstd": 26.35575556922653,
  "dvars_std": 1.210738221546961,
  "dvars_vstd": 1.0159713047513812,
  "efc": 0.6149073875786888,
  "fber": 124.58367156982422,
  "fd_mean": 0.1337149033075656,
  "fd_num": 16,
  "fd_perc": 8.791208791208792,
  "fwhm_avg": 2.5417166666666664,
  "fwhm_x": 2.3315066666666664,
  "fwhm_y": 2.56472,
  "fwhm_z": 2.728923333333333,
  "gcor": 0.0180126,
  "gsr_x": 0.012173676863312721,
  "gsr_y": 0.04802362620830536,
  "provenance": {
    "md5sum": "39a38387e8ac95505ee814be4fb47e74",
    "settings": {
      "fd_thres": 0.2,
      "testing": false
    },
    "software": "mriqc",
    "version": "21.0.0rc2",
    "webapi_port": null,
    "webapi_url": "https://mriqc.nimh.nih.gov/api/v1"
  },
  "size_t": 182,
  "size_x": 64,
  "size_y": 64,
  "size_z": 48,
  "snr": 2.6251129345539774,
  "spacing_tr": 0.07000000029802322,
  "spacing_x": 3.0,
  "spacing_y": 3.0,
  "spacing_z": 3.0,
  "summary_bg_k": 33.04347526125721,
  "summary_bg_mad": 13.758874807275303,
  "summary_bg_mean": 100.80902099609375,
  "summary_bg_median": 58.20879364013672,
  "summary_bg_n": 114033.0,
  "summary_bg_p05": 48.06044006347656,
  "summary_bg_p95": 293.16923217773416,
  "summary_bg_stdv": 118.75753021240234,
  "summary_fg_k": 0.5322082070285212,
  "summary_fg_mad": 248.5395212757593,
  "summary_fg_mean": 715.4725952148438,
  "summary_fg_median": 673.2527465820312,
  "summary_fg_n": 38361.0,
  "summary_fg_p05": 377.73626708984375,
  "summary_fg_p95": 1204.8406982421875,
  "summary_fg_stdv": 256.4628601074219,
  "tsnr": 57.39091006666422
}