{
  "aor": 0.002565054945054945,
  "aqi": 0.006190122142857143,
  "bids_meta": {
    "AcquisitionDateTime": "20181017120732.202500",
    "ConversionSoftware": "dicm2nii.m 20180808",
    "DeviceSerialNumber": "167032",
    "EchoTime": 0.03,
    "FlipAngle": 90,
    "ImageType": [
      "ORIGINAL",
      "PRIMARY",
      "M",
      "ND",
      "MOSAIC"
    ],
    "InstitutionAddress": "Queen Square 12,London,Southeast,GB,WC1N 3BG",
    "InstitutionName": "Functional Imaging Laboratory",
    "MRAcquisitionType": "2D",
    "Manufacturer": "SIEMENS",
    "Modality": "MR",
    "PatientName": "MP02417",
    "PatientPosition": "HFS",
    "PhaseEncodingDirection": "j-",
    "RepetitionTime": 3.36,
    "ScanOptions": "FS",
    "ScanningSequence": "RM",
    "SequenceName": "ep2d_2i2d1",
    "SequenceVariant": "SP\\OSP",
    "SeriesDescription": "nc_epi2d_v2i_3mm_OFC_64ch",
    "SeriesNumber": 7,
    "SliceThickness": 2.5,
    "SliceTiming": [
      0,
      0.07,
      0.14,
      0.21,
      0.28,
      0.35,
      0.42,
      0.49,
      0.56,
      0.63,
      0.7,
      0.77,
      0.84,
      0.91,
      0.98,
      1.05,
      1.12,
      1.19,
      1.26,
      1.33,
      1.4,
      1.47,
      1.54,
      1.61,
      1.68,
      1.75,
      1.82,
      1.89,
      1.96,
      2.03,
      2.1,
      2.17,
      2.24,
      2.31,
      2.38,
      2.45,
      2.52,
      2.59,
      2.66,
      2.73,
      2.8,
      2.87,
      2.94,
      3.01,
      3.08,
      3.15,
      3.22,
      3.29
    ],
    "SoftwareVersion": "syngo MR E11",
    "TaskName": "visual detection and discrimination",
    "dataset": "ds003669",
    "modality": "bold",
    "run_id": 2,
    "subject_id": "MP02417",
    "task_id": "detectdiscrim"
  },
  "dummy_trs": 2,
  "dvars_nstd": 28.272161963480674,
  "dvars_std": 1.2847415066850831,
  "dvars_vstd": 0.9418806064640884,
  "efc": 0.5860620502292099,
  "fber": 193.49302673339844,
  "fd_mean": 0.07174907579044035,
  "fd_num": 7,
  "fd_perc": 3.8461538461538463,
  "fwhm_avg": 2.6833433333333336,
  "fwhm_x": 2.4982966666666666,
  "fwhm_y": 2.6934400000000003,
  "fwhm_z": 2.8582933333333336,
  "gcor": 0.0205459,
  "gsr_x": 0.009533250704407692,
  "gsr_y": 0.031555067747831345,
  "provenance": {
    "md5sum": "3a08629b8b63666502e477c9bdbbc402",
    "settings": {
      "fd_thres": 0.2,
      "testing": false
    },
    "software": "mriqc",
    "version": "21.0.0rc2",
    "webapi_port": null,
    "webapi_url": "https://mriqc.nimh.nih.gov/api/v1"
  },
  "size_t": 182,
  "size_x": 64,
  "size_y": 64,
  "size_z": 48,
  "snr": 2.350700842280268,
  "spacing_tr": 0.07000000029802322,
  "spacing_x": 3.0,
  "spacing_y": 3.0,
  "spacing_z": 3.0,
  "summary_bg_k": 30.836774662772974,
  "summary_bg_mad": 10.687767787937144,
  "summary_bg_mean": 91.92601776123047,
  "summary_bg_median": 54.763736724853516,
  "summary_bg_n": 112016.0,
  "summary_bg_p05": 44.91758346557617,
  "summary_bg_p95": 283.2747268676758,
  "summary_bg_stdv": 104.70933532714844,
  "summary_fg_k": 1.309113840034283,
  "summary_fg_mad": 294.78537198861875,
  "summary_fg_mean": 844.7174682617188,
  "summary_fg_median": 773.5494995117188,
  "summary_fg_n": 41562.0,
  "summary_fg_p05": 447.6497497558594,
  "summary_fg_p95": 1503.8497619628906,
  "summary_fg_stdv": 329.0679016113281,
  "tsnr": 55.91519148484804
}