{
  "aor": 0.006815989010989011,
  "aqi": 0.008859316373626375,
  "bids_meta": {
    "AcquisitionDateTime": "20180828161802.845000",
    "ConversionSoftware": "dicm2nii.m 20180808",
    "DeviceSerialNumber": "167032",
    "EchoTime": 0.03,
    "EchoTime1": 0.03,
    "EchoTime2": 0.03,
    "EffectiveEchoSpacing": 0.00048611111,
    "FlipAngle": 90,
    "ImageType": [
      "ORIGINAL",
      "PRIMARY",
      "M",
      "ND",
      "MOSAIC"
    ],
    "InstitutionAddress": "Queen Square 12,London,Southeast,GB,WC1N 3BG",
    "InstitutionName": "Functional Imaging Laboratory",
    "MRAcquisitionType": "2D",
    "Manufacturer": "SIEMENS",
    "Modality": "MR",
    "PatientName": "MP02333",
    "PatientPosition": "HFS",
    "PhaseEncodingDirection": "j-",
    "RepetitionTime": 3.36,
    "ScanOptions": "FS",
    "ScanningSequence": "RM",
    "SequenceName": "ep2d_2i2d1",
    "SequenceVariant": "SP\\OSP",
    "SeriesDescription": "nc_epi2d_v2i_3mm_OFC_64ch",
    "SeriesNumber": 14,
    "SliceThickness": 2.5,
    "SliceTiming": [
      0,
      0,
      0,
      0,
      0,
      0,
      0,
      0,
      0,
      0,
      0,
      0,
      0,
      0,
      0,
      0,
      0,
      0,
      0,
      0,
      0,
      0,
      0,
      0,
      0,
      0,
      0,
      0,
      0,
      0,
      0,
      0,
      0,
      0,
      0,
      0,
      0,
      0,
      0,
      0,
      0,
      0,
      0,
      0,
      0,
      0,
      0,
      0
    ],
    "SoftwareVersion": "syngo MR E11",
    "TaskName": "visual detection and discrimination",
    "TotalReadoutTime": 0.030625,
    "dataset": "ds003669",
    "deltaTE": 0,
    "modality": "bold",
    "run_id": 2,
    "subject_id": "MP02333",
    "task_id": "detectdiscrim"
  },
  "dummy_trs": 2,
  "dvars_nstd": 41.041543770718214,
  "dvars_std": 1.2481690919337014,
  "dvars_vstd": 1.001520757955801,
  "efc": 0.586998201724649,
  "fber": 158.73382568359375,
  "fd_mean": 0.2526227098545687,
  "fd_num": 79,
  "fd_perc": 43.40659340659341,
  "fwhm_avg": 2.5417755555555552,
  "fwhm_x": 2.4689799999999997,
  "fwhm_y": 2.5530500000000003,
  "fwhm_z": 2.6032966666666666,
  "gcor": 0.0263372,
  "gsr_x": 0.00029055835329927504,
  "gsr_y": 0.040738217532634735,
  "provenance": {
    "md5sum": "ac23c8d5e9832e4d86782307837ebfee",
    "settings": {
      "fd_thres": 0.2,
      "testing": false
    },
    "software": "mriqc",
    "version": "21.0.0rc2",
    "webapi_port": null,
    "webapi_url": "https://mriqc.nimh.nih.gov/api/v1"
  },
  "size_t": 182,
  "size_x": 64,
  "size_y": 64,
  "size_z": 48,
  "snr": 2.125801057095225,
  "spacing_tr": 0.07000000029802322,
  "spacing_x": 3.0,
  "spacing_y": 3.0,
  "spacing_z": 3.0,
  "summary_bg_k": 21.325941817302926,
  "summary_bg_mad": 17.204698814174073,
  "summary_bg_mean": 101.70039367675781,
  "summary_bg_median": 60.483516693115234,
  "summary_bg_n": 110358.0,
  "summary_bg_p05": 45.74176025390625,
  "summary_bg_p95": 314.71292572021406,
  "summary_bg_stdv": 109.83478546142578,
  "summary_fg_k": 3.2205547739858265,
  "summary_fg_mad": 320.06290729824514,
  "summary_fg_mean": 870.1969604492188,
  "summary_fg_median": 787.6318969726562,
  "summary_fg_n": 40893.0,
  "summary_fg_p05": 440.70660400390625,
  "summary_fg_p95": 1573.7692871093752,
  "summary_fg_stdv": 370.506103515625,
  "tsnr": 37.310510125011206
}