{
  "aor": 0.00836313186813187,
  "aqi": 0.00844040423076923,
  "bids_meta": {
    "AcquisitionDateTime": "20180828162933.577500",
    "ConversionSoftware": "dicm2nii.m 20180808",
    "DeviceSerialNumber": "167032",
    "EchoTime": 0.03,
    "EchoTime1": 0.03,
    "EchoTime2": 0.03,
    "EffectiveEchoSpacing": 0.00048611111,
    "FlipAngle": 90,
    "ImageType": [
      "ORIGINAL",
      "PRIMARY",
      "M",
      "ND",
      "MOSAIC"
    ],
    "InstitutionAddress": "Queen Square 12,London,Southeast,GB,WC1N 3BG",
    "InstitutionName": "Functional Imaging Laboratory",
    "MRAcquisitionType": "2D",
    "Manufacturer": "SIEMENS",
    "Modality": "MR",
    "PatientName": "MP02333",
    "PatientPosition": "HFS",
    "PhaseEncodingDirection": "j-",
    "RepetitionTime": 3.36,
    "ScanOptions": "FS",
    "ScanningSequence": "RM",
    "SequenceName": "ep2d_2i2d1",
    "SequenceVariant": "SP\\OSP",
    "SeriesDescription": "nc_epi2d_v2i_3mm_OFC_64ch",
    "SeriesNumber": 15,
    "SliceThickness": 2.5,
    "SliceTiming": [
      0,
      0,
      0,
      0,
      0,
      0,
      0,
      0,
      0,
      0,
      0,
      0,
      0,
      0,
      0,
      0,
      0,
      0,
      0,
      0,
      0,
      0,
      0,
      0,
      0,
      0,
      0,
      0,
      0,
      0,
      0,
      0,
      0,
      0,
      0,
      0,
      0,
      0,
      0,
      0,
      0,
      0,
      0,
      0,
      0,
      0,
      0,
      0
    ],
    "SoftwareVersion": "syngo MR E11",
    "TaskName": "visual detection and discrimination",
    "TotalReadoutTime": 0.030625,
    "dataset": "ds003669",
    "deltaTE": 0,
    "modality": "bold",
    "run_id": 3,
    "subject_id": "MP02333",
    "task_id": "detectdiscrim"
  },
  "dummy_trs": 2,
  "dvars_nstd": 39.77130111154695,
  "dvars_std": 1.2772187891712707,
  "dvars_vstd": 1.0272660493370163,
  "efc": 0.5874262547824941,
  "fber": 154.70526123046875,
  "fd_mean": 0.22084814038139003,
  "fd_num": 61,
  "fd_perc": 33.51648351648352,
  "fwhm_avg": 2.4899633333333333,
  "fwhm_x": 2.4218366666666666,
  "fwhm_y": 2.5343,
  "fwhm_z": 2.5137533333333333,
  "gcor": 0.0167107,
  "gsr_x": -0.00023405546380672604,
  "gsr_y": 0.0387486033141613,
  "provenance": {
    "md5sum": "91b7ea07c5440df87948dbee21c52b6d",
    "settings": {
      "fd_thres": 0.2,
      "testing": false
    },
    "software": "mriqc",
    "version": "21.0.0rc2",
    "webapi_port": null,
    "webapi_url": "https://mriqc.nimh.nih.gov/api/v1"
  },
  "size_t": 182,
  "size_x": 64,
  "size_y": 64,
  "size_z": 48,
  "snr": 2.097155507448131,
  "spacing_tr": 0.07000000029802322,
  "spacing_x": 3.0,
  "spacing_y": 3.0,
  "spacing_z": 3.0,
  "summary_bg_k": 19.707957719298054,
  "summary_bg_mad": 19.249390653217162,
  "summary_bg_mean": 104.36089324951172,
  "summary_bg_median": 61.78571701049805,
  "summary_bg_n": 110763.0,
  "summary_bg_p05": 44.28571701049805,
  "summary_bg_p95": 327.552764892578,
  "summary_bg_stdv": 112.8834457397461,
  "summary_fg_k": 3.2706924792741443,
  "summary_fg_mad": 325.75695405100674,
  "summary_fg_mean": 880.9827270507812,
  "summary_fg_median": 795.7911987304688,
  "summary_fg_n": 40719.0,
  "summary_fg_p05": 442.40935974121095,
  "summary_fg_p95": 1597.6660278320305,
  "summary_fg_stdv": 379.45751953125,
  "tsnr": 38.24808618333191
}