{
  "aor": 0.013428956043956044,
  "aqi": 0.007961000824175824,
  "bids_meta": {
    "AcquisitionDateTime": "20180828164057.607500",
    "ConversionSoftware": "dicm2nii.m 20180808",
    "DeviceSerialNumber": "167032",
    "EchoTime": 0.03,
    "EchoTime1": 0.03,
    "EchoTime2": 0.03,
    "EffectiveEchoSpacing": 0.00052083333,
    "FlipAngle": 90,
    "ImageType": [
      "ORIGINAL",
      "PRIMARY",
      "M",
      "ND",
      "MOSAIC"
    ],
    "InstitutionAddress": "Queen Square 12,London,Southeast,GB,WC1N 3BG",
    "InstitutionName": "Functional Imaging Laboratory",
    "MRAcquisitionType": "2D",
    "Manufacturer": "SIEMENS",
    "Modality": "MR",
    "PatientName": "MP02333",
    "PatientPosition": "HFS",
    "PhaseEncodingDirection": "j-",
    "RepetitionTime": 3.36,
    "ScanOptions": "FS",
    "ScanningSequence": "RM",
    "SequenceName": "ep2d_2i2d1",
    "SequenceVariant": "SP\\OSP",
    "SeriesDescription": "nc_epi2d_v2i_3mm_OFC_64ch",
    "SeriesNumber": 16,
    "SliceThickness": 2.5,
    "SliceTiming": [
      0,
      0,
      0,
      0,
      0,
      0,
      0,
      0,
      0,
      0,
      0,
      0,
      0,
      0,
      0,
      0,
      0,
      0,
      0,
      0,
      0,
      0,
      0,
      0,
      0,
      0,
      0,
      0,
      0,
      0,
      0,
      0,
      0,
      0,
      0,
      0,
      0,
      0,
      0,
      0,
      0,
      0,
      0,
      0,
      0,
      0,
      0,
      0
    ],
    "SoftwareVersion": "syngo MR E11",
    "TaskName": "visual detection and discrimination",
    "TotalReadoutTime": 0.0328125,
    "dataset": "ds003669",
    "deltaTE": 0,
    "modality": "bold",
    "run_id": 4,
    "subject_id": "MP02333",
    "task_id": "detectdiscrim"
  },
  "dummy_trs": 2,
  "dvars_nstd": 39.30425630209946,
  "dvars_std": 1.3328805963535908,
  "dvars_vstd": 1.0722105337016574,
  "efc": 0.5862987532709055,
  "fber": 159.87022399902344,
  "fd_mean": 0.20425786492337383,
  "fd_num": 57,
  "fd_perc": 31.318681318681318,
  "fwhm_avg": 2.517895555555556,
  "fwhm_x": 2.4567133333333335,
  "fwhm_y": 2.5548800000000003,
  "fwhm_z": 2.5420933333333333,
  "gcor": 0.018141,
  "gsr_x": 0.0007971992017701268,
  "gsr_y": 0.03845559060573578,
  "provenance": {
    "md5sum": "4c19273134bfa9497a82fbe5c0d11131",
    "settings": {
      "fd_thres": 0.2,
      "testing": false
    },
    "software": "mriqc",
    "version": "21.0.0rc2",
    "webapi_port": null,
    "webapi_url": "https://mriqc.nimh.nih.gov/api/v1"
  },
  "size_t": 182,
  "size_x": 64,
  "size_y": 64,
  "size_z": 48,
  "snr": 2.093710321128144,
  "spacing_tr": 0.07000000029802322,
  "spacing_x": 3.0,
  "spacing_y": 3.0,
  "spacing_z": 3.0,
  "summary_bg_k": 18.881833858719887,
  "summary_bg_mad": 18.20667580711348,
  "summary_bg_mean": 105.66787719726562,
  "summary_bg_median": 61.5384635925293,
  "summary_bg_n": 111163.0,
  "summary_bg_p05": 46.68681335449219,
  "summary_bg_p95": 333.15166931152334,
  "summary_bg_stdv": 114.766845703125,
  "summary_fg_k": 3.347184131975058,
  "summary_fg_mad": 327.4880441657536,
  "summary_fg_mean": 887.2828979492188,
  "summary_fg_median": 801.2335205078125,
  "summary_fg_n": 40408.0,
  "summary_fg_p05": 446.48160858154296,
  "summary_fg_p95": 1611.628894042969,
  "summary_fg_stdv": 382.68121337890625,
  "tsnr": 39.70517859561369
}