{
  "aor": 0.003587582417582418,
  "aqi": 0.008701848571428571,
  "bids_meta": {
    "AcquisitionDateTime": "20180828160635.235000",
    "ConversionSoftware": "dicm2nii.m 20180808",
    "DeviceSerialNumber": "167032",
    "EchoTime": 0.03,
    "EchoTime1": 0.03,
    "EchoTime2": 0.03,
    "EffectiveEchoSpacing": 0.00052083333,
    "FlipAngle": 90,
    "ImageType": [
      "ORIGINAL",
      "PRIMARY",
      "M",
      "ND",
      "MOSAIC"
    ],
    "InstitutionAddress": "Queen Square 12,London,Southeast,GB,WC1N 3BG",
    "InstitutionName": "Functional Imaging Laboratory",
    "MRAcquisitionType": "2D",
    "Manufacturer": "SIEMENS",
    "Modality": "MR",
    "PatientName": "MP02333",
    "PatientPosition": "HFS",
    "PhaseEncodingDirection": "j-",
    "RepetitionTime": 3.36,
    "ScanOptions": "FS",
    "ScanningSequence": "RM",
    "SequenceName": "ep2d_2i2d1",
    "SequenceVariant": "SP\\OSP",
    "SeriesDescription": "nc_epi2d_v2i_3mm_OFC_64ch",
    "SeriesNumber": 13,
    "SliceThickness": 2.5,
    "SliceTiming": [
      0,
      0,
      0,
      0,
      0,
      0,
      0,
      0,
      0,
      0,
      0,
      0,
      0,
      0,
      0,
      0,
      0,
      0,
      0,
      0,
      0,
      0,
      0,
      0,
      0,
      0,
      0,
      0,
      0,
      0,
      0,
      0,
      0,
      0,
      0,
      0,
      0,
      0,
      0,
      0,
      0,
      0,
      0,
      0,
      0,
      0,
      0,
      0
    ],
    "SoftwareVersion": "syngo MR E11",
    "TaskName": "visual detection and discrimination",
    "TotalReadoutTime": 0.0328125,
    "dataset": "ds003669",
    "deltaTE": 0,
    "modality": "bold",
    "run_id": 1,
    "subject_id": "MP02333",
    "task_id": "detectdiscrim"
  },
  "dummy_trs": 2,
  "dvars_nstd": 40.59912847022098,
  "dvars_std": 1.254280004254143,
  "dvars_vstd": 0.9790262940883983,
  "efc": 0.5888628705907093,
  "fber": 160.64056396484375,
  "fd_mean": 0.20644522825005596,
  "fd_num": 56,
  "fd_perc": 30.76923076923077,
  "fwhm_avg": 2.565261111111111,
  "fwhm_x": 2.4704633333333335,
  "fwhm_y": 2.546466666666667,
  "fwhm_z": 2.678853333333333,
  "gcor": 0.0299019,
  "gsr_x": 0.0005067906458862126,
  "gsr_y": 0.041414447128772736,
  "provenance": {
    "md5sum": "6a8dd2d30ad9e39db9cf3a60d93488c1",
    "settings": {
      "fd_thres": 0.2,
      "testing": false
    },
    "software": "mriqc",
    "version": "21.0.0rc2",
    "webapi_port": null,
    "webapi_url": "https://mriqc.nimh.nih.gov/api/v1"
  },
  "size_t": 182,
  "size_x": 64,
  "size_y": 64,
  "size_z": 48,
  "snr": 2.1627904684494936,
  "spacing_tr": 0.07000000029802322,
  "spacing_x": 3.0,
  "spacing_y": 3.0,
  "spacing_z": 3.0,
  "summary_bg_k": 19.98675670702629,
  "summary_bg_mad": 15.388111805593507,
  "summary_bg_mean": 100.41388702392578,
  "summary_bg_median": 59.895606994628906,
  "summary_bg_n": 110243.0,
  "summary_bg_p05": 48.230770111083984,
  "summary_bg_p95": 311.95495605468744,
  "summary_bg_stdv": 106.45785522460938,
  "summary_fg_k": 2.8630673539579874,
  "summary_fg_mad": 319.2237855714261,
  "summary_fg_mean": 863.68994140625,
  "summary_fg_median": 784.010986328125,
  "summary_fg_n": 41091.0,
  "summary_fg_p05": 437.14012145996094,
  "summary_fg_p95": 1550.9203491210938,
  "summary_fg_stdv": 362.4953308105469,
  "tsnr": 40.96981441415846
}