{
  "bids_meta": {
    "AcquisitionDateTime": "20180912114955.262500",
    "ConversionSoftware": "dicm2nii.m 20180808",
    "DeviceSerialNumber": "167032",
    "EchoTime": 0.00334,
    "FlipAngle": 7,
    "ImageType": [
      "ORIGINAL",
      "PRIMARY",
      "M",
      "ND"
    ],
    "InstitutionAddress": "Queen Square 12,London,Southeast,GB,WC1N 3BG",
    "InstitutionName": "Functional Imaging Laboratory",
    "InversionTime": 1.1,
    "MRAcquisitionType": "3D",
    "Manufacturer": "SIEMENS",
    "Modality": "MR",
    "PatientName": "MP02351",
    "PatientPosition": "HFS",
    "PhaseEncodingDirection": "j-",
    "RepetitionTime": 2.53,
    "ScanOptions": "IR",
    "ScanningSequence": "GR\\IR",
    "SequenceName": "*tfl3d1_16ns",
    "SequenceVariant": "SK\\SP\\MP",
    "SeriesDescription": "MPRAGE_64ch_Head",
    "SeriesNumber": 2,
    "SliceThickness": 1,
    "SoftwareVersion": "syngo MR E11",
    "dataset": "ds003669",
    "modality": "T1w",
    "subject_id": "MP02351"
  },
  "cjv": 0.5203993329212434,
  "cnr": 1.6111871817532317,
  "efc": 0.6715550897777038,
  "fber": 1.133627717219188,
  "fwhm_avg": 3.8415,
  "fwhm_x": 3.99432,
  "fwhm_y": 3.87332,
  "fwhm_z": 3.65686,
  "icvs_csf": 0.17532943385473876,
  "icvs_gm": 0.43579214248753256,
  "icvs_wm": 0.3888784236577287,
  "inu_med": 1.181311011314392,
  "inu_range": 0.42967061996459965,
  "provenance": {
    "md5sum": "141f0998fe4cd579f63af761dcf368d6",
    "settings": {
      "testing": false
    },
    "software": "mriqc",
    "version": "21.0.0rc2",
    "warnings": {
      "large_rot_frame": true,
      "small_air_mask": true
    },
    "webapi_port": null,
    "webapi_url": "https://mriqc.nimh.nih.gov/api/v1"
  },
  "qi_1": 0.0,
  "qi_2": 0.004214379708193346,
  "rpve_csf": 32.07571152715977,
  "rpve_gm": 13.023452571239597,
  "rpve_wm": 16.38968857485477,
  "size_x": 176,
  "size_y": 256,
  "size_z": 256,
  "snr_csf": 3.1777414562070923,
  "snr_gm": 8.456263971756972,
  "snr_total": 5.3454299096676925,
  "snr_wm": 4.402284301039012,
  "snrd_csf": 21.445298056853943,
  "snrd_gm": 33.40130342892627,
  "snrd_total": 36.37981704793376,
  "snrd_wm": 54.29284965802107,
  "spacing_x": 1.0,
  "spacing_y": 1.0,
  "spacing_z": 1.0,
  "summary_bg_k": 0.023058997652774416,
  "summary_bg_mad": 12.067337614742495,
  "summary_bg_mean": 156.4371555850283,
  "summary_bg_median": 156.19205099344254,
  "summary_bg_n": 328286.0,
  "summary_bg_p05": 136.97713179141283,
  "summary_bg_p95": 176.79786247015,
  "summary_bg_stdv": 12.106776635148416,
  "summary_csf_k": 0.3184284867554168,
  "summary_csf_mad": 112.65394292243785,
  "summary_csf_mean": 398.5280052922055,
  "summary_csf_median": 395.013406008482,
  "summary_csf_n": 2693.0,
  "summary_csf_p05": 193.66371916383505,
  "summary_csf_p95": 615.763464358449,
  "summary_csf_stdv": 124.28325710822936,
  "summary_gm_k": 1.6265179256851772,
  "summary_gm_mad": 65.14834800870474,
  "summary_gm_mean": 620.6692997046845,
  "summary_gm_median": 615.2380161657929,
  "summary_gm_n": 19013.0,
  "summary_gm_p05": 513.3216726019979,
  "summary_gm_p95": 750.0515377521515,
  "summary_gm_stdv": 72.75338596380517,
  "summary_wm_k": 3.38408039422687,
  "summary_wm_mad": 135.10835595240172,
  "summary_wm_mean": 1069.9416794162744,
  "summary_wm_median": 1000.0515454933047,
  "summary_wm_n": 122304.0,
  "summary_wm_p05": 844.8382705450058,
  "summary_wm_p95": 1580.7748274356127,
  "summary_wm_stdv": 227.16557784885953,
  "tpm_overlap_csf": 0.13296504318714142,
  "tpm_overlap_gm": 0.3962952494621277,
  "tpm_overlap_wm": 0.4152525067329407,
  "wm2max": 0.3359987538293785
}