{
  "bids_meta": {
    "AcquisitionDateTime": "20180830114058.360000",
    "ConversionSoftware": "dicm2nii.m 20180808",
    "DeviceSerialNumber": "167032",
    "EchoTime": 0.00334,
    "FlipAngle": 7,
    "ImageType": [
      "ORIGINAL",
      "PRIMARY",
      "M",
      "ND"
    ],
    "InstitutionAddress": "Queen Square 12,London,Southeast,GB,WC1N 3BG",
    "InstitutionName": "Functional Imaging Laboratory",
    "InversionTime": 1.1,
    "MRAcquisitionType": "3D",
    "Manufacturer": "SIEMENS",
    "Modality": "MR",
    "PatientName": "MP02339",
    "PatientPosition": "HFS",
    "PhaseEncodingDirection": "j-",
    "RepetitionTime": 2.53,
    "ScanOptions": "IR",
    "ScanningSequence": "GR\\IR",
    "SequenceName": "*tfl3d1_16ns",
    "SequenceVariant": "SK\\SP\\MP",
    "SeriesDescription": "MPRAGE_64ch_Head",
    "SeriesNumber": 2,
    "SliceThickness": 1,
    "SoftwareVersion": "syngo MR E11",
    "dataset": "ds003669",
    "modality": "T1w",
    "subject_id": "MP02339"
  },
  "cjv": 0.5215950513269336,
  "cnr": 1.6760556574092098,
  "efc": 0.6669641674784581,
  "fber": 21.44092627599244,
  "fwhm_avg": 3.72008,
  "fwhm_x": 3.86139,
  "fwhm_y": 3.77821,
  "fwhm_z": 3.52064,
  "icvs_csf": 0.1587776280268414,
  "icvs_gm": 0.44493685905373453,
  "icvs_wm": 0.3962855129194241,
  "inu_med": 1.0162508487701416,
  "inu_range": 0.30109254121780404,
  "provenance": {
    "md5sum": "90cd536c790e1d561e4ace22d4a57e0a",
    "settings": {
      "testing": false
    },
    "software": "mriqc",
    "version": "21.0.0rc2",
    "warnings": {
      "large_rot_frame": true,
      "small_air_mask": false
    },
    "webapi_port": null,
    "webapi_url": "https://mriqc.nimh.nih.gov/api/v1"
  },
  "qi_1": 0.0,
  "qi_2": 0.0024915647561416514,
  "rpve_csf": 32.43313233750322,
  "rpve_gm": 12.26253883686625,
  "rpve_wm": 15.35867595603201,
  "size_x": 176,
  "size_y": 256,
  "size_z": 256,
  "snr_csf": 2.1793826542392445,
  "snr_gm": 6.79289394562548,
  "snr_total": 4.525984670592472,
  "snr_wm": 4.60567741191269,
  "snrd_csf": 15.601474676189627,
  "snrd_gm": 31.137671215658795,
  "snrd_total": 32.7076940937047,
  "snrd_wm": 51.38393638926568,
  "spacing_x": 1.0,
  "spacing_y": 1.0,
  "spacing_z": 1.0,
  "summary_bg_k": 0.3673886961361017,
  "summary_bg_mad": 12.75107458622757,
  "summary_bg_mean": 157.2442321105577,
  "summary_bg_median": 156.86082869768143,
  "summary_bg_n": 2776887.0,
  "summary_bg_p05": 136.7767786681652,
  "summary_bg_p95": 178.8995307981968,
  "summary_bg_stdv": 12.885549125716349,
  "summary_csf_k": 3.6795457833240155,
  "summary_csf_mad": 132.29239883211105,
  "summary_csf_mean": 329.83641402265,
  "summary_csf_median": 303.65519922971725,
  "summary_csf_n": 4055.0,
  "summary_csf_p05": 176.19722431004047,
  "summary_csf_p95": 583.6933148115872,
  "summary_csf_stdv": 139.3136511658644,
  "summary_gm_k": 1.80499979059696,
  "summary_gm_mad": 77.2309403915829,
  "summary_gm_mean": 615.4711685819444,
  "summary_gm_median": 606.0398746132851,
  "summary_gm_n": 30002.0,
  "summary_gm_p05": 490.6665361225605,
  "summary_gm_p95": 780.101641535759,
  "summary_gm_stdv": 89.21525632358097,
  "summary_wm_k": 4.464196746434022,
  "summary_wm_mad": 128.30768802391492,
  "summary_wm_mean": 1059.123116662163,
  "summary_wm_median": 1000.0977321267128,
  "summary_wm_n": 144781.0,
  "summary_wm_p05": 831.6555899083614,
  "summary_wm_p95": 1526.9253315627575,
  "summary_wm_stdv": 217.1437964162752,
  "tpm_overlap_csf": 0.15167361497879028,
  "tpm_overlap_gm": 0.42924922704696655,
  "tpm_overlap_wm": 0.4328542649745941,
  "wm2max": 0.33399154658354685
}