{
  "aor": 0.0015350819672131147,
  "aqi": 0.003117227213114754,
  "bids_meta": {
    "AcquisitionDateTime": "20181023115459.035000",
    "ConversionSoftware": "dicm2nii.m 20180808",
    "DeviceSerialNumber": "167032",
    "EchoTime": 0.03,
    "EchoTime1": 0.03,
    "EchoTime2": 0.03,
    "EffectiveEchoSpacing": 0.00048611111,
    "FlipAngle": 90,
    "ImageType": [
      "ORIGINAL",
      "PRIMARY",
      "M",
      "ND",
      "MOSAIC"
    ],
    "InstitutionAddress": "Queen Square 12,London,Southeast,GB,WC1N 3BG",
    "InstitutionName": "Functional Imaging Laboratory",
    "MRAcquisitionType": "2D",
    "Manufacturer": "SIEMENS",
    "Modality": "MR",
    "PatientName": "MP02428",
    "PatientPosition": "HFS",
    "PhaseEncodingDirection": "j-",
    "RepetitionTime": 3.36,
    "ScanOptions": "FS",
    "ScanningSequence": "RM",
    "SequenceName": "ep2d_2i2d1",
    "SequenceVariant": "SP\\OSP",
    "SeriesDescription": "nc_epi2d_v2i_3mm_OFC_64ch",
    "SeriesNumber": 10,
    "SliceThickness": 2.5,
    "SliceTiming": [
      0,
      0,
      0,
      0,
      0,
      0,
      0,
      0,
      0,
      0,
      0,
      0,
      0,
      0,
      0,
      0,
      0,
      0,
      0,
      0,
      0,
      0,
      0,
      0,
      0,
      0,
      0,
      0,
      0,
      0,
      0,
      0,
      0,
      0,
      0,
      0,
      0,
      0,
      0,
      0,
      0,
      0,
      0,
      0,
      0,
      0,
      0,
      0
    ],
    "SoftwareVersion": "syngo MR E11",
    "TaskName": "visual detection and discrimination",
    "TotalReadoutTime": 0.030625,
    "dataset": "ds003669",
    "deltaTE": 0,
    "modality": "bold",
    "run_id": 5,
    "subject_id": "MP02428",
    "task_id": "detectdiscrim"
  },
  "dummy_trs": 1,
  "dvars_nstd": 26.524030727527492,
  "dvars_std": 1.2357083925824175,
  "dvars_vstd": 0.9707374776373631,
  "efc": 0.5765834937517206,
  "fber": 189.40260314941406,
  "fd_mean": 0.059261788017221456,
  "fd_num": 2,
  "fd_perc": 1.092896174863388,
  "fwhm_avg": 2.666043333333334,
  "fwhm_x": 2.5473433333333335,
  "fwhm_y": 2.70237,
  "fwhm_z": 2.748416666666667,
  "gcor": 0.0135358,
  "gsr_x": -0.006535292603075504,
  "gsr_y": 0.054814744740724564,
  "provenance": {
    "md5sum": "140c207ec8bc2fc03b9864143f310790",
    "settings": {
      "fd_thres": 0.2,
      "testing": false
    },
    "software": "mriqc",
    "version": "21.0.0rc2",
    "webapi_port": null,
    "webapi_url": "https://mriqc.nimh.nih.gov/api/v1"
  },
  "size_t": 183,
  "size_x": 64,
  "size_y": 64,
  "size_z": 48,
  "snr": 2.281836784495134,
  "spacing_tr": 0.07000000029802322,
  "spacing_x": 3.0,
  "spacing_y": 3.0,
  "spacing_z": 3.0,
  "summary_bg_k": 26.138109573744323,
  "summary_bg_mad": 8.279885234379229,
  "summary_bg_mean": 91.48389434814453,
  "summary_bg_median": 54.05464172363281,
  "summary_bg_n": 115990.0,
  "summary_bg_p05": 47.78141784667969,
  "summary_bg_p95": 274.94588928222646,
  "summary_bg_stdv": 101.61964416503906,
  "summary_fg_k": 1.3527746696665721,
  "summary_fg_mad": 298.67548348589276,
  "summary_fg_mean": 829.8192749023438,
  "summary_fg_median": 760.3114624023438,
  "summary_fg_n": 38695.0,
  "summary_fg_p05": 421.5906951904297,
  "summary_fg_p95": 1481.0627807617184,
  "summary_fg_stdv": 333.19720458984375,
  "tsnr": 69.06122435827274
}