{
  "aor": 0.0033533516483516485,
  "aqi": 0.0025221692307692313,
  "bids_meta": {
    "AcquisitionDateTime": "20181023113245.120000",
    "ConversionSoftware": "dicm2nii.m 20180808",
    "DeviceSerialNumber": "167032",
    "EchoTime": 0.03,
    "EchoTime1": 0.03,
    "EchoTime2": 0.03,
    "EffectiveEchoSpacing": 0.00048611111,
    "FlipAngle": 90,
    "ImageType": [
      "ORIGINAL",
      "PRIMARY",
      "M",
      "ND",
      "MOSAIC"
    ],
    "InstitutionAddress": "Queen Square 12,London,Southeast,GB,WC1N 3BG",
    "InstitutionName": "Functional Imaging Laboratory",
    "MRAcquisitionType": "2D",
    "Manufacturer": "SIEMENS",
    "Modality": "MR",
    "PatientName": "MP02428",
    "PatientPosition": "HFS",
    "PhaseEncodingDirection": "j-",
    "RepetitionTime": 3.36,
    "ScanOptions": "FS",
    "ScanningSequence": "RM",
    "SequenceName": "ep2d_2i2d1",
    "SequenceVariant": "SP\\OSP",
    "SeriesDescription": "nc_epi2d_v2i_3mm_OFC_64ch",
    "SeriesNumber": 8,
    "SliceThickness": 2.5,
    "SliceTiming": [
      0,
      0.07,
      0.14,
      0.21,
      0.28,
      0.35,
      0.42,
      0.49,
      0.56,
      0.63,
      0.7,
      0.77,
      0.84,
      0.91,
      0.98,
      1.05,
      1.12,
      1.19,
      1.26,
      1.33,
      1.4,
      1.47,
      1.54,
      1.61,
      1.68,
      1.75,
      1.82,
      1.89,
      1.96,
      2.03,
      2.1,
      2.17,
      2.24,
      2.31,
      2.38,
      2.45,
      2.52,
      2.59,
      2.66,
      2.73,
      2.8,
      2.87,
      2.94,
      3.01,
      3.08,
      3.15,
      3.22,
      3.29
    ],
    "SoftwareVersion": "syngo MR E11",
    "TaskName": "visual detection and discrimination",
    "TotalReadoutTime": 0.030625,
    "dataset": "ds003669",
    "deltaTE": 0,
    "modality": "bold",
    "run_id": 3,
    "subject_id": "MP02428",
    "task_id": "detectdiscrim"
  },
  "dummy_trs": 2,
  "dvars_nstd": 26.825290353149164,
  "dvars_std": 1.3351535641988945,
  "dvars_vstd": 1.0348409025966854,
  "efc": 0.575914491452577,
  "fber": 187.5029754638672,
  "fd_mean": 0.06228789694864751,
  "fd_num": 1,
  "fd_perc": 0.5494505494505495,
  "fwhm_avg": 2.6537166666666665,
  "fwhm_x": 2.5229266666666668,
  "fwhm_y": 2.6963399999999997,
  "fwhm_z": 2.7418833333333335,
  "gcor": 0.0168901,
  "gsr_x": -0.0072602517902851105,
  "gsr_y": 0.055338457226753235,
  "provenance": {
    "md5sum": "68604b3ce43fa271f19e38cc418d4565",
    "settings": {
      "fd_thres": 0.2,
      "testing": false
    },
    "software": "mriqc",
    "version": "21.0.0rc2",
    "webapi_port": null,
    "webapi_url": "https://mriqc.nimh.nih.gov/api/v1"
  },
  "size_t": 182,
  "size_x": 64,
  "size_y": 64,
  "size_z": 48,
  "snr": 2.2805246432782273,
  "spacing_tr": 0.07000000029802322,
  "spacing_x": 3.0,
  "spacing_y": 3.0,
  "spacing_z": 3.0,
  "summary_bg_k": 27.696681746221863,
  "summary_bg_mad": 9.506579306282424,
  "summary_bg_mean": 90.55006408691406,
  "summary_bg_median": 54.42857360839844,
  "summary_bg_n": 115805.0,
  "summary_bg_p05": 46.5,
  "summary_bg_p95": 269.4791259765623,
  "summary_bg_stdv": 100.0913314819336,
  "summary_fg_k": 1.3766742713988736,
  "summary_fg_mad": 299.95407406489517,
  "summary_fg_mean": 831.8988037109375,
  "summary_fg_median": 761.379150390625,
  "summary_fg_n": 38696.0,
  "summary_fg_p05": 424.0522155761719,
  "summary_fg_p95": 1484.7171020507812,
  "summary_fg_stdv": 333.8570861816406,
  "tsnr": 74.77532493323088
}