{
  "aor": 0.014378222222222221,
  "aqi": 0.005334448833333333,
  "bids_meta": {
    "AcquisitionDateTime": "20181011124713.795000",
    "ConversionSoftware": "dicm2nii.m 20180808",
    "DeviceSerialNumber": "167032",
    "EchoTime": 0.03,
    "EchoTime1": 0.03,
    "EchoTime2": 0.03,
    "EffectiveEchoSpacing": 0.00052083333,
    "FlipAngle": 90,
    "ImageType": [
      "ORIGINAL",
      "PRIMARY",
      "M",
      "ND",
      "MOSAIC"
    ],
    "InstitutionAddress": "Queen Square 12,London,Southeast,GB,WC1N 3BG",
    "InstitutionName": "Functional Imaging Laboratory",
    "MRAcquisitionType": "2D",
    "Manufacturer": "SIEMENS",
    "Modality": "MR",
    "PatientName": "MP02408",
    "PatientPosition": "HFS",
    "PhaseEncodingDirection": "j-",
    "RepetitionTime": 3.36,
    "ScanOptions": "FS",
    "ScanningSequence": "RM",
    "SequenceName": "ep2d_2i2d1",
    "SequenceVariant": "SP\\OSP",
    "SeriesDescription": "nc_epi2d_v2i_3mm_OFC_64ch",
    "SeriesNumber": 10,
    "SliceThickness": 2.5,
    "SliceTiming": [
      0,
      0.07,
      0.14,
      0.21,
      0.28,
      0.35,
      0.42,
      0.49,
      0.56,
      0.63,
      0.7,
      0.77,
      0.84,
      0.91,
      0.98,
      1.05,
      1.12,
      1.19,
      1.26,
      1.33,
      1.4,
      1.47,
      1.54,
      1.61,
      1.68,
      1.75,
      1.82,
      1.89,
      1.96,
      2.03,
      2.1,
      2.17,
      2.24,
      2.31,
      2.38,
      2.45,
      2.52,
      2.59,
      2.66,
      2.73,
      2.8,
      2.87,
      2.94,
      3.01,
      3.08,
      3.15,
      3.22,
      3.29
    ],
    "SoftwareVersion": "syngo MR E11",
    "TaskName": "visual detection and discrimination",
    "TotalReadoutTime": 0.0328125,
    "dataset": "ds003669",
    "deltaTE": 0,
    "modality": "bold",
    "run_id": 5,
    "subject_id": "MP02408",
    "task_id": "detectdiscrim"
  },
  "dummy_trs": 4,
  "dvars_nstd": 36.054389346648016,
  "dvars_std": 1.3892500578212297,
  "dvars_vstd": 1.078513178715084,
  "efc": 0.6071903263513756,
  "fber": 147.2249755859375,
  "fd_mean": 0.13488089413376306,
  "fd_num": 26,
  "fd_perc": 14.444444444444445,
  "fwhm_avg": 2.4892066666666666,
  "fwhm_x": 2.2940166666666664,
  "fwhm_y": 2.55101,
  "fwhm_z": 2.622593333333333,
  "gcor": 0.0287184,
  "gsr_x": 0.02412717416882515,
  "gsr_y": 0.05804082378745079,
  "provenance": {
    "md5sum": "f701867b112163a63c5438013dadb530",
    "settings": {
      "fd_thres": 0.2,
      "testing": false
    },
    "software": "mriqc",
    "version": "21.0.0rc2",
    "webapi_port": null,
    "webapi_url": "https://mriqc.nimh.nih.gov/api/v1"
  },
  "size_t": 180,
  "size_x": 64,
  "size_y": 64,
  "size_z": 48,
  "snr": 2.3376345912642282,
  "spacing_tr": 0.07000000029802322,
  "spacing_x": 3.0,
  "spacing_y": 3.0,
  "spacing_z": 3.0,
  "summary_bg_k": 21.232961314829893,
  "summary_bg_mad": 13.170446691362828,
  "summary_bg_mean": 105.34432983398438,
  "summary_bg_median": 58.46666717529297,
  "summary_bg_n": 109361.0,
  "summary_bg_p05": 48.78889083862305,
  "summary_bg_p95": 336.683349609375,
  "summary_bg_stdv": 120.28306579589844,
  "summary_fg_k": 1.7226054986411228,
  "summary_fg_mad": 287.3200571801303,
  "summary_fg_mean": 799.0215454101562,
  "summary_fg_median": 738.61669921875,
  "summary_fg_n": 40755.0,
  "summary_fg_p05": 414.96723022460935,
  "summary_fg_p95": 1408.2861206054679,
  "summary_fg_stdv": 315.96368408203125,
  "tsnr": 48.987241834402084
}