{
  "aor": 0.0018611475409836065,
  "aqi": 0.006128510382513659,
  "bids_meta": {
    "AcquisitionDateTime": "20181029105253.265000",
    "ConversionSoftware": "dicm2nii.m 20180808",
    "DeviceSerialNumber": "167032",
    "EchoTime": 0.03,
    "EchoTime1": 0.03,
    "EchoTime2": 0.03,
    "EffectiveEchoSpacing": 0.00048611111,
    "FlipAngle": 90,
    "ImageType": [
      "ORIGINAL",
      "PRIMARY",
      "M",
      "ND",
      "MOSAIC"
    ],
    "InstitutionAddress": "Queen Square 12,London,Southeast,GB,WC1N 3BG",
    "InstitutionName": "FIL",
    "MRAcquisitionType": "2D",
    "Manufacturer": "SIEMENS",
    "Modality": "MR",
    "PatientName": "MP02440",
    "PatientPosition": "HFS",
    "PhaseEncodingDirection": "j-",
    "RepetitionTime": 3.36,
    "ScanOptions": "FS",
    "ScanningSequence": "RM",
    "SequenceName": "ep2d_2i2d1",
    "SequenceVariant": "SP\\OSP",
    "SeriesDescription": "nc_epi2d_v2i_3mm_OFC_64ch",
    "SeriesNumber": 11,
    "SliceThickness": 2.5,
    "SliceTiming": [
      0,
      0.07,
      0.14,
      0.21,
      0.28,
      0.35,
      0.42,
      0.49,
      0.56,
      0.63,
      0.7,
      0.77,
      0.84,
      0.91,
      0.98,
      1.05,
      1.12,
      1.19,
      1.26,
      1.33,
      1.4,
      1.47,
      1.54,
      1.61,
      1.68,
      1.75,
      1.82,
      1.89,
      1.96,
      2.03,
      2.1,
      2.17,
      2.24,
      2.31,
      2.38,
      2.45,
      2.52,
      2.59,
      2.66,
      2.73,
      2.8,
      2.87,
      2.94,
      3.01,
      3.08,
      3.15,
      3.22,
      3.29
    ],
    "SoftwareVersion": "syngo MR E11",
    "TaskName": "visual detection and discrimination",
    "TotalReadoutTime": 0.030625,
    "dataset": "ds003669",
    "deltaTE": 0,
    "modality": "bold",
    "run_id": 5,
    "subject_id": "MP02440",
    "task_id": "detectdiscrim"
  },
  "dummy_trs": 1,
  "dvars_nstd": 30.388861404670322,
  "dvars_std": 1.1721285012087912,
  "dvars_vstd": 0.9483101291758246,
  "efc": 0.6127170713409522,
  "fber": 133.5042724609375,
  "fd_mean": 0.11990179852290057,
  "fd_num": 22,
  "fd_perc": 12.021857923497267,
  "fwhm_avg": 2.6890155555555553,
  "fwhm_x": 2.5467733333333333,
  "fwhm_y": 2.7294966666666665,
  "fwhm_z": 2.7907766666666665,
  "gcor": 0.0127207,
  "gsr_x": 0.022574031725525856,
  "gsr_y": 0.04225201532244682,
  "provenance": {
    "md5sum": "95c4535636a92d86a282209c6c61b67a",
    "settings": {
      "fd_thres": 0.2,
      "testing": false
    },
    "software": "mriqc",
    "version": "21.0.0rc2",
    "webapi_port": null,
    "webapi_url": "https://mriqc.nimh.nih.gov/api/v1"
  },
  "size_t": 183,
  "size_x": 64,
  "size_y": 64,
  "size_z": 48,
  "snr": 2.032585121893468,
  "spacing_tr": 0.07000000029802322,
  "spacing_x": 3.0,
  "spacing_y": 3.0,
  "spacing_z": 3.0,
  "summary_bg_k": 21.49361724483221,
  "summary_bg_mad": 18.309727927411448,
  "summary_bg_mean": 123.80996704101562,
  "summary_bg_median": 63.20218276977539,
  "summary_bg_n": 103745.0,
  "summary_bg_p05": 49.56830596923828,
  "summary_bg_p95": 433.720214843749,
  "summary_bg_stdv": 155.57833862304688,
  "summary_fg_k": 1.8063484790294346,
  "summary_fg_mad": 326.48033797036305,
  "summary_fg_mean": 855.107421875,
  "summary_fg_median": 761.83056640625,
  "summary_fg_n": 45105.0,
  "summary_fg_p05": 423.4808654785156,
  "summary_fg_p95": 1598.0087158203123,
  "summary_fg_stdv": 374.8045349121094,
  "tsnr": 51.124931446742266
}