{
  "aor": 0.00443956043956044,
  "aqi": 0.005770680494505494,
  "bids_meta": {
    "AcquisitionDateTime": "20181029103010.557500",
    "ConversionSoftware": "dicm2nii.m 20180808",
    "DeviceSerialNumber": "167032",
    "EchoTime": 0.03,
    "EchoTime1": 0.03,
    "EchoTime2": 0.03,
    "EffectiveEchoSpacing": 0.00048611111,
    "FlipAngle": 90,
    "ImageType": [
      "ORIGINAL",
      "PRIMARY",
      "M",
      "ND",
      "MOSAIC"
    ],
    "InstitutionAddress": "Queen Square 12,London,Southeast,GB,WC1N 3BG",
    "InstitutionName": "FIL",
    "MRAcquisitionType": "2D",
    "Manufacturer": "SIEMENS",
    "Modality": "MR",
    "PatientName": "MP02440",
    "PatientPosition": "HFS",
    "PhaseEncodingDirection": "j-",
    "RepetitionTime": 3.36,
    "ScanOptions": "FS",
    "ScanningSequence": "RM",
    "SequenceName": "ep2d_2i2d1",
    "SequenceVariant": "SP\\OSP",
    "SeriesDescription": "nc_epi2d_v2i_3mm_OFC_64ch",
    "SeriesNumber": 9,
    "SliceThickness": 2.5,
    "SliceTiming": [
      0,
      0.07,
      0.14,
      0.21,
      0.28,
      0.35,
      0.42,
      0.49,
      0.56,
      0.63,
      0.7,
      0.77,
      0.84,
      0.91,
      0.98,
      1.05,
      1.12,
      1.19,
      1.26,
      1.33,
      1.4,
      1.47,
      1.54,
      1.61,
      1.68,
      1.75,
      1.82,
      1.89,
      1.96,
      2.03,
      2.1,
      2.17,
      2.24,
      2.31,
      2.38,
      2.45,
      2.52,
      2.59,
      2.66,
      2.73,
      2.8,
      2.87,
      2.94,
      3.01,
      3.08,
      3.15,
      3.22,
      3.29
    ],
    "SoftwareVersion": "syngo MR E11",
    "TaskName": "visual detection and discrimination",
    "TotalReadoutTime": 0.030625,
    "dataset": "ds003669",
    "deltaTE": 0,
    "modality": "bold",
    "run_id": 3,
    "subject_id": "MP02440",
    "task_id": "detectdiscrim"
  },
  "dummy_trs": 2,
  "dvars_nstd": 29.1622971592265,
  "dvars_std": 1.198859126685083,
  "dvars_vstd": 0.9768527886740326,
  "efc": 0.6118910500011723,
  "fber": 135.0963134765625,
  "fd_mean": 0.0943104598079061,
  "fd_num": 9,
  "fd_perc": 4.945054945054945,
  "fwhm_avg": 2.6922844444444447,
  "fwhm_x": 2.5254666666666665,
  "fwhm_y": 2.718476666666667,
  "fwhm_z": 2.83291,
  "gcor": 0.0196211,
  "gsr_x": 0.019917761906981468,
  "gsr_y": 0.04524232819676399,
  "provenance": {
    "md5sum": "5f0b6955fb4b4f4a7b136b550ecd0c56",
    "settings": {
      "fd_thres": 0.2,
      "testing": false
    },
    "software": "mriqc",
    "version": "21.0.0rc2",
    "webapi_port": null,
    "webapi_url": "https://mriqc.nimh.nih.gov/api/v1"
  },
  "size_t": 182,
  "size_x": 64,
  "size_y": 64,
  "size_z": 48,
  "snr": 2.019774635701079,
  "spacing_tr": 0.07000000029802322,
  "spacing_x": 3.0,
  "spacing_y": 3.0,
  "spacing_z": 3.0,
  "summary_bg_k": 23.13294902892825,
  "summary_bg_mad": 18.60584229338701,
  "summary_bg_mean": 121.5859603881836,
  "summary_bg_median": 62.74176025390625,
  "summary_bg_n": 103319.0,
  "summary_bg_p05": 47.71373748779297,
  "summary_bg_p95": 423.16925048828085,
  "summary_bg_stdv": 154.02706909179688,
  "summary_fg_k": 1.9016758068051205,
  "summary_fg_mad": 328.5878248092233,
  "summary_fg_mean": 855.3929443359375,
  "summary_fg_median": 761.6978149414062,
  "summary_fg_n": 45526.0,
  "summary_fg_p05": 422.5769348144531,
  "summary_fg_p95": 1604.7994995117188,
  "summary_fg_stdv": 377.1160583496094,
  "tsnr": 53.07529925554991
}