{
  "aor": 0.00441792349726776,
  "aqi": 0.005190044535519126,
  "bids_meta": {
    "AcquisitionDateTime": "20181029101734.500000",
    "ConversionSoftware": "dicm2nii.m 20180808",
    "DeviceSerialNumber": "167032",
    "EchoTime": 0.03,
    "EchoTime1": 0.03,
    "EchoTime2": 0.03,
    "EffectiveEchoSpacing": 0.00048611111,
    "FlipAngle": 90,
    "ImageType": [
      "ORIGINAL",
      "PRIMARY",
      "M",
      "ND",
      "MOSAIC"
    ],
    "InstitutionAddress": "Queen Square 12,London,Southeast,GB,WC1N 3BG",
    "InstitutionName": "FIL",
    "MRAcquisitionType": "2D",
    "Manufacturer": "SIEMENS",
    "Modality": "MR",
    "PatientName": "MP02440",
    "PatientPosition": "HFS",
    "PhaseEncodingDirection": "j-",
    "RepetitionTime": 3.36,
    "ScanOptions": "FS",
    "ScanningSequence": "RM",
    "SequenceName": "ep2d_2i2d1",
    "SequenceVariant": "SP\\OSP",
    "SeriesDescription": "nc_epi2d_v2i_3mm_OFC_64ch",
    "SeriesNumber": 8,
    "SliceThickness": 2.5,
    "SliceTiming": [
      0,
      0.07,
      0.14,
      0.21,
      0.28,
      0.35,
      0.42,
      0.49,
      0.56,
      0.63,
      0.7,
      0.77,
      0.84,
      0.91,
      0.98,
      1.05,
      1.12,
      1.19,
      1.26,
      1.33,
      1.4,
      1.47,
      1.54,
      1.61,
      1.68,
      1.75,
      1.82,
      1.89,
      1.96,
      2.03,
      2.1,
      2.17,
      2.24,
      2.31,
      2.38,
      2.45,
      2.52,
      2.59,
      2.66,
      2.73,
      2.8,
      2.87,
      2.94,
      3.01,
      3.08,
      3.15,
      3.22,
      3.29
    ],
    "SoftwareVersion": "syngo MR E11",
    "TaskName": "visual detection and discrimination",
    "TotalReadoutTime": 0.030625,
    "dataset": "ds003669",
    "deltaTE": 0,
    "modality": "bold",
    "run_id": 2,
    "subject_id": "MP02440",
    "task_id": "detectdiscrim"
  },
  "dummy_trs": 1,
  "dvars_nstd": 29.653720006868124,
  "dvars_std": 1.2141549025274725,
  "dvars_vstd": 0.9796792690109898,
  "efc": 0.6100809493172434,
  "fber": 136.98231506347656,
  "fd_mean": 0.1069302581259317,
  "fd_num": 13,
  "fd_perc": 7.103825136612022,
  "fwhm_avg": 2.6941188888888887,
  "fwhm_x": 2.56057,
  "fwhm_y": 2.7171066666666666,
  "fwhm_z": 2.80468,
  "gcor": 0.0133562,
  "gsr_x": 0.01851523295044899,
  "gsr_y": 0.0449712797999382,
  "provenance": {
    "md5sum": "3ba1861e1395de3da33b1c8a16ed4256",
    "settings": {
      "fd_thres": 0.2,
      "testing": false
    },
    "software": "mriqc",
    "version": "21.0.0rc2",
    "webapi_port": null,
    "webapi_url": "https://mriqc.nimh.nih.gov/api/v1"
  },
  "size_t": 183,
  "size_x": 64,
  "size_y": 64,
  "size_z": 48,
  "snr": 2.0100481872970564,
  "spacing_tr": 0.07000000029802322,
  "spacing_x": 3.0,
  "spacing_y": 3.0,
  "spacing_z": 3.0,
  "summary_bg_k": 23.638641573920914,
  "summary_bg_mad": 18.504170158674505,
  "summary_bg_mean": 121.1622314453125,
  "summary_bg_median": 62.737701416015625,
  "summary_bg_n": 103569.0,
  "summary_bg_p05": 47.989070892333984,
  "summary_bg_p95": 419.08197021484375,
  "summary_bg_stdv": 152.23318481445312,
  "summary_fg_k": 1.951382970234408,
  "summary_fg_mad": 331.88413529588735,
  "summary_fg_mean": 860.0176391601562,
  "summary_fg_median": 765.1529541015625,
  "summary_fg_n": 45366.0,
  "summary_fg_p05": 423.1570816040039,
  "summary_fg_p95": 1617.1338195800781,
  "summary_fg_stdv": 380.6597900390625,
  "tsnr": 56.80284954654053
}