{
  "bids_meta": {
    "AcquisitionDateTime": "20180920114902.475000",
    "ConversionSoftware": "dicm2nii.m 20180808",
    "DeviceSerialNumber": "167032",
    "EchoTime": 0.00334,
    "FlipAngle": 7,
    "ImageType": [
      "ORIGINAL",
      "PRIMARY",
      "M",
      "ND"
    ],
    "InstitutionAddress": "Queen Square 12,London,Southeast,GB,WC1N 3BG",
    "InstitutionName": "FIL",
    "InversionTime": 1.1,
    "MRAcquisitionType": "3D",
    "Manufacturer": "SIEMENS",
    "Modality": "MR",
    "PatientName": "MP02368",
    "PatientPosition": "HFS",
    "PhaseEncodingDirection": "j-",
    "RepetitionTime": 2.53,
    "ScanOptions": "IR",
    "ScanningSequence": "GR\\IR",
    "SequenceName": "*tfl3d1_16ns",
    "SequenceVariant": "SK\\SP\\MP",
    "SeriesDescription": "MPRAGE_64ch_Head",
    "SeriesNumber": 2,
    "SliceThickness": 1,
    "SoftwareVersion": "syngo MR E11",
    "dataset": "ds003669",
    "modality": "T1w",
    "subject_id": "MP02368"
  },
  "cjv": 0.5479339762194206,
  "cnr": 1.4129348960951031,
  "efc": 0.6716338831365888,
  "fber": 23.02118031526336,
  "fwhm_avg": 4.310856666666667,
  "fwhm_x": 4.44577,
  "fwhm_y": 4.34621,
  "fwhm_z": 4.14059,
  "icvs_csf": 0.152952868326535,
  "icvs_gm": 0.43248573479964053,
  "icvs_wm": 0.4145613968738245,
  "inu_med": 1.1462900638580322,
  "inu_range": 0.4746257811784744,
  "provenance": {
    "md5sum": "637f2d34c79c99e42c42ace80369c671",
    "settings": {
      "testing": false
    },
    "software": "mriqc",
    "version": "21.0.0rc2",
    "warnings": {
      "large_rot_frame": true,
      "small_air_mask": false
    },
    "webapi_port": null,
    "webapi_url": "https://mriqc.nimh.nih.gov/api/v1"
  },
  "qi_1": 0.0,
  "qi_2": 0.002725818309744936,
  "rpve_csf": 35.23250796733776,
  "rpve_gm": 12.785958305616,
  "rpve_wm": 15.355960193594582,
  "size_x": 176,
  "size_y": 256,
  "size_z": 256,
  "snr_csf": 1.3342651970418253,
  "snr_gm": 8.199283392912758,
  "snr_total": 4.580146858414291,
  "snr_wm": 4.20689198528829,
  "snrd_csf": 20.44496895241531,
  "snrd_gm": 34.30641065822114,
  "snrd_total": 35.95952567000462,
  "snrd_wm": 53.127197399377415,
  "spacing_x": 1.0,
  "spacing_y": 1.0,
  "spacing_z": 1.0,
  "summary_bg_k": 0.673091763527947,
  "summary_bg_mad": 12.332384785696908,
  "summary_bg_mean": 150.95285264817832,
  "summary_bg_median": 150.5669175758958,
  "summary_bg_n": 2028909.0,
  "summary_bg_p05": 131.10858196020126,
  "summary_bg_p95": 172.0057453662157,
  "summary_bg_stdv": 12.559305342989706,
  "summary_csf_k": 24.602122484264726,
  "summary_csf_mad": 148.86950205591268,
  "summary_csf_mean": 420.3892089277867,
  "summary_csf_median": 384.8591418340802,
  "summary_csf_n": 6605.0,
  "summary_csf_p05": 183.71045411825182,
  "summary_csf_p95": 721.4734942942839,
  "summary_csf_stdv": 288.4209283581969,
  "summary_gm_k": 0.5825671941063533,
  "summary_gm_mad": 72.30594651137771,
  "summary_gm_mean": 649.2631169960227,
  "summary_gm_median": 645.7889858409762,
  "summary_gm_n": 26427.0,
  "summary_gm_p05": 525.6226231455803,
  "summary_gm_p95": 788.9637163750826,
  "summary_gm_stdv": 78.76014724989523,
  "summary_wm_k": 4.260199269031992,
  "summary_wm_mad": 121.81900328490488,
  "summary_wm_mean": 1081.6159938878136,
  "summary_wm_median": 1000.0742797292769,
  "summary_wm_n": 154532.0,
  "summary_wm_p05": 866.1682525724173,
  "summary_wm_p95": 1609.5955026224256,
  "summary_wm_stdv": 237.72206355789484,
  "tpm_overlap_csf": 0.15224984288215637,
  "tpm_overlap_gm": 0.4205552935600281,
  "tpm_overlap_wm": 0.44180160760879517,
  "wm2max": 0.34876212410697216
}