{
  "aor": 0.0020818032786885246,
  "aqi": 0.00591198868852459,
  "bids_meta": {
    "AcquisitionDateTime": "20181009105152.595000",
    "ConversionSoftware": "dicm2nii.m 20180808",
    "DeviceSerialNumber": "167032",
    "EchoTime": 0.03,
    "EchoTime1": 0.03,
    "EchoTime2": 0.03,
    "EffectiveEchoSpacing": 0.00048611111,
    "FlipAngle": 90,
    "ImageType": [
      "ORIGINAL",
      "PRIMARY",
      "M",
      "ND",
      "MOSAIC"
    ],
    "InstitutionAddress": "Queen Square 12,London,Southeast,GB,WC1N 3BG",
    "InstitutionName": "FIL",
    "MRAcquisitionType": "2D",
    "Manufacturer": "SIEMENS",
    "Modality": "MR",
    "PatientName": "MP02398",
    "PatientPosition": "HFS",
    "PhaseEncodingDirection": "j-",
    "RepetitionTime": 3.36,
    "ScanOptions": "FS",
    "ScanningSequence": "RM",
    "SequenceName": "ep2d_2i2d1",
    "SequenceVariant": "SP\\OSP",
    "SeriesDescription": "nc_epi2d_v2i_3mm_OFC_64ch",
    "SeriesNumber": 7,
    "SliceThickness": 2.5,
    "SliceTiming": [
      0,
      0.07,
      0.14,
      0.21,
      0.28,
      0.35,
      0.42,
      0.49,
      0.56,
      0.63,
      0.7,
      0.77,
      0.84,
      0.91,
      0.98,
      1.05,
      1.12,
      1.19,
      1.26,
      1.33,
      1.4,
      1.47,
      1.54,
      1.61,
      1.68,
      1.75,
      1.82,
      1.89,
      1.96,
      2.03,
      2.1,
      2.17,
      2.24,
      2.31,
      2.38,
      2.45,
      2.52,
      2.59,
      2.66,
      2.73,
      2.8,
      2.87,
      2.94,
      3.01,
      3.08,
      3.15,
      3.22,
      3.29
    ],
    "SoftwareVersion": "syngo MR E11",
    "TaskName": "visual detection and discrimination",
    "TotalReadoutTime": 0.030625,
    "dataset": "ds003669",
    "deltaTE": 0,
    "modality": "bold",
    "run_id": 2,
    "subject_id": "MP02398",
    "task_id": "detectdiscrim"
  },
  "dummy_trs": 1,
  "dvars_nstd": 31.552003493736244,
  "dvars_std": 1.332735072142857,
  "dvars_vstd": 0.9736352143406589,
  "efc": 0.5873334708039363,
  "fber": 173.5485076904297,
  "fd_mean": 0.11433531748781568,
  "fd_num": 23,
  "fd_perc": 12.568306010928962,
  "fwhm_avg": 2.515112222222222,
  "fwhm_x": 2.38456,
  "fwhm_y": 2.53713,
  "fwhm_z": 2.6236466666666667,
  "gcor": 0.0323216,
  "gsr_x": -0.0036755502223968506,
  "gsr_y": 0.05308764427900314,
  "provenance": {
    "md5sum": "11816fed71133e332afc88951dd3a26a",
    "settings": {
      "fd_thres": 0.2,
      "testing": false
    },
    "software": "mriqc",
    "version": "21.0.0rc2",
    "webapi_port": null,
    "webapi_url": "https://mriqc.nimh.nih.gov/api/v1"
  },
  "size_t": 183,
  "size_x": 64,
  "size_y": 64,
  "size_z": 48,
  "snr": 2.5381439376535018,
  "spacing_tr": 0.07000000029802322,
  "spacing_x": 3.0,
  "spacing_y": 3.0,
  "spacing_z": 3.0,
  "summary_bg_k": 37.23683659166786,
  "summary_bg_mad": 6.99982417893333,
  "summary_bg_mean": 82.09949493408203,
  "summary_bg_median": 51.8579216003418,
  "summary_bg_n": 116741.0,
  "summary_bg_p05": 46.174861907958984,
  "summary_bg_p95": 231.84698486328125,
  "summary_bg_stdv": 91.12496948242188,
  "summary_fg_k": 1.311966188836113,
  "summary_fg_mad": 252.4312163630494,
  "summary_fg_mean": 744.42236328125,
  "summary_fg_median": 695.8906860351562,
  "summary_fg_n": 38467.0,
  "summary_fg_p05": 401.55079650878906,
  "summary_fg_p95": 1274.1289306640615,
  "summary_fg_stdv": 274.16949462890625,
  "tsnr": 59.69187606172636
}