{
  "aor": 0.004078176795580111,
  "aqi": 0.012784270939226518,
  "bids_meta": {
    "AcquisitionDateTime": "20180925121240.492500",
    "ConversionSoftware": "dicm2nii.m 20180808",
    "DeviceSerialNumber": "167032",
    "EchoTime": 0.03,
    "EchoTime1": 0.03,
    "EchoTime2": 0.03,
    "EffectiveEchoSpacing": 0.00048611111,
    "FlipAngle": 90,
    "ImageType": [
      "ORIGINAL",
      "PRIMARY",
      "M",
      "ND",
      "MOSAIC"
    ],
    "InstitutionAddress": "Queen Square 12,London,Southeast,GB,WC1N 3BG",
    "InstitutionName": "FIL",
    "MRAcquisitionType": "2D",
    "Manufacturer": "SIEMENS",
    "Modality": "MR",
    "PatientName": "MP02378",
    "PatientPosition": "HFS",
    "PhaseEncodingDirection": "j-",
    "RepetitionTime": 3.36,
    "ScanOptions": "FS",
    "ScanningSequence": "RM",
    "SequenceName": "ep2d_2i2d1",
    "SequenceVariant": "SP\\OSP",
    "SeriesDescription": "nc_epi2d_v2i_3mm_OFC_64ch",
    "SeriesNumber": 7,
    "SliceThickness": 2.5,
    "SliceTiming": [
      0,
      0,
      0,
      0,
      0,
      0,
      0,
      0,
      0,
      0,
      0,
      0,
      0,
      0,
      0,
      0,
      0,
      0,
      0,
      0,
      0,
      0,
      0,
      0,
      0,
      0,
      0,
      0,
      0,
      0,
      0,
      0,
      0,
      0,
      0,
      0,
      0,
      0,
      0,
      0,
      0,
      0,
      0,
      0,
      0,
      0,
      0,
      0
    ],
    "SoftwareVersion": "syngo MR E11",
    "TaskName": "visual detection and discrimination",
    "TotalReadoutTime": 0.030625,
    "dataset": "ds003669",
    "deltaTE": 0,
    "modality": "bold",
    "run_id": 1,
    "subject_id": "MP02378",
    "task_id": "detectdiscrim"
  },
  "dummy_trs": 3,
  "dvars_nstd": 44.3740980992222,
  "dvars_std": 1.1557066517777783,
  "dvars_vstd": 0.9562542708333336,
  "efc": 0.5788922066826412,
  "fber": 193.07289123535156,
  "fd_mean": 0.37162274223547925,
  "fd_num": 131,
  "fd_perc": 72.37569060773481,
  "fwhm_avg": 2.477355555555556,
  "fwhm_x": 2.3539166666666667,
  "fwhm_y": 2.5258033333333336,
  "fwhm_z": 2.5523466666666668,
  "gcor": 0.0111476,
  "gsr_x": -0.0059350356459617615,
  "gsr_y": 0.03700485825538635,
  "provenance": {
    "md5sum": "2c5fdc0848394d480be4c686c8b48ac1",
    "settings": {
      "fd_thres": 0.2,
      "testing": false
    },
    "software": "mriqc",
    "version": "21.0.0rc2",
    "webapi_port": null,
    "webapi_url": "https://mriqc.nimh.nih.gov/api/v1"
  },
  "size_t": 181,
  "size_x": 64,
  "size_y": 64,
  "size_z": 48,
  "snr": 2.191248162982689,
  "spacing_tr": 0.07000000029802322,
  "spacing_x": 3.0,
  "spacing_y": 3.0,
  "spacing_z": 3.0,
  "summary_bg_k": 36.25740340457495,
  "summary_bg_mad": 12.172078021388687,
  "summary_bg_mean": 89.67728424072266,
  "summary_bg_median": 55.72928237915039,
  "summary_bg_n": 110350.0,
  "summary_bg_p05": 42.983428955078125,
  "summary_bg_p95": 270.2746047973624,
  "summary_bg_stdv": 99.7470703125,
  "summary_fg_k": 2.7393235377058254,
  "summary_fg_mad": 312.1451381994412,
  "summary_fg_mean": 871.818603515625,
  "summary_fg_median": 794.11328125,
  "summary_fg_n": 42358.0,
  "summary_fg_p05": 444.6961364746094,
  "summary_fg_p95": 1573.9211120605473,
  "summary_fg_stdv": 362.3979797363281,
  "tsnr": 28.248462445335463
}