{
  "aor": 0.00265978021978022,
  "aqi": 0.012468177197802199,
  "bids_meta": {
    "AcquisitionDateTime": "20180925124622.647500",
    "ConversionSoftware": "dicm2nii.m 20180808",
    "DeviceSerialNumber": "167032",
    "EchoTime": 0.03,
    "EchoTime1": 0.03,
    "EchoTime2": 0.03,
    "EffectiveEchoSpacing": 0.00048611111,
    "FlipAngle": 90,
    "ImageType": [
      "ORIGINAL",
      "PRIMARY",
      "M",
      "ND",
      "MOSAIC"
    ],
    "InstitutionAddress": "Queen Square 12,London,Southeast,GB,WC1N 3BG",
    "InstitutionName": "FIL",
    "MRAcquisitionType": "2D",
    "Manufacturer": "SIEMENS",
    "Modality": "MR",
    "PatientName": "MP02378",
    "PatientPosition": "HFS",
    "PhaseEncodingDirection": "j-",
    "RepetitionTime": 3.36,
    "ScanOptions": "FS",
    "ScanningSequence": "RM",
    "SequenceName": "ep2d_2i2d1",
    "SequenceVariant": "SP\\OSP",
    "SeriesDescription": "nc_epi2d_v2i_3mm_OFC_64ch",
    "SeriesNumber": 10,
    "SliceThickness": 2.5,
    "SliceTiming": [
      0,
      0,
      0,
      0,
      0,
      0,
      0,
      0,
      0,
      0,
      0,
      0,
      0,
      0,
      0,
      0,
      0,
      0,
      0,
      0,
      0,
      0,
      0,
      0,
      0,
      0,
      0,
      0,
      0,
      0,
      0,
      0,
      0,
      0,
      0,
      0,
      0,
      0,
      0,
      0,
      0,
      0,
      0,
      0,
      0,
      0,
      0,
      0
    ],
    "SoftwareVersion": "syngo MR E11",
    "TaskName": "visual detection and discrimination",
    "TotalReadoutTime": 0.030625,
    "dataset": "ds003669",
    "deltaTE": 0,
    "modality": "bold",
    "run_id": 4,
    "subject_id": "MP02378",
    "task_id": "detectdiscrim"
  },
  "dummy_trs": 2,
  "dvars_nstd": 53.83227274574587,
  "dvars_std": 1.2303783533701658,
  "dvars_vstd": 0.9582231271823203,
  "efc": 0.5818879908471861,
  "fber": 191.17453002929688,
  "fd_mean": 0.47083438858512594,
  "fd_num": 160,
  "fd_perc": 87.91208791208791,
  "fwhm_avg": 2.4322955555555557,
  "fwhm_x": 2.35507,
  "fwhm_y": 2.49936,
  "fwhm_z": 2.4424566666666667,
  "gcor": 0.0161631,
  "gsr_x": -0.0008632143144495785,
  "gsr_y": 0.040887679904699326,
  "provenance": {
    "md5sum": "45518b5286c957725139f52785565abe",
    "settings": {
      "fd_thres": 0.2,
      "testing": false
    },
    "software": "mriqc",
    "version": "21.0.0rc2",
    "webapi_port": null,
    "webapi_url": "https://mriqc.nimh.nih.gov/api/v1"
  },
  "size_t": 182,
  "size_x": 64,
  "size_y": 64,
  "size_z": 48,
  "snr": 2.1987138861601006,
  "spacing_tr": 0.07000000029802322,
  "spacing_x": 3.0,
  "spacing_y": 3.0,
  "spacing_z": 3.0,
  "summary_bg_k": 27.88267148399046,
  "summary_bg_mad": 10.924011139946717,
  "summary_bg_mean": 90.12310028076172,
  "summary_bg_median": 55.57143020629883,
  "summary_bg_n": 110090.0,
  "summary_bg_p05": 45.29670333862305,
  "summary_bg_p95": 278.00357055664045,
  "summary_bg_stdv": 95.95974731445312,
  "summary_fg_k": 3.0728122774483007,
  "summary_fg_mad": 306.03107812897974,
  "summary_fg_mean": 865.762451171875,
  "summary_fg_median": 788.0357666015625,
  "summary_fg_n": 42176.0,
  "summary_fg_p05": 444.0906677246094,
  "summary_fg_p95": 1552.0343322753906,
  "summary_fg_stdv": 358.4033508300781,
  "tsnr": 29.87482418026775
}