{
  "aor": 0.002132786885245902,
  "aqi": 0.012154901530054647,
  "bids_meta": {
    "AcquisitionDateTime": "20180925122357.215000",
    "ConversionSoftware": "dicm2nii.m 20180808",
    "DeviceSerialNumber": "167032",
    "EchoTime": 0.03,
    "EchoTime1": 0.03,
    "EchoTime2": 0.03,
    "EffectiveEchoSpacing": 0.00048611111,
    "FlipAngle": 90,
    "ImageType": [
      "ORIGINAL",
      "PRIMARY",
      "M",
      "ND",
      "MOSAIC"
    ],
    "InstitutionAddress": "Queen Square 12,London,Southeast,GB,WC1N 3BG",
    "InstitutionName": "FIL",
    "MRAcquisitionType": "2D",
    "Manufacturer": "SIEMENS",
    "Modality": "MR",
    "PatientName": "MP02378",
    "PatientPosition": "HFS",
    "PhaseEncodingDirection": "j-",
    "RepetitionTime": 3.36,
    "ScanOptions": "FS",
    "ScanningSequence": "RM",
    "SequenceName": "ep2d_2i2d1",
    "SequenceVariant": "SP\\OSP",
    "SeriesDescription": "nc_epi2d_v2i_3mm_OFC_64ch",
    "SeriesNumber": 8,
    "SliceThickness": 2.5,
    "SliceTiming": [
      0,
      0.07,
      0.14,
      0.21,
      0.28,
      0.35,
      0.42,
      0.49,
      0.56,
      0.63,
      0.7,
      0.77,
      0.84,
      0.91,
      0.98,
      1.05,
      1.12,
      1.19,
      1.26,
      1.33,
      1.4,
      1.47,
      1.54,
      1.61,
      1.68,
      1.75,
      1.82,
      1.89,
      1.96,
      2.03,
      2.1,
      2.17,
      2.24,
      2.31,
      2.38,
      2.45,
      2.52,
      2.59,
      2.66,
      2.73,
      2.8,
      2.87,
      2.94,
      3.01,
      3.08,
      3.15,
      3.22,
      3.29
    ],
    "SoftwareVersion": "syngo MR E11",
    "TaskName": "visual detection and discrimination",
    "TotalReadoutTime": 0.030625,
    "dataset": "ds003669",
    "deltaTE": 0,
    "modality": "bold",
    "run_id": 2,
    "subject_id": "MP02378",
    "task_id": "detectdiscrim"
  },
  "dummy_trs": 1,
  "dvars_nstd": 49.22561472587908,
  "dvars_std": 1.1657122841208791,
  "dvars_vstd": 0.9433842580219786,
  "efc": 0.5798072175247381,
  "fber": 196.2924041748047,
  "fd_mean": 0.4593773938383321,
  "fd_num": 162,
  "fd_perc": 88.52459016393442,
  "fwhm_avg": 2.4271966666666667,
  "fwhm_x": 2.3518666666666665,
  "fwhm_y": 2.49581,
  "fwhm_z": 2.4339133333333334,
  "gcor": 0.0148861,
  "gsr_x": -0.005206745117902756,
  "gsr_y": 0.037392355501651764,
  "provenance": {
    "md5sum": "26542f5a3b112558254aab943ccfd726",
    "settings": {
      "fd_thres": 0.2,
      "testing": false
    },
    "software": "mriqc",
    "version": "21.0.0rc2",
    "webapi_port": null,
    "webapi_url": "https://mriqc.nimh.nih.gov/api/v1"
  },
  "size_t": 183,
  "size_x": 64,
  "size_y": 64,
  "size_z": 48,
  "snr": 2.175676934567662,
  "spacing_tr": 0.07000000029802322,
  "spacing_x": 3.0,
  "spacing_y": 3.0,
  "spacing_z": 3.0,
  "summary_bg_k": 34.01259240845505,
  "summary_bg_mad": 10.280994413907685,
  "summary_bg_mean": 91.10488891601562,
  "summary_bg_median": 55.185791015625,
  "summary_bg_n": 110468.0,
  "summary_bg_p05": 45.99098281860352,
  "summary_bg_p95": 277.7865921020507,
  "summary_bg_stdv": 102.24327850341797,
  "summary_fg_k": 3.091867511143131,
  "summary_fg_mad": 309.29675746018944,
  "summary_fg_mean": 870.17138671875,
  "summary_fg_median": 791.57373046875,
  "summary_fg_n": 42235.0,
  "summary_fg_p05": 443.82895812988284,
  "summary_fg_p95": 1566.1180297851545,
  "summary_fg_stdv": 363.82440185546875,
  "tsnr": 30.01560028642416
}